##TITLE=Parameter List
##JCAMPDX=4.24
##DATATYPE=Parameter Values
##ORIGIN=Bruker BioSpin MRI GmbH
##OWNER=simoesbl
$$ Wed May  4 16:24:28 2016 CEST (UT+2h)  simoesbl
$$ /gin5-Warhol_Data/data/simoesbl/nmr/lb_140721.Bq1/8/pdata/1/visu_pars
##$VisuVersion=1
##$VisuUid=( 65 )
<2.16.756.5.5.100.3611280983.32002.1462371867.14>
##$VisuCreator=( 65 )
<ParaVision>
##$VisuCreatorVersion=( 65 )
<5.1>
##$VisuCreationDate=( 21 )
<16:24:03  4 May 2016>
$$ @vis= VisuVersion VisuUid VisuCreator VisuCreatorVersion VisuCreationDate
##$VisuCoreFrameCount=31
##$VisuCoreDim=2
##$VisuCoreSize=( 2 )
128 128
##$VisuCoreDimDesc=( 2 )
spatial spatial
$$ @vis= VisuInstance VisuCoreFrameCount VisuCoreDim VisuCoreSize
##$VisuCoreExtent=( 2 )
30 30
##$VisuCoreFrameThickness=( 1 )
1
##$VisuCoreUnits=( 2, 65 )
<mm> <mm>
##$VisuCoreOrientation=( 31, 9 )
2.39245911292076e-17 0.951056516295154 -0.309016994374947 0.390731128489274 
-0.284451643121425 -0.875452139157259 -0.92050485345244 -0.120742558934487 
-0.371607385869083 2.39245911292076e-17 0.951056516295154 -0.309016994374947 
0.390731128489274 -0.284451643121425 -0.875452139157259 -0.92050485345244 
-0.120742558934487 -0.371607385869083 2.39245911292076e-17 0.951056516295154 
-0.309016994374947 0.390731128489274 -0.284451643121425 -0.875452139157259 
-0.92050485345244 -0.120742558934487 -0.371607385869083 2.39245911292076e-17 
0.951056516295154 -0.309016994374947 0.390731128489274 -0.284451643121425 
-0.875452139157259 -0.92050485345244 -0.120742558934487 -0.371607385869083 
2.39245911292076e-17 0.951056516295154 -0.309016994374947 0.390731128489274 
-0.284451643121425 -0.875452139157259 -0.92050485345244 -0.120742558934487 
-0.371607385869083 2.39245911292076e-17 0.951056516295154 -0.309016994374947 
0.390731128489274 -0.284451643121425 -0.875452139157259 -0.92050485345244 
-0.120742558934487 -0.371607385869083 2.39245911292076e-17 0.951056516295154 
-0.309016994374947 0.390731128489274 -0.284451643121425 -0.875452139157259 
-0.92050485345244 -0.120742558934487 -0.371607385869083 2.39245911292076e-17 
0.951056516295154 -0.309016994374947 0.390731128489274 -0.284451643121425 
-0.875452139157259 -0.92050485345244 -0.120742558934487 -0.371607385869083 
2.39245911292076e-17 0.951056516295154 -0.309016994374947 0.390731128489274 
-0.284451643121425 -0.875452139157259 -0.92050485345244 -0.120742558934487 
-0.371607385869083 2.39245911292076e-17 0.951056516295154 -0.309016994374947 
0.390731128489274 -0.284451643121425 -0.875452139157259 -0.92050485345244 
-0.120742558934487 -0.371607385869083 2.39245911292076e-17 0.951056516295154 
-0.309016994374947 0.390731128489274 -0.284451643121425 -0.875452139157259 
-0.92050485345244 -0.120742558934487 -0.371607385869083 2.39245911292076e-17 
0.951056516295154 -0.309016994374947 0.390731128489274 -0.284451643121425 
-0.875452139157259 -0.92050485345244 -0.120742558934487 -0.371607385869083 
2.39245911292076e-17 0.951056516295154 -0.309016994374947 0.390731128489274 
-0.284451643121425 -0.875452139157259 -0.92050485345244 -0.120742558934487 
-0.371607385869083 2.39245911292076e-17 0.951056516295154 -0.309016994374947 
0.390731128489274 -0.284451643121425 -0.875452139157259 -0.92050485345244 
-0.120742558934487 -0.371607385869083 2.39245911292076e-17 0.951056516295154 
-0.309016994374947 0.390731128489274 -0.284451643121425 -0.875452139157259 
-0.92050485345244 -0.120742558934487 -0.371607385869083 2.39245911292076e-17 
0.951056516295154 -0.309016994374947 0.390731128489274 -0.284451643121425 
-0.875452139157259 -0.92050485345244 -0.120742558934487 -0.371607385869083 
2.39245911292076e-17 0.951056516295154 -0.309016994374947 0.390731128489274 
-0.284451643121425 -0.875452139157259 -0.92050485345244 -0.120742558934487 
-0.371607385869083 2.39245911292076e-17 0.951056516295154 -0.309016994374947 
0.390731128489274 -0.284451643121425 -0.875452139157259 -0.92050485345244 
-0.120742558934487 -0.371607385869083 2.39245911292076e-17 0.951056516295154 
-0.309016994374947 0.390731128489274 -0.284451643121425 -0.875452139157259 
-0.92050485345244 -0.120742558934487 -0.371607385869083 2.39245911292076e-17 
0.951056516295154 -0.309016994374947 0.390731128489274 -0.284451643121425 
-0.875452139157259 -0.92050485345244 -0.120742558934487 -0.371607385869083 
2.39245911292076e-17 0.951056516295154 -0.309016994374947 0.390731128489274 
-0.284451643121425 -0.875452139157259 -0.92050485345244 -0.120742558934487 
-0.371607385869083 2.39245911292076e-17 0.951056516295154 -0.309016994374947 
0.390731128489274 -0.284451643121425 -0.875452139157259 -0.92050485345244 
-0.120742558934487 -0.371607385869083 2.39245911292076e-17 0.951056516295154 
-0.309016994374947 0.390731128489274 -0.284451643121425 -0.875452139157259 
-0.92050485345244 -0.120742558934487 -0.371607385869083 2.39245911292076e-17 
0.951056516295154 -0.309016994374947 0.390731128489274 -0.284451643121425 
-0.875452139157259 -0.92050485345244 -0.120742558934487 -0.371607385869083 
2.39245911292076e-17 0.951056516295154 -0.309016994374947 0.390731128489274 
-0.284451643121425 -0.875452139157259 -0.92050485345244 -0.120742558934487 
-0.371607385869083 2.39245911292076e-17 0.951056516295154 -0.309016994374947 
0.390731128489274 -0.284451643121425 -0.875452139157259 -0.92050485345244 
-0.120742558934487 -0.371607385869083 2.39245911292076e-17 0.951056516295154 
-0.309016994374947 0.390731128489274 -0.284451643121425 -0.875452139157259 
-0.92050485345244 -0.120742558934487 -0.371607385869083 2.39245911292076e-17 
0.951056516295154 -0.309016994374947 0.390731128489274 -0.284451643121425 
-0.875452139157259 -0.92050485345244 -0.120742558934487 -0.371607385869083 
2.39245911292076e-17 0.951056516295154 -0.309016994374947 0.390731128489274 
-0.284451643121425 -0.875452139157259 -0.92050485345244 -0.120742558934487 
-0.371607385869083 2.39245911292076e-17 0.951056516295154 -0.309016994374947 
0.390731128489274 -0.284451643121425 -0.875452139157259 -0.92050485345244 
-0.120742558934487 -0.371607385869083 2.39245911292076e-17 0.951056516295154 
-0.309016994374947 0.390731128489274 -0.284451643121425 -0.875452139157259 
-0.92050485345244 -0.120742558934487 -0.371607385869083
$$ @vis= VisuCoreDimDesc VisuCoreExtent VisuCoreFrameThickness VisuCoreUnits
##$VisuCorePosition=( 31, 3 )
6.84200005030457 -8.33282578431002 22.8952189279764 5.92149519685213 
-8.4535683432445 22.5236115421073 5.00099034339969 -8.57431090217899 
22.1520041562383 4.08048548994725 -8.69505346111348 21.7803967703692 
3.15998063649481 -8.81579602004796 21.4087893845001 2.23947578304237 
-8.93653857898245 21.037181998631 1.31897092958993 -9.05728113791694 
20.6655746127619 0.398466076137488 -9.17802369685142 20.2939672268929 
-0.522038777314952 -9.29876625578591 19.9223598410238 -1.44254363076739 
-9.4195088147204 19.5507524551547 -2.36304848421983 -9.54025137365488 
19.1791450692856 -3.28355333767227 -9.66099393258937 18.8075376834165 
-4.20405819112471 -9.78173649152386 18.4359302975474 -5.12456304457715 
-9.90247905045834 18.0643229116784 -6.04506789802959 -10.0232216093928 
17.6927155258093 -6.96557275148203 -10.1439641683273 17.3211081399402 
-7.88607760493448 -10.2647067272618 16.9495007540711 -8.80658245838691 
-10.3854492861963 16.577893368202 -9.72708731183936 -10.5061918451308 
16.2062859823329 -10.6475921652918 -10.6269344040653 15.8346785964639 
-11.5680970187442 -10.7476769629998 15.4630712105948 -12.4886018721967 
-10.8684195219342 15.0914638247257 -13.4091067256491 -10.9891620808687 
14.7198564388566 -14.3296115791016 -11.1099046398032 14.3482490529875 
-15.250116432554 -11.2306471987377 13.9766416671185 -16.1706212860064 
-11.3513897576722 13.6050342812494 -17.0911261394589 -11.4721323166067 
13.2334268953803 -18.0116309929113 -11.5928748755412 12.8618195095112 
-18.9321358463638 -11.7136174344756 12.4902121236421 -19.8526406998162 
-11.8343599934101 12.118604737773 -20.7731455532686 -11.9551025523446 
11.746997351904
##$VisuCoreDataMin=( 31 )
0 0 0 0 0 0 0 0 0 0 0 0 0 0 0 0 0 0 0 0 0 0 0 0 0 0 0 0 0 0 0
##$VisuCoreDataMax=( 31 )
30237 29048 20213 20962 32767 23002 22199 24849 26247 28708 31069 29474 29768 
30072 31506 29732 32386 32099 31625 26822 26258 28325 25687 23238 20925 22098 
22667 23901 21741 26985 32144
##$VisuCoreDataOffs=( 31 )
0 0 0 0 0 0 0 0 0 0 0 0 0 0 0 0 0 0 0 0 0 0 0 0 0 0 0 0 0 0 0
$$ @vis= VisuCoreOrientation VisuCorePosition VisuCoreDataMin VisuCoreDataMax
##$VisuCoreDataSlope=( 31 )
5.36408570724721 5.36408570724721 5.36408570724721 5.36408570724721 
5.36408570724721 5.36408570724721 5.36408570724721 5.36408570724721 
5.36408570724721 5.36408570724721 5.36408570724721 5.36408570724721 
5.36408570724721 5.36408570724721 5.36408570724721 5.36408570724721 
5.36408570724721 5.36408570724721 5.36408570724721 5.36408570724721 
5.36408570724721 5.36408570724721 5.36408570724721 5.36408570724721 
5.36408570724721 5.36408570724721 5.36408570724721 5.36408570724721 
5.36408570724721 5.36408570724721 5.36408570724721
##$VisuCoreFrameType=MAGNITUDE_IMAGE
##$VisuCoreWordType=_16BIT_SGN_INT
$$ @vis= VisuCoreDataOffs VisuCoreDataSlope VisuCoreFrameType VisuCore
##$VisuCoreByteOrder=littleEndian
##$VisuFGOrderDescDim=1
##$VisuFGOrderDesc=( 1 )
(31, <FG_SLICE>, <>, 0, 2)
$$ @vis= VisuCoreWordType VisuCoreByteOrder VisuPixel VisuFGOrderDescDim
##$VisuGroupDepVals=( 2 )
(<VisuCoreOrientation>, 0) (<VisuCorePosition>, 0)
##$VisuSubjectName=( 65 )
<test_irm>
##$VisuSubjectId=( 65 )
<lb_140721>
$$ @vis= VisuFGOrderDesc VisuGroupDepVals VisuFrameOrderDesc VisuSubjectName
##$VisuSubjectBirthDate=( 9 )
<>
##$VisuSubjectSex=FEMALE
##$VisuSubjectComment=( 2048 )
<>
$$ @vis= VisuSubjectId VisuSubjectBirthDate VisuSubjectSex VisuSubjectComment
##$VisuStudyUid=( 65 )
<2.16.756.5.5.100.3611280983.1579.1462370367.6262>
##$VisuStudyDate=( 21 )
<16:59:27  4 May 2016>
##$VisuStudyId=( 65 )
<dataset_orientation_spin_Head>
##$VisuStudyNumber=1
##$VisuSubjectWeight=5
$$ @vis= VisuSubject VisuStudyUid VisuStudyDate VisuStudyId VisuStudyNumber
##$VisuStudyReferringPhysician=( 65 )
<>
##$VisuStudyDescription=( 65 )
<>
$$ @vis= VisuSubjectWeight VisuStudyReferringPhysician VisuStudyDescription
##$VisuSeriesNumber=524289
##$VisuSubjectPosition=Head_Supine
##$VisuSeriesTypeId=( 65 )
<ACQ_BRUKER_PVM>
$$ @vis= VisuStudy VisuSeriesNumber VisuSubjectPosition VisuSeriesTypeId
##$VisuAcqSoftwareVersion=( 65 )
<5.1>
##$VisuInstitution=( 65 )
<PIRMG-GIN>
##$VisuStation=( 65 )
<BioSpec 47/40>
$$ @vis= VisuSeries VisuAcqSoftwareVersion VisuInstitution VisuStation
##$VisuAcqDate=( 21 )
<16:24:03  4 May 2016>
##$VisuAcqEchoTrainLength=4
##$VisuAcqSequenceName=( 40 )
<RARE (pvm)>
##$VisuAcqNumberOfAverages=1
$$ @vis= VisuEquipment VisuAcqDate VisuAcqEchoTrainLength VisuAcqSequenceName
##$VisuAcqImagingFrequency=200.335119165167
##$VisuAcqImagedNucleus=( 8 )
<1H>
##$VisuAcqRepetitionTime=( 1 )
1032.517
$$ @vis= VisuAcqNumberOfAverages VisuAcqImagingFrequency VisuAcqImagedNucleus
##$VisuAcqPhaseEncSteps=76
##$VisuAcqPixelBandwidth=390.625
##$VisuAcqFlipAngle=180
$$ @vis= VisuAcqRepetitionTime VisuAcqPhaseEncSteps VisuAcqPixelBandwidth
##$VisuAcqSize=( 2 )
128 76
##$VisuAcqImageSizeAccellerated=Yes
##$VisuAcqImagePhaseEncDir=( 31 )
col_dir col_dir col_dir col_dir col_dir col_dir col_dir col_dir col_dir 
col_dir col_dir col_dir col_dir col_dir col_dir col_dir col_dir col_dir 
col_dir col_dir col_dir col_dir col_dir col_dir col_dir col_dir col_dir 
col_dir col_dir col_dir col_dir
$$ @vis= VisuAcqFlipAngle VisuAcqSize VisuAcqImageSizeAccellerated
##$VisuAcqEchoTime=( 1 )
5.39
##$VisuAcquisitionProtocol=( 65 )
<12_DCE>
##$VisuAcqScanTime=19617
$$ @vis= VisuAcqImagePhaseEncDir VisuAcqEchoTime VisuAcquisitionProtocol
$$ @vis= VisuAcqScanTime VisuAcquisition Visu
##END=
