##TITLE=Parameter List, ParaVision 6.0.1
##JCAMPDX=4.24
##DATATYPE=Parameter Values
##ORIGIN=Bruker BioSpin MRI GmbH
##OWNER=po
$$ 2016-07-19 10:01:41.329 +0200  po@var.u-strasbg.fr
$$ /opt/PV6.0.1/data/po/20160718_115906_plateforme_fantome_nouille_other_1_7/32/method
$$ process /opt/PV6.0.1/prog/mod/acq_out
##$Method=<User:cpoMSME>
##$PVM_EchoTime=20
##$EffectiveTE=( 1 )
20
##$PVM_RepetitionTime=1000
##$PVM_NAverages=1
##$PVM_NRepetitions=1
$$ @vis= Method PVM_EchoTime EffectiveTE PVM_RepetitionTime PVM_NAverages
##$PVM_ScanTimeStr=( 16 )
<0h4m16s0ms>
##$PVM_ScanTime=256000
##$PVM_DeriveGains=Yes
##$ExcPulse1Enum=<Calculated>
##$ExcPulse1=(2.1, 2000, 90, Yes, 3, 4200, 0.236151639875348, 
0.200434548747244, 0, 50, 2.72331135456457, <$ExcPulse1Shape>)
$$ @vis= PVM_NRepetitions PVM_ScanTimeStr PVM_DeriveGains ExcPulse1Enum
##$ExcPulse1Ampl=(2.72331135456457, 11.669000288295, -4.35097296807915)
##$RefPulse1Enum=<Calculated>
##$RefPulse1=(1.7, 2000, 180, Yes, 3, 3400, 0.160330341052975, 
0.14782164131072, 1, 0, 32.5831951977734, <$RefPulse1Shape>)
##$RefPulse1Ampl=(32.5831951977734, 40.3628512358663, -15.1299367017263)
##$PVM_GradCalConst=18826.6
##$PVM_Nucleus1Enum=<1H>
$$ @vis= ExcPulse1 RefPulse1Enum RefPulse1 RF_Pulses PVM_GradCalConst
##$PVM_Nucleus1=( 8 )
<1H>
##$PVM_RefPowMod1=AutoAdj
##$PVM_RefPowCh1=0.669757858049494
##$PVM_RefPowStat1=( 1024 )
<Study: Adj by AdjRefG (protocol ADJ_REFG)>
$$ @vis= PVM_Nucleus1Enum PVM_Nucleus1 PVM_RefPowMod1 PVM_RefPowCh1
##$PVM_Nucleus2Enum=<1H>
##$PVM_Nucleus3Enum=<1H>
##$PVM_Nucleus4Enum=<1H>
##$PVM_Nucleus5Enum=<1H>
##$PVM_Nucleus6Enum=<1H>
##$PVM_Nucleus7Enum=<1H>
##$PVM_Nucleus8Enum=<1H>
##$PVM_FrqRef=( 8 )
300.332440377798 0 0 0 0 0 0 0
##$PVM_FrqWorkOffset=( 8 )
0 0 0 0 0 0 0 0
##$PVM_FrqWork=( 8 )
300.332440377798 0 0 0 0 0 0 0
##$PVM_FrqRefPpm=( 8 )
4.7 0 0 0 0 0 0 0
$$ @vis= PVM_RefPowStat1 PVM_FrqRef PVM_FrqWorkOffset PVM_FrqWork
##$PVM_FrqWorkOffsetPpm=( 8 )
0 0 0 0 0 0 0 0
##$PVM_FrqWorkPpm=( 8 )
4.7 0 0 0 0 0 0 0
##$PVM_NucleiPpmWork=( 20 )
(<1H>, 4.7) (<none>, 0) (<none>, 0) (<none>, 0) (<none>, 0) (<none>, 0) 
(<none>, 0) (<none>, 0) (<none>, 0) (<none>, 0) (<none>, 0) (<none>, 0) 
(<none>, 0) (<none>, 0) (<none>, 0) (<none>, 0) (<none>, 0) (<none>, 0) 
(<none>, 0) (<none>, 0)
$$ @vis= PVM_FrqRefPpm PVM_FrqWorkOffsetPpm PVM_FrqWorkPpm PVM_NucleiPpmWork
##$PVM_SpatDimEnum=<2D>
##$PVM_IsotropicFovRes=Isot_None
##$PVM_Matrix=( 2 )
256 256
##$PVM_MinMatrix=( 2 )
32 32
##$PVM_MaxMatrix=( 2 )
2048 2048
$$ @vis= Nuclei PVM_SpatDimEnum PVM_IsotropicFovRes PVM_Matrix PVM_MinMatrix
##$PVM_DefMatrix=( 3 )
256 256 64
##$PVM_AntiAlias=( 2 )
1 1
##$PVM_MaxAntiAlias=( 2 )
2 8
##$PVM_EncSpectroscopy=No
$$ @vis= PVM_MaxMatrix PVM_DefMatrix PVM_AntiAlias PVM_MaxAntiAlias
##$PVM_EncUseMultiRec=No
##$PVM_EncActReceivers=( 1 )
On
##$PVM_EncZf=( 2 )
1 1
##$PVM_EncPft=( 2 )
1 1
##$PVM_EncPftOverscans=( 2 )
128 128
$$ @vis= PVM_EncSpectroscopy PVM_EncUseMultiRec PVM_EncZf PVM_EncPft
##$PVM_EncPpi=( 2 )
1 1
##$PVM_EncPpiRefLines=( 2 )
0 0
##$PVM_EncOrder=( 2 )
LINEAR_ENC LINEAR_ENC
##$PVM_EncStart=( 2 )
0 -1
##$PVM_EncNReceivers=1
##$PVM_EncAvailReceivers=1
$$ @vis= PVM_EncPftOverscans PVM_EncOrder PVM_EncStart PVM_EncNReceivers
##$PVM_EncChanScaling=( 1 )
1
##$PVM_EncMatrix=( 2 )
256 256
##$PVM_EncTotalAccel=1
$$ @vis= PVM_EncAvailReceivers PVM_EncChanScaling PVM_EncMatrix
##$PVM_EncSteps1=( 256 )
-128 -127 -126 -125 -124 -123 -122 -121 -120 -119 -118 -117 -116 -115 -114 
-113 -112 -111 -110 -109 -108 -107 -106 -105 -104 -103 -102 -101 -100 -99 -98 
-97 -96 -95 -94 -93 -92 -91 -90 -89 -88 -87 -86 -85 -84 -83 -82 -81 -80 -79 
-78 -77 -76 -75 -74 -73 -72 -71 -70 -69 -68 -67 -66 -65 -64 -63 -62 -61 -60 
-59 -58 -57 -56 -55 -54 -53 -52 -51 -50 -49 -48 -47 -46 -45 -44 -43 -42 -41 
-40 -39 -38 -37 -36 -35 -34 -33 -32 -31 -30 -29 -28 -27 -26 -25 -24 -23 -22 
-21 -20 -19 -18 -17 -16 -15 -14 -13 -12 -11 -10 -9 -8 -7 -6 -5 -4 -3 -2 -1 0 
1 2 3 4 5 6 7 8 9 10 11 12 13 14 15 16 17 18 19 20 21 22 23 24 25 26 27 28 29 
30 31 32 33 34 35 36 37 38 39 40 41 42 43 44 45 46 47 48 49 50 51 52 53 54 55 
56 57 58 59 60 61 62 63 64 65 66 67 68 69 70 71 72 73 74 75 76 77 78 79 80 81 
82 83 84 85 86 87 88 89 90 91 92 93 94 95 96 97 98 99 100 101 102 103 104 105 
106 107 108 109 110 111 112 113 114 115 116 117 118 119 120 121 122 123 124 
125 126 127
##$PVM_EncSteps2=( 1 )
0
##$PVM_EncCentralStep1=1
##$PVM_EncValues1=( 256 )
-1 -0.9921875 -0.984375 -0.9765625 -0.96875 -0.9609375 -0.953125 -0.9453125 
-0.9375 -0.9296875 -0.921875 -0.9140625 -0.90625 -0.8984375 -0.890625 
-0.8828125 -0.875 -0.8671875 -0.859375 -0.8515625 -0.84375 -0.8359375 
-0.828125 -0.8203125 -0.8125 -0.8046875 -0.796875 -0.7890625 -0.78125 
-0.7734375 -0.765625 -0.7578125 -0.75 -0.7421875 -0.734375 -0.7265625 
-0.71875 -0.7109375 -0.703125 -0.6953125 -0.6875 -0.6796875 -0.671875 
-0.6640625 -0.65625 -0.6484375 -0.640625 -0.6328125 -0.625 -0.6171875 
-0.609375 -0.6015625 -0.59375 -0.5859375 -0.578125 -0.5703125 -0.5625 
-0.5546875 -0.546875 -0.5390625 -0.53125 -0.5234375 -0.515625 -0.5078125 -0.5 
-0.4921875 -0.484375 -0.4765625 -0.46875 -0.4609375 -0.453125 -0.4453125 
-0.4375 -0.4296875 -0.421875 -0.4140625 -0.40625 -0.3984375 -0.390625 
-0.3828125 -0.375 -0.3671875 -0.359375 -0.3515625 -0.34375 -0.3359375 
-0.328125 -0.3203125 -0.3125 -0.3046875 -0.296875 -0.2890625 -0.28125 
-0.2734375 -0.265625 -0.2578125 -0.25 -0.2421875 -0.234375 -0.2265625 
-0.21875 -0.2109375 -0.203125 -0.1953125 -0.1875 -0.1796875 -0.171875 
-0.1640625 -0.15625 -0.1484375 -0.140625 -0.1328125 -0.125 -0.1171875 
-0.109375 -0.1015625 -0.09375 -0.0859375 -0.078125 -0.0703125 -0.0625 
-0.0546875 -0.046875 -0.0390625 -0.03125 -0.0234375 -0.015625 -0.0078125 0 
0.0078125 0.015625 0.0234375 0.03125 0.0390625 0.046875 0.0546875 0.0625 
0.0703125 0.078125 0.0859375 0.09375 0.1015625 0.109375 0.1171875 0.125 
0.1328125 0.140625 0.1484375 0.15625 0.1640625 0.171875 0.1796875 0.1875 
0.1953125 0.203125 0.2109375 0.21875 0.2265625 0.234375 0.2421875 0.25 
0.2578125 0.265625 0.2734375 0.28125 0.2890625 0.296875 0.3046875 0.3125 
0.3203125 0.328125 0.3359375 0.34375 0.3515625 0.359375 0.3671875 0.375 
0.3828125 0.390625 0.3984375 0.40625 0.4140625 0.421875 0.4296875 0.4375 
0.4453125 0.453125 0.4609375 0.46875 0.4765625 0.484375 0.4921875 0.5 
0.5078125 0.515625 0.5234375 0.53125 0.5390625 0.546875 0.5546875 0.5625 
0.5703125 0.578125 0.5859375 0.59375 0.6015625 0.609375 0.6171875 0.625 
0.6328125 0.640625 0.6484375 0.65625 0.6640625 0.671875 0.6796875 0.6875 
0.6953125 0.703125 0.7109375 0.71875 0.7265625 0.734375 0.7421875 0.75 
0.7578125 0.765625 0.7734375 0.78125 0.7890625 0.796875 0.8046875 0.8125 
0.8203125 0.828125 0.8359375 0.84375 0.8515625 0.859375 0.8671875 0.875 
0.8828125 0.890625 0.8984375 0.90625 0.9140625 0.921875 0.9296875 0.9375 
0.9453125 0.953125 0.9609375 0.96875 0.9765625 0.984375 0.9921875
$$ @vis= PVM_EncTotalAccel PVM_EncSteps1 PVM_EncCentralStep1 PVM_EncValues1
##$PVM_NEchoImages=1
##$ConstNEchoes=Yes
##$NEchoesPerEchoImage=( 1 )
1
$$ @vis= Encoding_Output Encoding PVM_NEchoImages ConstNEchoes
##$NEchoes=1
##$PVM_EffSWh=50000
##$EncGradDur=3.10806442556201
##$PVM_AcquisitionTime=5.12
$$ @vis= NEchoesPerEchoImage NEchoes Echoes PVM_EffSWh EncGradDur
##$PVM_MinEchoTime=8.04859307578114
##$RepetitionSpoiler=(Yes, 4, 0.7675, 23.8644660890883)
##$PVM_DigAutSet=Yes
##$PVM_DigQuad=Yes
$$ @vis= PVM_AcquisitionTime PVM_MinEchoTime RepetitionSpoiler PVM_DigAutSet
##$PVM_DigFilter=<Digital_Sharp>
##$PVM_DigRes=21
##$PVM_DigDw=0.02
##$PVM_DigSw=50000
##$PVM_DigNp=256
##$PVM_DigShift=68
$$ @vis= PVM_DigQuad PVM_DigFilter PVM_DigRes PVM_DigDw PVM_DigSw PVM_DigNp
##$PVM_DigShiftDbl=68
##$PVM_DigGroupDel=1.36
##$PVM_DigDur=5.12
##$PVM_DigEndDelMin=0
$$ @vis= PVM_DigShift PVM_DigShiftDbl PVM_DigGroupDel PVM_DigDur
##$PVM_DigEndDelOpt=0.1088
##$EchoSpoilingAuto=Yes
##$EchoSpoilingSlice=1
$$ @vis= PVM_DigEndDelMin PVM_DigEndDelOpt DigitizerPars EchoSpoilingAuto
##$EchoSpoilingSliceEff=1
##$EchoSpoilingRead=0.25
##$EchoSpoilingReadEff=0.25
$$ @vis= EchoSpoilingSlice EchoSpoilingSliceEff EchoSpoilingRead
##$PVM_NavPulseEnum=<gauss>
##$PVM_NavPulse=(0.548, 5000, 1, No, 3, 2740, 0.4181723, 0.298723764675971, 0, 
50, 0.0015745670497443, <gauss.exc>)
##$PVM_NavPoints=136
##$PVM_NavSWh=50000
$$ @vis= EchoSpoilingReadEff PVM_NavPulseEnum PVM_NavPulse PVM_NavPoints
##$PVM_NavigatorModuleTime=3.503
##$PVM_NavGlobal=Yes
##$PVM_NavRg=36
##$PVM_NavJobIdx=1
$$ @vis= PVM_NavSWh PVM_NavigatorModuleTime PVM_NavGlobal PVM_NavRg
##$PVM_NavOnOff=On
##$PVM_DriftCompYesNo=Yes
##$PVM_DriftCompUpdateTime=1000
$$ @vis= PVM_NavJobIdx NavParameters PVM_NavOnOff PVM_DriftCompYesNo
##$PVM_Isotropic=Isotropic_None
$$ @vis= PVM_DriftCompUpdateTime DriftComp_Parameters Sequence_Details
##$PVM_Fov=( 2 )
35 35
##$PVM_FovCm=( 2 )
3.5 3.5
##$PVM_SpatResol=( 2 )
0.13671875 0.13671875
##$PVM_SliceThick=1.16
##$PVM_ObjOrderScheme=Interlaced
$$ @vis= PVM_Isotropic PVM_Fov PVM_SpatResol PVM_SliceThick
##$PVM_ObjOrderList=( 1 )
0
##$PVM_NSPacks=1
##$PVM_SPackArrNSlices=( 1 )
1
##$PVM_MajSliceOri=No
$$ @vis= PVM_ObjOrderScheme PVM_ObjOrderList PVM_NSPacks PVM_SPackArrNSlices
##$PVM_SPackArrSliceOrient=( 1 )
axial
##$PVM_SPackArrReadOrient=( 1 )
L_R
##$PVM_SPackArrReadOffset=( 1 )
0.0921655
$$ @vis= PVM_MajSliceOri PVM_SPackArrSliceOrient PVM_SPackArrReadOrient
##$PVM_SPackArrPhase1Offset=( 1 )
-3.08756
##$PVM_SPackArrPhase2Offset=( 1 )
0
##$PVM_SPackArrSliceOffset=( 1 )
0
$$ @vis= PVM_SPackArrReadOffset PVM_SPackArrPhase1Offset
##$PVM_SPackArrSliceGapMode=( 1 )
non_contiguous
##$PVM_SPackArrSliceGap=( 1 )
0
$$ @vis= PVM_SPackArrSliceOffset PVM_SPackArrSliceGapMode
##$PVM_SPackArrSliceDistance=( 1 )
1.16
##$PVM_SPackArrGradOrient=( 1, 3, 3 )
1 0 0 0 1 0 0 0 1
##$PVM_SliceGeo=( 1 )
(((1 0 0 0 -1 0 0 0 -1, 0.0921655 3.08756 0), 35 35 1.16, <+R;read> <+P;phase>
 <+S;slice>, 0), 1, 1, 256, 1.16, 0, No)
##$PVM_SliceGeoObj=(<BRUKER_SLICEPACKAGE>, GeoCuboidPackId, Standard_GobjShape,
 <PVM_SliceGeo>, <PVM_ObjOrderList>, 0, <R;read> <P;phase> <S;slice>, Yes, 
4195848)
$$ @vis= PVM_SPackArrSliceGap PVM_SPackArrSliceDistance PVM_SliceGeo
##$PVM_EffPhase0Offset=( 1 )
0.0921655
##$PVM_EffPhase1Offset=( 1 )
-3.08756
##$PVM_EffPhase2Offset=( 1 )
0
##$PVM_EffSliceOffset=( 1 )
0
##$PVM_EffReadOffset=( 1 )
0.0921655
##$PVM_Phase0Offset=( 1 )
0.0921655
##$PVM_Phase1Offset=( 1 )
-3.08756
##$PVM_Phase2Offset=( 1 )
0
##$PVM_SliceOffset=( 1 )
0
##$PVM_ReadOffset=( 1 )
0.0921655
##$PVM_DummyScans=1
##$PVM_DummyScansDur=1000
$$ @vis= PVM_SliceGeoObj SliceOffsetPars ImageGeometry PVM_DummyScans
##$PVM_TriggerModule=Off
##$PVM_TriggerMode=per_PhaseStep
##$PVM_TriggerDelay=1
##$PVM_TriggerDur=0.01
##$PVM_TriggerModuleTime=0
##$PVM_EvolutionOnOff=Off
$$ @vis= PVM_DummyScansDur DummyScans_Parameters PVM_TriggerModule
##$PVM_NEvolutionCycles=2
##$PVM_EvolutionCycles=1
##$PVM_EvolutionMode=Constant_Delay
##$PVM_EvolutionTime=( 2 )
1 0
##$PVM_EvolutionDelay=1
##$PVM_EvolutionModuleTime=0
##$PVM_SelIrOnOff=Off
##$PVM_FatSupOnOff=Off
##$PVM_FatSupPulEnum=<Calculated>
##$PVM_FatSupPul=(3.99559042896498, 1051.15878983822, 90, Yes, 3, 4200, 
0.236151639875348, 0.200434548747244, 0, 50, 0.75227037271341, 
<$PVM_FatSupPulShape>)
##$PVM_FatSupPulAmpl=(0.75227037271341, 6.132986110833, 1.23626042022965)
##$PVM_FatSupBandWidth=1051.15878983822
##$PVM_FatSupSpoil=(Yes, 3, 0.4605, 29.8305826113603)
##$PVM_FatSupModuleTime=0
##$PVM_FatSupPerform=No
##$PVM_FatSupRampTime=0.11
##$PVM_FatSupAmpEnable=0.025
##$PVM_FatSupGradWait=0.01
##$PVM_FatSupFL=( 1 )
-1051.15869535754
##$PVM_FatSupRfLength=3995.59042896498
##$PVM_FatSupSpoilDur=0.307
##$PVM_FatSupSpoilAmp=29.8305826113603
##$PVM_MagTransOnOff=Off
##$PVM_MagTransPulse1Enum=<gauss>
##$PVM_MagTransPulse1=(1.82666666666667, 1500, 117.1, No, 3, 2740, 0.4181723, 
0.298723764675971, 0, 50, 1.94319980627258, <gauss.exc>)
##$PVM_MagTransPulse1Ampl=(1.94319980627258, 9.85697673293535, 
-2.88517458500061)
##$PVM_MagTransPower=10.0017644460368
##$PVM_MagTransOffset=1500
##$PVM_MagTransInterDelay=0.01
##$PVM_MagTransPulsNumb=1
##$PVM_MagTransSpoil=(Yes, 5, 2, 11.4474860771095)
##$PVM_MagTransSpoiler=11.4474860771095
##$PVM_MagTransModuleTime=0
##$PVM_MagTransFL=( 1 )
1500
##$PVM_MtD0=1e-06
##$PVM_MtD1=1e-06
##$PVM_MtD2=1e-06
##$PVM_MtD3=1e-06
##$PVM_MtP0=10
##$PVM_MtLp0=0
##$PVM_FovSatOnOff=Off
$$ @vis= PVM_EvolutionOnOff PVM_SelIrOnOff PVM_FatSupOnOff PVM_MagTransOnOff
##$PVM_FovSatPulEnum=<sech>
##$PVM_FovSatPul=(4.05, 5000, 90, No, 3, 20250, 0.1064278, 0.189614018306272, 
0, 50, 3.60493635508913, <sech.exc>)
##$PVM_FovSatPulAmpl=(3.60493635508913, 13.4256030685573, -5.56897601683024)
##$PVM_FovSatNSlices=1
##$PVM_FovSatThick=( 1 )
3.48
##$PVM_FovSatOffset=( 1 )
0
##$PVM_FovSatSpoil=(Yes, 10, 0.8, 19.0791434618492)
##$PVM_FovSatSpoilDur=0.6465
##$PVM_FovSatSpoilAmp=19.0791434618492
##$PVM_FovSatModuleTime=0
##$PVM_FovSatGrad=( 1, 3 )
0 0 7.63165738473969
##$PVM_FovSatRampTime=0.11
##$PVM_FovSatAmpEnable=0.025
##$PVM_FovSatGradWait=0.01
##$PVM_FovSatSliceOri=( 1 )
axial
##$PVM_FovSatSliceOriMat=( 1, 9 )
1 0 0 0 -1 0 0 0 -1
##$PVM_FovSatSliceVec=( 1, 3 )
0 0 1
##$PVM_FovSatSlicePos=( 1, 2 )
0 0
##$PVM_FovSatFL=( 1 )
0
##$PVM_FovSatRfLength=4050
##$PVM_FovSatGeoObj=(<>, GeoCuboidPackId, Standard_GobjShape, <>, <>, 0, <> <> 
<>, No, 0)
##$PVM_FovSatGeoCub=( 1 )
(((1 0 0 0 -1 0 0 0 -1, 0 0 0), 58 58 3.48, <+> <+> <+>, 0), 1, 1, 1, 3.48, 0,
 No)
##$PVM_InFlowSatOnOff=Off
##$PVM_InFlowSatNSlices=1
##$PVM_InFlowSatThick=( 1 )
0.159349006193365
##$PVM_InFlowSatMinThick=0.159349006193365
##$PVM_InFlowSatSliceGap=0
##$PVM_FlowSatGeoObj=(<>, GeoCuboidPackId, Standard_GobjShape, <>, <>, 0, <> <>
 <>, No, 0)
##$PVM_FlowSatGeoCub=( 1 )
(((0 0 0 0 0 0 0 0 0, 0 0 0), 0 0 0.159349006193365, <+> <+> <+>, 0), 1, 1, 1,
 0.159349006193365, 0, No)
##$PVM_FlowSatPulEnum=<Calculated>
##$PVM_FlowSatPul=(1.4, 3000, 90, Yes, 3, 4200, 0.236151639875348, 
0.200434548747244, 0, 50, 6.12745054777029, <$PVM_FlowSatPulShape>)
##$PVM_FlowSatPulAmpl=(6.12745054777029, 17.5035004324425, -7.87279814919277)
##$PVM_InFlowSatSpoil=(Yes, 5, 3.33333333333333, 50)
##$PVM_InFlowSatPos=up
##$PVM_InFlowSatModuleTime=0
##$PVM_InFlowSatFL=( 1 )
12419.428
##$PVM_SfD0=0.0001535
##$PVM_SfD1=2.5e-05
##$PVM_SfD2=0.00333333333333333
##$PVM_SfP0=1400
##$PVM_SfLp0=1
##$PVM_MotionSupOnOff=Off
##$PVM_FlipBackOnOff=Off
##$PVM_MapShimReady=Yes
$$ @vis= PVM_FovSatOnOff PVM_InFlowSatOnOff PVM_FlipBackOnOff Preparation
##$PVM_MapShimLocShim=No
##$PVM_MapShimStatus=( 128 )
<Mapshim ready.>
##$PVM_MapShimCalcStat=( 256 )
<Not Calculated.>
##$PVM_MapShimNSets=1
##$PVM_MapShimSets=( 1 )
(0, 0, 0, 0, 0, 0, 0, 0, 0, 0, 0, 0, 0, 0, 0, 0, 0, 0, 0, 0, 0, 0, 0, 0, 0, 0,
 0, 0, 0, 0, 0, 0, 0, 0, 0, 0, 0, 0, 0)
##$PVM_MapShimNVolumes=1
$$ @vis= PVM_MapShimReady PVM_MapShimStatus PVM_MapShimNSets PVM_MapShimSets
##$PVM_MapShimVolShape=Ellipsoid
##$PVM_StudyB0Map=(</opt/PV6.0.1/data/po>, 
<20160718_115906_plateforme_fantome_nouille_other_1_7>, 19, 1)
##$PVM_StudyB0MapShimset=(0, 1216, 0, 0, 0, 1450, -511, 0, 0, 0, 0, 0, 0, 0, 0,
 0, 0, 0, 0, 0, 0, 0, 0, 0, 0, 0, 0, 0, 0, 0, 0, 0, 0, 0, 0, 0, 0, 0, 0)
##$PVM_ReqShimEnum=Current_Shim
$$ @vis= PVM_MapShimNVolumes PVM_StudyB0Map PVM_StudyB0MapShimset
##$PVM_MapShimUseShims=AllShims
##$PVM_MapShimVolDerive=No
##$PVM_MapShimVolMargin=( 3 )
0 0 0
##$PVM_GeoObj=( 1, 65 )
<PVM_SliceGeoObj>
##$PVM_ExportHandler=( 3 )
(<BRUKER_PARIMPORT_SLICEGEO>, <>, <Slice Geometry>) 
(<BRUKER_PARIMPORT_SLICEORIENT>, <>, <Slice Orientation>) 
(<BRUKER_PARIMPORT_FOVSAT>, <>, <FOV Saturation>)
$$ @vis= PVM_ReqShimEnum MapShim MethodClass PVM_GeoObj PVM_ExportHandler
$$ @vis= StandardMethodGroup
##END=
$$ File finished by PARX at 2016-07-19 10:01:41.330 +0200
