##TITLE=Parameter List
##JCAMPDX=4.24
##DATATYPE=Parameter Values
##ORIGIN=Bruker BioSpin MRI GmbH
##OWNER=simoesbl
$$ Wed May 11 14:05:09 2016 CEST (UT+2h)  simoesbl
$$ /gin5-Warhol_Data/data/simoesbl/nmr/lb_140721.Bx1/6/pdata/1/visu_pars
##$VisuVersion=1
##$VisuUid=( 65 )
<2.16.756.5.5.100.3611280983.30721.1462968308.9>
##$VisuCreator=( 65 )
<ParaVision>
##$VisuCreatorVersion=( 65 )
<5.1>
##$VisuCreationDate=( 21 )
<14:04:43 11 May 2016>
$$ @vis= VisuVersion VisuUid VisuCreator VisuCreatorVersion VisuCreationDate
##$VisuCoreFrameCount=31
##$VisuCoreDim=2
##$VisuCoreSize=( 2 )
128 128
##$VisuCoreDimDesc=( 2 )
spatial spatial
$$ @vis= VisuInstance VisuCoreFrameCount VisuCoreDim VisuCoreSize
##$VisuCoreExtent=( 2 )
20 30
##$VisuCoreFrameThickness=( 1 )
1
##$VisuCoreUnits=( 2, 65 )
<mm> <mm>
##$VisuCoreOrientation=( 31, 9 )
0 1 0 0 0 -1 -1 0 0 0 1 0 0 0 -1 -1 0 0 0 1 0 0 0 -1 -1 0 0 0 1 0 0 0 -1 -1 0 
0 0 1 0 0 0 -1 -1 0 0 0 1 0 0 0 -1 -1 0 0 0 1 0 0 0 -1 -1 0 0 0 1 0 0 0 -1 -1 
0 0 0 1 0 0 0 -1 -1 0 0 0 1 0 0 0 -1 -1 0 0 0 1 0 0 0 -1 -1 0 0 0 1 0 0 0 -1 
-1 0 0 0 1 0 0 0 -1 -1 0 0 0 1 0 0 0 -1 -1 0 0 0 1 0 0 0 -1 -1 0 0 0 1 0 0 0 
-1 -1 0 0 0 1 0 0 0 -1 -1 0 0 0 1 0 0 0 -1 -1 0 0 0 1 0 0 0 -1 -1 0 0 0 1 0 0 
0 -1 -1 0 0 0 1 0 0 0 -1 -1 0 0 0 1 0 0 0 -1 -1 0 0 0 1 0 0 0 -1 -1 0 0 0 1 0 
0 0 -1 -1 0 0 0 1 0 0 0 -1 -1 0 0 0 1 0 0 0 -1 -1 0 0 0 1 0 0 0 -1 -1 0 0 0 1 
0 0 0 -1 -1 0 0 0 1 0 0 0 -1 -1 0 0 0 1 0 0 0 -1 -1 0 0 0 1 0 0 0 -1 -1 0 0
$$ @vis= VisuCoreDimDesc VisuCoreExtent VisuCoreFrameThickness VisuCoreUnits
##$VisuCorePosition=( 31, 3 )
15 -10 15 14 -10 15 13 -10 15 12 -10 15 11 -10 15 10 -10 15 9 -10 15 8 -10 15 
7 -10 15 6 -10 15 5 -10 15 4 -10 15 3 -10 15 2 -10 15 1 -10 15 0 -10 15 -1 
-10 15 -2 -10 15 -3 -10 15 -4 -10 15 -5 -10 15 -6 -10 15 -7 -10 15 -8 -10 15 
-9 -10 15 -10 -10 15 -11 -10 15 -12 -10 15 -13 -10 15 -14 -10 15 -15 -10 15
##$VisuCoreDataMin=( 31 )
0 0 0 0 0 0 0 0 0 0 0 0 0 0 0 0 0 0 0 0 0 0 0 0 0 0 0 0 0 0 0
##$VisuCoreDataMax=( 31 )
912 787 6336 17683 25720 23276 18737 23280 24386 24845 26099 27750 30106 
31665 32767 32617 31624 30693 28570 25976 24538 23606 21617 20642 20222 20583 
21178 19696 8989 905 746
##$VisuCoreDataOffs=( 31 )
0 0 0 0 0 0 0 0 0 0 0 0 0 0 0 0 0 0 0 0 0 0 0 0 0 0 0 0 0 0 0
$$ @vis= VisuCoreOrientation VisuCorePosition VisuCoreDataMin VisuCoreDataMax
##$VisuCoreDataSlope=( 31 )
16.0217905770174 16.0217905770174 16.0217905770174 16.0217905770174 
16.0217905770174 16.0217905770174 16.0217905770174 16.0217905770174 
16.0217905770174 16.0217905770174 16.0217905770174 16.0217905770174 
16.0217905770174 16.0217905770174 16.0217905770174 16.0217905770174 
16.0217905770174 16.0217905770174 16.0217905770174 16.0217905770174 
16.0217905770174 16.0217905770174 16.0217905770174 16.0217905770174 
16.0217905770174 16.0217905770174 16.0217905770174 16.0217905770174 
16.0217905770174 16.0217905770174 16.0217905770174
##$VisuCoreFrameType=MAGNITUDE_IMAGE
##$VisuCoreWordType=_16BIT_SGN_INT
$$ @vis= VisuCoreDataOffs VisuCoreDataSlope VisuCoreFrameType VisuCore
##$VisuCoreByteOrder=littleEndian
##$VisuFGOrderDescDim=1
##$VisuFGOrderDesc=( 1 )
(31, <FG_SLICE>, <>, 0, 2)
$$ @vis= VisuCoreWordType VisuCoreByteOrder VisuPixel VisuFGOrderDescDim
##$VisuGroupDepVals=( 2 )
(<VisuCoreOrientation>, 0) (<VisuCorePosition>, 0)
##$VisuSubjectName=( 65 )
<test_irm>
##$VisuSubjectId=( 65 )
<lb_140721>
$$ @vis= VisuFGOrderDesc VisuGroupDepVals VisuFrameOrderDesc VisuSubjectName
##$VisuSubjectBirthDate=( 9 )
<>
##$VisuSubjectSex=FEMALE
##$VisuSubjectComment=( 2048 )
<>
$$ @vis= VisuSubjectId VisuSubjectBirthDate VisuSubjectSex VisuSubjectComment
##$VisuStudyUid=( 65 )
<2.16.756.5.5.100.3611280983.32229.1462966980.3533>
##$VisuStudyDate=( 21 )
<14:43:00 11 May 2016>
##$VisuStudyId=( 65 )
<dataset_orient_H-S>
##$VisuStudyNumber=1
##$VisuSubjectWeight=5
$$ @vis= VisuSubject VisuStudyUid VisuStudyDate VisuStudyId VisuStudyNumber
##$VisuStudyReferringPhysician=( 65 )
<>
##$VisuStudyDescription=( 65 )
<>
$$ @vis= VisuSubjectWeight VisuStudyReferringPhysician VisuStudyDescription
##$VisuSeriesNumber=393217
##$VisuSubjectPosition=Head_Supine
##$VisuSeriesTypeId=( 65 )
<ACQ_BRUKER_PVM>
$$ @vis= VisuStudy VisuSeriesNumber VisuSubjectPosition VisuSeriesTypeId
##$VisuAcqSoftwareVersion=( 65 )
<5.1>
##$VisuInstitution=( 65 )
<PIRMG-GIN>
##$VisuStation=( 65 )
<BioSpec 47/40>
$$ @vis= VisuSeries VisuAcqSoftwareVersion VisuInstitution VisuStation
##$VisuAcqDate=( 21 )
<14:04:43 11 May 2016>
##$VisuAcqEchoTrainLength=4
##$VisuAcqSequenceName=( 40 )
<RARE (pvm)>
##$VisuAcqNumberOfAverages=1
$$ @vis= VisuEquipment VisuAcqDate VisuAcqEchoTrainLength VisuAcqSequenceName
##$VisuAcqImagingFrequency=200.3350757471
##$VisuAcqImagedNucleus=( 8 )
<1H>
##$VisuAcqRepetitionTime=( 1 )
1032.517
$$ @vis= VisuAcqNumberOfAverages VisuAcqImagingFrequency VisuAcqImagedNucleus
##$VisuAcqPhaseEncSteps=76
##$VisuAcqPixelBandwidth=390.625
##$VisuAcqFlipAngle=180
$$ @vis= VisuAcqRepetitionTime VisuAcqPhaseEncSteps VisuAcqPixelBandwidth
##$VisuAcqSize=( 2 )
128 76
##$VisuAcqImageSizeAccellerated=Yes
##$VisuAcqImagePhaseEncDir=( 31 )
col_dir col_dir col_dir col_dir col_dir col_dir col_dir col_dir col_dir 
col_dir col_dir col_dir col_dir col_dir col_dir col_dir col_dir col_dir 
col_dir col_dir col_dir col_dir col_dir col_dir col_dir col_dir col_dir 
col_dir col_dir col_dir col_dir
$$ @vis= VisuAcqFlipAngle VisuAcqSize VisuAcqImageSizeAccellerated
##$VisuAcqEchoTime=( 1 )
5.39
##$VisuAcquisitionProtocol=( 65 )
<12_DCE_test_benj_orientation>
##$VisuAcqScanTime=19617
$$ @vis= VisuAcqImagePhaseEncDir VisuAcqEchoTime VisuAcquisitionProtocol
$$ @vis= VisuAcqScanTime VisuAcquisition Visu
##END=
