##TITLE=Parameter List, ParaVision 6.0.1
##JCAMPDX=4.24
##DATATYPE=Parameter Values
##ORIGIN=Bruker BioSpin MRI GmbH
##OWNER=po
$$ 2016-07-18 14:24:29.383 +0200  po@var.u-strasbg.fr
$$ /opt/PV6.0.1/data/po/20160718_115906_plateforme_fantome_nouille_other_1_7/23/method
$$ process /opt/PV6.0.1/prog/bin/parxserver
##$Method=<Bruker:DtiStandard>
##$PVM_EchoTime=21.55
##$PVM_MinEchoTime=21.5015
##$PVM_RepetitionTime=2500
##$PVM_NAverages=1
##$PVM_NRepetitions=1
$$ @vis= Method PVM_EchoTime PVM_MinEchoTime PVM_RepetitionTime PVM_NAverages
##$PVM_ScanTimeStr=( 16 )
<1h16m0s0ms>
##$PVM_ScanTime=4560000
##$PVM_DeriveGains=Yes
##$PVM_DiffPrepMode=<SpinEcho>
##$PVM_DwUsedSliceThick=1
$$ @vis= PVM_NRepetitions PVM_ScanTimeStr PVM_DeriveGains PVM_DiffPrepMode
##$PVM_DwVisiblePars=Yes
##$PVM_DwRfcAdiab=No
##$PVM_DwRfcPulse1Enum=<Calculated>
##$PVM_DwRfcPulse1=(1.7, 3000, 180, Yes, 4, 5100, 0.0981992064004009, 
0.0914234269262882, 1, 0, 88.3135310452321, <$PVM_DwRfcPulse1Shape>)
$$ @vis= PVM_DwUsedSliceThick PVM_DwVisiblePars PVM_DwRfcPulse1Enum
##$PVM_DwRfcPulse1Ampl=(88.3135310452321, 66.4505572005352, -19.4602724953535)
##$PVM_DwSliceGradDur=2.621
##$PVM_DwSliceGrad=15.9349006193365
##$PVM_DwSliceGradLim=90
$$ @vis= PVM_DwRfcPulse1 PVM_DwSliceGradDur PVM_DwSliceGrad
##$PVM_TeDwSliceSpoilGradDur=1.5
##$PVM_TeDwSliceSpoilGrad=30
##$PVM_TeDwSliceSpoilGradLim=50
$$ @vis= PVM_DwSliceGradLim PVM_TeDwSliceSpoilGradDur PVM_TeDwSliceSpoilGrad
##$PVM_DwGradDur=( 1 )
4
##$PVM_DwGradSep=( 1 )
10.1
$$ @vis= PVM_TeDwSliceSpoilGradLim DW_SliceSelection PVM_DwGradDur
##$PVM_DwDirectScale=No
##$PVM_DwMeasMode=<DW_Contrast>
##$PVM_DwNDiffDir=6
##$PVM_DwNDiffExpEach=3
$$ @vis= PVM_DwGradSep PVM_DwDirectScale PVM_DwMeasMode PVM_DwNDiffDir
##$PVM_DwAoImages=1
##$PVM_DwDir=( 6, 3 )
0.298125142074257 -0.135667933951053 0.944836288126497 -0.618180014934883 
0.326095377539748 0.715202959922788 -0.484210504458277 -0.699430850066454 
0.525677347188918 0.979440278229609 0.0950661262753957 0.177930247615451 
0.286405891720967 0.8171218105954 0.500283531446731 -0.503173092190641 
0.842215137261311 -0.193624641673573
##$PVM_DwDgSwitch=<MonopolarDw>
##$PVM_DwMaxBval=1825.35358214234
$$ @vis= PVM_DwNDiffExpEach PVM_DwAoImages PVM_DwDir PVM_DwDgSwitch
##$PVM_DwBvalEach=( 3 )
100 500 1000
##$PVM_DwGradAmp=( 3 )
23.4059621708879 52.3373224928938 74.0161512877449
##$PVM_DwNDiffExp=19
##$PVM_DwBMat=( 19, 3, 3 )
7.67710300704037 7.67710300704037 9.04982294528632 7.67710300704037 
7.67710300704037 9.04982294528632 9.04982294528632 9.04982294528632 
10.8673926780526 13.6354320140989 -10.7619812988205 35.6941047738727 
-10.7619812988205 9.2508718125929 -26.9844848880397 35.6941047738727 
-26.9844848880397 95.4979821805036 44.4393001683979 -24.413506994193 
142.87931656711 -24.413506994193 13.8221267288541 -78.7455147849376 
142.87931656711 -78.7455147849376 459.730641806423 88.8786003367958 
-41.2477509003622 284.563868827572 -41.2477509003622 19.1502127299987 
-132.097633233263 284.563868827572 -132.097633233263 911.443394759463 
38.2146530864892 -23.4366083817003 -46.1037780033403 -23.4366083817003 
14.665258401447 28.4877178297966 -46.1037780033403 28.4877178297966 
55.9727934179337 191.073265432446 -100.792822678859 -225.291298555241 
-100.792822678859 53.1690976263953 118.843135144914 -225.291298555241 
118.843135144914 265.988450935379 382.146530864892 -201.585645357718 
-448.105183056143 -201.585645357718 106.338195252791 236.379412656365 
-448.105183056143 236.379412656365 525.799566968951 23.4459812627739 
33.8671764744359 -26.9353216219596 33.8671764744359 48.9203514024683 
-38.9074477430794 -26.9353216219596 -38.9074477430794 31.2952024698327 
117.229906313869 169.335882372179 -130.581919447108 169.335882372179 
244.601757012341 -188.622555853845 -130.581919447108 -188.622555853845 
145.805913552017 234.459812627739 338.671764744359 -259.223320145595 
338.671764744359 489.203514024683 -374.442077355026 -259.223320145595 
-374.442077355026 286.953575334326 95.9303258618495 24.2933130857121 
31.8951602922684 24.2933130857121 8.58064345108604 10.5504715683382 
31.8951602922684 10.5504715683382 13.3196029543362 479.651629309247 
68.9242288909735 98.6509040001016 68.9242288909735 10.9868785336953 
14.8186728022129 98.6509040001016 14.8186728022129 20.8675430705804 
959.303258618495 112.948056909818 183.748318071757 112.948056909818 
13.7242040918833 21.8914821761979 183.748318071757 21.8914821761979 
35.5470392829998 13.2279545111904 29.1387429633286 19.2129661226316 
29.1387429633286 66.7688053350705 43.37929370835 19.2129661226316 
43.37929370835 28.534508388735 41.0141674062412 117.014250404113 
73.601489760838 117.014250404113 333.844026675352 209.986541179425 
73.601489760838 209.986541179425 132.431924822224 82.0283348124825 
234.028500808227 146.055181203625 234.028500808227 667.688053350705 
416.698390507334 146.055181203625 416.698390507334 260.409134043794 
25.3183160704691 -42.3779994905539 -5.77743186402843 -42.3779994905539 
70.9326337432089 9.67031156057332 -5.77743186402843 9.67031156057332 
11.91245374782 126.591580352346 -211.889997452769 67.2922863089541 
-211.889997452769 354.663168716045 -112.634365847311 67.2922863089541 
-112.634365847311 38.5269612416783 253.183160704691 -423.779994905539 
111.357282929891 -423.779994905539 709.326337432089 -186.390708850368 
111.357282929891 -186.390708850368 49.8299237509673
##$PVM_DwBMatImag=( 19, 3, 3 )
7.67710300704037 7.67710300704037 -9.04982294528632 7.67710300704037 
7.67710300704037 -9.04982294528632 -9.04982294528632 -9.04982294528632 
10.8673926780526 13.6354320140989 -10.7619812988205 -35.6941047738727 
-10.7619812988205 9.2508718125929 26.9844848880397 -35.6941047738727 
26.9844848880397 95.4979821805036 44.4393001683979 -24.413506994193 
-142.87931656711 -24.413506994193 13.8221267288541 78.7455147849376 
-142.87931656711 78.7455147849376 459.730641806423 88.8786003367958 
-41.2477509003622 -284.563868827572 -41.2477509003622 19.1502127299987 
132.097633233263 -284.563868827572 132.097633233263 911.443394759463 
38.2146530864892 -23.4366083817003 46.1037780033403 -23.4366083817003 
14.665258401447 -28.4877178297966 46.1037780033403 -28.4877178297966 
55.9727934179337 191.073265432446 -100.792822678859 225.291298555241 
-100.792822678859 53.1690976263953 -118.843135144914 225.291298555241 
-118.843135144914 265.988450935379 382.146530864892 -201.585645357718 
448.105183056143 -201.585645357718 106.338195252791 -236.379412656365 
448.105183056143 -236.379412656365 525.799566968951 23.4459812627739 
33.8671764744359 26.9353216219596 33.8671764744359 48.9203514024683 
38.9074477430794 26.9353216219596 38.9074477430794 31.2952024698327 
117.229906313869 169.335882372179 130.581919447108 169.335882372179 
244.601757012341 188.622555853845 130.581919447108 188.622555853845 
145.805913552017 234.459812627739 338.671764744359 259.223320145595 
338.671764744359 489.203514024683 374.442077355026 259.223320145595 
374.442077355026 286.953575334326 95.9303258618495 24.2933130857121 
-31.8951602922684 24.2933130857121 8.58064345108604 -10.5504715683382 
-31.8951602922684 -10.5504715683382 13.3196029543362 479.651629309247 
68.9242288909735 -98.6509040001016 68.9242288909735 10.9868785336953 
-14.8186728022129 -98.6509040001016 -14.8186728022129 20.8675430705804 
959.303258618495 112.948056909818 -183.748318071757 112.948056909818 
13.7242040918833 -21.8914821761979 -183.748318071757 -21.8914821761979 
35.5470392829998 13.2279545111904 29.1387429633286 -19.2129661226316 
29.1387429633286 66.7688053350705 -43.37929370835 -19.2129661226316 
-43.37929370835 28.534508388735 41.0141674062412 117.014250404113 
-73.601489760838 117.014250404113 333.844026675352 -209.986541179425 
-73.601489760838 -209.986541179425 132.431924822224 82.0283348124825 
234.028500808227 -146.055181203625 234.028500808227 667.688053350705 
-416.698390507334 -146.055181203625 -416.698390507334 260.409134043794 
25.3183160704691 -42.3779994905539 5.77743186402843 -42.3779994905539 
70.9326337432089 -9.67031156057332 5.77743186402843 -9.67031156057332 
11.91245374782 126.591580352346 -211.889997452769 -67.2922863089541 
-211.889997452769 354.663168716045 112.634365847311 -67.2922863089541 
112.634365847311 38.5269612416783 253.183160704691 -423.779994905539 
-111.357282929891 -423.779994905539 709.326337432089 186.390708850368 
-111.357282929891 186.390708850368 49.8299237509673
$$ @vis= PVM_DwMaxBval PVM_DwBvalEach PVM_DwGradAmp PVM_DwNDiffExp PVM_DwBMat
##$PVM_DwBMatMag=( 19, 3, 3 )
7.67710300704037 -7.67710300704037 -9.04982294528632 -7.67710300704037 
7.67710300704037 9.04982294528632 -9.04982294528632 9.04982294528632 
10.8673926780526 13.6354320140989 10.7619812988205 -35.6941047738727 
10.7619812988205 9.2508718125929 -26.9844848880397 -35.6941047738727 
-26.9844848880397 95.4979821805036 44.4393001683979 24.413506994193 
-142.87931656711 24.413506994193 13.8221267288541 -78.7455147849376 
-142.87931656711 -78.7455147849376 459.730641806423 88.8786003367958 
41.2477509003622 -284.563868827572 41.2477509003622 19.1502127299987 
-132.097633233263 -284.563868827572 -132.097633233263 911.443394759463 
38.2146530864892 23.4366083817003 46.1037780033403 23.4366083817003 
14.665258401447 28.4877178297966 46.1037780033403 28.4877178297966 
55.9727934179337 191.073265432446 100.792822678859 225.291298555241 
100.792822678859 53.1690976263953 118.843135144914 225.291298555241 
118.843135144914 265.988450935379 382.146530864892 201.585645357718 
448.105183056143 201.585645357718 106.338195252791 236.379412656365 
448.105183056143 236.379412656365 525.799566968951 23.4459812627739 
-33.8671764744359 26.9353216219596 -33.8671764744359 48.9203514024683 
-38.9074477430794 26.9353216219596 -38.9074477430794 31.2952024698327 
117.229906313869 -169.335882372179 130.581919447108 -169.335882372179 
244.601757012341 -188.622555853845 130.581919447108 -188.622555853845 
145.805913552017 234.459812627739 -338.671764744359 259.223320145595 
-338.671764744359 489.203514024683 -374.442077355026 259.223320145595 
-374.442077355026 286.953575334326 95.9303258618495 -24.2933130857121 
-31.8951602922684 -24.2933130857121 8.58064345108604 10.5504715683382 
-31.8951602922684 10.5504715683382 13.3196029543362 479.651629309247 
-68.9242288909735 -98.6509040001016 -68.9242288909735 10.9868785336953 
14.8186728022129 -98.6509040001016 14.8186728022129 20.8675430705804 
959.303258618495 -112.948056909818 -183.748318071757 -112.948056909818 
13.7242040918833 21.8914821761979 -183.748318071757 21.8914821761979 
35.5470392829998 13.2279545111904 -29.1387429633286 -19.2129661226316 
-29.1387429633286 66.7688053350705 43.37929370835 -19.2129661226316 
43.37929370835 28.534508388735 41.0141674062412 -117.014250404113 
-73.601489760838 -117.014250404113 333.844026675352 209.986541179425 
-73.601489760838 209.986541179425 132.431924822224 82.0283348124825 
-234.028500808227 -146.055181203625 -234.028500808227 667.688053350705 
416.698390507334 -146.055181203625 416.698390507334 260.409134043794 
25.3183160704691 42.3779994905539 5.77743186402843 42.3779994905539 
70.9326337432089 9.67031156057332 5.77743186402843 9.67031156057332 
11.91245374782 126.591580352346 211.889997452769 -67.2922863089541 
211.889997452769 354.663168716045 -112.634365847311 -67.2922863089541 
-112.634365847311 38.5269612416783 253.183160704691 423.779994905539 
-111.357282929891 423.779994905539 709.326337432089 -186.390708850368 
-111.357282929891 -186.390708850368 49.8299237509673
##$PVM_DwBMatPat=( 19, 3, 3 )
7.67710300704037 7.67710300704037 -9.04982294528632 7.67710300704037 
7.67710300704037 -9.04982294528632 -9.04982294528632 -9.04982294528632 
10.8673926780526 13.6354320140989 -10.7619812988205 -35.6941047738727 
-10.7619812988205 9.2508718125929 26.9844848880397 -35.6941047738727 
26.9844848880397 95.4979821805036 44.4393001683979 -24.413506994193 
-142.87931656711 -24.413506994193 13.8221267288541 78.7455147849376 
-142.87931656711 78.7455147849376 459.730641806423 88.8786003367958 
-41.2477509003622 -284.563868827572 -41.2477509003622 19.1502127299987 
132.097633233263 -284.563868827572 132.097633233263 911.443394759463 
38.2146530864892 -23.4366083817003 46.1037780033403 -23.4366083817003 
14.665258401447 -28.4877178297966 46.1037780033403 -28.4877178297966 
55.9727934179337 191.073265432446 -100.792822678859 225.291298555241 
-100.792822678859 53.1690976263953 -118.843135144914 225.291298555241 
-118.843135144914 265.988450935379 382.146530864892 -201.585645357718 
448.105183056143 -201.585645357718 106.338195252791 -236.379412656365 
448.105183056143 -236.379412656365 525.799566968951 23.4459812627739 
33.8671764744359 26.9353216219596 33.8671764744359 48.9203514024683 
38.9074477430794 26.9353216219596 38.9074477430794 31.2952024698327 
117.229906313869 169.335882372179 130.581919447108 169.335882372179 
244.601757012341 188.622555853845 130.581919447108 188.622555853845 
145.805913552017 234.459812627739 338.671764744359 259.223320145595 
338.671764744359 489.203514024683 374.442077355026 259.223320145595 
374.442077355026 286.953575334326 95.9303258618495 24.2933130857121 
-31.8951602922684 24.2933130857121 8.58064345108604 -10.5504715683382 
-31.8951602922684 -10.5504715683382 13.3196029543362 479.651629309247 
68.9242288909735 -98.6509040001016 68.9242288909735 10.9868785336953 
-14.8186728022129 -98.6509040001016 -14.8186728022129 20.8675430705804 
959.303258618495 112.948056909818 -183.748318071757 112.948056909818 
13.7242040918833 -21.8914821761979 -183.748318071757 -21.8914821761979 
35.5470392829998 13.2279545111904 29.1387429633286 -19.2129661226316 
29.1387429633286 66.7688053350705 -43.37929370835 -19.2129661226316 
-43.37929370835 28.534508388735 41.0141674062412 117.014250404113 
-73.601489760838 117.014250404113 333.844026675352 -209.986541179425 
-73.601489760838 -209.986541179425 132.431924822224 82.0283348124825 
234.028500808227 -146.055181203625 234.028500808227 667.688053350705 
-416.698390507334 -146.055181203625 -416.698390507334 260.409134043794 
25.3183160704691 -42.3779994905539 5.77743186402843 -42.3779994905539 
70.9326337432089 -9.67031156057332 5.77743186402843 -9.67031156057332 
11.91245374782 126.591580352346 -211.889997452769 -67.2922863089541 
-211.889997452769 354.663168716045 112.634365847311 -67.2922863089541 
112.634365847311 38.5269612416783 253.183160704691 -423.779994905539 
-111.357282929891 -423.779994905539 709.326337432089 186.390708850368 
-111.357282929891 186.390708850368 49.8299237509673
##$PVM_DwEffBval=( 19 )
26.2215986921333 118.384286007195 517.992068703675 1019.47220782626 
108.85270490587 510.23081399422 1014.28429308663 103.661535135075 
507.637576878227 1010.61690198675 117.830572267272 511.506050913523 
1008.57450199338 108.531268234996 507.290118903817 1010.12552220698 
108.163403561498 519.781710310069 1012.33942188775
##$PVM_DwGradVec=( 19, 3 )
0 0 0 0.0697790579758063 -0.0317543852986087 0.221148024175709 
0.156030717039802 -0.071004964111409 0.494502015146652 0.220660756184486 
-0.10041618324217 0.699331456441221 -0.144690980443648 0.0763257607079674 
0.167400134244598 -0.323538868003089 0.170669589377397 0.374318079613512 
-0.457553055084807 0.241363247982163 0.52936570483088 -0.11333412750097 
-0.163708520178074 0.123039841023965 -0.253422813262796 -0.366063379614069 
0.275125448470353 -0.358393979530991 -0.517691796138347 0.389086140580754 
0.229247421008861 0.0222511415533476 0.0416462864474396 0.512612817042327 
0.0497550650902555 0.0931239275069031 0.724943998107537 0.0703642878473955 
0.131697121261711 0.0670360546714037 0.191255221878033 0.117096174117604 
0.149897175188651 0.427659677171088 0.261835005232114 0.211986618113206 
0.604802115535452 0.370290615503285 -0.117772503612228 0.197128556424874 
-0.0453197103836336 -0.263347323957282 0.440792852472421 -0.101337953138408 
-0.372429357155049 0.62337523016362 -0.143313507711466
$$ @vis= PVM_DwBMatImag PVM_DwBMatMag PVM_DwBMatPat PVM_DwEffBval
##$PVM_DwGradRead=( 19 )
0 0.0697790579758063 0.156030717039802 0.220660756184486 -0.144690980443648 
-0.323538868003089 -0.457553055084807 -0.11333412750097 -0.253422813262796 
-0.358393979530991 0.229247421008861 0.512612817042327 0.724943998107537 
0.0670360546714037 0.149897175188651 0.211986618113206 -0.117772503612228 
-0.263347323957282 -0.372429357155049
##$PVM_DwGradPhase=( 19 )
0 -0.0317543852986087 -0.071004964111409 -0.10041618324217 0.0763257607079674 
0.170669589377397 0.241363247982163 -0.163708520178074 -0.366063379614069 
-0.517691796138347 0.0222511415533476 0.0497550650902555 0.0703642878473955 
0.191255221878033 0.427659677171088 0.604802115535452 0.197128556424874 
0.440792852472421 0.62337523016362
##$PVM_DwGradSlice=( 19 )
0 0.221148024175709 0.494502015146652 0.699331456441221 0.167400134244598 
0.374318079613512 0.52936570483088 0.123039841023965 0.275125448470353 
0.389086140580754 0.0416462864474396 0.0931239275069031 0.131697121261711 
0.117096174117604 0.261835005232114 0.370290615503285 -0.0453197103836336 
-0.101337953138408 -0.143313507711466
##$PVM_DwSpDir=( 19, 3 )
0.3 0.3 0.3 0.100664577420023 -0.209288345301821 0 0 -0.097162573743383 0 0 
-0.0131445608310397 0 0 0.0819628380518407 0 0 0 0 0 0 0 0 0 0 0 0 0 0 0 0 0 
0.23643593317122 0.181030493263961 0 0.15786642564451 0.0339760956885981 0 
0.0989927714779006 0 0.10850042013104 0 0 0 0 0 0 0 0 0 0 0.42946324990022 0 
0 -0.302523012280164 0 0 -0.182612896672837
$$ @vis= PVM_DwGradVec PVM_DwGradRead PVM_DwGradPhase PVM_DwGradSlice
##$PVM_DwPerSep=( 1 )
5.641
##$PVM_DwMinPerSep=( 1 )
5.641
##$PVM_DwModDur=15.033
##$PVM_DwModEchDel=15.033
$$ @vis= PVM_DwSpDir PVM_DwPerSep PVM_DwMinPerSep PVM_DwModDur
##$PVM_DwEffGradTraj=( 6 )
(0.898750000000001, 0.1535, 0.1535, 4, 74.0161512877449, RPS_KS, 0 0 1) 
(5.52125, 0.1535, 0.1535, 1.5, 30, RPS_KS, 0 0 1) (6.86775, 0.1535, 0, 1.3105,
 15.9349006193365, RPS_KS, 0 0 1) (8.17825, 0, 0.1535, 1.3105, 
-15.9349006193365, RPS_KS, 0 0 1) (9.33525, 0.1535, 0.1535, 1.5, -30, RPS_KS, 
0 0 1) (10.99875, 0.1535, 0.1535, 4, -74.0161512877449, RPS_KS, 0 0 1)
##$ExcPulse1Enum=<Calculated>
##$ExcPulse1=(2, 3000, 90, Yes, 4, 6000, 0.155352536733369, 0.135449017488208, 
0, 50, 6.44498705949759, <$ExcPulse1Shape>)
##$ExcPulse1Ampl=(6.44498705949759, 17.9513050493517, -8.09222049696492)
$$ @vis= PVM_DwModEchDel DiffOutput Diffusion ExcPulse1Enum ExcPulse1
##$PVM_GradCalConst=18826.6
##$PVM_Nucleus1Enum=<1H>
##$PVM_Nucleus1=( 8 )
<1H>
##$PVM_RefPowMod1=AutoAdj
$$ @vis= RF_Pulses PVM_GradCalConst PVM_Nucleus1Enum PVM_Nucleus1
##$PVM_RefPowCh1=0.622183857813924
##$PVM_RefPowStat1=( 1024 )
<Study: Adj by AdjRefG (protocol ADJ_REFG)>
##$PVM_Nucleus2Enum=<1H>
##$PVM_Nucleus3Enum=<1H>
##$PVM_Nucleus4Enum=<1H>
##$PVM_Nucleus5Enum=<1H>
##$PVM_Nucleus6Enum=<1H>
##$PVM_Nucleus7Enum=<1H>
##$PVM_Nucleus8Enum=<1H>
##$PVM_FrqRef=( 8 )
300.333853795717 0 0 0 0 0 0 0
##$PVM_FrqWorkOffset=( 8 )
0 0 0 0 0 0 0 0
$$ @vis= PVM_RefPowMod1 PVM_RefPowCh1 PVM_RefPowStat1 PVM_FrqRef
##$PVM_FrqWork=( 8 )
300.333853795717 0 0 0 0 0 0 0
##$PVM_FrqRefPpm=( 8 )
4.7 0 0 0 0 0 0 0
##$PVM_FrqWorkOffsetPpm=( 8 )
0 0 0 0 0 0 0 0
##$PVM_FrqWorkPpm=( 8 )
4.7 0 0 0 0 0 0 0
$$ @vis= PVM_FrqWorkOffset PVM_FrqWork PVM_FrqRefPpm PVM_FrqWorkOffsetPpm
##$PVM_NucleiPpmWork=( 20 )
(<1H>, 4.7) (<none>, 0) (<none>, 0) (<none>, 0) (<none>, 0) (<none>, 0) 
(<none>, 0) (<none>, 0) (<none>, 0) (<none>, 0) (<none>, 0) (<none>, 0) 
(<none>, 0) (<none>, 0) (<none>, 0) (<none>, 0) (<none>, 0) (<none>, 0) 
(<none>, 0) (<none>, 0)
##$PVM_SpatDimEnum=<2D>
##$PVM_IsotropicFovRes=Isot_None
$$ @vis= PVM_FrqWorkPpm PVM_NucleiPpmWork Nuclei PVM_SpatDimEnum
##$PVM_Matrix=( 2 )
200 128
##$PVM_MinMatrix=( 2 )
32 8
##$PVM_MaxMatrix=( 2 )
512 512
##$PVM_DefMatrix=( 3 )
128 128 32
$$ @vis= PVM_IsotropicFovRes PVM_Matrix PVM_MinMatrix PVM_MaxMatrix
##$PVM_AntiAlias=( 2 )
1 1
##$PVM_MaxAntiAlias=( 2 )
2 8
##$PVM_EncSpectroscopy=No
##$PVM_EncUseMultiRec=No
$$ @vis= PVM_DefMatrix PVM_AntiAlias PVM_MaxAntiAlias PVM_EncSpectroscopy
##$PVM_EncActReceivers=( 1 )
On
##$PVM_EncZf=( 2 )
1 1
##$PVM_EncPft=( 2 )
1 1.33
##$PVM_EncPftOverscans=( 2 )
100 32
##$PVM_EncPpi=( 2 )
1 1
##$PVM_EncPpiRefLines=( 2 )
0 0
##$PVM_EncOrder=( 2 )
LINEAR_ENC LINEAR_ENC
$$ @vis= PVM_EncUseMultiRec PVM_EncZf PVM_EncPft PVM_EncPftOverscans
##$PVM_EncStart=( 2 )
0 -1
##$PVM_EncNReceivers=1
##$PVM_EncAvailReceivers=1
##$PVM_EncChanScaling=( 1 )
1
$$ @vis= PVM_EncOrder PVM_EncStart PVM_EncNReceivers PVM_EncAvailReceivers
##$PVM_EncMatrix=( 2 )
200 96
##$PVM_EncTotalAccel=1.33333333333333
##$PVM_EncSteps1=( 96 )
-32 -31 -30 -29 -28 -27 -26 -25 -24 -23 -22 -21 -20 -19 -18 -17 -16 -15 -14 
-13 -12 -11 -10 -9 -8 -7 -6 -5 -4 -3 -2 -1 0 1 2 3 4 5 6 7 8 9 10 11 12 13 14 
15 16 17 18 19 20 21 22 23 24 25 26 27 28 29 30 31 32 33 34 35 36 37 38 39 40 
41 42 43 44 45 46 47 48 49 50 51 52 53 54 55 56 57 58 59 60 61 62 63
##$PVM_EncSteps2=( 1 )
0
##$PVM_EncCentralStep1=1
$$ @vis= PVM_EncChanScaling PVM_EncMatrix PVM_EncTotalAccel PVM_EncSteps1
##$PVM_EncValues1=( 96 )
-0.5 -0.484375 -0.46875 -0.453125 -0.4375 -0.421875 -0.40625 -0.390625 -0.375 
-0.359375 -0.34375 -0.328125 -0.3125 -0.296875 -0.28125 -0.265625 -0.25 
-0.234375 -0.21875 -0.203125 -0.1875 -0.171875 -0.15625 -0.140625 -0.125 
-0.109375 -0.09375 -0.078125 -0.0625 -0.046875 -0.03125 -0.015625 0 0.015625 
0.03125 0.046875 0.0625 0.078125 0.09375 0.109375 0.125 0.140625 0.15625 
0.171875 0.1875 0.203125 0.21875 0.234375 0.25 0.265625 0.28125 0.296875 
0.3125 0.328125 0.34375 0.359375 0.375 0.390625 0.40625 0.421875 0.4375 
0.453125 0.46875 0.484375 0.5 0.515625 0.53125 0.546875 0.5625 0.578125 
0.59375 0.609375 0.625 0.640625 0.65625 0.671875 0.6875 0.703125 0.71875 
0.734375 0.75 0.765625 0.78125 0.796875 0.8125 0.828125 0.84375 0.859375 
0.875 0.890625 0.90625 0.921875 0.9375 0.953125 0.96875 0.984375
##$PVM_EffSWh=34722.2222222222
$$ @vis= PVM_EncCentralStep1 PVM_EncValues1 Encoding_Output Encoding
##$PVM_AcquisitionTime=5.76
##$PVM_EchoPosition=50
##$EncGradDur=0.8
##$ExcSliceRephTime=1.5
$$ @vis= PVM_EffSWh PVM_AcquisitionTime PVM_EchoPosition EncGradDur
##$PVM_DigAutSet=Yes
##$PVM_DigQuad=Yes
##$PVM_DigFilter=<Digital_Sharp>
##$PVM_DigRes=21
##$PVM_DigDw=0.0288
$$ @vis= ExcSliceRephTime PVM_DigAutSet PVM_DigQuad PVM_DigFilter PVM_DigRes
##$PVM_DigSw=34722.2222222222
##$PVM_DigNp=200
##$PVM_DigShift=68
##$PVM_DigShiftDbl=68
##$PVM_DigGroupDel=1.9584
$$ @vis= PVM_DigDw PVM_DigSw PVM_DigNp PVM_DigShift PVM_DigShiftDbl
##$PVM_DigDur=5.76
##$PVM_DigEndDelMin=-8.88178419700125e-16
##$PVM_DigEndDelOpt=0.1088
$$ @vis= PVM_DigGroupDel PVM_DigDur PVM_DigEndDelMin PVM_DigEndDelOpt
##$PVM_Isotropic=Isotropic_None
##$PVM_Fov=( 2 )
40 35
##$PVM_FovCm=( 2 )
4 3.5
##$PVM_SpatResol=( 2 )
0.2 0.2734375
##$PVM_SliceThick=1
$$ @vis= DigitizerPars Sequence_Details PVM_Isotropic PVM_Fov PVM_SpatResol
##$PVM_ObjOrderScheme=Interlaced
##$PVM_ObjOrderList=( 6 )
0 2 4 1 3 5
##$PVM_NSPacks=1
##$PVM_SPackArrNSlices=( 1 )
6
$$ @vis= PVM_SliceThick PVM_ObjOrderScheme PVM_ObjOrderList PVM_NSPacks
##$PVM_MajSliceOri=No
##$PVM_SPackArrSliceOrient=( 1 )
axial
##$PVM_SPackArrReadOrient=( 1 )
L_R
$$ @vis= PVM_SPackArrNSlices PVM_MajSliceOri PVM_SPackArrSliceOrient
##$PVM_SPackArrReadOffset=( 1 )
-0.737326
##$PVM_SPackArrPhase1Offset=( 1 )
-3.08748
$$ @vis= PVM_SPackArrReadOrient PVM_SPackArrReadOffset
##$PVM_SPackArrPhase2Offset=( 1 )
0
##$PVM_SPackArrSliceOffset=( 1 )
0
##$PVM_SPackArrSliceGapMode=( 1 )
non_contiguous
$$ @vis= PVM_SPackArrPhase1Offset PVM_SPackArrSliceOffset
##$PVM_SPackArrSliceGap=( 1 )
0
##$PVM_SPackArrSliceDistance=( 1 )
1
$$ @vis= PVM_SPackArrSliceGapMode PVM_SPackArrSliceGap
##$PVM_SPackArrGradOrient=( 1, 3, 3 )
1 0 0 0 1 0 0 0 1
##$PVM_SliceGeo=( 1 )
(((1 0 0 0 -1 0 0 0 -1, -0.737326 3.08748 0), 40 35 6, <+R;read> <+P;phase> 
<+S;slice>, 0), 6, 1, 256, 1, 1, No)
##$PVM_SliceGeoObj=(<BRUKER_SLICEPACKAGE>, GeoCuboidPackId, Standard_GobjShape,
 <PVM_SliceGeo>, <PVM_ObjOrderList>, 0, <R;read> <P;phase> <S;slice>, Yes, 
4195848)
##$PVM_EffPhase0Offset=( 6 )
-0.737326 -0.737326 -0.737326 -0.737326 -0.737326 -0.737326
##$PVM_EffPhase1Offset=( 6 )
-3.08748 -3.08748 -3.08748 -3.08748 -3.08748 -3.08748
##$PVM_EffPhase2Offset=( 6 )
0 0 0 0 0 0
##$PVM_EffSliceOffset=( 6 )
-2.5 -1.5 -0.5 0.5 1.5 2.5
##$PVM_EffReadOffset=( 6 )
-0.737326 -0.737326 -0.737326 -0.737326 -0.737326 -0.737326
##$PVM_Phase0Offset=( 6 )
-0.737326 -0.737326 -0.737326 -0.737326 -0.737326 -0.737326
##$PVM_Phase1Offset=( 6 )
-3.08748 -3.08748 -3.08748 -3.08748 -3.08748 -3.08748
##$PVM_Phase2Offset=( 6 )
0 0 0 0 0 0
##$PVM_SliceOffset=( 6 )
-2.5 -1.5 -0.5 0.5 1.5 2.5
##$PVM_ReadOffset=( 6 )
-0.737326 -0.737326 -0.737326 -0.737326 -0.737326 -0.737326
$$ @vis= PVM_SPackArrSliceDistance PVM_SliceGeo PVM_SliceGeoObj
##$EffDummyScans=19
##$PVM_TriggerModule=Off
##$PVM_TriggerMode=per_PhaseStep
##$PVM_TriggerDelay=1
##$PVM_TriggerDur=0.01
##$PVM_TriggerModuleTime=0
$$ @vis= SliceOffsetPars ImageGeometry EffDummyScans PVM_TriggerModule
##$PVM_FatSupOnOff=Off
##$PVM_FatSupPulEnum=<gauss512>
##$PVM_FatSupPul=(2.60952380952381, 1050, 90, No, 3, 2740, 0.4150688, 
0.295357137487272, 0, 50, 0.53034201336443, <gauss512.exc>)
##$PVM_FatSupPulAmpl=(0.53034201336443, 5.14947576634957, 2.75443966979883)
##$PVM_FatSupBandWidth=1050
##$PVM_FatSupSpoil=(Yes, 3, 0.4605, 34.603475829178)
##$PVM_FatSupModuleTime=0
##$PVM_FatSupPerform=No
##$PVM_FatSupRampTime=0.11
##$PVM_FatSupAmpEnable=0.025
##$PVM_FatSupGradWait=0.01
##$PVM_FatSupFL=( 1 )
-1051.16354781633
##$PVM_FatSupRfLength=2609.52380952381
##$PVM_FatSupSpoilDur=0.307
##$PVM_FatSupSpoilAmp=34.603475829178
##$PVM_FovSatOnOff=Off
$$ @vis= Trigger_Parameters PVM_FatSupOnOff Fat_Sup_Parameters
##$PVM_FovSatPulEnum=<sech>
##$PVM_FovSatPul=(4.05, 5000, 90, No, 3, 20250, 0.1064278, 0.189614018306272, 
0, 50, 3.34887180736485, <sech.exc>)
##$PVM_FovSatPulAmpl=(3.34887180736485, 12.9399996278301, -5.24898523347684)
##$PVM_FovSatNSlices=1
##$PVM_FovSatThick=( 1 )
6
##$PVM_FovSatOffset=( 1 )
-7
##$PVM_FovSatSpoil=(Yes, 10, 0.8, 11.0659032078725)
##$PVM_FovSatSpoilDur=0.6465
##$PVM_FovSatSpoilAmp=11.0659032078725
##$PVM_FovSatModuleTime=0
##$PVM_FovSatGrad=( 1, 3 )
0 0 4.42636128314902
##$PVM_FovSatRampTime=0.11
##$PVM_FovSatAmpEnable=0.025
##$PVM_FovSatGradWait=0.01
##$PVM_FovSatSliceOri=( 1 )
axial
##$PVM_FovSatSliceOriMat=( 1, 9 )
-1 0 0 0 1 0 0 0 -1
##$PVM_FovSatSliceVec=( 1, 3 )
0 0 1
##$PVM_FovSatSlicePos=( 1, 2 )
0 0
##$PVM_FovSatFL=( 1 )
-5833.33333333333
##$PVM_FovSatRfLength=4050
##$PVM_FovSatGeoObj=(<BRUKER_FOVSAT>, GeoPlanarId, Standard_GobjShape, 
<PVM_FovSatGeoCub>, <>, 0, <1;first> <2;second> <S;slice>, Yes, 524384)
##$PVM_FovSatGeoCub=( 1 )
(((-1 0 0 0 1 0 0 0 -1, 0 0 7), 58 58 6, <+1;first> <+2;second> <+S;slice>, 0)
, 1, 1, 1, 6, 0, No)
##$PVM_MotionSupOnOff=Off
##$PVM_MapShimReady=Yes
##$PVM_MapShimLocShim=No
##$PVM_MapShimStatus=( 128 )
<Mapshim ready.>
$$ @vis= PVM_FovSatOnOff Fov_Sat_Parameters Preparation PVM_MapShimReady
##$PVM_MapShimCalcStat=( 256 )
<Not Calculated.>
##$PVM_MapShimNSets=1
##$PVM_MapShimSets=( 1 )
(0, 0, 0, 0, 0, 0, 0, 0, 0, 0, 0, 0, 0, 0, 0, 0, 0, 0, 0, 0, 0, 0, 0, 0, 0, 0,
 0, 0, 0, 0, 0, 0, 0, 0, 0, 0, 0, 0, 0)
##$PVM_MapShimNVolumes=1
$$ @vis= PVM_MapShimStatus PVM_MapShimNSets PVM_MapShimSets
##$PVM_MapShimVolShape=Cuboid
##$PVM_StudyB0Map=(</opt/PV6.0.1/data/po>, 
<20160718_115906_plateforme_fantome_nouille_other_1_7>, 19, 1)
##$PVM_StudyB0MapShimset=(0, 1216, 0, 0, 0, 1450, -511, 0, 0, 0, 0, 0, 0, 0, 0,
 0, 0, 0, 0, 0, 0, 0, 0, 0, 0, 0, 0, 0, 0, 0, 0, 0, 0, 0, 0, 0, 0, 0, 0)
##$PVM_ReqShimEnum=Current_Shim
$$ @vis= PVM_MapShimNVolumes PVM_StudyB0Map PVM_StudyB0MapShimset
##$PVM_MapShimUseShims=AllShims
##$PVM_MapShimVolDerive=No
##$PVM_MapShimVolMargin=( 3 )
0 0 0
##$PVM_GeoObj=( 1, 65 )
<PVM_SliceGeoObj>
##$PVM_ExportHandler=( 4 )
(<BRUKER_PARIMPORT_SLICEGEO>, <>, <Slice Geometry>) 
(<BRUKER_PARIMPORT_DIFFUSION>, <>, <Diffusion>) (<BRUKER_PARIMPORT_FOVSAT>, <>
, <FOV Saturation>) (<BRUKER_PARIMPORT_SLICEORIENT>, <>, <Slice Orientation>)
$$ @vis= PVM_ReqShimEnum MapShim MethodClass PVM_GeoObj PVM_ExportHandler
$$ @vis= StandardMethodGroup
##END=
$$ File finished by PARX at 2016-07-18 14:24:29.385 +0200
