##TITLE=Parameter List, ParaVision 6.0.1
##JCAMPDX=4.24
##DATATYPE=Parameter Values
##ORIGIN=Bruker BioSpin MRI GmbH
##OWNER=po
$$ 2016-07-18 17:14:12.907 +0200  po@var.u-strasbg.fr
$$ /opt/PV6.0.1/data/po/20160718_115906_plateforme_fantome_nouille_other_1_7/27/visu_pars
$$ process /opt/PV6.0.1/prog/mod/acq_out
##$VisuVersion=3
##$VisuUid=( 65 )
<2.16.756.5.5.100.1333920868.7593.1468854852.1>
##$VisuCreator=( 65 )
<ParaVision>
##$VisuCreatorVersion=( 65 )
<6.0.1>
##$VisuCreationDate=<2016-07-18T17:14:12,279+0200>
##$VisuInstanceModality=( 65 )
<MR>
##$VisuCoreFrameCount=171
##$VisuCoreDim=2
##$VisuCoreSize=( 2 )
100 200
##$VisuCoreDimDesc=( 2 )
spatial spatial
##$VisuCoreExtent=( 2 )
35 40
##$VisuCoreFrameThickness=( 1 )
1
##$VisuCoreUnits=( 2, 65 )
<mm> <mm>
##$VisuCoreOrientation=( 9, 9 )
1 0 0 0 0 -1 0 1 0 1 0 0 0 0 -1 0 1 0 1 0 0 0 0 -1 0 1 0 1 0 0 0 0 -1 0 1 0 1 
0 0 0 0 -1 0 1 0 1 0 0 0 0 -1 0 1 0 1 0 0 0 0 -1 0 1 0 1 0 0 0 0 -1 0 1 0 1 0 
0 0 0 -1 0 1 0
##$VisuCorePosition=( 9, 3 )
-16.854884 7.68664 34.7172 -16.854884 6.68664 34.7172 -16.854884 5.68664 
34.7172 -16.854884 4.68664 34.7172 -16.854884 3.68664 34.7172 -16.854884 
2.68664 34.7172 -16.854884 1.68664 34.7172 -16.854884 0.68664 34.7172 
-16.854884 -0.31336 34.7172
##$VisuCoreDataMin=( 171 )
6.98819419401004 18.8039452937315 6.0167151221727 9.63052696969191 
17.8292989329629 14.3487322449542 8.39053392415638 5.3717419392801 
9.92905161568821 5.97469194960596 6.75257401042649 4.62238543419911 
4.94349211674841 10.6677932404399 16.6491468146618 9.70066183952494 
8.29428659446685 13.8863389131012 12.429604885749 4.09858562269416 
4.14103549233949 3.52912810641552 4.94808748292305 4.55981310873104 
4.93774281289623 5.70510231292074 14.1708117532175 8.23972940377263 
6.25506978414542 3.60593523742961 5.61275016761304 2.24135427685524 
2.46833998512942 4.35572334270884 4.29001398577648 7.74068109547853 
8.72171144630991 12.4111021917305 9.24279241551233 9.97147350532211 
17.3621457126606 6.98938042448732 6.57751641464247 11.2689234966863 
6.84088902018158 3.19863396474696 6.2185161771563 7.15077294265482 
7.08230156673418 7.01243463509558 10.3384165709014 3.77920211081882 
5.27160466663389 1.76949661533284 3.6713713134416 5.43395326833773 
8.77230095518604 3.01499950494386 7.18973248943916 5.27055658779508 
3.23117119192393 4.04052632627163 5.49170126401132 26.4793090943417 
5.33054778501379 9.98385143487778 14.2527334799816 3.0007166107046 
21.0755551932099 7.66377099172006 15.2296495025474 5.17036331205153 
11.9448341111626 12.6328027521977 5.74777010186564 14.3827592996185 
3.09772400700685 20.5793380953165 3.49315302801587 8.73522616534725 
0.614302523912842 6.53495308456323 8.35636750359959 9.66171719119684 
3.56543444629348 2.795708540757 7.54486303864562 2.2368452648406 
5.08455291969684 7.07479879654108 6.06102261902904 13.2823762871507 
7.20196305859352 4.64010675564438 8.81073476991636 5.56992483648073 
10.6658017816079 5.73257862304969 4.28243102246413 3.81997292970968 
6.9706403726184 10.6097616168753 3.57223876248243 9.15180038543926 
4.00329392266639 3.84429645046865 3.04686001522985 2.37486480889019 
1.09246202499404 5.12493001638719 1.47909348296828 6.53406308071325 
1.08308600476638 4.44157242037352 2.33633466802722 4.53737920501867 
4.38578976771982 14.3640515129487 15.1365988253619 8.08093604015446 
9.74795389798557 14.2297822509682 5.50819949749838 4.83879278580335 
27.4051837693731 10.9986736128046 6.17749172703119 3.64392357115774 
6.17936308005847 9.0297568919036 1.03656634213576 16.7064794646554 
9.00664539072094 18.5055740404917 8.05213208956042 5.86563656919326 
4.13086975843924 11.1207636962794 4.90362516217025 2.75021249515139 
3.21261139034257 2.76460465489609 4.13614167996821 8.67379439046665 
10.1261212852939 5.32502693723132 27.6674703067713 18.0434826748398 
4.48909267963095 18.9241453358205 9.19039600243307 11.001118789056 
19.4026216039759 14.4449534919434 15.6648032764473 7.50129366477019 
24.600558369495 3.11982149842977 11.1822254075333 3.7557115654324 
16.6005504291171 8.72458467216182 15.4078573758191 6.49863787296706 
5.18992280915658 8.30658188641721 8.23444753281062 10.0930864219606 
0.198742866644482 3.51820340689922 8.55248726798654
##$VisuCoreDataMax=( 171 )
27679.2799026164 26084.3859672284 26308.5545542689 32766.5 29990.3102334371 
26627.4774775185 26908.6832147964 26228.1191578405 26853.1981221169 
22657.2160630865 22821.2089005677 23099.0145077152 27187.7165728561 
25526.269923297 23590.4997125386 22779.1349415603 23172.1458977938 
23964.6112050136 12505.6840616393 12411.985842275 12500.9482519363 
13201.0262667708 13419.1327226018 12852.419415374 13022.8875112923 
12756.0346306144 13144.9486656365 5827.94089669692 5810.32438118277 
6072.03848877838 6322.39741051784 6157.02265414862 6281.04139221378 
6141.61809833604 6134.53474988989 6328.12368514108 24412.0234069906 
23655.6036083869 24184.2100490775 26289.4656910275 25157.9898114181 
24365.7525348353 23954.868489329 23542.1819287078 24133.1847298824 
13515.2347481314 13170.0095228311 13578.6677018306 13762.827354007 
13654.3284053728 13411.1025469879 13391.3303881924 13330.8466733567 
13487.3459302521 6560.01330294515 6464.05706981818 6502.26189086476 
6701.34914784649 6939.25403604845 6396.47812972199 6718.45723244894 
6375.42704924481 6485.90994702081 24438.6422907926 24002.5482564374 
24252.6674375695 25852.5553102097 25024.7838982505 24068.7906159838 
24123.4160088689 23614.2260813195 24368.4858318432 14348.4962419439 
13377.0271244498 13918.2255812116 13581.9697555512 14357.2649956054 
13870.9435386159 13636.917676102 13755.533367199 13871.5154953922 
6980.80227664982 6906.80927317615 6830.89955965954 6827.52045839664 
6987.30531928657 7067.96019719927 7041.45917286583 6731.20226025591 
7238.77524927872 23371.454102753 22766.7470994307 23145.8450616687 
29562.9486701377 26507.7219242738 23723.9678132461 23395.3048645991 
23049.3236970244 23665.1909704134 12499.5442329695 12334.3196139186 
12719.7401062078 16813.6231399745 14224.4865002887 12844.5800602868 
12906.7263732063 12573.7407398554 13102.8991383833 5865.05489399675 
5859.53366288681 5905.46039513316 7510.00082305712 6310.23322640622 
6924.55332262439 6335.93735466939 6173.96842850471 6481.76293298365 
24477.1942379198 23633.1372459474 24281.9696408775 29665.3002748455 
26108.3962496314 25023.8796952306 24338.3216896257 23902.7574481602 
24256.9840611469 14009.2951575245 13647.1433219513 14067.7750742625 
15291.1240542704 14206.9529298617 14407.832303371 14233.2986603488 
13975.4898470213 14069.2476236942 6916.64983064891 6915.95405089968 
6992.21099271732 7084.29449646716 7155.20865605184 7323.84643690585 
7252.42902014854 7121.89528445718 7526.77810021782 24147.4285934694 
23701.0806797862 24465.8068284501 28160.2821975478 24360.2332946114 
24432.2414352899 24166.7526748373 24047.7573774948 24575.1893234362 
14064.8454240699 13246.8870726667 13552.2212277527 13676.040446391 
13807.3343692659 13869.2931530066 13533.9933636698 13769.6513332641 
13974.3253053595 6786.43845313351 6961.48647961017 6924.11992476595 
7123.22073831533 7168.55445330564 7067.99426582017 7514.99282871667 
6982.68835610028 7455.64333688754
##$VisuCoreDataOffs=( 171 )
0 0 0 0 0 0 0 0 0 0 0 0 0 0 0 0 0 0 0 0 0 0 0 0 0 0 0 0 0 0 0 0 0 0 0 0 0 0 0 
0 0 0 0 0 0 0 0 0 0 0 0 0 0 0 0 0 0 0 0 0 0 0 0 0 0 0 0 0 0 0 0 0 0 0 0 0 0 0 
0 0 0 0 0 0 0 0 0 0 0 0 0 0 0 0 0 0 0 0 0 0 0 0 0 0 0 0 0 0 0 0 0 0 0 0 0 0 0 
0 0 0 0 0 0 0 0 0 0 0 0 0 0 0 0 0 0 0 0 0 0 0 0 0 0 0 0 0 0 0 0 0 0 0 0 0 0 0 
0 0 0 0 0 0 0 0 0 0 0 0 0 0 0
##$VisuCoreDataSlope=( 171 )
0.00138500893842564 0.00138500893842564 0.00138500893842564 
0.00138500893842564 0.00138500893842564 0.00138500893842564 
0.00138500893842564 0.00138500893842564 0.00138500893842564 
0.00138500893842564 0.00138500893842564 0.00138500893842564 
0.00138500893842564 0.00138500893842564 0.00138500893842564 
0.00138500893842564 0.00138500893842564 0.00138500893842564 
0.00138500893842564 0.00138500893842564 0.00138500893842564 
0.00138500893842564 0.00138500893842564 0.00138500893842564 
0.00138500893842564 0.00138500893842564 0.00138500893842564 
0.00138500893842564 0.00138500893842564 0.00138500893842564 
0.00138500893842564 0.00138500893842564 0.00138500893842564 
0.00138500893842564 0.00138500893842564 0.00138500893842564 
0.00138500893842564 0.00138500893842564 0.00138500893842564 
0.00138500893842564 0.00138500893842564 0.00138500893842564 
0.00138500893842564 0.00138500893842564 0.00138500893842564 
0.00138500893842564 0.00138500893842564 0.00138500893842564 
0.00138500893842564 0.00138500893842564 0.00138500893842564 
0.00138500893842564 0.00138500893842564 0.00138500893842564 
0.00138500893842564 0.00138500893842564 0.00138500893842564 
0.00138500893842564 0.00138500893842564 0.00138500893842564 
0.00138500893842564 0.00138500893842564 0.00138500893842564 
0.00138500893842564 0.00138500893842564 0.00138500893842564 
0.00138500893842564 0.00138500893842564 0.00138500893842564 
0.00138500893842564 0.00138500893842564 0.00138500893842564 
0.00138500893842564 0.00138500893842564 0.00138500893842564 
0.00138500893842564 0.00138500893842564 0.00138500893842564 
0.00138500893842564 0.00138500893842564 0.00138500893842564 
0.00138500893842564 0.00138500893842564 0.00138500893842564 
0.00138500893842564 0.00138500893842564 0.00138500893842564 
0.00138500893842564 0.00138500893842564 0.00138500893842564 
0.00138500893842564 0.00138500893842564 0.00138500893842564 
0.00138500893842564 0.00138500893842564 0.00138500893842564 
0.00138500893842564 0.00138500893842564 0.00138500893842564 
0.00138500893842564 0.00138500893842564 0.00138500893842564 
0.00138500893842564 0.00138500893842564 0.00138500893842564 
0.00138500893842564 0.00138500893842564 0.00138500893842564 
0.00138500893842564 0.00138500893842564 0.00138500893842564 
0.00138500893842564 0.00138500893842564 0.00138500893842564 
0.00138500893842564 0.00138500893842564 0.00138500893842564 
0.00138500893842564 0.00138500893842564 0.00138500893842564 
0.00138500893842564 0.00138500893842564 0.00138500893842564 
0.00138500893842564 0.00138500893842564 0.00138500893842564 
0.00138500893842564 0.00138500893842564 0.00138500893842564 
0.00138500893842564 0.00138500893842564 0.00138500893842564 
0.00138500893842564 0.00138500893842564 0.00138500893842564 
0.00138500893842564 0.00138500893842564 0.00138500893842564 
0.00138500893842564 0.00138500893842564 0.00138500893842564 
0.00138500893842564 0.00138500893842564 0.00138500893842564 
0.00138500893842564 0.00138500893842564 0.00138500893842564 
0.00138500893842564 0.00138500893842564 0.00138500893842564 
0.00138500893842564 0.00138500893842564 0.00138500893842564 
0.00138500893842564 0.00138500893842564 0.00138500893842564 
0.00138500893842564 0.00138500893842564 0.00138500893842564 
0.00138500893842564 0.00138500893842564 0.00138500893842564 
0.00138500893842564 0.00138500893842564 0.00138500893842564 
0.00138500893842564 0.00138500893842564 0.00138500893842564 
0.00138500893842564 0.00138500893842564 0.00138500893842564
##$VisuCoreFrameType=( 1 )
MAGNITUDE_IMAGE
##$VisuFGElemComment=( 19, 65 )
<A0 1 B 26> <Dir 1 B 118> <Dir 1 B 518> <Dir 1 B 1019> <Dir 2 B 109> <Dir 2 B 
510> <Dir 2 B 1014> <Dir 3 B 104> <Dir 3 B 508> <Dir 3 B 1011> <Dir 4 B 118> 
<Dir 4 B 512> <Dir 4 B 1009> <Dir 5 B 109> <Dir 5 B 507> <Dir 5 B 1010> <Dir 
6 B 108> <Dir 6 B 520> <Dir 6 B 1012>
##$VisuCoreSlicePacksDef=(0, 1)
##$VisuCoreSlicePacksSlices=( 1 )
(0, 9)
##$VisuCoreSlicePacksSliceDist=( 1 )
1
##$VisuCoreWordType=_16BIT_SGN_INT
##$VisuCoreByteOrder=littleEndian
##$VisuFGOrderDescDim=2
##$VisuFGOrderDesc=( 2 )
(9, <FG_SLICE>, <>, 0, 2) (19, <FG_DIFFUSION>, <diffusion>, 2, 2)
##$VisuGroupDepVals=( 4 )
(<VisuCoreOrientation>, 0) (<VisuCorePosition>, 0) (<VisuFGElemComment>, 0) 
(<VisuAcqDiffusionBMatrix>, 0)
##$VisuSubjectName=( 65 )
<fantome-nouille>
##$VisuSubjectId=( 65 )
<plateforme^fantome-nouille_other>
##$VisuSubjectUid=( 65 )
<2.16.756.5.5.100.1333920868.10258.1459253896.69>
##$VisuSubjectInstanceCreationDate=(1459253896, 790, 120)
##$VisuSubjectBirthDate=( 9 )
<20160329>
##$VisuSubjectSex=UNKNOWN
##$VisuSubjectComment=( 2048 )
<pate alphabet coller au piston d'une seringue 50ml dans NaCl.\
V: ventral\
D: dorsal\
R: droite\
L: gauche\
H: tete>
##$VisuSubjectType=OtherAnimal
##$VisuStudyUid=( 65 )
<2.16.756.5.5.100.1333920868.10495.1468835946.106>
##$VisuStudyDate=<2016-07-18T11:59:06,071+0200>
##$VisuStudyId=( 65 )
<plateforme^18062016>
##$VisuStudyNumber=7
##$VisuSubjectWeight=0.001
##$VisuStudyReferringPhysician=( 65 )
<po>
##$VisuStudyDescription=( 2048 )
<\
>
##$VisuExperimentNumber=27
##$VisuProcessingNumber=1
##$VisuSeriesDate=<2016-07-18T17:14:12,279+0200>
##$VisuSubjectPosition=Head_Prone
##$VisuSeriesTypeId=( 65 )
<ACQ_BRUKER_PVM>
##$VisuManufacturer=( 65 )
<Bruker BioSpin MRI GmbH>
##$VisuAcqSoftwareVersion=( 65 )
<6.0.1>
##$VisuInstitution=( 65 )
<ICUBE Strasbourg>
##$VisuStation=( 65 )
<Biospec >
##$VisuSystemOrderNumber=( 65 )
<10112043>
##$VisuAcqDate=<2016-07-18T16:13:58,209+0200>
##$VisuAcqEchoTrainLength=1
##$VisuAcqSequenceName=( 40 )
<Bruker:DtiStandard>
##$VisuAcqNumberOfAverages=1
##$VisuAcqImagingFrequency=300.33249436701
##$VisuAcqImagedNucleus=( 8 )
<1H>
##$VisuAcqRepetitionTime=( 1 )
2500
##$VisuAcqPhaseEncSteps=75
##$VisuAcqPixelBandwidth=173.611111111111
##$VisuAcqFlipAngle=90
##$VisuAcqSize=( 2 )
75 200
##$VisuAcqImageSizeAccellerated=Yes
##$VisuAcqGradEncoding=( 2 )
phase_enc read_enc
##$VisuAcqEchoTime=( 1 )
21.55
##$VisuAcquisitionProtocol=( 65 )
<Diffusion_weight_SE>
##$VisuAcqScanTime=3562500
##$VisuAcqAntiAlias=( 2 )
1 1
##$VisuAcqEchoSequenceType=Both
##$VisuAcqSpinsVelocityEncoded=No
##$VisuAcqHasTimeOfFlightContrast=No
##$VisuAcqIsEpiSequence=No
##$VisuAcqSpectralSuppression=NoSuppression
##$VisuAcqKSpaceTraversal=RectilinearTraversal
##$VisuAcqEncodingOrder=( 2 )
LinearEncoding LinearEncoding
##$VisuAcqKSpaceTrajectoryCnt=1
##$VisuAcqKSpaceFiltering=( 2 )
NO_WDW NO_WDW
##$VisuAcqFlowCompensation=FlowNone
##$VisuAcqSpoiling=GradientSpoiled
##$VisuAcqPartialFourier=( 2 )
1.33 1
##$VisuAcqParallelReductionFactor=( 2 )
1 1
##$VisuAcqMagnetizationTransfer=No
##$VisuAcqBloodSignalNulling=No
##$VisuAcqDiffusionBMatrix=( 19, 9 )
7.67710300704037 9.04982294528632 -7.67710300704037 9.04982294528632 
10.8673926780526 -9.04982294528632 -7.67710300704037 -9.04982294528632 
7.67710300704037 9.25087181259289 -26.9844848880397 10.7619812988205 
-26.9844848880397 95.4979821805036 -35.6941047738727 10.7619812988205 
-35.6941047738727 13.6354320140989 13.822126728854 -78.7455147849375 
24.413506994193 -78.7455147849375 459.730641806423 -142.87931656711 
24.413506994193 -142.87931656711 44.439300168398 19.1502127299986 
-132.097633233263 41.2477509003621 -132.097633233263 911.443394759463 
-284.563868827573 41.2477509003621 -284.563868827573 88.8786003367959 
14.665258401447 28.4877178297966 23.4366083817003 28.4877178297966 
55.9727934179337 46.1037780033403 23.4366083817003 46.1037780033403 
38.2146530864892 53.1690976263954 118.843135144914 100.792822678859 
118.843135144914 265.988450935379 225.291298555241 100.792822678859 
225.291298555241 191.073265432446 106.338195252791 236.379412656365 
201.585645357718 236.379412656365 525.799566968951 448.105183056143 
201.585645357718 448.105183056143 382.146530864892 48.9203514024682 
-38.9074477430794 -33.8671764744359 -38.9074477430794 31.2952024698326 
26.9353216219596 -33.8671764744359 26.9353216219596 23.4459812627739 
244.601757012341 -188.622555853845 -169.33588237218 -188.622555853845 
145.805913552016 130.581919447108 -169.33588237218 130.581919447108 
117.22990631387 489.203514024682 -374.442077355025 -338.671764744359 
-374.442077355025 286.953575334325 259.223320145595 -338.671764744359 
259.223320145595 234.459812627739 8.58064345108604 10.5504715683382 
-24.2933130857121 10.5504715683382 13.3196029543362 -31.8951602922684 
-24.2933130857121 -31.8951602922684 95.9303258618495 10.9868785336953 
14.8186728022129 -68.9242288909735 14.8186728022129 20.8675430705804 
-98.6509040001016 -68.9242288909735 -98.6509040001016 479.651629309247 
13.7242040918833 21.8914821761979 -112.948056909818 21.8914821761979 
35.5470392829998 -183.748318071757 -112.948056909818 -183.748318071757 
959.303258618495 66.7688053350705 43.37929370835 -29.1387429633286 
43.37929370835 28.534508388735 -19.2129661226316 -29.1387429633286 
-19.2129661226316 13.2279545111904 333.844026675353 209.986541179425 
-117.014250404113 209.986541179425 132.431924822223 -73.6014897608379 
-117.014250404113 -73.6014897608379 41.0141674062411 667.688053350705 
416.698390507334 -234.028500808227 416.698390507334 260.409134043794 
-146.055181203624 -234.028500808227 -146.055181203624 82.0283348124823 
70.9326337432089 9.67031156057331 42.3779994905539 9.67031156057331 
11.91245374782 5.77743186402843 42.3779994905539 5.77743186402843 
25.3183160704691 354.663168716045 -112.634365847311 211.88999745277 
-112.634365847311 38.5269612416783 -67.2922863089542 211.88999745277 
-67.2922863089542 126.591580352346 709.326337432089 -186.390708850368 
423.779994905539 -186.390708850368 49.8299237509673 -111.357282929891 
423.779994905539 -111.357282929891 253.183160704691
##$VisuCardiacSynchUsed=No
##$VisuRespSynchUsed=No
##END=
$$ File finished by PARX at 2016-07-18 17:14:12.908 +0200
