##TITLE=Parameter List, ParaVision 6.0.1
##JCAMPDX=4.24
##DATATYPE=Parameter Values
##ORIGIN=Bruker BioSpin MRI GmbH
##OWNER=po
$$ 2016-07-18 12:44:12.545 +0200  po@var.u-strasbg.fr
$$ /opt/PV6.0.1/data/po/20160718_115906_plateforme_fantome_nouille_other_1_7/9/pdata/1/reco
$$ process /opt/PV6.0.1/prog/bin/parxserver
##$RECO_mode=USER_MODE
##$RecoAutoDerive=No
##$RecoDim=2
##$RecoObjectsPerRepetition=63
##$RecoObjectsPerSetupStep=63
$$ @vis= RECO_mode RecoAutoDerive RecoDim RecoObjectsPerRepetition
##$RecoNumRepetitions=1
##$RECO_inp_order=NO_REORDERING
##$RECO_inp_size=( 2 )
192 160
$$ @vis= RecoObjectsPerSetupStep RecoNumRepetitions RECO_inp_order
##$RECO_ft_size=( 2 )
192 160
##$RECO_fov=( 2 )
4 3.5
##$RECO_size=( 2 )
192 160
##$RECO_offset=( 2, 63 )
0 0 0 0 0 0 0 0 0 0 0 0 0 0 0 0 0 0 0 0 0 0 0 0 0 0 0 0 0 0 0 0 0 0 0 0 0 0 0 
0 0 0 0 0 0 0 0 0 0 0 0 0 0 0 0 0 0 0 0 0 0 0 0 0 0 0 0 0 0 0 0 0 0 0 0 0 0 0 
0 0 0 0 0 0 0 0 0 0 0 0 0 0 0 0 0 0 0 0 0 0 0 0 0 0 0 0 0 0 0 0 0 0 0 0 0 0 0 
0 0 0 0 0 0 0 0 0
##$RECO_regrid_mode=NO_REGRID
##$RECO_regrid_offset=0
##$RECO_ramp_gap=0
##$RECO_ramp_time=0
##$RECO_ne_mode=NO_NAV_DATA
##$RECO_ne_dist=NeNoInterleave
##$RECO_ne_dens=NeCorrPerScan
##$RECO_ne_type=NAV_PHASE
##$RECO_bc_mode=( 2 )
NO_BC NO_BC
##$RECO_bc_start=( 2 )
144 120
##$RECO_bc_len=( 2 )
48 40
##$RECO_dc_offset=( 2 )
0 0
##$RECO_dc_divisor=1
##$RECO_bc_coroff=( 2 )
0 0
##$RECO_qopts=( 2 )
COMPLEX_CONJUGATE NO_QOPTS
##$RECO_wdw_mode=( 2 )
NO_WDW NO_WDW
$$ @vis= RECO_inp_size RECO_ft_size RECO_fov RECO_size RECO_ne_mode
##$RECO_lb=( 2 )
-0.5 -0.5
##$RECO_sw=( 2 )
75757.5757575758 1
##$RECO_gb=( 2 )
0.5 0.5
##$RECO_sbs=( 2 )
1 1
##$RECO_tm1=( 2 )
0.25 0.25
##$RECO_tm2=( 2 )
0.75 0.75
##$RECO_ft_mode=( 2 )
COMPLEX_FT COMPLEX_FT
##$RECO_pc_mode=( 2 )
FIRST_ORDER_PC FIRST_ORDER_PC
##$RECO_pc_lin=( 2 )
(0, 180) (0, 180)
##$RECO_rotate=( 2, 63 )
0.5 0.5 0.5 0.5 0.5 0.5 0.5 0.5 0.5 0.5 0.5 0.5 0.5 0.5 0.5 0.5 0.5 0.5 0.5 
0.5 0.5 0.5 0.5 0.5 0.5 0.5 0.5 0.5 0.5 0.5 0.5 0.5 0.5 0.5 0.5 0.5 0.5 0.5 
0.5 0.5 0.5 0.5 0.5 0.5 0.5 0.5 0.5 0.5 0.5 0.5 0.5 0.5 0.5 0.5 0.5 0.5 0.5 
0.5 0.5 0.5 0.5 0.5 0.5 0.398617428571429 0.398617428571429 0.398617428571429 
0.398617428571429 0.398617428571429 0.398617428571429 0.398617428571429 
0.398617428571429 0.398617428571429 0.398617428571429 0.398617428571429 
0.398617428571429 0.398617428571429 0.398617428571429 0.398617428571429 
0.398617428571429 0.398617428571429 0.398617428571429 0.398617428571429 
0.398617428571429 0.398617428571429 0.398617428571429 0.398617428571429 
0.398617428571429 0.398617428571429 0.398617428571429 0.398617428571429 
0.398617428571429 0.398617428571429 0.398617428571429 0.398617428571429 
0.398617428571429 0.398617428571429 0.398617428571429 0.398617428571429 
0.398617428571429 0.398617428571429 0.398617428571429 0.398617428571429 
0.398617428571429 0.398617428571429 0.398617428571429 0.398617428571429 
0.398617428571429 0.398617428571429 0.398617428571429 0.398617428571429 
0.398617428571429 0.398617428571429 0.398617428571429 0.398617428571429 
0.398617428571429 0.398617428571429 0.398617428571429 0.398617428571429 
0.398617428571429 0.398617428571429 0.398617428571429 0.398617428571429 
0.398617428571429 0.398617428571429 0.398617428571429 0.398617428571429
##$RECO_ppc_mode=NO_PPC
##$RECO_ref_image=0
##$RECO_nr_supports=0.4
##$RECO_sig_threshold=0.15
##$RECO_ppc_degree=1
##$RECO_ppc_coeffs=( 63, 2, 2 )
0 0 0 0 0 0 0 0 0 0 0 0 0 0 0 0 0 0 0 0 0 0 0 0 0 0 0 0 0 0 0 0 0 0 0 0 0 0 0 
0 0 0 0 0 0 0 0 0 0 0 0 0 0 0 0 0 0 0 0 0 0 0 0 0 0 0 0 0 0 0 0 0 0 0 0 0 0 0 
0 0 0 0 0 0 0 0 0 0 0 0 0 0 0 0 0 0 0 0 0 0 0 0 0 0 0 0 0 0 0 0 0 0 0 0 0 0 0 
0 0 0 0 0 0 0 0 0 0 0 0 0 0 0 0 0 0 0 0 0 0 0 0 0 0 0 0 0 0 0 0 0 0 0 0 0 0 0 
0 0 0 0 0 0 0 0 0 0 0 0 0 0 0 0 0 0 0 0 0 0 0 0 0 0 0 0 0 0 0 0 0 0 0 0 0 0 0 
0 0 0 0 0 0 0 0 0 0 0 0 0 0 0 0 0 0 0 0 0 0 0 0 0 0 0 0 0 0 0 0 0 0 0 0 0 0 0 
0 0 0 0 0 0 0 0 0 0 0 0 0 0 0 0 0 0
##$RECO_dc_elim=Yes
##$RECO_transposition=( 63 )
0 0 0 0 0 0 0 0 0 0 0 0 0 0 0 0 0 0 0 0 0 0 0 0 0 0 0 0 0 0 0 0 0 0 0 0 0 0 0 
0 0 0 0 0 0 0 0 0 0 0 0 0 0 0 0 0 0 0 0 0 0 0 0
$$ @vis= RECO_wdw_mode RECO_ft_mode RECO_pc_mode RECO_pc_lin RECO_rotate
##$RECO_image_type=MAGNITUDE_IMAGE
##$RECO_image_threshold=0.15
##$RECO_ir_scale=10
##$RECO_wordtype=_16BIT_SGN_INT
##$RECO_map_mode=ABSOLUTE_MAPPING
##$RECO_map_range=( 2 )
-2147483647 2147483647
##$RECO_map_percentile=( 2 )
1 99.99
##$RECO_map_error=0.0025
##$RECO_globex=( 63 )
0 0 0 0 0 0 0 0 0 0 0 0 0 0 0 0 0 0 0 0 0 0 0 0 0 0 0 0 0 0 0 0 0 0 0 0 0 0 0 
0 0 0 0 0 0 0 0 0 0 0 0 0 0 0 0 0 0 0 0 0 0 0 0
##$RECO_minima=( 63 )
8.37042539071021 12.1516798662688 1.86130568192953 7.94252820414115 
13.927412844254 11.7794686073818 11.8402481467791 7.52016628242921 
8.231786779991 13.9985192134074 1.05672468058065 3.03301014297391 
3.91378322396281 14.840065811438 15.2400192302777 8.19298768790017 
7.24344034376747 10.4801130628316 9.15145023340928 7.16963516421123 
10.6881546760542 11.4211094894897 2.90285841962445 5.15879765163733 
5.75934356722773 3.62186650213468 7.56906296575503 1.6997738583345 
10.3886750412204 3.05900098162596 17.0687678525554 4.54794805448531 
5.62071200722939 3.77676417768044 5.11213174139725 9.91171070358068 
8.89875972326051 16.5176768674307 8.21928702498575 12.1151945866515 
0.511749844570784 16.5311608640428 9.75721216524347 3.71884444334863 
7.38986086994619 10.0424640805793 5.56227678702426 1.98076851822963 
6.94640948983884 3.51422580791638 10.6900250832279 9.85084856976477 
10.4818851691934 7.92034235992683 7.34099121263106 15.3476559255102 
9.9998727177815 8.59144353640303 1.96422072501192 4.69878716951968 
5.12479188466494 15.8656330654081 7.7440419471028
##$RECO_maxima=( 63 )
32627.6102002698 32766.5 32259.0421164192 31603.9513872638 31418.4486918976 
30491.2533602825 29098.8690426751 26183.7806394991 24564.3355395644 
24398.6334768969 23961.5236318012 23469.1031446814 23688.6115449525 
23295.6488831744 25868.780364908 26167.3463014687 25087.8291606833 
25250.3217364078 24575.9607537651 23943.9978572468 23255.592594851 
27030.6664783634 28016.5063235663 25873.4617034556 26524.4366275487 
25609.6764742933 26034.3631105585 24715.8587938335 29960.0253279242 
29443.9755844431 27605.0936135118 27424.6692393722 28486.2822159178 
28685.8929657184 26853.2993826101 28931.7959307976 27284.7587103535 
27110.9222800229 26888.6087007921 26175.7627255169 26361.6756160642 
26243.9487793446 26415.60762468 27872.1193423859 28732.9672423184 
26522.947052715 26184.5711025707 26587.4858724018 25305.8638311879 
26110.4520705127 26460.2161562931 26449.8935905254 25238.4722315035 
25413.6227587782 25158.1377605181 24552.5586407225 30740.4705406651 
31013.8040350467 30290.3916116344 30892.0651471308 29500.3563495417 
29670.3629499675 29172.3387825103
##$RECO_map_min=( 63 )
-38.5473112685886 -38.5473112685886 -38.5473112685886 -38.5473112685886 
-38.5473112685886 -38.5473112685886 -38.5473112685886 -38.5473112685886 
-38.5473112685886 -38.5473112685886 -38.5473112685886 -38.5473112685886 
-38.5473112685886 -38.5473112685886 -38.5473112685886 -38.5473112685886 
-38.5473112685886 -38.5473112685886 -38.5473112685886 -38.5473112685886 
-38.5473112685886 -38.5473112685886 -38.5473112685886 -38.5473112685886 
-38.5473112685886 -38.5473112685886 -38.5473112685886 -38.5473112685886 
-38.5473112685886 -38.5473112685886 -38.5473112685886 -38.5473112685886 
-38.5473112685886 -38.5473112685886 -38.5473112685886 -38.5473112685886 
-38.5473112685886 -38.5473112685886 -38.5473112685886 -38.5473112685886 
-38.5473112685886 -38.5473112685886 -38.5473112685886 -38.5473112685886 
-38.5473112685886 -38.5473112685886 -38.5473112685886 -38.5473112685886 
-38.5473112685886 -38.5473112685886 -38.5473112685886 -38.5473112685886 
-38.5473112685886 -38.5473112685886 -38.5473112685886 -38.5473112685886 
-38.5473112685886 -38.5473112685886 -38.5473112685886 -38.5473112685886 
-38.5473112685886 -38.5473112685886 -38.5473112685886
##$RECO_map_max=( 63 )
38.5473112685886 38.5473112685886 38.5473112685886 38.5473112685886 
38.5473112685886 38.5473112685886 38.5473112685886 38.5473112685886 
38.5473112685886 38.5473112685886 38.5473112685886 38.5473112685886 
38.5473112685886 38.5473112685886 38.5473112685886 38.5473112685886 
38.5473112685886 38.5473112685886 38.5473112685886 38.5473112685886 
38.5473112685886 38.5473112685886 38.5473112685886 38.5473112685886 
38.5473112685886 38.5473112685886 38.5473112685886 38.5473112685886 
38.5473112685886 38.5473112685886 38.5473112685886 38.5473112685886 
38.5473112685886 38.5473112685886 38.5473112685886 38.5473112685886 
38.5473112685886 38.5473112685886 38.5473112685886 38.5473112685886 
38.5473112685886 38.5473112685886 38.5473112685886 38.5473112685886 
38.5473112685886 38.5473112685886 38.5473112685886 38.5473112685886 
38.5473112685886 38.5473112685886 38.5473112685886 38.5473112685886 
38.5473112685886 38.5473112685886 38.5473112685886 38.5473112685886 
38.5473112685886 38.5473112685886 38.5473112685886 38.5473112685886 
38.5473112685886 38.5473112685886 38.5473112685886
##$RECO_map_offset=( 63 )
0 0 0 0 0 0 0 0 0 0 0 0 0 0 0 0 0 0 0 0 0 0 0 0 0 0 0 0 0 0 0 0 0 0 0 0 0 0 0 
0 0 0 0 0 0 0 0 0 0 0 0 0 0 0 0 0 0 0 0 0 0 0 0
##$RECO_map_slope=( 63 )
850.033346598178 850.033346598178 850.033346598178 850.033346598178 
850.033346598178 850.033346598178 850.033346598178 850.033346598178 
850.033346598178 850.033346598178 850.033346598178 850.033346598178 
850.033346598178 850.033346598178 850.033346598178 850.033346598178 
850.033346598178 850.033346598178 850.033346598178 850.033346598178 
850.033346598178 850.033346598178 850.033346598178 850.033346598178 
850.033346598178 850.033346598178 850.033346598178 850.033346598178 
850.033346598178 850.033346598178 850.033346598178 850.033346598178 
850.033346598178 850.033346598178 850.033346598178 850.033346598178 
850.033346598178 850.033346598178 850.033346598178 850.033346598178 
850.033346598178 850.033346598178 850.033346598178 850.033346598178 
850.033346598178 850.033346598178 850.033346598178 850.033346598178 
850.033346598178 850.033346598178 850.033346598178 850.033346598178 
850.033346598178 850.033346598178 850.033346598178 850.033346598178 
850.033346598178 850.033346598178 850.033346598178 850.033346598178 
850.033346598178 850.033346598178 850.033346598178
##$RECO_byte_order=littleEndian
$$ @vis= RECO_transposition RECO_image_type RECO_wordtype RECO_map_mode
##$RECO_time=<2016-07-18T12:44:12,538+0200>
##$RECO_abs_time=(1468838652, 538, 120)
##$RECO_base_image_uid=( 65 )
<2.16.756.5.5.100.1333920868.29592.1468838652.1>
##$RecoUserUpdate=Yes
##$RecoReverseSegment=0
##$RecoB0DemodOff=0
##$RecoB0DemodDelay=0
##$RecoFTOrder=( 2 )
0 1
##$RecoHalfFT=( 2 )
No No
$$ @vis= RECO_byte_order RecoUserUpdate RecoB0DemodOff RecoWindow RecoFTOrder
##$RecoHalfFTPos=( 2 )
96 80
##$RecoCorrPhase=RecoCorrPhaseOff
##$RecoCorrPhaseRef=-1
##$RECO_map_user_slope=1
##$RECO_map_user_offset=0
##$RecoNumInputChan=1
$$ @vis= RecoHalfFT RecoHalfFTPos RecoCorrPhase RecoCorrPhaseRef RecoMap
##$RecoScaleChan=( 1 )
1
##$RecoPhaseChan=( 1 )
0
##$RecoCombineMode=SumOfSquares
##$RecoSortDim=2
$$ @vis= RecoNumInputChan RecoScaleChan RecoPhaseChan RecoCombineMode
##$RecoSortSize=( 2 )
160 63
##$RecoSortRange=( 2 )
160 63
##$RecoSortSegment=( 2 )
1 0
##$RecoSortMaps=( 223 )
0 1 2 3 4 5 6 7 8 9 10 11 12 13 14 15 16 17 18 19 20 21 22 23 24 25 26 27 28 
29 30 31 32 33 34 35 36 37 38 39 40 41 42 43 44 45 46 47 48 49 50 51 52 53 54 
55 56 57 58 59 60 61 62 63 64 65 66 67 68 69 70 71 72 73 74 75 76 77 78 79 80 
81 82 83 84 85 86 87 88 89 90 91 92 93 94 95 96 97 98 99 100 101 102 103 104 
105 106 107 108 109 110 111 112 113 114 115 116 117 118 119 120 121 122 123 
124 125 126 127 128 129 130 131 132 133 134 135 136 137 138 139 140 141 142 
143 144 145 146 147 148 149 150 151 152 153 154 155 156 157 158 159 0 1 2 3 4 
5 6 14 15 16 17 18 19 20 28 29 30 31 32 33 34 42 43 44 45 46 47 48 56 57 58 
59 60 61 62 7 8 9 10 11 12 13 21 22 23 24 25 26 27 35 36 37 38 39 40 41 49 50 
51 52 53 54 55
$$ @vis= RecoSortDim RecoSortSize RecoSortRange RecoSortSegment RecoSortMaps
##$RecoGrappaAccelFactor=1
##$RecoGrappaKernelRead=0
##$RecoGrappaKernelPhase=0
##$RecoGrappaNumRefRead=0
##$RecoGrappaNumRefPhase=0
##$RecoGrappaIncludeRefLines=Yes
##$RecoGrappaReadCenter=0
##$RecoGrappaPhaseCenter=0
##$RecoGrappaTruncThresh=-1
##$RecoRegridN=Off
$$ @vis= RecoSortGroup RecoGrappaAccelFactor RecoGrappaGroup RecoRegridN
##$RecoStageNrPasses=4
##$RecoStagePasses=( 4 )
(<FIRSTPASS>, 0) (<FTPASS1>, 1) (<PREPPASS>, 2) (<MAPPASS>, 3)
##$RecoStageNrNodes=23
##$RecoStageNodes=( 23 )
(<input>, 0, <RecoFileSource 
Q{numChan=1;byteOrder=\<BYTORDA\>;contData=false;initFromACQP=true;}>) 
(<input>, 0, <RecoQueueSink S{initQueue=true;initOnce=true;}>) (<compute>, 0, 
<RecoQueueSource Q0{initFromACQP=true;initOnce=true;}>) (<compute>, 0, 
<RecoBufferSink S0{procDim=1;frameDim=2;bufferId="FIRSTPASS0";memId="out0"}>) 
(<compute>, 0, <RecoCastFilter CAST0{dataRep=FLOAT; wordSize=8}>) (<compute>, 
0, <RecoFTShiftFilter FTS0{frameDim=2; winDirection=0; 
shift=\<RECO_rotate[0]\>; exponent=1}>) (<compute>, 0, <RecoFTFilter 
FT0{direction=0; exponent=1}>) (<compute>, 0, <RecoSortFilter 
REORD0{sortDim=\<RecoSortDim\>; sortSize=\<RecoSortSize\>; 
sortRange=\<RecoSortRange\>; sortSegment=\<RecoSortSegment\>; 
sortMaps=\<RecoSortMaps\>; frameDim = 2}>) (<compute>, 1, <RecoBufferSource 
Q0{procDim=1;frameDim=2;bufferId="FIRSTPASS0";memId="out0"}>) (<compute>, 1, 
<RecoBufferSink S0{procDim=1;frameDim=2;bufferId="FTPASS10";memId="in0"}>) 
(<compute>, 1, <RecoFTShiftFilter FTS0{frameDim=2; winDirection=1; 
shift=\<RECO_rotate[1]\>; exponent=1}>) (<compute>, 1, <RecoFTFilter 
FT0{direction=1;exponent=1;}>) (<compute>, 2, <RecoBufferSource 
Q0{procDim=2;frameDim=2;bufferId="FTPASS10";memId="in0"}>) (<compute>, 2, 
<RecoBufferSink S0{procDim=2;frameDim=2;bufferId="PREPPASS0";memId="out0"}>) 
(<compute>, 2, <RecoMagnitudeFilter G0>) (<compute>, 2, <RecoMinMaxFilter 
M0{map_min=\<RECO_map_min\>;map_max=\<RECO_map_max\>;}>) (<compute>, 3, 
<RecoBufferSource Q0{procDim=2;frameDim=2;bufferId="PREPPASS0";memId="out0"}>)
 (<compute>, 3, <RecoQueueSink S0>) (<compute>, 3, <RecoMapFilter 
MAP0{symmetricMode=true;minima=\<RECO_minima\>;maxima=\<RECO_maxima\>;slope=\<RECO_map_slope\>;offset=\<RECO_map_offset\>;map_min=\<RECO_map_min\>;map_max=\<RECO_map_max\>;rangeMin=-32766.500000;rangeMax=32766.500000;perObjectMode=false;cutoffMode=true;}>) (<compute>, 3, <RecoCastFilter CAST0{dataRep=SIGNED;wordSize=2}>) (<output>, 3, <RecoQueueSource Q{procDim=2;initFromRECO=true;initOnce=true;}>) (<output>, 3, <RecoImageDisplayFilter DISP{showAll=true;}>) (<output>, 3, <RecoFileSink S{writePars=true;shuffle=false;filename="2dseq";numChans=1;}>)
$$ @vis= RecoRegridNGroup RecoStageNrPasses RecoStagePasses RecoStageNrNodes
##$RecoStageNrEdges=17
##$RecoStageEdges=( 17 )
(<input>, 0, <Q-\>S>) (<compute>, 0, <Q0-\>CAST0>) (<compute>, 0, 
<CAST0-\>FTS0>) (<compute>, 0, <FTS0-\>FT0>) (<compute>, 0, <FT0-\>REORD0>) 
(<compute>, 0, <REORD0-\>S0>) (<compute>, 1, <Q0-\>FTS0>) (<compute>, 1, 
<FTS0-\>FT0>) (<compute>, 1, <FT0-\>S0>) (<compute>, 2, <Q0-\>G0>) (<compute>,
 2, <G0-\>M0>) (<compute>, 2, <M0-\>S0>) (<compute>, 3, <Q0-\>MAP0>) 
(<compute>, 3, <MAP0-\>CAST0>) (<compute>, 3, <CAST0-\>S0>) (<output>, 3, 
<Q-\>DISP>) (<output>, 3, <DISP-\>S>)
$$ @vis= RecoStageNodes RecoStageNrEdges RecoStageEdges RecoStageGroup
##$GS_reco_display=Yes
##$GO_reco_display=Yes
##$GO_reco_each_nr=No
##$GO_max_reco_mem=0
$$ @vis= RecoModeUser GS_reco_display RECO_GS GO_reco_display GO_reco_each_nr
##$RecoPrototype=No
$$ @vis= GO_max_reco_mem RECO_GO RecoPrototype RECO
##END=
$$ File finished by PARX at 2016-07-18 12:44:12.546 +0200
