##TITLE=Parameter List, ParaVision 6.0.1
##JCAMPDX=4.24
##DATATYPE=Parameter Values
##ORIGIN=Bruker BioSpin MRI GmbH
##OWNER=po
$$ 2016-07-18 12:44:12.540 +0200  po@var.u-strasbg.fr
$$ /opt/PV6.0.1/data/po/20160718_115906_plateforme_fantome_nouille_other_1_7/9/pdata/1/visu_pars
$$ process /opt/PV6.0.1/prog/bin/parxserver
##$VisuVersion=3
##$VisuUid=( 65 )
<2.16.756.5.5.100.1333920868.29592.1468838652.1>
##$VisuCreator=( 65 )
<ParaVision>
##$VisuCreatorVersion=( 65 )
<6.0.1>
##$VisuCreationDate=<2016-07-18T12:44:12,538+0200>
##$VisuInstanceModality=( 65 )
<MR>
$$ @vis= VisuVersion VisuUid VisuCreator VisuCreatorVersion VisuCreationDate
##$VisuCoreFrameCount=63
##$VisuCoreDim=2
##$VisuCoreSize=( 2 )
192 160
$$ @vis= VisuInstanceModality VisuInstance VisuCoreFrameCount VisuCoreDim
##$VisuCoreDimDesc=( 2 )
spatial spatial
##$VisuCoreExtent=( 2 )
40 35
##$VisuCoreFrameThickness=( 1 )
1
##$VisuCoreUnits=( 2, 65 )
<mm> <mm>
$$ @vis= VisuCoreSize VisuCoreDimDesc VisuCoreExtent VisuCoreFrameThickness
##$VisuCoreOrientation=( 9, 9 )
1 0 0 0 1 0 0 0 1 1 0 0 0 1 0 0 0 1 1 0 0 0 1 0 0 0 1 1 0 0 0 1 0 0 0 1 1 0 0 
0 1 0 0 0 1 1 0 0 0 1 0 0 0 1 1 0 0 0 1 0 0 0 1 1 0 0 0 1 0 0 0 1 1 0 0 0 1 0 
0 0 1
##$VisuCorePosition=( 9, 3 )
-19.354839 -13.95161 -4.46083 -19.354839 -13.95161 -3.46083 -19.354839 
-13.95161 -2.46083 -19.354839 -13.95161 -1.46083 -19.354839 -13.95161 
-0.46083 -19.354839 -13.95161 0.53917 -19.354839 -13.95161 1.53917 -19.354839 
-13.95161 2.53917 -19.354839 -13.95161 3.53917
##$VisuCoreDataMin=( 63 )
8.37042539071021 12.1516798662688 1.86130568192953 7.94252820414115 
13.927412844254 11.7794686073818 11.8402481467791 7.52016628242921 
8.231786779991 13.9985192134074 1.05672468058065 3.03301014297391 
3.91378322396281 14.840065811438 15.2400192302777 8.19298768790017 
7.24344034376747 10.4801130628316 9.15145023340928 7.16963516421123 
10.6881546760542 11.4211094894897 2.90285841962445 5.15879765163733 
5.75934356722773 3.62186650213468 7.56906296575503 1.6997738583345 
10.3886750412204 3.05900098162596 17.0687678525554 4.54794805448531 
5.62071200722939 3.77676417768044 5.11213174139725 9.91171070358068 
8.89875972326051 16.5176768674307 8.21928702498575 12.1151945866515 
0.511749844570784 16.5311608640428 9.75721216524347 3.71884444334863 
7.38986086994619 10.0424640805793 5.56227678702426 1.98076851822963 
6.94640948983884 3.51422580791638 10.6900250832279 9.85084856976477 
10.4818851691934 7.92034235992683 7.34099121263106 15.3476559255102 
9.9998727177815 8.59144353640303 1.96422072501192 4.69878716951968 
5.12479188466494 15.8656330654081 7.7440419471028
##$VisuCoreDataMax=( 63 )
32627.6102002698 32766.5 32259.0421164192 31603.9513872638 31418.4486918976 
30491.2533602825 29098.8690426751 26183.7806394991 24564.3355395644 
24398.6334768969 23961.5236318012 23469.1031446814 23688.6115449525 
23295.6488831744 25868.780364908 26167.3463014687 25087.8291606833 
25250.3217364078 24575.9607537651 23943.9978572468 23255.592594851 
27030.6664783634 28016.5063235663 25873.4617034556 26524.4366275487 
25609.6764742933 26034.3631105585 24715.8587938335 29960.0253279242 
29443.9755844431 27605.0936135118 27424.6692393722 28486.2822159178 
28685.8929657184 26853.2993826101 28931.7959307976 27284.7587103535 
27110.9222800229 26888.6087007921 26175.7627255169 26361.6756160642 
26243.9487793446 26415.60762468 27872.1193423859 28732.9672423184 
26522.947052715 26184.5711025707 26587.4858724018 25305.8638311879 
26110.4520705127 26460.2161562931 26449.8935905254 25238.4722315035 
25413.6227587782 25158.1377605181 24552.5586407225 30740.4705406651 
31013.8040350467 30290.3916116344 30892.0651471308 29500.3563495417 
29670.3629499675 29172.3387825103
$$ @vis= VisuCoreUnits VisuCoreOrientation VisuCorePosition VisuCoreDataMin
##$VisuCoreDataOffs=( 63 )
0 0 0 0 0 0 0 0 0 0 0 0 0 0 0 0 0 0 0 0 0 0 0 0 0 0 0 0 0 0 0 0 0 0 0 0 0 0 0 
0 0 0 0 0 0 0 0 0 0 0 0 0 0 0 0 0 0 0 0 0 0 0 0
##$VisuCoreDataSlope=( 63 )
0.00117642443558478 0.00117642443558478 0.00117642443558478 
0.00117642443558478 0.00117642443558478 0.00117642443558478 
0.00117642443558478 0.00117642443558478 0.00117642443558478 
0.00117642443558478 0.00117642443558478 0.00117642443558478 
0.00117642443558478 0.00117642443558478 0.00117642443558478 
0.00117642443558478 0.00117642443558478 0.00117642443558478 
0.00117642443558478 0.00117642443558478 0.00117642443558478 
0.00117642443558478 0.00117642443558478 0.00117642443558478 
0.00117642443558478 0.00117642443558478 0.00117642443558478 
0.00117642443558478 0.00117642443558478 0.00117642443558478 
0.00117642443558478 0.00117642443558478 0.00117642443558478 
0.00117642443558478 0.00117642443558478 0.00117642443558478 
0.00117642443558478 0.00117642443558478 0.00117642443558478 
0.00117642443558478 0.00117642443558478 0.00117642443558478 
0.00117642443558478 0.00117642443558478 0.00117642443558478 
0.00117642443558478 0.00117642443558478 0.00117642443558478 
0.00117642443558478 0.00117642443558478 0.00117642443558478 
0.00117642443558478 0.00117642443558478 0.00117642443558478 
0.00117642443558478 0.00117642443558478 0.00117642443558478 
0.00117642443558478 0.00117642443558478 0.00117642443558478 
0.00117642443558478 0.00117642443558478 0.00117642443558478
##$VisuCoreFrameType=( 1 )
MAGNITUDE_IMAGE
##$VisuCoreSlicePacksDef=(1, 1)
$$ @vis= VisuCoreDataMax VisuCoreDataOffs VisuCoreDataSlope VisuCoreFrameType
##$VisuCoreSlicePacksSlices=( 1 )
(0, 9)
##$VisuCoreSlicePacksSliceDist=( 1 )
1
$$ @vis= VisuCoreSlicePacksDef VisuCoreSlicePacksSlices
##$VisuCoreWordType=_16BIT_SGN_INT
##$VisuCoreByteOrder=littleEndian
$$ @vis= VisuCoreSlicePacksSliceDist VisuCore VisuCoreWordType
##$VisuFGOrderDescDim=2
##$VisuFGOrderDesc=( 2 )
(7, <FG_ECHO>, <>, 0, 1) (9, <FG_SLICE>, <>, 1, 2)
##$VisuGroupDepVals=( 3 )
(<VisuAcqEchoTime>, 0) (<VisuCoreOrientation>, 0) (<VisuCorePosition>, 0)
$$ @vis= VisuCoreByteOrder VisuPixel VisuFGOrderDescDim VisuFGOrderDesc
##$VisuSubjectName=( 65 )
<fantome-nouille>
##$VisuSubjectId=( 65 )
<plateforme^fantome-nouille_other>
##$VisuSubjectUid=( 65 )
<2.16.756.5.5.100.1333920868.10258.1459253896.69>
$$ @vis= VisuGroupDepVals VisuFrameOrderDesc VisuSubjectName VisuSubjectId
##$VisuSubjectInstanceCreationDate=(1459253896, 790, 120)
##$VisuSubjectBirthDate=( 9 )
<20160329>
##$VisuSubjectSex=UNKNOWN
$$ @vis= VisuSubjectUid VisuSubjectInstanceCreationDate VisuSubjectBirthDate
##$VisuSubjectComment=( 2048 )
<pate alphabet coller au piston d'une seringue 50ml dans NaCl.\
V: ventral\
D: dorsal\
R: droite\
L: gauche\
H: tete>
##$VisuSubjectType=OtherAnimal
##$VisuStudyUid=( 65 )
<2.16.756.5.5.100.1333920868.10495.1468835946.106>
$$ @vis= VisuSubjectSex VisuSubjectComment VisuSubjectType VisuSubject
##$VisuStudyDate=<2016-07-18T11:59:06,071+0200>
##$VisuStudyId=( 65 )
<plateforme^18062016>
##$VisuStudyNumber=7
##$VisuSubjectWeight=0.001
$$ @vis= VisuStudyUid VisuStudyDate VisuStudyId VisuStudyNumber
##$VisuStudyReferringPhysician=( 65 )
<po>
##$VisuStudyDescription=( 2048 )
<\
>
$$ @vis= VisuSubjectWeight VisuStudyReferringPhysician VisuStudyDescription
##$VisuExperimentNumber=9
##$VisuProcessingNumber=1
##$VisuSeriesDate=<2016-07-18T12:44:12,538+0200>
##$VisuSubjectPosition=Head_Prone
$$ @vis= VisuStudy VisuExperimentNumber VisuProcessingNumber VisuSeriesDate
##$VisuSeriesTypeId=( 65 )
<ACQ_BRUKER_PVM>
$$ @vis= VisuSubjectPosition VisuSeriesTypeId VisuSeries VisuCoilReceive
##$VisuManufacturer=( 65 )
<Bruker BioSpin MRI GmbH>
##$VisuAcqSoftwareVersion=( 65 )
<6.0.1>
$$ @vis= VisuCoilTransmit VisuContrastAgent VisuManufacturer
##$VisuInstitution=( 65 )
<ICUBE Strasbourg>
##$VisuStation=( 65 )
<Biospec >
##$VisuSystemOrderNumber=( 65 )
<10112043>
$$ @vis= VisuAcqSoftwareVersion VisuInstitution VisuStation
##$VisuAcqDate=<2016-07-18T12:40:03,752+0200>
##$VisuAcqEchoTrainLength=1
$$ @vis= VisuSystemOrderNumber VisuEquipment VisuAcqDate
##$VisuAcqSequenceName=( 40 )
<Bruker:MSME>
##$VisuAcqNumberOfAverages=1
##$VisuAcqImagingFrequency=300.332479961008
$$ @vis= VisuAcqEchoTrainLength VisuAcqSequenceName VisuAcqNumberOfAverages
##$VisuAcqImagedNucleus=( 8 )
<1H>
##$VisuAcqRepetitionTime=( 1 )
1500
##$VisuAcqPhaseEncSteps=160
$$ @vis= VisuAcqImagingFrequency VisuAcqImagedNucleus VisuAcqRepetitionTime
##$VisuAcqPixelBandwidth=394.570707070707
##$VisuAcqFlipAngle=90
##$VisuAcqSize=( 2 )
192 160
$$ @vis= VisuAcqPhaseEncSteps VisuAcqPixelBandwidth VisuAcqFlipAngle
##$VisuAcqImageSizeAccellerated=No
##$VisuAcqGradEncoding=( 2 )
read_enc phase_enc
##$VisuAcqEchoTime=( 7 )
7.7 15.4 23.1 30.8 38.5 46.2 53.9
$$ @vis= VisuAcqSize VisuAcqImageSizeAccellerated VisuAcqGradEncoding
##$VisuAcquisitionProtocol=( 65 )
<T2map_MSME>
##$VisuAcqScanTime=240000
##$VisuAcqAntiAlias=( 2 )
1 1
$$ @vis= VisuAcqEchoTime VisuAcquisitionProtocol VisuAcqScanTime
##$VisuAcqEchoSequenceType=Both
##$VisuAcqSpinsVelocityEncoded=No
##$VisuAcqHasTimeOfFlightContrast=No
$$ @vis= VisuAcqAntiAlias VisuAcqEchoSequenceType VisuAcqSpinsVelocityEncoded
##$VisuAcqIsEpiSequence=No
##$VisuAcqSpectralSuppression=NoSuppression
$$ @vis= VisuAcqHasTimeOfFlightContrast VisuAcqIsEpiSequence
##$VisuAcqKSpaceTraversal=RectilinearTraversal
##$VisuAcqEncodingOrder=( 2 )
LinearEncoding LinearEncoding
$$ @vis= VisuAcqSpectralSuppression VisuAcqKSpaceTraversal
##$VisuAcqKSpaceTrajectoryCnt=1
##$VisuAcqKSpaceFiltering=( 2 )
NO_WDW NO_WDW
$$ @vis= VisuAcqEncodingOrder VisuAcqKSpaceTrajectoryCnt
##$VisuAcqFlowCompensation=FlowNone
##$VisuAcqSpoiling=GradientSpoiled
##$VisuAcqPartialFourier=( 2 )
1 1
$$ @vis= VisuAcqKSpaceFiltering VisuAcqFlowCompensation VisuAcqSpoiling
##$VisuAcqParallelReductionFactor=( 2 )
1 1
##$VisuAcqMagnetizationTransfer=No
$$ @vis= VisuAcqPartialFourier VisuAcqParallelReductionFactor
##$VisuAcqBloodSignalNulling=No
##$VisuCardiacSynchUsed=No
$$ @vis= VisuAcqMagnetizationTransfer VisuAcqBloodSignalNulling
##$VisuRespSynchUsed=No
$$ @vis= VisuCardiacSynchUsed VisuRespSynchUsed VisuAcquisition VisuMpi
$$ @vis= VisuDepricated Visu
##END=
$$ File finished by PARX at 2016-07-18 12:44:12.542 +0200
