##TITLE=Parameter List, ParaVision 6.0.1
##JCAMPDX=4.24
##DATATYPE=Parameter Values
##ORIGIN=Bruker BioSpin MRI GmbH
##OWNER=po
$$ 2016-07-18 16:10:06.274 +0200  po@var.u-strasbg.fr
$$ /opt/PV6.0.1/data/po/20160718_115906_plateforme_fantome_nouille_other_1_7/2/pdata/5/visu_pars
$$ process /opt/PV6.0.1/prog/bin/parxserver
##$VisuVersion=3
##$VisuUid=( 65 )
<2.16.756.5.5.100.1333920868.5151.1468851006.1>
##$VisuCreator=( 65 )
<ParaVision>
##$VisuCreatorVersion=( 65 )
<6.0.1>
##$VisuCreationDate=<2016-07-18T16:10:06,273+0200>
##$VisuInstanceModality=( 65 )
<MR>
$$ @vis= VisuVersion VisuUid VisuCreator VisuCreatorVersion VisuCreationDate
##$VisuCoreFrameCount=9
##$VisuCoreDim=2
##$VisuCoreSize=( 2 )
256 256
$$ @vis= VisuInstanceModality VisuInstance VisuCoreFrameCount VisuCoreDim
##$VisuCoreDimDesc=( 2 )
spatial spatial
##$VisuCoreExtent=( 2 )
35 35
##$VisuCoreFrameThickness=( 1 )
1
##$VisuCoreUnits=( 2, 65 )
<mm> <mm>
$$ @vis= VisuCoreSize VisuCoreDimDesc VisuCoreExtent VisuCoreFrameThickness
##$VisuCoreOrientation=( 9, 9 )
1 0 0 0 1 0 0 0 1 1 0 0 0 1 0 0 0 1 1 0 0 0 1 0 0 0 1 1 0 0 0 1 0 0 0 1 1 0 0 
0 1 0 0 0 1 1 0 0 0 1 0 0 0 1 1 0 0 0 1 0 0 0 1 1 0 0 0 1 0 0 0 1 1 0 0 0 1 0 
0 0 1
##$VisuCorePosition=( 9, 3 )
-16.854839 -13.95161 -4.46083 -16.854839 -13.95161 -3.46083 -16.854839 
-13.95161 -2.46083 -16.854839 -13.95161 -1.46083 -16.854839 -13.95161 
-0.46083 -16.854839 -13.95161 0.53917 -16.854839 -13.95161 1.53917 -16.854839 
-13.95161 2.53917 -16.854839 -13.95161 3.53917
##$VisuCoreDataMin=( 9 )
0.00155447914114585 0.00432048040329244 0.00121587298947338 
0.0020097473181581 0.00727270383287224 0.00267268873996597 
0.00404602183587416 0.00213428040861435 0.00348442375240247
##$VisuCoreDataMax=( 9 )
22.2045048990923 22.0067092886224 22.7399453171239 30.920464729282 
30.7014762505948 24.3570194362623 22.3125850359634 20.8158397517424 
21.832319393414
$$ @vis= VisuCoreUnits VisuCoreOrientation VisuCorePosition VisuCoreDataMin
##$VisuCoreDataOffs=( 9 )
0 0 0 0 0 0 0 0 0
##$VisuCoreDataSlope=( 9 )
1 1 1 1 1 1 1 1 1
##$VisuCoreFrameType=( 1 )
MAGNITUDE_IMAGE
##$VisuCoreSlicePacksDef=(0, 1)
$$ @vis= VisuCoreDataMax VisuCoreDataOffs VisuCoreDataSlope VisuCoreFrameType
##$VisuCoreSlicePacksSlices=( 1 )
(0, 9)
##$VisuCoreSlicePacksSliceDist=( 1 )
1
$$ @vis= VisuCoreSlicePacksDef VisuCoreSlicePacksSlices
##$VisuCoreWordType=_32BIT_SGN_INT
##$VisuCoreByteOrder=littleEndian
$$ @vis= VisuCoreSlicePacksSliceDist VisuCore VisuCoreWordType
##$VisuFGOrderDescDim=1
##$VisuFGOrderDesc=( 1 )
(9, <FG_SLICE>, <>, 0, 2)
##$VisuGroupDepVals=( 2 )
(<VisuCoreOrientation>, 0) (<VisuCorePosition>, 0)
$$ @vis= VisuCoreByteOrder VisuPixel VisuFGOrderDescDim VisuFGOrderDesc
##$VisuSubjectName=( 65 )
<fantome-nouille>
##$VisuSubjectId=( 65 )
<plateforme^fantome-nouille_other>
##$VisuSubjectUid=( 65 )
<2.16.756.5.5.100.1333920868.10258.1459253896.69>
$$ @vis= VisuGroupDepVals VisuFrameOrderDesc VisuSubjectName VisuSubjectId
##$VisuSubjectInstanceCreationDate=(1459253896, 790, 120)
##$VisuSubjectBirthDate=( 9 )
<20160329>
##$VisuSubjectSex=UNKNOWN
$$ @vis= VisuSubjectUid VisuSubjectInstanceCreationDate VisuSubjectBirthDate
##$VisuSubjectComment=( 2048 )
<pate alphabet coller au piston d'une seringue 50ml dans NaCl.\
V: ventral\
D: dorsal\
R: droite\
L: gauche\
H: tete>
##$VisuSubjectType=OtherAnimal
##$VisuStudyUid=( 65 )
<2.16.756.5.5.100.1333920868.10495.1468835946.106>
$$ @vis= VisuSubjectSex VisuSubjectComment VisuSubjectType VisuSubject
##$VisuStudyDate=<2016-07-18T11:59:06,071+0200>
##$VisuStudyId=( 65 )
<plateforme^18062016>
##$VisuStudyNumber=7
##$VisuSubjectWeight=0.001
$$ @vis= VisuStudyUid VisuStudyDate VisuStudyId VisuStudyNumber
##$VisuStudyReferringPhysician=( 65 )
<po>
##$VisuStudyDescription=( 2048 )
<\
>
$$ @vis= VisuSubjectWeight VisuStudyReferringPhysician VisuStudyDescription
##$VisuExperimentNumber=2
##$VisuProcessingNumber=5
##$VisuSeriesDate=<2016-07-18T16:10:06,273+0200>
##$VisuSubjectPosition=Head_Prone
$$ @vis= VisuStudy VisuExperimentNumber VisuProcessingNumber VisuSeriesDate
##$VisuSeriesTypeId=( 65 )
<ACQ_BRUKER_PVM>
$$ @vis= VisuSubjectPosition VisuSeriesTypeId VisuSeries VisuCoilReceive
##$VisuManufacturer=( 65 )
<Bruker BioSpin MRI GmbH>
##$VisuAcqSoftwareVersion=( 65 )
<6.0.1>
$$ @vis= VisuCoilTransmit VisuContrastAgent VisuManufacturer
##$VisuInstitution=( 65 )
<ICUBE Strasbourg>
##$VisuStation=( 65 )
<Biospec >
##$VisuSystemOrderNumber=( 65 )
<10112043>
$$ @vis= VisuAcqSoftwareVersion VisuInstitution VisuStation
##$VisuAcqDate=<2016-07-18T12:05:18,222+0200>
##$VisuAcqEchoTrainLength=8
$$ @vis= VisuSystemOrderNumber VisuEquipment VisuAcqDate
##$VisuAcqSequenceName=( 40 )
<Bruker:RARE>
##$VisuAcqNumberOfAverages=2
##$VisuAcqImagingFrequency=300.332479961008
$$ @vis= VisuAcqEchoTrainLength VisuAcqSequenceName VisuAcqNumberOfAverages
##$VisuAcqImagedNucleus=( 8 )
<1H>
##$VisuAcqRepetitionTime=( 1 )
2500
##$VisuAcqPhaseEncSteps=256
$$ @vis= VisuAcqImagingFrequency VisuAcqImagedNucleus VisuAcqRepetitionTime
##$VisuAcqPixelBandwidth=147.964015151515
##$VisuAcqFlipAngle=90
##$VisuAcqSize=( 2 )
256 256
$$ @vis= VisuAcqPhaseEncSteps VisuAcqPixelBandwidth VisuAcqFlipAngle
##$VisuAcqImageSizeAccellerated=No
##$VisuAcqGradEncoding=( 2 )
read_enc phase_enc
##$VisuAcqEchoTime=( 1 )
35.0000000000001
$$ @vis= VisuAcqSize VisuAcqImageSizeAccellerated VisuAcqGradEncoding
##$VisuAcquisitionProtocol=( 65 )
<T2_TurboRARE>
##$VisuAcqScanTime=160000
##$VisuAcqAntiAlias=( 2 )
1 1
$$ @vis= VisuAcqEchoTime VisuAcquisitionProtocol VisuAcqScanTime
##$VisuAcqEchoSequenceType=Both
##$VisuAcqSpinsVelocityEncoded=No
##$VisuAcqHasTimeOfFlightContrast=No
$$ @vis= VisuAcqAntiAlias VisuAcqEchoSequenceType VisuAcqSpinsVelocityEncoded
##$VisuAcqIsEpiSequence=No
##$VisuAcqSpectralSuppression=FatSuppression
$$ @vis= VisuAcqHasTimeOfFlightContrast VisuAcqIsEpiSequence
##$VisuAcqKSpaceTraversal=RectilinearTraversal
##$VisuAcqEncodingOrder=( 2 )
LinearEncoding LinearEncoding
$$ @vis= VisuAcqSpectralSuppression VisuAcqKSpaceTraversal
##$VisuAcqKSpaceTrajectoryCnt=1
##$VisuAcqKSpaceFiltering=( 2 )
NO_WDW NO_WDW
$$ @vis= VisuAcqEncodingOrder VisuAcqKSpaceTrajectoryCnt
##$VisuAcqFlowCompensation=FlowNone
##$VisuAcqSpoiling=GradientSpoiled
##$VisuAcqPartialFourier=( 2 )
1 1
$$ @vis= VisuAcqKSpaceFiltering VisuAcqFlowCompensation VisuAcqSpoiling
##$VisuAcqParallelReductionFactor=( 2 )
1 1
##$VisuAcqMagnetizationTransfer=No
$$ @vis= VisuAcqPartialFourier VisuAcqParallelReductionFactor
##$VisuAcqBloodSignalNulling=No
##$VisuCardiacSynchUsed=No
$$ @vis= VisuAcqMagnetizationTransfer VisuAcqBloodSignalNulling
##$VisuRespSynchUsed=No
$$ @vis= VisuCardiacSynchUsed VisuRespSynchUsed VisuAcquisition VisuMpi
$$ @vis= VisuDepricated Visu
##END=
$$ File finished by PARX at 2016-07-18 16:10:06.275 +0200
