##TITLE=Parameter List, ParaVision 6.0.1
##JCAMPDX=4.24
##DATATYPE=Parameter Values
##ORIGIN=Bruker BioSpin MRI GmbH
##OWNER=po
$$ 2016-07-18 16:01:42.905 +0200  po@var.u-strasbg.fr
$$ /opt/PV6.0.1/data/po/20160718_115906_plateforme_fantome_nouille_other_1_7/25/method
$$ process /opt/PV6.0.1/prog/mod/acq_out
##$Method=<Bruker:DtiEpi>
##$PVM_EffSWh=400000
##$EchoTime=21
##$PVM_EchoTime=0.5
##$PVM_MinEchoTime=20.7212319039888
##$NSegments=2
##$PVM_RepetitionTime=2500
$$ @vis= Method PVM_EffSWh EchoTime PVM_EchoTime PVM_MinEchoTime NSegments
##$PackDel=0.001
##$PVM_NEchoImages=1
##$PVM_NAverages=15
##$PVM_NRepetitions=1
$$ @vis= PVM_RepetitionTime PackDel PVM_NEchoImages PVM_NAverages
##$PVM_ScanTimeStr=( 16 )
<0h23m45s0ms>
##$PVM_ScanTime=1425000
##$PVM_DeriveGains=Yes
##$PVM_DiffPrepMode=<SpinEcho>
##$PVM_DwUsedSliceThick=1
$$ @vis= PVM_NRepetitions PVM_ScanTimeStr PVM_DeriveGains PVM_DiffPrepMode
##$PVM_DwVisiblePars=Yes
##$PVM_DwRfcAdiab=No
##$PVM_DwRfcPulse1Enum=<Calculated>
##$PVM_DwRfcPulse1=(1.7, 3000, 180, Yes, 4, 5100, 0.0981992064004009, 
0.0914234269262882, 1, 0, 340.65890949544, <$PVM_DwRfcPulse1Shape>)
$$ @vis= PVM_DwUsedSliceThick PVM_DwVisiblePars PVM_DwRfcPulse1Enum
##$PVM_DwRfcPulse1Ampl=(340.65890949544, 130.510327080932, -25.323197518373)
##$PVM_DwSliceGradDur=2.621
##$PVM_DwSliceGrad=15.9349006193365
##$PVM_DwSliceGradLim=90
$$ @vis= PVM_DwRfcPulse1 PVM_DwSliceGradDur PVM_DwSliceGrad
##$PVM_TeDwSliceSpoilGradDur=1.5
##$PVM_TeDwSliceSpoilGrad=30
##$PVM_TeDwSliceSpoilGradLim=50
$$ @vis= PVM_DwSliceGradLim PVM_TeDwSliceSpoilGradDur PVM_TeDwSliceSpoilGrad
##$PVM_DwGradDur=( 1 )
4
##$PVM_DwGradSep=( 1 )
10.1
$$ @vis= PVM_TeDwSliceSpoilGradLim DW_SliceSelection PVM_DwGradDur
##$PVM_DwDirectScale=No
##$PVM_DwMeasMode=<DW_Contrast>
##$PVM_DwNDiffDir=6
##$PVM_DwNDiffExpEach=3
$$ @vis= PVM_DwGradSep PVM_DwDirectScale PVM_DwMeasMode PVM_DwNDiffDir
##$PVM_DwAoImages=1
##$PVM_DwDir=( 6, 3 )
0.298125142074257 -0.135667933951053 0.944836288126497 -0.618180014934883 
0.326095377539748 0.715202959922788 -0.484210504458277 -0.699430850066454 
0.525677347188918 0.979440278229609 0.0950661262753957 0.177930247615451 
0.286405891720967 0.8171218105954 0.500283531446731 -0.503173092190641 
0.842215137261311 -0.193624641673573
##$PVM_DwDgSwitch=<MonopolarDw>
##$PVM_DwMaxBval=1825.35358214234
$$ @vis= PVM_DwNDiffExpEach PVM_DwAoImages PVM_DwDir PVM_DwDgSwitch
##$PVM_DwBvalEach=( 3 )
100 500 1000
##$PVM_DwGradAmp=( 3 )
23.4059621708879 52.3373224928938 74.0161512877449
##$PVM_DwNDiffExp=19
##$PVM_DwBMat=( 19, 3, 3 )
7.67710300704037 7.67710300704037 9.04982294528633 7.67710300704037 
7.67710300704037 9.04982294528633 9.04982294528633 9.04982294528633 
10.8673926780526 13.6354320140989 -10.7619812988205 35.6941047738727 
-10.7619812988205 9.25087181259289 -26.9844848880397 35.6941047738727 
-26.9844848880397 95.4979821805036 44.439300168398 -24.413506994193 
142.87931656711 -24.413506994193 13.822126728854 -78.7455147849375 
142.87931656711 -78.7455147849375 459.730641806423 88.8786003367959 
-41.2477509003621 284.563868827573 -41.2477509003621 19.1502127299986 
-132.097633233263 284.563868827573 -132.097633233263 911.443394759463 
38.2146530864892 -23.4366083817003 -46.1037780033403 -23.4366083817003 
14.665258401447 28.4877178297966 -46.1037780033403 28.4877178297966 
55.9727934179337 191.073265432446 -100.792822678859 -225.291298555241 
-100.792822678859 53.1690976263954 118.843135144914 -225.291298555241 
118.843135144914 265.988450935379 382.146530864892 -201.585645357718 
-448.105183056143 -201.585645357718 106.338195252791 236.379412656365 
-448.105183056143 236.379412656365 525.799566968951 23.4459812627739 
33.8671764744359 -26.9353216219596 33.8671764744359 48.9203514024682 
-38.9074477430794 -26.9353216219596 -38.9074477430794 31.2952024698326 
117.22990631387 169.33588237218 -130.581919447108 169.33588237218 
244.601757012341 -188.622555853845 -130.581919447108 -188.622555853845 
145.805913552016 234.459812627739 338.671764744359 -259.223320145595 
338.671764744359 489.203514024682 -374.442077355025 -259.223320145595 
-374.442077355025 286.953575334325 95.9303258618495 24.2933130857121 
31.8951602922684 24.2933130857121 8.58064345108604 10.5504715683382 
31.8951602922684 10.5504715683382 13.3196029543362 479.651629309247 
68.9242288909735 98.6509040001017 68.9242288909735 10.9868785336953 
14.8186728022129 98.6509040001017 14.8186728022129 20.8675430705804 
959.303258618495 112.948056909818 183.748318071757 112.948056909818 
13.7242040918833 21.8914821761979 183.748318071757 21.8914821761979 
35.5470392829998 13.2279545111904 29.1387429633286 19.2129661226316 
29.1387429633286 66.7688053350705 43.37929370835 19.2129661226316 
43.37929370835 28.534508388735 41.0141674062411 117.014250404113 
73.6014897608379 117.014250404113 333.844026675353 209.986541179425 
73.6014897608379 209.986541179425 132.431924822223 82.0283348124823 
234.028500808227 146.055181203624 234.028500808227 667.688053350705 
416.698390507334 146.055181203624 416.698390507334 260.409134043794 
25.3183160704691 -42.3779994905539 -5.77743186402843 -42.3779994905539 
70.9326337432089 9.67031156057331 -5.77743186402843 9.67031156057331 
11.91245374782 126.591580352346 -211.88999745277 67.2922863089542 
-211.88999745277 354.663168716045 -112.634365847311 67.2922863089542 
-112.634365847311 38.5269612416783 253.183160704691 -423.779994905539 
111.357282929891 -423.779994905539 709.326337432089 -186.390708850368 
111.357282929891 -186.390708850368 49.8299237509673
##$PVM_DwBMatImag=( 19, 3, 3 )
7.67710300704037 7.67710300704037 -9.04982294528633 7.67710300704037 
7.67710300704037 -9.04982294528633 -9.04982294528633 -9.04982294528633 
10.8673926780526 13.6354320140989 -10.7619812988205 -35.6941047738727 
-10.7619812988205 9.25087181259289 26.9844848880397 -35.6941047738727 
26.9844848880397 95.4979821805036 44.439300168398 -24.413506994193 
-142.87931656711 -24.413506994193 13.822126728854 78.7455147849375 
-142.87931656711 78.7455147849375 459.730641806423 88.8786003367959 
-41.2477509003621 -284.563868827573 -41.2477509003621 19.1502127299986 
132.097633233263 -284.563868827573 132.097633233263 911.443394759463 
38.2146530864892 -23.4366083817003 46.1037780033403 -23.4366083817003 
14.665258401447 -28.4877178297966 46.1037780033403 -28.4877178297966 
55.9727934179337 191.073265432446 -100.792822678859 225.291298555241 
-100.792822678859 53.1690976263954 -118.843135144914 225.291298555241 
-118.843135144914 265.988450935379 382.146530864892 -201.585645357718 
448.105183056143 -201.585645357718 106.338195252791 -236.379412656365 
448.105183056143 -236.379412656365 525.799566968951 23.4459812627739 
33.8671764744359 26.9353216219596 33.8671764744359 48.9203514024682 
38.9074477430794 26.9353216219596 38.9074477430794 31.2952024698326 
117.22990631387 169.33588237218 130.581919447108 169.33588237218 
244.601757012341 188.622555853845 130.581919447108 188.622555853845 
145.805913552016 234.459812627739 338.671764744359 259.223320145595 
338.671764744359 489.203514024682 374.442077355025 259.223320145595 
374.442077355025 286.953575334325 95.9303258618495 24.2933130857121 
-31.8951602922684 24.2933130857121 8.58064345108604 -10.5504715683382 
-31.8951602922684 -10.5504715683382 13.3196029543362 479.651629309247 
68.9242288909735 -98.6509040001017 68.9242288909735 10.9868785336953 
-14.8186728022129 -98.6509040001017 -14.8186728022129 20.8675430705804 
959.303258618495 112.948056909818 -183.748318071757 112.948056909818 
13.7242040918833 -21.8914821761979 -183.748318071757 -21.8914821761979 
35.5470392829998 13.2279545111904 29.1387429633286 -19.2129661226316 
29.1387429633286 66.7688053350705 -43.37929370835 -19.2129661226316 
-43.37929370835 28.534508388735 41.0141674062411 117.014250404113 
-73.6014897608379 117.014250404113 333.844026675353 -209.986541179425 
-73.6014897608379 -209.986541179425 132.431924822223 82.0283348124823 
234.028500808227 -146.055181203624 234.028500808227 667.688053350705 
-416.698390507334 -146.055181203624 -416.698390507334 260.409134043794 
25.3183160704691 -42.3779994905539 5.77743186402843 -42.3779994905539 
70.9326337432089 -9.67031156057331 5.77743186402843 -9.67031156057331 
11.91245374782 126.591580352346 -211.88999745277 -67.2922863089542 
-211.88999745277 354.663168716045 112.634365847311 -67.2922863089542 
112.634365847311 38.5269612416783 253.183160704691 -423.779994905539 
-111.357282929891 -423.779994905539 709.326337432089 186.390708850368 
-111.357282929891 186.390708850368 49.8299237509673
$$ @vis= PVM_DwMaxBval PVM_DwBvalEach PVM_DwGradAmp PVM_DwNDiffExp PVM_DwBMat
##$PVM_DwBMatMag=( 19, 3, 3 )
7.67710300704037 -7.67710300704037 -9.04982294528633 -7.67710300704037 
7.67710300704037 9.04982294528633 -9.04982294528633 9.04982294528633 
10.8673926780526 13.6354320140989 10.7619812988205 -35.6941047738727 
10.7619812988205 9.25087181259289 -26.9844848880397 -35.6941047738727 
-26.9844848880397 95.4979821805036 44.439300168398 24.413506994193 
-142.87931656711 24.413506994193 13.822126728854 -78.7455147849375 
-142.87931656711 -78.7455147849375 459.730641806423 88.8786003367959 
41.2477509003621 -284.563868827573 41.2477509003621 19.1502127299986 
-132.097633233263 -284.563868827573 -132.097633233263 911.443394759463 
38.2146530864892 23.4366083817003 46.1037780033403 23.4366083817003 
14.665258401447 28.4877178297966 46.1037780033403 28.4877178297966 
55.9727934179337 191.073265432446 100.792822678859 225.291298555241 
100.792822678859 53.1690976263954 118.843135144914 225.291298555241 
118.843135144914 265.988450935379 382.146530864892 201.585645357718 
448.105183056143 201.585645357718 106.338195252791 236.379412656365 
448.105183056143 236.379412656365 525.799566968951 23.4459812627739 
-33.8671764744359 26.9353216219596 -33.8671764744359 48.9203514024682 
-38.9074477430794 26.9353216219596 -38.9074477430794 31.2952024698326 
117.22990631387 -169.33588237218 130.581919447108 -169.33588237218 
244.601757012341 -188.622555853845 130.581919447108 -188.622555853845 
145.805913552016 234.459812627739 -338.671764744359 259.223320145595 
-338.671764744359 489.203514024682 -374.442077355025 259.223320145595 
-374.442077355025 286.953575334325 95.9303258618495 -24.2933130857121 
-31.8951602922684 -24.2933130857121 8.58064345108604 10.5504715683382 
-31.8951602922684 10.5504715683382 13.3196029543362 479.651629309247 
-68.9242288909735 -98.6509040001017 -68.9242288909735 10.9868785336953 
14.8186728022129 -98.6509040001017 14.8186728022129 20.8675430705804 
959.303258618495 -112.948056909818 -183.748318071757 -112.948056909818 
13.7242040918833 21.8914821761979 -183.748318071757 21.8914821761979 
35.5470392829998 13.2279545111904 -29.1387429633286 -19.2129661226316 
-29.1387429633286 66.7688053350705 43.37929370835 -19.2129661226316 
43.37929370835 28.534508388735 41.0141674062411 -117.014250404113 
-73.6014897608379 -117.014250404113 333.844026675353 209.986541179425 
-73.6014897608379 209.986541179425 132.431924822223 82.0283348124823 
-234.028500808227 -146.055181203624 -234.028500808227 667.688053350705 
416.698390507334 -146.055181203624 416.698390507334 260.409134043794 
25.3183160704691 42.3779994905539 5.77743186402843 42.3779994905539 
70.9326337432089 9.67031156057331 5.77743186402843 9.67031156057331 
11.91245374782 126.591580352346 211.88999745277 -67.2922863089542 
211.88999745277 354.663168716045 -112.634365847311 -67.2922863089542 
-112.634365847311 38.5269612416783 253.183160704691 423.779994905539 
-111.357282929891 423.779994905539 709.326337432089 -186.390708850368 
-111.357282929891 -186.390708850368 49.8299237509673
##$PVM_DwBMatPat=( 19, 3, 3 )
7.67710300704037 7.67710300704037 -9.04982294528633 7.67710300704037 
7.67710300704037 -9.04982294528633 -9.04982294528633 -9.04982294528633 
10.8673926780526 13.6354320140989 -10.7619812988205 -35.6941047738727 
-10.7619812988205 9.25087181259289 26.9844848880397 -35.6941047738727 
26.9844848880397 95.4979821805036 44.439300168398 -24.413506994193 
-142.87931656711 -24.413506994193 13.822126728854 78.7455147849375 
-142.87931656711 78.7455147849375 459.730641806423 88.8786003367959 
-41.2477509003621 -284.563868827573 -41.2477509003621 19.1502127299986 
132.097633233263 -284.563868827573 132.097633233263 911.443394759463 
38.2146530864892 -23.4366083817003 46.1037780033403 -23.4366083817003 
14.665258401447 -28.4877178297966 46.1037780033403 -28.4877178297966 
55.9727934179337 191.073265432446 -100.792822678859 225.291298555241 
-100.792822678859 53.1690976263954 -118.843135144914 225.291298555241 
-118.843135144914 265.988450935379 382.146530864892 -201.585645357718 
448.105183056143 -201.585645357718 106.338195252791 -236.379412656365 
448.105183056143 -236.379412656365 525.799566968951 23.4459812627739 
33.8671764744359 26.9353216219596 33.8671764744359 48.9203514024682 
38.9074477430794 26.9353216219596 38.9074477430794 31.2952024698326 
117.22990631387 169.33588237218 130.581919447108 169.33588237218 
244.601757012341 188.622555853845 130.581919447108 188.622555853845 
145.805913552016 234.459812627739 338.671764744359 259.223320145595 
338.671764744359 489.203514024682 374.442077355025 259.223320145595 
374.442077355025 286.953575334325 95.9303258618495 24.2933130857121 
-31.8951602922684 24.2933130857121 8.58064345108604 -10.5504715683382 
-31.8951602922684 -10.5504715683382 13.3196029543362 479.651629309247 
68.9242288909735 -98.6509040001017 68.9242288909735 10.9868785336953 
-14.8186728022129 -98.6509040001017 -14.8186728022129 20.8675430705804 
959.303258618495 112.948056909818 -183.748318071757 112.948056909818 
13.7242040918833 -21.8914821761979 -183.748318071757 -21.8914821761979 
35.5470392829998 13.2279545111904 29.1387429633286 -19.2129661226316 
29.1387429633286 66.7688053350705 -43.37929370835 -19.2129661226316 
-43.37929370835 28.534508388735 41.0141674062411 117.014250404113 
-73.6014897608379 117.014250404113 333.844026675353 -209.986541179425 
-73.6014897608379 -209.986541179425 132.431924822223 82.0283348124823 
234.028500808227 -146.055181203624 234.028500808227 667.688053350705 
-416.698390507334 -146.055181203624 -416.698390507334 260.409134043794 
25.3183160704691 -42.3779994905539 5.77743186402843 -42.3779994905539 
70.9326337432089 -9.67031156057331 5.77743186402843 -9.67031156057331 
11.91245374782 126.591580352346 -211.88999745277 -67.2922863089542 
-211.88999745277 354.663168716045 112.634365847311 -67.2922863089542 
112.634365847311 38.5269612416783 253.183160704691 -423.779994905539 
-111.357282929891 -423.779994905539 709.326337432089 186.390708850368 
-111.357282929891 186.390708850368 49.8299237509673
##$PVM_DwEffBval=( 19 )
26.2215986921334 118.384286007195 517.992068703675 1019.47220782626 
108.85270490587 510.23081399422 1014.28429308663 103.661535135075 
507.637576878227 1010.61690198675 117.830572267272 511.506050913523 
1008.57450199338 108.531268234996 507.290118903817 1010.12552220698 
108.163403561498 519.781710310068 1012.33942188775
##$PVM_DwGradVec=( 19, 3 )
0 0 0 0.0697790579758063 -0.0317543852986086 0.221148024175709 
0.156030717039802 -0.0710049641114088 0.494502015146652 0.220660756184486 
-0.100416183242169 0.699331456441221 -0.144690980443648 0.0763257607079674 
0.167400134244598 -0.323538868003089 0.170669589377398 0.374318079613512 
-0.457553055084807 0.241363247982163 0.52936570483088 -0.11333412750097 
-0.163708520178074 0.123039841023965 -0.253422813262796 -0.366063379614069 
0.275125448470353 -0.358393979530991 -0.517691796138347 0.389086140580754 
0.229247421008861 0.0222511415533476 0.0416462864474396 0.512612817042327 
0.0497550650902555 0.0931239275069032 0.724943998107537 0.0703642878473955 
0.131697121261711 0.0670360546714036 0.191255221878033 0.117096174117604 
0.149897175188651 0.427659677171088 0.261835005232114 0.211986618113206 
0.604802115535452 0.370290615503285 -0.117772503612228 0.197128556424874 
-0.0453197103836337 -0.263347323957282 0.440792852472421 -0.101337953138408 
-0.372429357155049 0.62337523016362 -0.143313507711466
$$ @vis= PVM_DwBMatImag PVM_DwBMatMag PVM_DwBMatPat PVM_DwEffBval
##$PVM_DwGradRead=( 19 )
0 0.0697790579758063 0.156030717039802 0.220660756184486 -0.144690980443648 
-0.323538868003089 -0.457553055084807 -0.11333412750097 -0.253422813262796 
-0.358393979530991 0.229247421008861 0.512612817042327 0.724943998107537 
0.0670360546714036 0.149897175188651 0.211986618113206 -0.117772503612228 
-0.263347323957282 -0.372429357155049
##$PVM_DwGradPhase=( 19 )
0 -0.0317543852986086 -0.0710049641114088 -0.100416183242169 
0.0763257607079674 0.170669589377398 0.241363247982163 -0.163708520178074 
-0.366063379614069 -0.517691796138347 0.0222511415533476 0.0497550650902555 
0.0703642878473955 0.191255221878033 0.427659677171088 0.604802115535452 
0.197128556424874 0.440792852472421 0.62337523016362
##$PVM_DwGradSlice=( 19 )
0 0.221148024175709 0.494502015146652 0.699331456441221 0.167400134244598 
0.374318079613512 0.52936570483088 0.123039841023965 0.275125448470353 
0.389086140580754 0.0416462864474396 0.0931239275069032 0.131697121261711 
0.117096174117604 0.261835005232114 0.370290615503285 -0.0453197103836337 
-0.101337953138408 -0.143313507711466
##$PVM_DwSpDir=( 19, 3 )
0.3 0.3 0.3 0.100664577420023 -0.209288345301821 0 0 -0.0971625737433836 0 0 
-0.0131445608310406 0 0 0.0819628380518407 0 0 0 0 0 0 0 0 0 0 0 0 0 0 0 0 0 
0.23643593317122 0.181030493263961 0 0.15786642564451 0.0339760956885979 0 
0.0989927714779006 0 0.10850042013104 0 0 0 0 0 0 0 0 0 0 0.429463249900221 0 
0 -0.302523012280164 0 0 -0.182612896672837
$$ @vis= PVM_DwGradVec PVM_DwGradRead PVM_DwGradPhase PVM_DwGradSlice
##$PVM_DwPerSep=( 1 )
5.641
##$PVM_DwMinPerSep=( 1 )
5.641
##$PVM_DwModDur=14.5522680960112
##$PVM_DwModEchDel=14.5522680960112
$$ @vis= PVM_DwSpDir PVM_DwPerSep PVM_DwMinPerSep PVM_DwModDur
##$PVM_DwEffGradTraj=( 6 )
(0.302884048005578, 0.1535, 0.1535, 4, 74.0161512877449, RPS_KS, 0 0 1) 
(4.88261363636364, 0.1535, 0.1535, 1.5, 30, RPS_KS, 0 0 1) (6.22911363636364, 
0.1535, 0, 1.3105, 15.9349006193365, RPS_KS, 0 0 1) (7.53961363636364, 0, 
0.1535, 1.3105, -15.9349006193365, RPS_KS, 0 0 1) (8.69661363636363, 0.1535, 
0.1535, 1.5, -30, RPS_KS, 0 0 1) (10.4028840480056, 0.1535, 0.1535, 4, 
-74.0161512877449, RPS_KS, 0 0 1)
##$PVM_SpatDimEnum=<2D>
##$PVM_IsotropicFovRes=Isot_None
$$ @vis= PVM_DwModEchDel DiffOutput Diffusion PVM_SpatDimEnum
##$PVM_Matrix=( 2 )
200 100
##$PVM_MinMatrix=( 2 )
16 16
##$PVM_MaxMatrix=( 2 )
512 512
##$PVM_DefMatrix=( 3 )
96 64 32
$$ @vis= PVM_IsotropicFovRes PVM_Matrix PVM_MinMatrix PVM_MaxMatrix
##$PVM_AntiAlias=( 2 )
1 1
##$PVM_MaxAntiAlias=( 2 )
2 8
##$PVM_EncSpectroscopy=No
##$PVM_EncUseMultiRec=No
$$ @vis= PVM_DefMatrix PVM_AntiAlias PVM_MaxAntiAlias PVM_EncSpectroscopy
##$PVM_EncActReceivers=( 1 )
On
##$PVM_EncZf=( 2 )
1.2 1
##$PVM_EncPft=( 2 )
1 1.6
##$PVM_EncPftOverscans=( 2 )
84 12
##$PVM_EncPpi=( 2 )
1 1
##$PVM_EncPpiRefLines=( 2 )
0 0
##$PVM_EncOrder=( 2 )
LINEAR_ENC LINEAR_ENC
$$ @vis= PVM_EncUseMultiRec PVM_EncZf PVM_EncPft PVM_EncPftOverscans
##$PVM_EncStart=( 2 )
0 -1
##$PVM_EncNReceivers=1
##$PVM_EncAvailReceivers=1
##$PVM_EncChanScaling=( 1 )
1
$$ @vis= PVM_EncOrder PVM_EncStart PVM_EncNReceivers PVM_EncAvailReceivers
##$PVM_EncMatrix=( 2 )
168 62
##$PVM_EncTotalAccel=1.61290322580645
##$PVM_EncSteps1=( 62 )
-12 -10 -8 -6 -4 -2 0 2 4 6 8 10 12 14 16 18 20 22 24 26 28 30 32 34 36 38 40 
42 44 46 48 -11 -9 -7 -5 -3 -1 1 3 5 7 9 11 13 15 17 19 21 23 25 27 29 31 33 
35 37 39 41 43 45 47 49
##$PVM_EncSteps2=( 1 )
0
##$PVM_EncCentralStep1=7
$$ @vis= PVM_EncChanScaling PVM_EncMatrix PVM_EncTotalAccel PVM_EncSteps1
##$PVM_EncValues1=( 62 )
-0.24 -0.2 -0.16 -0.12 -0.08 -0.04 0 0.04 0.08 0.12 0.16 0.2 0.24 0.28 0.32 
0.36 0.4 0.44 0.48 0.52 0.56 0.6 0.64 0.68 0.72 0.76 0.8 0.84 0.88 0.92 0.96 
-0.22 -0.18 -0.14 -0.1 -0.06 -0.02 0.02 0.06 0.1 0.14 0.18 0.22 0.26 0.3 0.34 
0.38 0.42 0.46 0.5 0.54 0.58 0.62 0.66 0.7 0.74 0.78 0.82 0.86 0.9 0.94 0.98
##$PVM_EpiPrefixNavYes=No
$$ @vis= PVM_EncCentralStep1 PVM_EncValues1 Encoding_Output Encoding
##$PVM_EpiSingleNav=No
##$PVM_EpiCombine=No
##$PVM_EpiGradSync=No
##$PVM_EpiRampMode=UserSlope
$$ @vis= PVM_EpiPrefixNavYes PVM_EpiSingleNav PVM_EpiCombine PVM_EpiGradSync
##$PVM_EpiRampForm=Line
##$PVM_EpiRampComp=No
##$PVM_EpiNShots=2
##$PVM_EpiEchoPosition=19.3548387096774
$$ @vis= PVM_EpiRampMode PVM_EpiRampForm PVM_EpiRampComp PVM_EpiNShots
##$PVM_EpiRampTime=0.08
##$PVM_EpiSlope=80
##$PVM_EpiEffSlope=73.0349611719588
##$PVM_EpiBlipTime=0.1
$$ @vis= PVM_EpiEchoPosition PVM_EpiRampTime PVM_EpiSlope PVM_EpiEffSlope
##$PVM_EpiEchoDelay=3.41059554035248
##$PVM_EpiModuleTime=14.211191080705
##$PVM_EpiGradDwellTime=10
$$ @vis= PVM_EpiBlipTime PVM_EpiEchoDelay PVM_EpiModuleTime
##$PVM_EpiAutoGhost=Yes
##$PVM_EpiMaxOrder=4
##$PVM_EpiDynCorr=No
##$PVM_EpiDoubleShotAdj=In_Multishot
$$ @vis= PVM_EpiGradDwellTime PVM_EpiAutoGhost PVM_EpiMaxOrder PVM_EpiDynCorr
##$PVM_EpiAcqDelayTrim=21.75
##$PVM_EpiBlipsOff=No
##$PVM_EpiBlipAsym=0
$$ @vis= PVM_EpiDoubleShotAdj PVM_EpiAcqDelayTrim PVM_EpiBlipsOff
##$PVM_EpiReadAsym=0
##$PVM_EpiReadDephTrim=100
##$PVM_EpiEchoTimeShifting=Yes
$$ @vis= PVM_EpiBlipAsym PVM_EpiReadAsym PVM_EpiReadDephTrim
##$PVM_EpiEchoShiftA=( 2 )
0.001 0.211
##$PVM_EpiEchoShiftB=( 2 )
0.419 0.209
##$PVM_EpiDriftCorr=No
$$ @vis= PVM_EpiEchoTimeShifting PVM_EpiEchoShiftA PVM_EpiEchoShiftB
##$PVM_EpiGrappaSegAdj=Yes
##$PVM_EpiGrappaThresh=0.05
##$PVM_EpiUseNav=Yes
##$PVM_EpiUseDyn=Yes
$$ @vis= PVM_EpiDriftCorr PVM_EpiGrappaSegAdj PVM_EpiGrappaThresh
##$PVM_EpiMatrix=( 4 )
168 62 0 0
##$PVM_EpiEchoSpacing=0.42
##$PVM_EpiEffBandwidth=4761.90476190476
##$PVM_EpiDephaseTime=0.29059554035248
$$ @vis= EPI_Corrections PVM_EpiMatrix PVM_EpiEchoSpacing PVM_EpiEffBandwidth
##$PVM_EpiRefDephaseTime=0.29059554035248
##$PVM_EpiDephaseRampTime=0.11
##$PVM_EpiPlateau=0.26
##$PVM_EpiAcqDelay=0.37059554035248
$$ @vis= PVM_EpiDephaseTime PVM_EpiDephaseRampTime PVM_EpiPlateau
##$PVM_EpiInterTime=0.08
##$PVM_EpiSwitchTime=0.16
##$PVM_EpiReadDephGrad=-0.5
$$ @vis= PVM_EpiAcqDelay PVM_EpiInterTime PVM_EpiSwitchTime
##$PVM_EpiReadRefDephGrad=-0.5
##$PVM_EpiReadOddGrad=-0.531163353977882
##$PVM_EpiReadEvenGrad=0.531163353977882
$$ @vis= PVM_EpiReadDephGrad PVM_EpiReadRefDephGrad PVM_EpiReadOddGrad
##$PVM_EpiPhaseDephGrad=-0.0975874220656004
##$PVM_EpiPhaseRephGrad=-0.406614258606668
##$PVM_EpiBlipOddGrad=0.060704383311758
$$ @vis= PVM_EpiReadEvenGrad PVM_EpiPhaseDephGrad PVM_EpiPhaseRephGrad
##$PVM_EpiBlipEvenGrad=0.060704383311758
##$PVM_EpiPhaseEncGrad=0.060704383311758
##$PVM_EpiPhaseRewGrad=-0.060704383311758
$$ @vis= PVM_EpiBlipOddGrad PVM_EpiBlipEvenGrad PVM_EpiPhaseEncGrad
##$PVM_EpiPhase3DGrad=0
##$PVM_EpiNEchoes=31
##$PVM_EpiEchoCounter=15
$$ @vis= PVM_EpiPhaseRewGrad PVM_EpiPhase3DGrad PVM_EpiNEchoes
##$PVM_EpiRampUpIntegral=0.5
##$PVM_EpiRampDownIntegral=0.5
##$PVM_EpiBlipIntegral=0.5
$$ @vis= PVM_EpiEchoCounter PVM_EpiRampUpIntegral PVM_EpiRampDownIntegral
##$PVM_EpiSlopeFactor=1
##$PVM_EpiSlewRate=2934.27230046948
##$PVM_EpiNSamplesPerScan=5208
$$ @vis= PVM_EpiBlipIntegral PVM_EpiSlopeFactor PVM_EpiSlewRate
##$PVM_EpiPrefixNavDur=0
##$PVM_EpiPrefixNavSize=0
##$PVM_EpiAdjustMode=0
$$ @vis= PVM_EpiNSamplesPerScan PVM_EpiPrefixNavDur PVM_EpiPrefixNavSize
##$PVM_EpiReadCenter=81
##$PVM_EpiPhaseCorrection=( 1, 30 )
-0.175397540982066 -0.104152629628386 -0.00336359143123582 
-4.33686527517811e-05 -1.99621094621619e-07 0.63210984895266 
0.0259286533044389 0.000658697641525515 8.57941798147504e-06 
4.21764269100172e-08 0.365532485140066 0.00536854199550409 
7.63080970458783e-05 -3.02049317586855e-08 -8.97872593401102e-10 
-0.609023985024222 -0.940732227854821 -0.0377831237040658 
-0.000634778113281026 -3.85778224432942e-06 0.490084210984752 
0.0140600011052915 0.000372425641007534 5.49176737364757e-06 
3.54710600339129e-08 0.327381461181058 0.000820068508903713 
-0.000157534364277168 -7.68901966313381e-07 5.47502712459302e-08
##$PVM_EpiGrappaCoefficients=( 1 )
0
$$ @vis= PVM_EpiAdjustMode PVM_EpiReadCenter PVM_EpiPhaseCorrection
##$PVM_EpiTrajAdjYesNo=Yes
##$PVM_EpiTrajAdjAutomatic=Yes
$$ @vis= PVM_EpiGrappaCoefficients EPI_Details PVM_EpiTrajAdjYesNo
##$PVM_EpiTrajAdjMeasured=Yes
##$PVM_EpiTrajAdjkx=( 168 )
0 0.284983582178363 0.534839733833863 0.812823653052656 1.08332650398704 
1.46856918077412 1.8637134621021 2.26849970485437 2.68519304388232 
3.10648617157253 3.66218936034902 4.18014618906566 4.73906243328377 
5.32252915413057 5.91168763530846 6.58744615136547 7.30529393943068 
7.96639206796472 8.68438389186585 9.45455149685169 10.2564019236976 
11.0625452161422 11.8440412920142 12.7076436410919 13.5386314541036 
14.3917710482881 15.2680625427239 16.1543592305047 17.0550485076189 
17.9510296742425 18.9302377812166 19.928354775882 20.7472551980352 
21.7189640513446 22.6675666325108 23.5909903338529 24.4160606198399 
25.5506280181845 26.4489310276508 27.3483420975397 28.2926475956855 
29.2868701158017 30.0644364988163 31.0791174969416 32.1014276762284 
33.0186486238379 33.9112929694495 34.8046917718502 35.9346042602074 
36.8269064181391 37.9292523985153 38.860702442641 39.7393889219649 
40.7002074467422 41.6790711682325 42.7620681768668 43.7048013276292 
44.5645199221497 45.5544209031015 46.4581081333339 47.4109156124794 
48.4935558560293 49.4190869148258 50.4768600719621 51.3915146490757 
52.426263803945 53.3782614280366 54.3504642485965 55.4050832195132 
56.3103790813456 57.3997272282356 58.3319042690169 59.262485521955 
60.316728908256 61.3295345438311 62.2539332868558 63.3039005557871 
64.270758557365 65.3375943889085 66.2524066447327 67.2232634800114 
68.2687684675307 69.1913148355111 70.1452495592661 71.1483550307045 
72.1952342566027 73.1116373253853 74.1793487686865 75.0832054843461 
76.0386591538578 77.1528140279628 78.0752372570614 79.0641076218928 
80.1125024111721 81.1403928485729 82.0210735107712 83.0919583995904 
84.1058192470389 85.0183673940282 86.0617207532459 87.0993861448638 
88.0785744712989 88.9799175738963 89.9332373814264 90.9494466504345 
91.8371570730104 92.2194810051395 93.0720845447284 93.9811431747244 
94.8023382611054 95.3138388069361 96.3887028159165 97.5245679161557 
98.7336717892098 99.5358373339549 100.700556500585 101.517621286278 
102.734039809685 103.685865483401 104.705339852269 105.645543010722 
106.653184600289 107.63234934433 108.732447436899 109.615249822214 
110.649353798457 111.556815097346 112.44707689963 113.444578628751 
114.284698829813 115.134878713188 116.034921672918 116.918555404067 
117.735804382031 118.47715524482 119.222078926114 120.068323498782 
120.733248159059 121.406517264477 122.079168727683 122.654660726487 
123.350672129342 123.936725437469 124.397974407144 125.025966541214 
125.541424358966 125.96636624814 126.319097506352 126.763098952911 
127.17386162512 127.444810957037 127.799956788786 128.050058649741 
128.326878240136 128.50033504839 128.724978516562 128.887357448302 
129.049819655791 129.164115967964 129.266773810028 129.338452337113 
129.348331529476 129.343459940703 129.317530537855 129.214828795308 
129.11284705656 129.007987599747 128.79494313813
##$PVM_EpiTrajAdjb0=( 168 )
0 0.00179584666109898 -0.000163564984728304 -0.0714460795389404 
-0.0118920686330988 -0.0720745866665886 -0.102977218728482 
-0.0951490769362269 -0.145725813222299 -0.13479718909882 -0.153856291949328 
-0.13056094061564 -0.215797601084885 -0.217253753820247 -0.246076864737392 
-0.198718090333711 -0.235616736382851 -0.264665540030952 -0.254183019936054 
-0.275554409190473 -0.311305622235501 -0.275818712192482 -0.286002662217896 
-0.351866963510137 -0.299610146064142 -0.347597849498948 -0.357765801761932 
-0.326464533837218 -0.400130090447365 -0.343562177268372 -0.349639168553887 
-0.450791543187823 -0.338551468657994 -0.390755112665299 -0.366706099421637 
-0.409826593772398 -0.283868375098252 -0.388445135869575 -0.3205914983523 
-0.318041731482088 -0.31334053951223 -0.395994104694166 -0.196766685236557 
-0.305374511487388 -0.312982199270968 -0.341405649436319 -0.295922358486196 
-0.311717167739786 -0.289740513498525 -0.448301907759241 -0.316167560706812 
-0.335175102749875 -0.336644826773247 -0.425598712178824 -0.351336425890809 
-0.276121442319037 -0.384436667780104 -0.422570345945416 -0.306968802959065 
-0.397280031677978 -0.41629538833527 -0.401224123898112 -0.497214250506747 
-0.517332333371008 -0.440660852776558 -0.461237268138635 -0.413076080879315 
-0.413109294204116 -0.417944875544457 -0.447231525791582 -0.426418145748451 
-0.467152202947325 -0.458605074431568 -0.48132957027458 -0.448674294630608 
-0.457578954295586 -0.394750604496819 -0.485746707663091 -0.37845348421211 
-0.50165666427185 -0.48469734555592 -0.46724243262692 -0.490761803105206 
-0.371997863793024 -0.380707837649374 -0.421297789627381 -0.40255495525129 
-0.373900109648224 -0.396525381695629 -0.414884623608616 -0.421024691286044 
-0.394940670820827 -0.385262963485785 -0.44633845369535 -0.406860430087103 
-0.331509092782833 -0.382501390821784 -0.397450734962395 -0.295789958033601 
-0.338940049813039 -0.327203035057059 -0.282311507440004 -0.310349769128786 
-0.269290196311229 -0.283932947192842 -0.140304907674023 -0.357196438515342 
-0.255361537468265 -0.135708382837522 -0.0997243012439092 -0.390161691991535 
-0.454895311369064 -0.588014269920077 -0.631213364750694 -0.519688045324895 
-0.540823868806798 -0.536199638382709 -0.56327782643395 -0.441977113027563 
-0.453547235899101 -0.412239000877413 -0.385985204190956 -0.417847171539404 
-0.386327804389277 -0.275144971456952 -0.303435350823655 -0.241171747460868 
-0.302434001312849 -0.213394164057312 -0.16887880764483 -0.159873545985127 
-0.191505927688017 -0.164359213814276 -0.158096303681399 -0.0966472728817831 
-0.0969905637785615 -0.079131057532448 -0.0317756635072168 
-0.0656354144025365 -0.0396634790062008 -0.0320506260433302 
-0.0394334021292519 -0.0459965541142706 0.0303193086555973 
-0.0274413616034863 -0.0187672936034607 -0.0185582112970089 0.020733728401549 
0.0314794459703139 -0.0121191672399395 0.0117319979103891 0.0385895192380069 
-0.0105001176646578 0.0146147951505526 -0.00874517364397115 
-0.0416085279384821 0.0499239443888974 0.0232733705738933 
-0.00597667784439923 0.0509297945138795 0.0468665068926344 0.0309002881996825 
0.0159336672287005 -0.0141000258693425 0.00295998694743599 0.0322472210574349 
0.0159152743280019 0.0216122305233439
$$ @vis= PVM_EpiTrajAdjAutomatic PVM_EpiTrajAdjMeasured PVM_EpiTrajAdjkx
##$PVM_EpiTrajAdjReadvec=( 3 )
1 0 0
##$PVM_EpiTrajAdjFov0=40
##$PVM_EpiTrajAdjMatrix0=168
##$PVM_EpiTrajAdjBw=400000
##$PVM_EpiTrajAdjComp=No
##$PVM_EpiTrajAdjRampform=Line
##$PVM_EpiTrajAdjRampmode=UserSlope
##$PVM_EpiTrajAdjRamptime=0.08
##$PVM_EpiTrajAdjDistRatio=0.25
##$ExcPulseEnum=<Calculated>
##$ExcPul=(2.72727272727273, 2200, 90, Yes, 4, 6000, 0.155352536733369, 
0.135449017488208, 0, 50, 13.369568914916, <$ExcPulseShape>)
##$ExcPulseAmpl=(13.369568914916, 25.854950120737, -11.2611740420353)
##$ExcPulseShape=( 600 )
1.82467897002061e-15 -76.7546787178307 0.0455653047685457 
-2.1881279622722e-12 0.092439981523046 -1.05344897888079e-12 
0.140814261694285 -6.73146609561973e-13 0.190876486685382 
-4.81534484507448e-13 0.242808844858739 -3.65496142859527e-13 
0.296783013078414 -2.87326926122773e-13 0.352955742065575 
-2.30868519228521e-13 0.411464426120184 -1.88040762376553e-13 
0.472422698770469 -1.54352298261575e-13 0.535916096621623 
-1.27102554677487e-13 0.601997834077529 -1.04572995923789e-13 
0.670684731696906 -8.56123725837073e-14 0.741953340713126 
-6.94180176710177e-14 0.815736305691954 -5.54112514494704e-14 
0.891919006423328 -4.31636972101088e-14 0.970336518943008 
-3.23503269545347e-14 1.05077093406162 -2.27172887737467e-14 1.13294906994789 
-1.40628688477999e-14 1.21654061317819 -6.22447825692566e-15 1.30115672023553 
9.3301328879789e-16 1.38634910873084 7.52205196236781e-15 1.47160966464142 
1.36384227600147e-14 1.55637058863285 1.93658108567895e-14 1.6400051010685 
2.47776878669131e-14 1.72182872163647 2.99381089648871e-14 1.80110113565723 
3.4908698501308e-14 1.87702865510111 3.97459756073789e-14 1.9487672781667 
4.45034366157868e-14 2.01542634697599 4.92351420903534e-14 2.07607279855597 
5.39950437712591e-14 2.12973599982934 5.88388792178326e-14 2.17541315285648 
6.38271880222384e-14 2.21207525208886 6.90271213715919e-14 2.23867357094012 
7.45145495438816e-14 2.25414665058753 8.03783114302667e-14 2.25742775961453 
8.67245249523476e-14 2.24745278892642 9.36828336718109e-14 2.22316854234754 
1.01418133324051e-13 2.18354137947093 1.10142824490748e-13 2.1275661637097 
1.20137508972277e-13 2.05427546512386 1.31784867747881e-13 1.96274896449369 
1.45622197332148e-13 1.85212300230743 1.62431627586277e-13 1.72160021385084 
1.83399525908072e-13 1.5704591894509 2.10420747105529e-13 1.39806409715291 
2.46724669280215e-13 1.20387420371699 2.98303235511716e-13 0.987453228816748 
3.77682694894559e-13 0.748478466720232 5.16177007581134e-13 0.486749609534806 
8.20264809589624e-13 0.202197206306994 2.03576616357763e-12 0.105109307118024 
179.999999999996 0.434954071558048 179.999999999999 0.786967823950536 
179.999999999999 1.16062153368895 180 1.55522071456406 180 1.96990046851969 
180 2.40362131457428 180 2.85516585307443 180 3.32313631194746 180 
3.80595301782095 180 4.30185383078826 180 4.80889457723255 180 
5.32495051048039 180 5.84771882415112 180 6.37472223789806 180 
6.90331366980674 180 7.43068200402635 180 7.95385895626205 180 
8.46972703355491 180 8.97502857832725 180 9.46637587998644 180 
9.94026233047773 180 10.3930745930817 180 10.8211057465016 180 
11.2205693589252 180 11.5876144393382 180 11.9183412059782 180 
12.2088176045454 180 12.455096501718 180 12.6532334727782 180 
12.7993050958543 180 12.8894276595613 180 12.9197761858093 180 
12.8866036653858 180 12.7862604007346 180 12.6152133482789 180 
12.3700653517764 180 12.0475741586462 180 11.644671113032 180 
11.1584794226028 180 10.5863319007435 180 9.9257880918104 180 
9.17465069444947 180 8.33098120646703 180 7.39311472424459 180 
6.3596738399881 180 5.22958159095048 180 4.00207342588208 180 
2.67670816503153 180 1.25337794070518 180.000000000001 0.267682884652204 
-3.24698224124343e-12 1.88588981702493 -4.93502753897041e-13 3.60030133277512 
-2.75613996196641e-13 5.40961296503527 -1.94805920933201e-13 7.31215235200203 
-1.52505166997635e-13 9.30587522331685 -1.26382131626996e-13 11.3883623019914 
-1.08579541076529e-13 13.5568171033098 -9.56235310169873e-14 15.808064618897 
-8.5737875958747e-14 18.138550883689 -7.7921857207062e-14 20.5443434357996 
-7.15681366129024e-14 23.0211326940642 -6.62865011872502e-14 25.5642342950951 
-6.18148940542077e-14 28.1685924506152 -5.79706937322739e-14 30.8287844061783 
-5.46226239491036e-14 33.5390261035473 -5.16739542224104e-14 36.2931791702964 
-4.90517862444271e-14 39.0847593808634 -4.67000917288605e-14 41.9069467524287 
-4.4575098267557e-14 44.7525974556994 -4.26421465648634e-14 47.614257733955 
-4.08733366350122e-14 50.4841800325227 -3.92459982393555e-14 53.3543415441941 
-3.77415286140555e-14 56.216465372956 -3.63444443411251e-14 59.0620445078857 
-3.504181050104e-14 61.8823687803391 -3.38227242394942e-14 64.6685549499965 
-3.26778865067087e-14 67.4115800285026 -3.15993543548606e-14 70.1023179031916 
-3.05802816351448e-14 72.7315792678616 -2.96147317861514e-14 75.2901548032826 
-2.86975207420024e-14 77.7688614780011 -2.78241049075807e-14 80.1585917613482 
-2.69905143834313e-14 82.4503654571205 -2.61932079354747e-14 84.6353837803303 
-2.54290542080942e-14 86.7050852132312 -2.46952378447596e-14 88.651202593319 
-2.39892380887992e-14 90.465820808239 -2.33087885865254e-14 92.1414344036272 
-2.26518439180148e-14 93.6710043529708 -2.20165437858897e-14 95.0480131965528 
-2.14011908106275e-14 96.2665177320198 -2.08042429072828e-14 97.321198434236 
-2.02242607382193e-14 98.2074047983382 -1.96599039452262e-14 98.921195838056 
-1.91099773352641e-14 99.4593750313485 -1.85733423814548e-14 99.8195190862819 
-1.8048937690588e-14 100 -1.75357580097208e-14 100 -1.7032856637095e-14 
99.819519086282 -1.65393141194796e-14 99.4593750313486 -1.60542819772336e-14 
98.9211958380559 -1.55769297538195e-14 98.2074047983382 -1.51064486111443e-14 
97.321198434236 -1.46420503259359e-14 96.2665177320197 -1.41829536539008e-14 
95.048013196553 -1.37283848810696e-14 93.671004352971 -1.32775644935543e-14 
92.141434403627 -1.28297040039234e-14 90.465820808239 -1.23840093392574e-14 
88.651202593319 -1.19396618188553e-14 86.7050852132313 -1.1495805249264e-14 
84.6353837803304 -1.1051544317271e-14 82.4503654571205 -1.06059394843064e-14 
80.1585917613483 -1.01579840655719e-14 77.768861478001 -9.70659706318024e-15 
75.2901548032826 -9.25059811609493e-15 72.7315792678617 -8.78868231413904e-15 
70.1023179031916 -8.31941729450599e-15 67.4115800285025 -7.84120339748698e-15 
64.6685549499966 -7.35223974741872e-15 61.8823687803392 -6.85051179569347e-15 
59.0620445078857 -6.33367101628235e-15 56.216465372956 -5.79899918608737e-15 
53.3543415441943 -5.24337822104865e-15 50.4841800325227 -4.66310383439021e-15 
47.614257733955 -4.05378979881518e-15 44.7525974556994 -3.41021344815834e-15 
41.9069467524287 -2.7259510628616e-15 39.0847593808634 -1.99318132150367e-15 
36.2931791702964 -1.20216210924146e-15 33.5390261035474 -3.40693542839902e-16 
30.8287844061783 6.06870261183035e-16 28.1685924506152 1.66080972480002e-15 
25.5642342950951 2.84808896290164e-15 23.0211326940642 4.20531788936455e-15 
20.5443434357996 5.78331757694713e-15 18.1385508836891 7.6550922203431e-15 
15.808064618897 9.9292859248111e-15 13.5568171033099 1.27749777316265e-14 
11.3883623019914 1.64708764817118e-14 9.30587522331685 2.15111807945207e-14 
7.31215235200203 2.88638345237789e-14 5.40961296503528 4.0716954632278e-14 
3.60030133277513 6.32895514533909e-14 1.88588981702494 1.24035338719795e-13 
0.267682884652213 8.90965958740957e-13 1.25337794070517 180 2.67670816503152 
180 4.00207342588208 180 5.22958159095047 180 6.35967383998809 180 
7.39311472424458 180 8.33098120646701 180 9.17465069444946 180 
9.92578809181039 180 10.5863319007435 180 11.1584794226028 180 
11.644671113032 180 12.0475741586462 180 12.3700653517764 180 
12.6152133482789 180 12.7862604007346 180 12.8866036653857 180 
12.9197761858093 180 12.8894276595613 180 12.7993050958543 180 
12.6532334727782 180 12.455096501718 180 12.2088176045454 180 
11.9183412059782 180 11.5876144393382 180 11.2205693589252 180 
10.8211057465016 180 10.3930745930817 180 9.94026233047773 180 
9.46637587998643 180 8.97502857832723 180 8.4697270335549 180 
7.95385895626203 180 7.43068200402634 180 6.90331366980673 180 
6.37472223789805 180 5.84771882415113 180 5.32495051048038 180 
4.80889457723255 180 4.30185383078825 180 3.80595301782094 180 
3.32313631194748 180 2.85516585307443 180 2.40362131457428 180 
1.9699004685197 180 1.55522071456407 180 1.16062153368895 180 
0.786967823950541 180 0.434954071558051 180 0.105109307118027 180 
0.20219720630699 -2.12420296873483e-13 0.486749609534801 
-8.90971491594243e-14 0.748478466720229 -5.81724239657967e-14 
0.987453228816743 -4.4038068718911e-14 1.20387420371698 -3.59020996379714e-14 
1.39806409715291 -3.05919396062227e-14 1.5704591894509 -2.68331463226171e-14 
1.72160021385084 -2.40190951319864e-14 1.85212300230742 -2.18235238491034e-14 
1.96274896449369 -2.00543625677158e-14 2.05427546512385 -1.85921555065704e-14 
2.1275661637097 -1.73576606659547e-14 2.18354137947093 -1.62973118664407e-14 
2.22316854234753 -1.53732192712541e-14 2.24745278892641 -1.45580233059203e-14 
2.25742775961453 -1.38301148927118e-14 2.25414665058752 -1.31749180287499e-14 
2.23867357094012 -1.25789279388167e-14 2.21207525208886 -1.20305833555579e-14 
2.17541315285647 -1.15239258561856e-14 2.12973599982934 -1.10513558373293e-14 
2.07607279855597 -1.06075931861145e-14 2.01542634697599 -1.01888641161633e-14 
1.9487672781667 -9.7900972258785e-15 1.8770286551011 -9.41016200291294e-15 
1.80110113565723 -9.0470827284743e-15 1.72182872163647 -8.69629324029564e-15 
1.6400051010685 -8.35550054627458e-15 1.55637058863285 -8.02413260303032e-15 
1.47160966464142 -7.70034308976441e-15 1.38634910873083 -7.3807897551515e-15 
1.30115672023552 -7.06710056078048e-15 1.21654061317818 -6.75402798893704e-15 
1.13294906994788 -6.43863667600632e-15 1.05077093406162 -6.12644779407929e-15 
0.970336518943009 -5.81271021314652e-15 0.891919006423326 
-5.49998565161941e-15 0.815736305691953 -5.19290830751905e-15 
0.741953340713126 -4.88080335784946e-15 0.670684731696905 
-4.57545653412806e-15 0.601997834077527 -4.27977609341912e-15 
0.535916096621623 -3.9747312700438e-15 0.472422698770469 
-3.65626017162163e-15 0.411464426120183 -3.32968253440515e-15 
0.352955742065575 -2.99513764670915e-15 0.296783013078414 
-2.64114252578761e-15 0.242808844858739 -2.28442376470387e-15 
0.190876486685382 -1.91411971573789e-15 0.140814261694285 
-1.5266331693161e-15 0.0924399815230457 -1.17803266423815e-15 
0.0455653047685455 -8.08918345596338e-16 2.63599195472869e-16 
-8.08918345596334e-16
$$ @vis= PVM_EpiTrajAdjb0 EPI_Trajectory EPI_Parameters ExcPulseEnum ExcPul
##$PVM_GradCalConst=18826.6
##$PVM_Nucleus1Enum=<1H>
##$PVM_Nucleus1=( 8 )
<1H>
$$ @vis= ExcPulseShape RF_Pulses PVM_GradCalConst PVM_Nucleus1Enum
##$PVM_RefPowMod1=UserAdj
##$PVM_RefPowCh1=2.4
##$PVM_RefPowStat1=( 1024 )
<manually adjusted>
##$PVM_Nucleus2Enum=<1H>
##$PVM_Nucleus3Enum=<1H>
##$PVM_Nucleus4Enum=<1H>
##$PVM_Nucleus5Enum=<1H>
##$PVM_Nucleus6Enum=<1H>
##$PVM_Nucleus7Enum=<1H>
##$PVM_Nucleus8Enum=<1H>
##$PVM_FrqRef=( 8 )
300.33384152506 0 0 0 0 0 0 0
##$PVM_FrqWorkOffset=( 8 )
0 0 0 0 0 0 0 0
$$ @vis= PVM_Nucleus1 PVM_RefPowMod1 PVM_RefPowCh1 PVM_RefPowStat1 PVM_FrqRef
##$PVM_FrqWork=( 8 )
300.33384152506 0 0 0 0 0 0 0
##$PVM_FrqRefPpm=( 8 )
4.7 0 0 0 0 0 0 0
##$PVM_FrqWorkOffsetPpm=( 8 )
0 0 0 0 0 0 0 0
##$PVM_FrqWorkPpm=( 8 )
4.7 0 0 0 0 0 0 0
$$ @vis= PVM_FrqWorkOffset PVM_FrqWork PVM_FrqRefPpm PVM_FrqWorkOffsetPpm
##$PVM_NucleiPpmWork=( 20 )
(<1H>, 4.7) (<none>, 0) (<none>, 0) (<none>, 0) (<none>, 0) (<none>, 0) 
(<none>, 0) (<none>, 0) (<none>, 0) (<none>, 0) (<none>, 0) (<none>, 0) 
(<none>, 0) (<none>, 0) (<none>, 0) (<none>, 0) (<none>, 0) (<none>, 0) 
(<none>, 0) (<none>, 0)
##$ShowAllPars=No
##$GradStabTime=0
##$Phase3DGradDur=1.5
##$ExcSliceRephTime=1.5
$$ @vis= PVM_FrqWorkPpm PVM_NucleiPpmWork Nuclei ShowAllPars GradStabTime
##$PVM_DigAutSet=Yes
##$PVM_DigQuad=Yes
##$PVM_DigFilter=<Digital_Sharp>
$$ @vis= ExcSliceRephTime SliceSelection PVM_DigAutSet PVM_DigQuad
##$PVM_DigRes=19
##$PVM_DigDw=0.0025
##$PVM_DigSw=400000
##$PVM_DigNp=5208
##$PVM_DigShift=68
##$PVM_DigShiftDbl=68
$$ @vis= PVM_DigFilter PVM_DigRes PVM_DigDw PVM_DigSw PVM_DigNp PVM_DigShift
##$PVM_DigGroupDel=0.17
##$PVM_DigDur=13.02
##$PVM_DigEndDelMin=0
##$PVM_DigEndDelOpt=0.1088
$$ @vis= PVM_DigShiftDbl PVM_DigGroupDel PVM_DigDur PVM_DigEndDelMin
##$PVM_Isotropic=Isotropic_None
##$PVM_Fov=( 2 )
40 35
##$PVM_FovCm=( 2 )
4 3.5
##$PVM_SpatResol=( 2 )
0.2 0.35
$$ @vis= PVM_DigEndDelOpt DigitizerPars SequenceDetails PVM_Isotropic PVM_Fov
##$PVM_SliceThick=1
##$PVM_ObjOrderScheme=Interlaced
##$PVM_ObjOrderList=( 6 )
0 2 4 1 3 5
##$PVM_NSPacks=1
$$ @vis= PVM_SpatResol PVM_SliceThick PVM_ObjOrderScheme PVM_ObjOrderList
##$PVM_SPackArrNSlices=( 1 )
6
##$PVM_MajSliceOri=No
##$PVM_SPackArrSliceOrient=( 1 )
axial
$$ @vis= PVM_NSPacks PVM_SPackArrNSlices PVM_MajSliceOri
##$PVM_SPackArrReadOrient=( 1 )
L_R
##$PVM_SPackArrReadOffset=( 1 )
0
$$ @vis= PVM_SPackArrSliceOrient PVM_SPackArrReadOrient
##$PVM_SPackArrPhase1Offset=( 1 )
-3.08748
##$PVM_SPackArrPhase2Offset=( 1 )
0
##$PVM_SPackArrSliceOffset=( 1 )
0
$$ @vis= PVM_SPackArrReadOffset PVM_SPackArrPhase1Offset
##$PVM_SPackArrSliceGapMode=( 1 )
contiguous
##$PVM_SPackArrSliceGap=( 1 )
0
$$ @vis= PVM_SPackArrSliceOffset PVM_SPackArrSliceGapMode
##$PVM_SPackArrSliceDistance=( 1 )
1
##$PVM_SPackArrGradOrient=( 1, 3, 3 )
1 0 0 0 1 0 0 0 1
##$PVM_SliceGeo=( 1 )
(((1 0 0 0 -1 0 0 0 -1, 0 3.08748 0), 40 35 6, <+R;read> <+P;phase> <+S;slice>
, 0), 6, 1, 256, 1, 1, No)
##$PVM_SliceGeoObj=(<BRUKER_SLICEPACKAGE>, GeoCuboidPackId, Standard_GobjShape,
 <PVM_SliceGeo>, <PVM_ObjOrderList>, 0, <R;read> <P;phase> <S;slice>, Yes, 
4195848)
$$ @vis= PVM_SPackArrSliceGap PVM_SPackArrSliceDistance PVM_SliceGeo
##$PVM_EffPhase0Offset=( 6 )
0 0 0 0 0 0
##$PVM_EffPhase1Offset=( 6 )
-3.08748 -3.08748 -3.08748 -3.08748 -3.08748 -3.08748
##$PVM_EffPhase2Offset=( 6 )
0 0 0 0 0 0
##$PVM_EffSliceOffset=( 6 )
-2.5 -1.5 -0.5 0.5 1.5 2.5
##$PVM_EffReadOffset=( 6 )
0 0 0 0 0 0
##$PVM_Phase0Offset=( 6 )
0 0 0 0 0 0
##$PVM_Phase1Offset=( 6 )
-3.08748 -3.08748 -3.08748 -3.08748 -3.08748 -3.08748
##$PVM_Phase2Offset=( 6 )
0 0 0 0 0 0
##$PVM_SliceOffset=( 6 )
-2.5 -1.5 -0.5 0.5 1.5 2.5
##$PVM_ReadOffset=( 6 )
0 0 0 0 0 0
##$PVM_DummyScans=6
##$PVM_DummyScansDur=15000
$$ @vis= PVM_SliceGeoObj SliceOffsetPars ImageGeometry PVM_DummyScans
##$PVM_TriggerModule=Off
##$PVM_TriggerMode=per_PhaseStep
##$PVM_TriggerDelay=1
##$PVM_TriggerDur=0.01
##$PVM_TriggerModuleTime=0
##$PVM_FatSupOnOff=On
$$ @vis= PVM_DummyScansDur DummyScans_Parameters PVM_TriggerModule
##$PVM_FatSupPulEnum=<gauss512>
##$PVM_FatSupPul=(2.60952380952381, 1050, 90, No, 3, 2740, 0.4150688, 
0.295357137487272, 0, 50, 2.04573104250367, <gauss512.exc>)
##$PVM_FatSupPulAmpl=(2.04573104250367, 10.1136814328504, -3.10848535322071)
##$PVM_FatSupBandWidth=1050
##$PVM_FatSupSpoil=(Yes, 3, 0.4605, 34.603475829178)
$$ @vis= PVM_FatSupOnOff PVM_FatSupPulEnum PVM_FatSupPul PVM_FatSupBandWidth
##$PVM_FatSupModuleTime=3.10502380952381
##$PVM_FatSupPerform=Yes
##$PVM_FatSupRampTime=0.11
$$ @vis= PVM_FatSupSpoil PVM_FatSupModuleTime PVM_FatSupPerform
##$PVM_FatSupAmpEnable=0.025
##$PVM_FatSupGradWait=0.01
##$PVM_FatSupFL=( 1 )
-1051.16350486924
$$ @vis= PVM_FatSupRampTime PVM_FatSupAmpEnable PVM_FatSupGradWait
##$PVM_FatSupRfLength=2609.52380952381
##$PVM_FatSupSpoilDur=0.307
##$PVM_FatSupSpoilAmp=34.603475829178
$$ @vis= PVM_FatSupFL PVM_FatSupRfLength PVM_FatSupSpoilDur
##$PVM_FovSatOnOff=Off
##$PVM_FovSatPulEnum=<Calculated>
##$PVM_FovSatPul=(1.2, 5000, 90, Yes, 4, 6000, 0.155352536733369, 
0.135449017488208, 0, 50, 69.057690676219, <$PVM_FovSatPulShape>)
##$PVM_FovSatPulAmpl=(69.057690676219, 58.7612502744024, -18.3921205123116)
##$PVM_FovSatNSlices=1
##$PVM_FovSatThick=( 1 )
6
##$PVM_FovSatOffset=( 1 )
-3.14548733371728
##$PVM_FovSatSpoil=(Yes, 10, 0.8, 11.0659032078725)
##$PVM_FovSatSpoilDur=0.6465
##$PVM_FovSatSpoilAmp=11.0659032078725
##$PVM_FovSatModuleTime=0
##$PVM_FovSatGrad=( 1, 3 )
-0.679439487152894 -4.34918308393754 -0.464373443092584
##$PVM_FovSatRampTime=0.11
##$PVM_FovSatAmpEnable=0.025
##$PVM_FovSatGradWait=0.01
##$PVM_FovSatSliceOri=( 1 )
coronal
##$PVM_FovSatSliceOriMat=( 1, 9 )
0 0.10616909817895 -0.994348089248362 -0.988148892325454 -0.152630865985193 
-0.0162967893951196 -0.153498425385992 0.982563962976701 0.104910876764722
##$PVM_FovSatSliceVec=( 1, 3 )
-0.153498425385992 -0.982563962976701 -0.104910876764722
##$PVM_FovSatSlicePos=( 1, 2 )
-0.318778025737192 -0.798900503086179
##$PVM_FovSatFL=( 1 )
-2621.2394447644
##$PVM_FovSatRfLength=1200
##$PVM_FovSatGeoObj=(<BRUKER_FOVSAT>, GeoPlanarId, Standard_GobjShape, 
<PVM_FovSatGeoCub>, <>, 0, <1;first> <2;second> <S;slice>, Yes, 524384)
##$PVM_FovSatGeoCub=( 1 )
(((0 0.10616909817895 -0.994348089248362 -0.988148892325454 
-0.152630865985193 -0.0162967893951196 -0.153498425385992 0.982563962976701 
0.104910876764722, 1.27226000000004 -3.00255 -1.49537500437891e-14), 58 58 6, 
<+1;first> <+2;second> <+S;slice>, 0), 1, 1, 1, 6, 0, No)
##$PVM_MapShimReady=Yes
$$ @vis= PVM_FatSupSpoilAmp Fat_Sup_Parameters PVM_FovSatOnOff Preparation
##$PVM_MapShimLocShim=No
##$PVM_MapShimStatus=( 128 )
<Mapshim ready.>
##$PVM_MapShimCalcStat=( 256 )
<Succeded>
$$ @vis= PVM_MapShimReady PVM_MapShimLocShim PVM_MapShimStatus
##$PVM_MapShimNSets=1
##$PVM_MapShimSets=( 1 )
(0, -10571, 6362, 0, 0, 1375, -2436, 27, 358, -1, 164, 0, 0, 0, 0, 0, 0, 0, 0,
 0, 0, 0, 0, 0, 0, 0, 0, 0, 0, 0, 0, 0, 0, 0, 0, 0, 0, 0, 0)
##$PVM_MapShimNVolumes=1
$$ @vis= PVM_MapShimCalcStat PVM_MapShimNSets PVM_MapShimSets
##$PVM_MapShimVolDescr=(<BRUKER_SHIMVOL>, GeoCuboidPackId, 
Ellipsoid_In_GobjShape, <PVM_MapShimVolumes>, <>, 0, <+1; 1st dir> <+2; 2nd 
dir> <+3; 3rd dir>, Yes, 524288)
##$PVM_MapShimVolumes=( 1 )
(((0.999984792150081 -0.00492717406006715 0.00247758437618386 
0.00490670678844124 0.999954338692104 0.00820029019760796 
-0.00251787550358754 -0.00818800870874744 0.999963307735006, -0.0684732 
3.56004 -0.254072), 27.344 26.8524 9.70451, <+1; 1st dir> <+2; 2nd dir> <+3; 
3rd dir>, 0), 1, 1, 1, 9.70451, 0, No)
##$PVM_MapShimVolShape=Ellipsoid
$$ @vis= PVM_MapShimNVolumes PVM_MapShimVolDescr PVM_MapShimVolumes
##$PVM_StudyB0Map=(</opt/PV6.0.1/data/po>, 
<20160718_115906_plateforme_fantome_nouille_other_1_7>, 19, 1)
##$PVM_StudyB0MapShimset=(0, 1216, 0, 0, 0, 1450, -511, 0, 0, 0, 0, 0, 0, 0, 0,
 0, 0, 0, 0, 0, 0, 0, 0, 0, 0, 0, 0, 0, 0, 0, 0, 0, 0, 0, 0, 0, 0, 0, 0)
##$PVM_ReqShimEnum=Map_Shim
$$ @vis= PVM_MapShimVolShape PVM_StudyB0Map PVM_StudyB0MapShimset
##$PVM_MapShimUseShims=AllShims
##$PVM_MapShimVolDerive=No
##$PVM_MapShimVolMargin=( 3 )
0 0 0
##$PVM_MapShimVolMaster=( 65 )
<PVM_SliceGeoObj>
$$ @vis= PVM_ReqShimEnum PVM_MapShimUseShims PVM_MapShimVolDerive
##$PVM_PreemphasisSpecial=No
##$PVM_PreemphasisFileEnum=<default>
$$ @vis= PVM_MapShimVolMaster MapShim PVM_PreemphasisSpecial Preemphasis
##$PVM_GeoObj=( 2, 65 )
<PVM_SliceGeoObj> <PVM_MapShimVolDescr>
##$PVM_ExportHandler=( 5 )
(<BRUKER_PARIMPORT_SLICEGEO>, <>, <Slice Geometry>) 
(<BRUKER_PARIMPORT_DIFFUSION>, <>, <Diffusion>) (<BRUKER_PARIMPORT_FOVSAT>, <>
, <FOV Saturation>) (<BRUKER_PARIMPORT_SLICEORIENT>, <>, <Slice Orientation>) 
(<BRUKER_PARIMPORT_MAPSHIM>, <>, <Shim Volume>)
$$ @vis= MethodClass PVM_GeoObj PVM_ExportHandler StandardMethodGroup
##END=
$$ File finished by PARX at 2016-07-18 16:01:42.908 +0200
