##TITLE=Parameter List
##JCAMPDX=4.24
##DATATYPE=Parameter Values
##ORIGIN=Bruker BioSpin MRI GmbH
##OWNER=simoesbl
$$ Wed May 11 14:00:31 2016 CEST (UT+2h)  simoesbl
$$ /gin5-Warhol_Data/data/simoesbl/nmr/lb_140721.Bx1/4/pdata/1/visu_pars
##$VisuVersion=1
##$VisuUid=( 65 )
<2.16.756.5.5.100.3611280983.30721.1462968031.7>
##$VisuCreator=( 65 )
<ParaVision>
##$VisuCreatorVersion=( 65 )
<5.1>
##$VisuCreationDate=( 21 )
<14:00:06 11 May 2016>
$$ @vis= VisuVersion VisuUid VisuCreator VisuCreatorVersion VisuCreationDate
##$VisuCoreFrameCount=31
##$VisuCoreDim=2
##$VisuCoreSize=( 2 )
128 128
##$VisuCoreDimDesc=( 2 )
spatial spatial
$$ @vis= VisuInstance VisuCoreFrameCount VisuCoreDim VisuCoreSize
##$VisuCoreExtent=( 2 )
30 20
##$VisuCoreFrameThickness=( 1 )
1
##$VisuCoreUnits=( 2, 65 )
<mm> <mm>
##$VisuCoreOrientation=( 31, 9 )
0.999999995380672 9.6117930526e-05 0 -9.6117930526e-05 0.999999995380672 0 0 
0 1 0.999999995380672 9.6117930526e-05 0 -9.6117930526e-05 0.999999995380672 
0 0 0 1 0.999999995380672 9.6117930526e-05 0 -9.6117930526e-05 
0.999999995380672 0 0 0 1 0.999999995380672 9.6117930526e-05 0 
-9.6117930526e-05 0.999999995380672 0 0 0 1 0.999999995380672 
9.6117930526e-05 0 -9.6117930526e-05 0.999999995380672 0 0 0 1 
0.999999995380672 9.6117930526e-05 0 -9.6117930526e-05 0.999999995380672 0 0 
0 1 0.999999995380672 9.6117930526e-05 0 -9.6117930526e-05 0.999999995380672 
0 0 0 1 0.999999995380672 9.6117930526e-05 0 -9.6117930526e-05 
0.999999995380672 0 0 0 1 0.999999995380672 9.6117930526e-05 0 
-9.6117930526e-05 0.999999995380672 0 0 0 1 0.999999995380672 
9.6117930526e-05 0 -9.6117930526e-05 0.999999995380672 0 0 0 1 
0.999999995380672 9.6117930526e-05 0 -9.6117930526e-05 0.999999995380672 0 0 
0 1 0.999999995380672 9.6117930526e-05 0 -9.6117930526e-05 0.999999995380672 
0 0 0 1 0.999999995380672 9.6117930526e-05 0 -9.6117930526e-05 
0.999999995380672 0 0 0 1 0.999999995380672 9.6117930526e-05 0 
-9.6117930526e-05 0.999999995380672 0 0 0 1 0.999999995380672 
9.6117930526e-05 0 -9.6117930526e-05 0.999999995380672 0 0 0 1 
0.999999995380672 9.6117930526e-05 0 -9.6117930526e-05 0.999999995380672 0 0 
0 1 0.999999995380672 9.6117930526e-05 0 -9.6117930526e-05 0.999999995380672 
0 0 0 1 0.999999995380672 9.6117930526e-05 0 -9.6117930526e-05 
0.999999995380672 0 0 0 1 0.999999995380672 9.6117930526e-05 0 
-9.6117930526e-05 0.999999995380672 0 0 0 1 0.999999995380672 
9.6117930526e-05 0 -9.6117930526e-05 0.999999995380672 0 0 0 1 
0.999999995380672 9.6117930526e-05 0 -9.6117930526e-05 0.999999995380672 0 0 
0 1 0.999999995380672 9.6117930526e-05 0 -9.6117930526e-05 0.999999995380672 
0 0 0 1 0.999999995380672 9.6117930526e-05 0 -9.6117930526e-05 
0.999999995380672 0 0 0 1 0.999999995380672 9.6117930526e-05 0 
-9.6117930526e-05 0.999999995380672 0 0 0 1 0.999999995380672 
9.6117930526e-05 0 -9.6117930526e-05 0.999999995380672 0 0 0 1 
0.999999995380672 9.6117930526e-05 0 -9.6117930526e-05 0.999999995380672 0 0 
0 1 0.999999995380672 9.6117930526e-05 0 -9.6117930526e-05 0.999999995380672 
0 0 0 1 0.999999995380672 9.6117930526e-05 0 -9.6117930526e-05 
0.999999995380672 0 0 0 1 0.999999995380672 9.6117930526e-05 0 
-9.6117930526e-05 0.999999995380672 0 0 0 1 0.999999995380672 
9.6117930526e-05 0 -9.6117930526e-05 0.999999995380672 0 0 0 1 
0.999999995380672 9.6117930526e-05 0 -9.6117930526e-05 0.999999995380672 0 0 
0 1
$$ @vis= VisuCoreDimDesc VisuCoreExtent VisuCoreFrameThickness VisuCoreUnits
##$VisuCorePosition=( 31, 3 )
-14.9990387514048 -10.0014417227646 -15 -14.9990387514048 -10.0014417227646 
-14 -14.9990387514048 -10.0014417227646 -13 -14.9990387514048 
-10.0014417227646 -12 -14.9990387514048 -10.0014417227646 -11 
-14.9990387514048 -10.0014417227646 -10 -14.9990387514048 -10.0014417227646 
-9 -14.9990387514048 -10.0014417227646 -8 -14.9990387514048 -10.0014417227646 
-7 -14.9990387514048 -10.0014417227646 -6 -14.9990387514048 -10.0014417227646 
-5 -14.9990387514048 -10.0014417227646 -4 -14.9990387514048 -10.0014417227646 
-3 -14.9990387514048 -10.0014417227646 -2 -14.9990387514048 -10.0014417227646 
-1 -14.9990387514048 -10.0014417227646 0 -14.9990387514048 -10.0014417227646 
1 -14.9990387514048 -10.0014417227646 2 -14.9990387514048 -10.0014417227646 3 
-14.9990387514048 -10.0014417227646 4 -14.9990387514048 -10.0014417227646 5 
-14.9990387514048 -10.0014417227646 6 -14.9990387514048 -10.0014417227646 7 
-14.9990387514048 -10.0014417227646 8 -14.9990387514048 -10.0014417227646 9 
-14.9990387514048 -10.0014417227646 10 -14.9990387514048 -10.0014417227646 11 
-14.9990387514048 -10.0014417227646 12 -14.9990387514048 -10.0014417227646 13 
-14.9990387514048 -10.0014417227646 14 -14.9990387514048 -10.0014417227646 15
##$VisuCoreDataMin=( 31 )
0 0 0 0 0 0 0 0 0 0 0 0 0 0 0 0 0 0 0 0 0 0 0 0 0 0 0 0 0 0 0
##$VisuCoreDataMax=( 31 )
28262 29135 29908 30305 30402 30835 30467 30251 30047 29643 29271 29545 29871 
32767 31340 30645 30681 30907 31245 31182 30309 29970 30429 30626 29624 28291 
25125 20327 14246 8916 6664
##$VisuCoreDataOffs=( 31 )
0 0 0 0 0 0 0 0 0 0 0 0 0 0 0 0 0 0 0 0 0 0 0 0 0 0 0 0 0 0 0
$$ @vis= VisuCoreOrientation VisuCorePosition VisuCoreDataMin VisuCoreDataMax
##$VisuCoreDataSlope=( 31 )
16.8973051476846 16.8973051476846 16.8973051476846 16.8973051476846 
16.8973051476846 16.8973051476846 16.8973051476846 16.8973051476846 
16.8973051476846 16.8973051476846 16.8973051476846 16.8973051476846 
16.8973051476846 16.8973051476846 16.8973051476846 16.8973051476846 
16.8973051476846 16.8973051476846 16.8973051476846 16.8973051476846 
16.8973051476846 16.8973051476846 16.8973051476846 16.8973051476846 
16.8973051476846 16.8973051476846 16.8973051476846 16.8973051476846 
16.8973051476846 16.8973051476846 16.8973051476846
##$VisuCoreFrameType=MAGNITUDE_IMAGE
##$VisuCoreWordType=_16BIT_SGN_INT
$$ @vis= VisuCoreDataOffs VisuCoreDataSlope VisuCoreFrameType VisuCore
##$VisuCoreByteOrder=littleEndian
##$VisuFGOrderDescDim=1
##$VisuFGOrderDesc=( 1 )
(31, <FG_SLICE>, <>, 0, 2)
$$ @vis= VisuCoreWordType VisuCoreByteOrder VisuPixel VisuFGOrderDescDim
##$VisuGroupDepVals=( 2 )
(<VisuCoreOrientation>, 0) (<VisuCorePosition>, 0)
##$VisuSubjectName=( 65 )
<test_irm>
##$VisuSubjectId=( 65 )
<lb_140721>
$$ @vis= VisuFGOrderDesc VisuGroupDepVals VisuFrameOrderDesc VisuSubjectName
##$VisuSubjectBirthDate=( 9 )
<>
##$VisuSubjectSex=FEMALE
##$VisuSubjectComment=( 2048 )
<>
$$ @vis= VisuSubjectId VisuSubjectBirthDate VisuSubjectSex VisuSubjectComment
##$VisuStudyUid=( 65 )
<2.16.756.5.5.100.3611280983.32229.1462966980.3533>
##$VisuStudyDate=( 21 )
<14:43:00 11 May 2016>
##$VisuStudyId=( 65 )
<dataset_orient_H-S>
##$VisuStudyNumber=1
##$VisuSubjectWeight=5
$$ @vis= VisuSubject VisuStudyUid VisuStudyDate VisuStudyId VisuStudyNumber
##$VisuStudyReferringPhysician=( 65 )
<>
##$VisuStudyDescription=( 65 )
<>
$$ @vis= VisuSubjectWeight VisuStudyReferringPhysician VisuStudyDescription
##$VisuSeriesNumber=262145
##$VisuSubjectPosition=Head_Supine
##$VisuSeriesTypeId=( 65 )
<ACQ_BRUKER_PVM>
$$ @vis= VisuStudy VisuSeriesNumber VisuSubjectPosition VisuSeriesTypeId
##$VisuAcqSoftwareVersion=( 65 )
<5.1>
##$VisuInstitution=( 65 )
<PIRMG-GIN>
##$VisuStation=( 65 )
<BioSpec 47/40>
$$ @vis= VisuSeries VisuAcqSoftwareVersion VisuInstitution VisuStation
##$VisuAcqDate=( 21 )
<14:00:06 11 May 2016>
##$VisuAcqEchoTrainLength=4
##$VisuAcqSequenceName=( 40 )
<RARE (pvm)>
##$VisuAcqNumberOfAverages=1
$$ @vis= VisuEquipment VisuAcqDate VisuAcqEchoTrainLength VisuAcqSequenceName
##$VisuAcqImagingFrequency=200.3350757471
##$VisuAcqImagedNucleus=( 8 )
<1H>
##$VisuAcqRepetitionTime=( 1 )
1032.517
$$ @vis= VisuAcqNumberOfAverages VisuAcqImagingFrequency VisuAcqImagedNucleus
##$VisuAcqPhaseEncSteps=76
##$VisuAcqPixelBandwidth=390.625
##$VisuAcqFlipAngle=180
$$ @vis= VisuAcqRepetitionTime VisuAcqPhaseEncSteps VisuAcqPixelBandwidth
##$VisuAcqSize=( 2 )
76 128
##$VisuAcqImageSizeAccellerated=Yes
##$VisuAcqImagePhaseEncDir=( 31 )
row_dir row_dir row_dir row_dir row_dir row_dir row_dir row_dir row_dir 
row_dir row_dir row_dir row_dir row_dir row_dir row_dir row_dir row_dir 
row_dir row_dir row_dir row_dir row_dir row_dir row_dir row_dir row_dir 
row_dir row_dir row_dir row_dir
$$ @vis= VisuAcqFlipAngle VisuAcqSize VisuAcqImageSizeAccellerated
##$VisuAcqEchoTime=( 1 )
5.39
##$VisuAcquisitionProtocol=( 65 )
<12_DCE_test_benj_orientation>
##$VisuAcqScanTime=19617
$$ @vis= VisuAcqImagePhaseEncDir VisuAcqEchoTime VisuAcquisitionProtocol
$$ @vis= VisuAcqScanTime VisuAcquisition Visu
##END=
