##TITLE=Parameter List, ParaVision 6.0.1
##JCAMPDX=4.24
##DATATYPE=Parameter Values
##ORIGIN=Bruker BioSpin MRI GmbH
##OWNER=po
$$ 2016-07-18 16:01:41.668 +0200  po@var.u-strasbg.fr
$$ /opt/PV6.0.1/data/po/20160718_115906_plateforme_fantome_nouille_other_1_7/25/pdata/1/reco
$$ process /opt/PV6.0.1/prog/bin/parxserver
##$RECO_mode=USER_MODE
##$RecoAutoDerive=No
##$RecoDim=2
##$RecoObjectsPerRepetition=6
##$RecoObjectsPerSetupStep=186
$$ @vis= RECO_mode RecoAutoDerive RecoDim RecoObjectsPerRepetition
##$RecoNumRepetitions=19
##$RECO_inp_order=REV_ALT_ROWS
##$RECO_inp_size=( 2 )
0 62
$$ @vis= RecoObjectsPerSetupStep RecoNumRepetitions RECO_inp_order
##$RECO_ft_size=( 2 )
200 100
##$RECO_fov=( 2 )
4 3.5
##$RECO_size=( 2 )
200 100
##$RECO_offset=( 2, 6 )
0 0 0 0 0 0 0 0 0 0 0 0
##$RECO_regrid_mode=NO_REGRID
##$RECO_regrid_offset=0
##$RECO_ramp_gap=0
##$RECO_ramp_time=0
##$RECO_ne_mode=NO_NAV_DATA
##$RECO_ne_dist=NeNoInterleave
##$RECO_ne_dens=NeCorrPerScan
##$RECO_ne_type=NAV_PHASE
##$RECO_bc_mode=( 2 )
NO_BC NO_BC
##$RECO_bc_start=( 2 )
3906 2
##$RECO_bc_len=( 2 )
1302 0
##$RECO_dc_offset=( 2 )
0 0
##$RECO_dc_divisor=1
##$RECO_bc_coroff=( 2 )
0 0
##$RECO_qopts=( 2 )
COMPLEX_CONJUGATE NO_QOPTS
##$RECO_wdw_mode=( 2 )
NO_WDW NO_WDW
$$ @vis= RECO_inp_size RECO_ft_size RECO_fov RECO_size RECO_ne_mode
##$RECO_lb=( 2 )
-0.5 -0.5
##$RECO_sw=( 2 )
400000 1
##$RECO_gb=( 2 )
0.5 0.5
##$RECO_sbs=( 2 )
1 1
##$RECO_tm1=( 2 )
0.25 0.25
##$RECO_tm2=( 2 )
0.75 0.75
##$RECO_ft_mode=( 2 )
COMPLEX_FT COMPLEX_FT
##$RECO_pc_mode=( 2 )
FIRST_ORDER_PC FIRST_ORDER_PC
##$RECO_pc_lin=( 2 )
(0, 180) (0, 180)
##$RECO_rotate=( 2, 6 )
0.5 0.5 0.5 0.5 0.5 0.5 0.411786285714286 0.411786285714286 0.411786285714286 
0.411786285714286 0.411786285714286 0.411786285714286
##$RECO_ppc_mode=NO_PPC
##$RECO_ref_image=0
##$RECO_nr_supports=0.4
##$RECO_sig_threshold=0.15
##$RECO_ppc_degree=1
##$RECO_ppc_coeffs=( 6, 2, 2 )
0 0 0 0 0 0 0 0 0 0 0 0 0 0 0 0 0 0 0 0 0 0 0 0
##$RECO_dc_elim=Yes
##$RECO_transposition=( 6 )
0 0 0 0 0 0
$$ @vis= RECO_wdw_mode RECO_ft_mode RECO_pc_mode RECO_pc_lin RECO_rotate
##$RECO_image_type=MAGNITUDE_IMAGE
##$RECO_image_threshold=0.15
##$RECO_ir_scale=10
##$RECO_wordtype=_16BIT_SGN_INT
##$RECO_map_mode=ABSOLUTE_MAPPING
##$RECO_map_range=( 2 )
-2147483647 2147483647
##$RECO_map_percentile=( 2 )
1 99.99
##$RECO_map_error=0.0025
##$RECO_globex=( 114 )
0 0 0 0 0 0 0 0 0 0 0 0 0 0 0 0 0 0 0 0 0 0 0 0 0 0 0 0 0 0 0 0 0 0 0 0 0 0 0 
0 0 0 0 0 0 0 0 0 0 0 0 0 0 0 0 0 0 0 0 0 0 0 0 0 0 0 0 0 0 0 0 0 0 0 0 0 0 0 
0 0 0 0 0 0 0 0 0 0 0 0 0 0 0 0 0 0 0 0 0 0 0 0 0 0 0 0 0 0 0 0 0 0 0 0
##$RECO_minima=( 114 )
0.0345139131793407 0.0569386046357197 0.0468974732041183 0.0192923108741902 
0.198952746737997 0.0278765974043359 0.0415836779317318 0.0745637449038055 
0.126120558044952 0.0549469467790407 0.00778971547195531 0.216731129960711 
0.00967840623647352 0.0127332714549874 0.0104822794576675 0.153749381526114 
0.0850921103539304 0.0527711369039969 0.119052303446969 0.0785111896273884 
0.0673055320067597 0.0698555458317737 0.00808989028714849 0.0192975150278426 
0.00774066490104857 0.0357849929372643 0.0277905631865156 0.00659395047831016 
0.00187858237801518 0.398277150476646 0.00977028456180492 0.0929819855038796 
0.248618783642329 0.00340123393084008 0.0183468087949034 0.0723565437543499 
0.108988835473436 0.0181536366301649 0.0268976259088624 0.0238108072492476 
0.111770001995929 0.0645947106976679 0.0983610531392402 0.0904645575301531 
0.120359419339174 0.0971972758874248 0.272974969061192 0.0263894740307608 
0.0187786885888517 0.0515845826382551 0.128748059987153 0.0586905427730887 
0.0931554810170298 0.0918920950478423 0.0502007666234315 0.0301651491700893 
0.0474320335235442 0.0337887134955731 0.0396017714568524 0.141175187580937 
0.00299585019807377 0.107954733172941 0.096050731058474 0.00148079764609746 
0.00976752587762606 0.15857883158516 0.177218494479198 0.0974270791331204 
0.0369012600033019 0.00323250014598368 0.0211294875689198 0.0810243913078835 
0.136400697380496 0.0558292304521992 0.0148686079963298 0.0152080367003134 
0.146920301985996 0.0614850535917138 0.0967247218266559 0.0775965689520062 
0.256124991659896 0.049646904369687 0.183516343760053 0.105411338100146 
0.00109789658103941 0.0145704731494482 0.0172367807483613 0.0223853571979588 
5.00872259175628e-05 0.101685249508142 0.0807650300245673 0.0112792468155135 
0.285724021314364 0.100286410452926 0.00478065267675705 0.0485034371390442 
0.0170374136147613 0.00409576747036008 0.0192509765412198 0.250441785718622 
0.260812860724648 0.0136612640963704 0.277576797399259 0.0699551151026884 
0.0438254274341174 0.217726943877596 0.0336635913691226 0.152548873196985 
0.09698188836507 0.0351344415992192 0.0274514176096092 0.0257978336621928 
0.0329316321076506 0.0907614137879185
##$RECO_maxima=( 114 )
7644.92623759584 6384.96159126773 7833.337322472 7194.97565290332 8191.625 
7437.72039622657 5631.38502682928 4579.35601841777 5251.36008098308 
4635.2576546801 5351.53472512522 5834.46478863197 4110.58679744551 
4225.12148576984 4188.69576927818 4125.81483563962 4442.86697027385 
4477.53468330938 4080.59927120071 4651.4601139538 4314.75606521787 
4193.86021348277 4002.95148033775 4512.36445117013 6339.84344677279 
5060.52108867437 5390.93002424887 4667.62405692458 5287.94920225411 
5405.56939595901 5328.41241315435 4617.49299017721 4783.7073559168 
4761.35656547275 5742.89222209532 4700.40790754888 4307.68055032229 
3902.80195993721 4418.73994771354 4141.26317873042 4562.42688646057 
4234.45714821318 5305.48004412003 4454.71497486315 6086.017789395 
4886.41986189047 5503.43678579753 5667.85778890749 4853.11607965322 
4838.55257923263 4511.83545626619 5155.38794969856 4687.29010585351 
4590.57970686673 4272.75836649809 4030.55825883257 4228.9430386007 
4197.07309697588 4610.19670379926 4696.64217265566 5897.09747962515 
4313.84967929478 5905.01085727298 4777.8034314421 5309.01231689235 
5514.96334004915 4308.91176525087 4270.62070737399 4373.46986725344 
4666.82688877305 4554.94051391432 4574.36875168029 4437.38762307579 
4615.19438780637 4369.45716740328 4564.57534795058 4760.45655673446 
4047.78403207768 5055.73562956586 5253.01190662953 6047.77131561119 
4596.21996758607 6411.83213016879 5584.73247188711 4489.31038154282 
5382.17443801507 4190.32402752271 4152.77829322814 4503.70099476186 
5749.80139955137 3844.20097312392 4543.54073263744 4172.34554870235 
5242.98877508573 4039.13771049105 4452.98896629951 6673.42347312862 
4675.3347095655 5843.61968989601 4599.16162086849 5145.54664790941 
6500.40676673205 4355.02885479966 4058.1517454354 4291.93240701052 
4137.80388105063 4979.34289763137 4831.46301256108 4042.72548446535 
4542.64977725505 3910.15513442234 4135.89613510317 4761.16528267821 
4256.50350260201
##$RECO_map_min=( 114 )
-26.5195147368236 -26.5195147368236 -26.5195147368236 -26.5195147368236 
-26.5195147368236 -26.5195147368236 -26.5195147368236 -26.5195147368236 
-26.5195147368236 -26.5195147368236 -26.5195147368236 -26.5195147368236 
-26.5195147368236 -26.5195147368236 -26.5195147368236 -26.5195147368236 
-26.5195147368236 -26.5195147368236 -26.5195147368236 -26.5195147368236 
-26.5195147368236 -26.5195147368236 -26.5195147368236 -26.5195147368236 
-26.5195147368236 -26.5195147368236 -26.5195147368236 -26.5195147368236 
-26.5195147368236 -26.5195147368236 -26.5195147368236 -26.5195147368236 
-26.5195147368236 -26.5195147368236 -26.5195147368236 -26.5195147368236 
-26.5195147368236 -26.5195147368236 -26.5195147368236 -26.5195147368236 
-26.5195147368236 -26.5195147368236 -26.5195147368236 -26.5195147368236 
-26.5195147368236 -26.5195147368236 -26.5195147368236 -26.5195147368236 
-26.5195147368236 -26.5195147368236 -26.5195147368236 -26.5195147368236 
-26.5195147368236 -26.5195147368236 -26.5195147368236 -26.5195147368236 
-26.5195147368236 -26.5195147368236 -26.5195147368236 -26.5195147368236 
-26.5195147368236 -26.5195147368236 -26.5195147368236 -26.5195147368236 
-26.5195147368236 -26.5195147368236 -26.5195147368236 -26.5195147368236 
-26.5195147368236 -26.5195147368236 -26.5195147368236 -26.5195147368236 
-26.5195147368236 -26.5195147368236 -26.5195147368236 -26.5195147368236 
-26.5195147368236 -26.5195147368236 -26.5195147368236 -26.5195147368236 
-26.5195147368236 -26.5195147368236 -26.5195147368236 -26.5195147368236 
-26.5195147368236 -26.5195147368236 -26.5195147368236 -26.5195147368236 
-26.5195147368236 -26.5195147368236 -26.5195147368236 -26.5195147368236 
-26.5195147368236 -26.5195147368236 -26.5195147368236 -26.5195147368236 
-26.5195147368236 -26.5195147368236 -26.5195147368236 -26.5195147368236 
-26.5195147368236 -26.5195147368236 -26.5195147368236 -26.5195147368236 
-26.5195147368236 -26.5195147368236 -26.5195147368236 -26.5195147368236 
-26.5195147368236 -26.5195147368236 -26.5195147368236 -26.5195147368236 
-26.5195147368236 -26.5195147368236
##$RECO_map_max=( 114 )
26.5195147368236 26.5195147368236 26.5195147368236 26.5195147368236 
26.5195147368236 26.5195147368236 26.5195147368236 26.5195147368236 
26.5195147368236 26.5195147368236 26.5195147368236 26.5195147368236 
26.5195147368236 26.5195147368236 26.5195147368236 26.5195147368236 
26.5195147368236 26.5195147368236 26.5195147368236 26.5195147368236 
26.5195147368236 26.5195147368236 26.5195147368236 26.5195147368236 
26.5195147368236 26.5195147368236 26.5195147368236 26.5195147368236 
26.5195147368236 26.5195147368236 26.5195147368236 26.5195147368236 
26.5195147368236 26.5195147368236 26.5195147368236 26.5195147368236 
26.5195147368236 26.5195147368236 26.5195147368236 26.5195147368236 
26.5195147368236 26.5195147368236 26.5195147368236 26.5195147368236 
26.5195147368236 26.5195147368236 26.5195147368236 26.5195147368236 
26.5195147368236 26.5195147368236 26.5195147368236 26.5195147368236 
26.5195147368236 26.5195147368236 26.5195147368236 26.5195147368236 
26.5195147368236 26.5195147368236 26.5195147368236 26.5195147368236 
26.5195147368236 26.5195147368236 26.5195147368236 26.5195147368236 
26.5195147368236 26.5195147368236 26.5195147368236 26.5195147368236 
26.5195147368236 26.5195147368236 26.5195147368236 26.5195147368236 
26.5195147368236 26.5195147368236 26.5195147368236 26.5195147368236 
26.5195147368236 26.5195147368236 26.5195147368236 26.5195147368236 
26.5195147368236 26.5195147368236 26.5195147368236 26.5195147368236 
26.5195147368236 26.5195147368236 26.5195147368236 26.5195147368236 
26.5195147368236 26.5195147368236 26.5195147368236 26.5195147368236 
26.5195147368236 26.5195147368236 26.5195147368236 26.5195147368236 
26.5195147368236 26.5195147368236 26.5195147368236 26.5195147368236 
26.5195147368236 26.5195147368236 26.5195147368236 26.5195147368236 
26.5195147368236 26.5195147368236 26.5195147368236 26.5195147368236 
26.5195147368236 26.5195147368236 26.5195147368236 26.5195147368236 
26.5195147368236 26.5195147368236
##$RECO_map_offset=( 114 )
0 0 0 0 0 0 0 0 0 0 0 0 0 0 0 0 0 0 0 0 0 0 0 0 0 0 0 0 0 0 0 0 0 0 0 0 0 0 0 
0 0 0 0 0 0 0 0 0 0 0 0 0 0 0 0 0 0 0 0 0 0 0 0 0 0 0 0 0 0 0 0 0 0 0 0 0 0 0 
0 0 0 0 0 0 0 0 0 0 0 0 0 0 0 0 0 0 0 0 0 0 0 0 0 0 0 0 0 0 0 0 0 0 0 0
##$RECO_map_slope=( 114 )
308.890456001653 308.890456001653 308.890456001653 308.890456001653 
308.890456001653 308.890456001653 308.890456001653 308.890456001653 
308.890456001653 308.890456001653 308.890456001653 308.890456001653 
308.890456001653 308.890456001653 308.890456001653 308.890456001653 
308.890456001653 308.890456001653 308.890456001653 308.890456001653 
308.890456001653 308.890456001653 308.890456001653 308.890456001653 
308.890456001653 308.890456001653 308.890456001653 308.890456001653 
308.890456001653 308.890456001653 308.890456001653 308.890456001653 
308.890456001653 308.890456001653 308.890456001653 308.890456001653 
308.890456001653 308.890456001653 308.890456001653 308.890456001653 
308.890456001653 308.890456001653 308.890456001653 308.890456001653 
308.890456001653 308.890456001653 308.890456001653 308.890456001653 
308.890456001653 308.890456001653 308.890456001653 308.890456001653 
308.890456001653 308.890456001653 308.890456001653 308.890456001653 
308.890456001653 308.890456001653 308.890456001653 308.890456001653 
308.890456001653 308.890456001653 308.890456001653 308.890456001653 
308.890456001653 308.890456001653 308.890456001653 308.890456001653 
308.890456001653 308.890456001653 308.890456001653 308.890456001653 
308.890456001653 308.890456001653 308.890456001653 308.890456001653 
308.890456001653 308.890456001653 308.890456001653 308.890456001653 
308.890456001653 308.890456001653 308.890456001653 308.890456001653 
308.890456001653 308.890456001653 308.890456001653 308.890456001653 
308.890456001653 308.890456001653 308.890456001653 308.890456001653 
308.890456001653 308.890456001653 308.890456001653 308.890456001653 
308.890456001653 308.890456001653 308.890456001653 308.890456001653 
308.890456001653 308.890456001653 308.890456001653 308.890456001653 
308.890456001653 308.890456001653 308.890456001653 308.890456001653 
308.890456001653 308.890456001653 308.890456001653 308.890456001653 
308.890456001653 308.890456001653
##$RECO_byte_order=littleEndian
$$ @vis= RECO_transposition RECO_image_type RECO_wordtype RECO_map_mode
##$RECO_time=<2016-07-18T16:01:41,666+0200>
##$RECO_abs_time=(1468850501, 666, 120)
##$RECO_base_image_uid=( 65 )
<2.16.756.5.5.100.1333920868.27282.1468850501.1>
##$RecoUserUpdate=Yes
##$RecoReverseSegment=31
##$RecoB0DemodOff=0
##$RecoB0DemodDelay=0
##$RecoFTOrder=( 2 )
0 1
##$RecoHalfFT=( 2 )
No Yes
$$ @vis= RECO_byte_order RecoUserUpdate RecoB0DemodOff RecoWindow RecoFTOrder
##$RecoHalfFTPos=( 2 )
84 12
##$RecoCorrPhase=RecoCorrPhaseOff
##$RecoCorrPhaseRef=-1
##$RECO_map_user_slope=1
##$RECO_map_user_offset=0
##$RecoNumInputChan=1
$$ @vis= RecoHalfFT RecoHalfFTPos RecoCorrPhase RecoCorrPhaseRef RecoMap
##$RecoScaleChan=( 1 )
1
##$RecoPhaseChan=( 1 )
0
##$RecoCombineMode=SumOfSquares
##$RecoSortDim=2
$$ @vis= RecoNumInputChan RecoScaleChan RecoPhaseChan RecoCombineMode
##$RecoSortSize=( 2 )
62 6
##$RecoSortRange=( 2 )
100 6
##$RecoSortSegment=( 2 )
31 0
##$RecoSortMaps=( 68 )
38 40 42 44 46 48 50 52 54 56 58 60 62 64 66 68 70 72 74 76 78 80 82 84 86 88 
90 92 94 96 98 39 41 43 45 47 49 51 53 55 57 59 61 63 65 67 69 71 73 75 77 79 
81 83 85 87 89 91 93 95 97 99 0 2 4 1 3 5
$$ @vis= RecoSortDim RecoSortSize RecoSortRange RecoSortSegment RecoSortMaps
##$RecoGrappaAccelFactor=1
##$RecoGrappaKernelRead=0
##$RecoGrappaKernelPhase=0
##$RecoGrappaNumRefRead=0
##$RecoGrappaNumRefPhase=0
##$RecoGrappaIncludeRefLines=No
##$RecoGrappaReadCenter=81
##$RecoGrappaPhaseCenter=0
##$RecoGrappaTruncThresh=0.05
##$RecoRegridN=Off
$$ @vis= RecoSortGroup RecoGrappaAccelFactor RecoGrappaGroup RecoRegridN
##$RecoStageNrPasses=4
##$RecoStagePasses=( 4 )
(<FIRSTPASS>, 0) (<FTPASS1>, 1) (<PREPPASS>, 2) (<MAPPASS>, 3)
##$RecoStageNrNodes=28
##$RecoStageNodes=( 28 )
(<input>, 0, <RecoFileSource 
Q{numChan=1;byteOrder=\<BYTORDA\>;contData=true;initFromACQP=true;}>) (<input>
, 0, <RecoQueueSink S{initQueue=true;initOnce=true;}>) (<compute>, 0, 
<RecoQueueSource Q0{initFromACQP=true;initOnce=true;}>) (<compute>, 0, 
<RecoBufferSink S0{procDim=1;frameDim=2;bufferId="FIRSTPASS0";memId="out0"}>) 
(<compute>, 0, <RecoCastFilter CAST0{dataRep=FLOAT; wordSize=8}>) (<compute>, 
0, <RecoReverseFilter REV0{segment=\<RecoReverseSegment\>}>) (<compute>, 0, 
<RecoZfillFilter Z0{fixedSize=\<RECO_ft_size[0]\>; dataPosition=16; 
fillingPosition=0.5}>) (<compute>, 0, <RecoFTShiftFilter FTS0{frameDim=2; 
winDirection=0; shift=\<RECO_rotate[0]\>; exponent=1}>) (<compute>, 0, 
<RecoFTFilter FT0{direction=0; exponent=1}>) (<compute>, 0, <RecoSortFilter 
REORD0{sortDim=\<RecoSortDim\>; sortSize=\<RecoSortSize\>; 
sortRange=\<RecoSortRange\>; sortSegment=\<RecoSortSegment\>; 
sortMaps=\<RecoSortMaps\>; frameDim = 2}>) (<compute>, 1, <RecoBufferSource 
Q0{procDim=1;frameDim=2;bufferId="FIRSTPASS0";memId="out0"}>) (<compute>, 1, 
<RecoBufferSink S0{procDim=1;frameDim=2;bufferId="FTPASS10";memId="in0"}>) 
(<compute>, 1, <RecoFTShiftFilter FTS0{frameDim=2; winDirection=1; 
shift=\<RECO_rotate[1]\>; exponent=1}>) (<compute>, 1, <RecoHalfFourierFilter 
FT0{echoPosition=12;direction=1;exponent=1;}>) (<compute>, 2, 
<RecoBufferSource Q0{procDim=2;frameDim=2;bufferId="FTPASS10";memId="in0"}>) 
(<compute>, 2, <RecoBufferSink 
S0{procDim=2;frameDim=2;bufferId="PREPPASS0";memId="out0"}>) (<compute>, 2, 
<RecoMagnitudeFilter G0>) (<compute>, 2, <RecoMinMaxFilter 
M0{map_min=\<RECO_map_min\>;map_max=\<RECO_map_max\>;}>) (<compute>, 3, 
<RecoBufferSource Q0{procDim=2;frameDim=2;bufferId="PREPPASS0";memId="out0"}>)
 (<compute>, 3, <RecoQueueSink S0>) (<compute>, 3, <RecoMapFilter 
MAP0{symmetricMode=true;minima=\<RECO_minima\>;maxima=\<RECO_maxima\>;slope=\<RECO_map_slope\>;offset=\<RECO_map_offset\>;map_min=\<RECO_map_min\>;map_max=\<RECO_map_max\>;rangeMin=-8191.625000;rangeMax=8191.625000;perRepetitionMode=true;perObjectMode=false;cutoffMode=false;}>) (<compute>, 3, <RecoCastFilter CAST0{dataRep=SIGNED;wordSize=2}>) (<output>, 3, <RecoQueueSource Q{procDim=2;initFromRECO=true;initOnce=true;}>) (<output>, 3, <RecoImageDisplayFilter DISP{showAll=true;}>) (<output>, 3, <RecoFileSink S{writePars=true;shuffle=false;filename="2dseq";numChans=1;}>) (<compute>, 0, <RecoStabCorrFilter NAV0{innerSegments=1;navSize=0;echoSize=168;nEchoes=31;junkSize=0;nSlices=\<NI\>;nSegments=\<PVM_EpiNShots\>;sliding=true;useNav=true;dc=false;select=0;drift=false;dyncor=0;junkSize0=0;navSize2=0;multiecho=1}>) (<compute>, 0, <RecoRegridFilter RGR0{rampForm=5;rampLength=0.190476;ktraject=\<PVM_EpiTrajAdjkx\>;b0traject=\<PVM_EpiTrajAdjb0\>;ksize=168;nechoes=\<PVM_EpiNEchoes\>}>) (<compute>, 0, <RecoEpiGhostFilter EG0{innerSegments=1;nechoes=31;phc=\<PVM_EpiPhaseCorrection[0]\>;nslices=\<NI\>;adjust=0;refecho=7;time=true;center=\<PVM_EpiReadCenter\>;channel=0;maxorder=4;doubleshotadj=0;dyncor=0;usedyn=1}>)
$$ @vis= RecoRegridNGroup RecoStageNrPasses RecoStagePasses RecoStageNrNodes
##$RecoStageNrEdges=22
##$RecoStageEdges=( 22 )
(<input>, 0, <Q-\>S>) (<compute>, 0, <Q0-\>CAST0>) (<compute>, 0, 
<RGR0-\>REV0>) (<compute>, 0, <REV0-\>Z0>) (<compute>, 0, <EG0-\>FTS0>) 
(<compute>, 0, <FTS0-\>FT0>) (<compute>, 0, <FT0-\>REORD0>) (<compute>, 0, 
<REORD0-\>S0>) (<compute>, 1, <Q0-\>FTS0>) (<compute>, 1, <FTS0-\>FT0>) 
(<compute>, 1, <FT0-\>S0>) (<compute>, 2, <Q0-\>G0>) (<compute>, 2, <G0-\>M0>)
 (<compute>, 2, <M0-\>S0>) (<compute>, 3, <Q0-\>MAP0>) (<compute>, 3, 
<MAP0-\>CAST0>) (<compute>, 3, <CAST0-\>S0>) (<output>, 3, <Q-\>DISP>) 
(<output>, 3, <DISP-\>S>) (<compute>, 0, <CAST0-\>NAV0>) (<compute>, 0, 
<NAV0-\>RGR0>) (<compute>, 0, <Z0-\>EG0>)
$$ @vis= RecoStageNodes RecoStageNrEdges RecoStageEdges RecoStageGroup
##$GS_reco_display=Yes
##$GO_reco_display=Yes
##$GO_reco_each_nr=Yes
##$GO_max_reco_mem=0
$$ @vis= RecoModeUser GS_reco_display RECO_GS GO_reco_display GO_reco_each_nr
##$RecoPrototype=No
$$ @vis= GO_max_reco_mem RECO_GO RecoPrototype RECO
##END=
$$ File finished by PARX at 2016-07-18 16:01:41.669 +0200
