##TITLE=Parameter List, ParaVision 6.0.1
##JCAMPDX=4.24
##DATATYPE=Parameter Values
##ORIGIN=Bruker BioSpin MRI GmbH
##OWNER=po
$$ 2016-07-18 16:01:41.667 +0200  po@var.u-strasbg.fr
$$ /opt/PV6.0.1/data/po/20160718_115906_plateforme_fantome_nouille_other_1_7/25/pdata/1/visu_pars
$$ process /opt/PV6.0.1/prog/bin/parxserver
##$VisuVersion=3
##$VisuUid=( 65 )
<2.16.756.5.5.100.1333920868.27282.1468850501.1>
##$VisuCreator=( 65 )
<ParaVision>
##$VisuCreatorVersion=( 65 )
<6.0.1>
##$VisuCreationDate=<2016-07-18T16:01:41,666+0200>
##$VisuInstanceModality=( 65 )
<MR>
$$ @vis= VisuVersion VisuUid VisuCreator VisuCreatorVersion VisuCreationDate
##$VisuCoreFrameCount=114
##$VisuCoreDim=2
##$VisuCoreSize=( 2 )
200 100
$$ @vis= VisuInstanceModality VisuInstance VisuCoreFrameCount VisuCoreDim
##$VisuCoreDimDesc=( 2 )
spatial spatial
##$VisuCoreExtent=( 2 )
40 35
##$VisuCoreFrameThickness=( 1 )
1
##$VisuCoreUnits=( 2, 65 )
<mm> <mm>
$$ @vis= VisuCoreSize VisuCoreDimDesc VisuCoreExtent VisuCoreFrameThickness
##$VisuCoreOrientation=( 6, 9 )
1 0 0 0 1 0 0 0 1 1 0 0 0 1 0 0 0 1 1 0 0 0 1 0 0 0 1 1 0 0 0 1 0 0 0 1 1 0 0 
0 1 0 0 0 1 1 0 0 0 1 0 0 0 1
##$VisuCorePosition=( 6, 3 )
-20 -14.41252 -2.5 -20 -14.41252 -1.5 -20 -14.41252 -0.5 -20 -14.41252 0.5 
-20 -14.41252 1.5 -20 -14.41252 2.5
##$VisuCoreDataMin=( 114 )
0.0345139131793407 0.0569386046357197 0.0468974732041183 0.0192923108741902 
0.198952746737997 0.0278765974043359 0.0415836779317318 0.0745637449038055 
0.126120558044952 0.0549469467790407 0.00778971547195531 0.216731129960711 
0.00967840623647352 0.0127332714549874 0.0104822794576675 0.153749381526114 
0.0850921103539304 0.0527711369039969 0.119052303446969 0.0785111896273884 
0.0673055320067597 0.0698555458317737 0.00808989028714849 0.0192975150278426 
0.00774066490104857 0.0357849929372643 0.0277905631865156 0.00659395047831016 
0.00187858237801518 0.398277150476646 0.00977028456180492 0.0929819855038796 
0.248618783642329 0.00340123393084008 0.0183468087949034 0.0723565437543499 
0.108988835473436 0.0181536366301649 0.0268976259088624 0.0238108072492476 
0.111770001995929 0.0645947106976679 0.0983610531392402 0.0904645575301531 
0.120359419339174 0.0971972758874248 0.272974969061192 0.0263894740307608 
0.0187786885888517 0.0515845826382551 0.128748059987153 0.0586905427730887 
0.0931554810170298 0.0918920950478423 0.0502007666234315 0.0301651491700893 
0.0474320335235442 0.0337887134955731 0.0396017714568524 0.141175187580937 
0.00299585019807377 0.107954733172941 0.096050731058474 0.00148079764609746 
0.00976752587762606 0.15857883158516 0.177218494479198 0.0974270791331204 
0.0369012600033019 0.00323250014598368 0.0211294875689198 0.0810243913078835 
0.136400697380496 0.0558292304521992 0.0148686079963298 0.0152080367003134 
0.146920301985996 0.0614850535917138 0.0967247218266559 0.0775965689520062 
0.256124991659896 0.049646904369687 0.183516343760053 0.105411338100146 
0.00109789658103941 0.0145704731494482 0.0172367807483613 0.0223853571979588 
5.00872259175628e-05 0.101685249508142 0.0807650300245673 0.0112792468155135 
0.285724021314364 0.100286410452926 0.00478065267675705 0.0485034371390442 
0.0170374136147613 0.00409576747036008 0.0192509765412198 0.250441785718622 
0.260812860724648 0.0136612640963704 0.277576797399259 0.0699551151026884 
0.0438254274341174 0.217726943877596 0.0336635913691226 0.152548873196985 
0.09698188836507 0.0351344415992192 0.0274514176096092 0.0257978336621928 
0.0329316321076506 0.0907614137879185
##$VisuCoreDataMax=( 114 )
7644.92623759584 6384.96159126773 7833.337322472 7194.97565290332 8191.625 
7437.72039622657 5631.38502682928 4579.35601841777 5251.36008098308 
4635.2576546801 5351.53472512522 5834.46478863197 4110.58679744551 
4225.12148576984 4188.69576927818 4125.81483563962 4442.86697027385 
4477.53468330938 4080.59927120071 4651.4601139538 4314.75606521787 
4193.86021348277 4002.95148033775 4512.36445117013 6339.84344677279 
5060.52108867437 5390.93002424887 4667.62405692458 5287.94920225411 
5405.56939595901 5328.41241315435 4617.49299017721 4783.7073559168 
4761.35656547275 5742.89222209532 4700.40790754888 4307.68055032229 
3902.80195993721 4418.73994771354 4141.26317873042 4562.42688646057 
4234.45714821318 5305.48004412003 4454.71497486315 6086.017789395 
4886.41986189047 5503.43678579753 5667.85778890749 4853.11607965322 
4838.55257923263 4511.83545626619 5155.38794969856 4687.29010585351 
4590.57970686673 4272.75836649809 4030.55825883257 4228.9430386007 
4197.07309697588 4610.19670379926 4696.64217265566 5897.09747962515 
4313.84967929478 5905.01085727298 4777.8034314421 5309.01231689235 
5514.96334004915 4308.91176525087 4270.62070737399 4373.46986725344 
4666.82688877305 4554.94051391432 4574.36875168029 4437.38762307579 
4615.19438780637 4369.45716740328 4564.57534795058 4760.45655673446 
4047.78403207768 5055.73562956586 5253.01190662953 6047.77131561119 
4596.21996758607 6411.83213016879 5584.73247188711 4489.31038154282 
5382.17443801507 4190.32402752271 4152.77829322814 4503.70099476186 
5749.80139955137 3844.20097312392 4543.54073263744 4172.34554870235 
5242.98877508573 4039.13771049105 4452.98896629951 6673.42347312862 
4675.3347095655 5843.61968989601 4599.16162086849 5145.54664790941 
6500.40676673205 4355.02885479966 4058.1517454354 4291.93240701052 
4137.80388105063 4979.34289763137 4831.46301256108 4042.72548446535 
4542.64977725505 3910.15513442234 4135.89613510317 4761.16528267821 
4256.50350260201
$$ @vis= VisuCoreUnits VisuCoreOrientation VisuCorePosition VisuCoreDataMin
##$VisuCoreDataOffs=( 114 )
0 0 0 0 0 0 0 0 0 0 0 0 0 0 0 0 0 0 0 0 0 0 0 0 0 0 0 0 0 0 0 0 0 0 0 0 0 0 0 
0 0 0 0 0 0 0 0 0 0 0 0 0 0 0 0 0 0 0 0 0 0 0 0 0 0 0 0 0 0 0 0 0 0 0 0 0 0 0 
0 0 0 0 0 0 0 0 0 0 0 0 0 0 0 0 0 0 0 0 0 0 0 0 0 0 0 0 0 0 0 0 0 0 0 0
##$VisuCoreDataSlope=( 114 )
0.00323739364739274 0.00323739364739274 0.00323739364739274 
0.00323739364739274 0.00323739364739274 0.00323739364739274 
0.00323739364739274 0.00323739364739274 0.00323739364739274 
0.00323739364739274 0.00323739364739274 0.00323739364739274 
0.00323739364739274 0.00323739364739274 0.00323739364739274 
0.00323739364739274 0.00323739364739274 0.00323739364739274 
0.00323739364739274 0.00323739364739274 0.00323739364739274 
0.00323739364739274 0.00323739364739274 0.00323739364739274 
0.00323739364739274 0.00323739364739274 0.00323739364739274 
0.00323739364739274 0.00323739364739274 0.00323739364739274 
0.00323739364739274 0.00323739364739274 0.00323739364739274 
0.00323739364739274 0.00323739364739274 0.00323739364739274 
0.00323739364739274 0.00323739364739274 0.00323739364739274 
0.00323739364739274 0.00323739364739274 0.00323739364739274 
0.00323739364739274 0.00323739364739274 0.00323739364739274 
0.00323739364739274 0.00323739364739274 0.00323739364739274 
0.00323739364739274 0.00323739364739274 0.00323739364739274 
0.00323739364739274 0.00323739364739274 0.00323739364739274 
0.00323739364739274 0.00323739364739274 0.00323739364739274 
0.00323739364739274 0.00323739364739274 0.00323739364739274 
0.00323739364739274 0.00323739364739274 0.00323739364739274 
0.00323739364739274 0.00323739364739274 0.00323739364739274 
0.00323739364739274 0.00323739364739274 0.00323739364739274 
0.00323739364739274 0.00323739364739274 0.00323739364739274 
0.00323739364739274 0.00323739364739274 0.00323739364739274 
0.00323739364739274 0.00323739364739274 0.00323739364739274 
0.00323739364739274 0.00323739364739274 0.00323739364739274 
0.00323739364739274 0.00323739364739274 0.00323739364739274 
0.00323739364739274 0.00323739364739274 0.00323739364739274 
0.00323739364739274 0.00323739364739274 0.00323739364739274 
0.00323739364739274 0.00323739364739274 0.00323739364739274 
0.00323739364739274 0.00323739364739274 0.00323739364739274 
0.00323739364739274 0.00323739364739274 0.00323739364739274 
0.00323739364739274 0.00323739364739274 0.00323739364739274 
0.00323739364739274 0.00323739364739274 0.00323739364739274 
0.00323739364739274 0.00323739364739274 0.00323739364739274 
0.00323739364739274 0.00323739364739274 0.00323739364739274 
0.00323739364739274 0.00323739364739274 0.00323739364739274
##$VisuCoreFrameType=( 1 )
MAGNITUDE_IMAGE
##$VisuFGElemComment=( 19, 65 )
<A0 1 B 26> <Dir 1 B 118> <Dir 1 B 518> <Dir 1 B 1019> <Dir 2 B 109> <Dir 2 B 
510> <Dir 2 B 1014> <Dir 3 B 104> <Dir 3 B 508> <Dir 3 B 1011> <Dir 4 B 118> 
<Dir 4 B 512> <Dir 4 B 1009> <Dir 5 B 109> <Dir 5 B 507> <Dir 5 B 1010> <Dir 
6 B 108> <Dir 6 B 520> <Dir 6 B 1012>
$$ @vis= VisuCoreDataMax VisuCoreDataOffs VisuCoreDataSlope VisuCoreFrameType
##$VisuCoreSlicePacksDef=(0, 1)
##$VisuCoreSlicePacksSlices=( 1 )
(0, 6)
##$VisuCoreSlicePacksSliceDist=( 1 )
1
$$ @vis= VisuFGElemComment VisuCoreSlicePacksDef VisuCoreSlicePacksSlices
##$VisuCoreWordType=_16BIT_SGN_INT
##$VisuCoreByteOrder=littleEndian
$$ @vis= VisuCoreSlicePacksSliceDist VisuCore VisuCoreWordType
##$VisuFGOrderDescDim=2
##$VisuFGOrderDesc=( 2 )
(6, <FG_SLICE>, <>, 0, 2) (19, <FG_DIFFUSION>, <diffusion>, 2, 2)
##$VisuGroupDepVals=( 4 )
(<VisuCoreOrientation>, 0) (<VisuCorePosition>, 0) (<VisuFGElemComment>, 0) 
(<VisuAcqDiffusionBMatrix>, 0)
$$ @vis= VisuCoreByteOrder VisuPixel VisuFGOrderDescDim VisuFGOrderDesc
##$VisuSubjectName=( 65 )
<fantome-nouille>
##$VisuSubjectId=( 65 )
<plateforme^fantome-nouille_other>
##$VisuSubjectUid=( 65 )
<2.16.756.5.5.100.1333920868.10258.1459253896.69>
$$ @vis= VisuGroupDepVals VisuFrameOrderDesc VisuSubjectName VisuSubjectId
##$VisuSubjectInstanceCreationDate=(1459253896, 790, 120)
##$VisuSubjectBirthDate=( 9 )
<20160329>
##$VisuSubjectSex=UNKNOWN
$$ @vis= VisuSubjectUid VisuSubjectInstanceCreationDate VisuSubjectBirthDate
##$VisuSubjectComment=( 2048 )
<pate alphabet coller au piston d'une seringue 50ml dans NaCl.\
V: ventral\
D: dorsal\
R: droite\
L: gauche\
H: tete>
##$VisuSubjectType=OtherAnimal
##$VisuStudyUid=( 65 )
<2.16.756.5.5.100.1333920868.10495.1468835946.106>
$$ @vis= VisuSubjectSex VisuSubjectComment VisuSubjectType VisuSubject
##$VisuStudyDate=<2016-07-18T11:59:06,071+0200>
##$VisuStudyId=( 65 )
<plateforme^18062016>
##$VisuStudyNumber=7
##$VisuSubjectWeight=0.001
$$ @vis= VisuStudyUid VisuStudyDate VisuStudyId VisuStudyNumber
##$VisuStudyReferringPhysician=( 65 )
<po>
##$VisuStudyDescription=( 2048 )
<\
>
$$ @vis= VisuSubjectWeight VisuStudyReferringPhysician VisuStudyDescription
##$VisuExperimentNumber=25
##$VisuProcessingNumber=1
##$VisuSeriesDate=<2016-07-18T16:01:41,666+0200>
##$VisuSubjectPosition=Head_Prone
$$ @vis= VisuStudy VisuExperimentNumber VisuProcessingNumber VisuSeriesDate
##$VisuSeriesTypeId=( 65 )
<ACQ_BRUKER_PVM>
##$VisuSeriesComment=( 65 )
<DTI_EPI_30dir_sat_7bvalues_100x100x500>
$$ @vis= VisuSubjectPosition VisuSeriesTypeId VisuSeriesComment VisuSeries
##$VisuManufacturer=( 65 )
<Bruker BioSpin MRI GmbH>
##$VisuAcqSoftwareVersion=( 65 )
<6.0.1>
$$ @vis= VisuCoilReceive VisuCoilTransmit VisuContrastAgent VisuManufacturer
##$VisuInstitution=( 65 )
<ICUBE Strasbourg>
##$VisuStation=( 65 )
<Biospec >
##$VisuSystemOrderNumber=( 65 )
<10112043>
$$ @vis= VisuAcqSoftwareVersion VisuInstitution VisuStation
##$VisuAcqDate=<2016-07-18T15:37:26,772+0200>
##$VisuAcqEchoTrainLength=31
$$ @vis= VisuSystemOrderNumber VisuEquipment VisuAcqDate
##$VisuAcqSequenceName=( 40 )
<Bruker:DtiEpi>
##$VisuAcqNumberOfAverages=15
##$VisuAcqImagingFrequency=300.33384152506
$$ @vis= VisuAcqEchoTrainLength VisuAcqSequenceName VisuAcqNumberOfAverages
##$VisuAcqImagedNucleus=( 8 )
<1H>
##$VisuAcqRepetitionTime=( 1 )
2500
##$VisuAcqPhaseEncSteps=62
$$ @vis= VisuAcqImagingFrequency VisuAcqImagedNucleus VisuAcqRepetitionTime
##$VisuAcqPixelBandwidth=2380.95238095238
##$VisuAcqFlipAngle=90
##$VisuAcqSize=( 2 )
168 62
$$ @vis= VisuAcqPhaseEncSteps VisuAcqPixelBandwidth VisuAcqFlipAngle
##$VisuAcqImageSizeAccellerated=Yes
##$VisuAcqGradEncoding=( 2 )
read_enc phase_enc
##$VisuAcqEchoTime=( 1 )
21
$$ @vis= VisuAcqSize VisuAcqImageSizeAccellerated VisuAcqGradEncoding
##$VisuAcquisitionProtocol=( 65 )
<DTI_EPI_30dir_sat>
##$VisuAcqScanTime=1425000
##$VisuAcqAntiAlias=( 2 )
1 1
$$ @vis= VisuAcqEchoTime VisuAcquisitionProtocol VisuAcqScanTime
##$VisuAcqEchoSequenceType=Both
##$VisuAcqSpinsVelocityEncoded=No
##$VisuAcqHasTimeOfFlightContrast=No
$$ @vis= VisuAcqAntiAlias VisuAcqEchoSequenceType VisuAcqSpinsVelocityEncoded
##$VisuAcqIsEpiSequence=Yes
##$VisuAcqSpectralSuppression=FatSuppression
$$ @vis= VisuAcqHasTimeOfFlightContrast VisuAcqIsEpiSequence
##$VisuAcqKSpaceTraversal=RectilinearTraversal
##$VisuAcqEncodingOrder=( 2 )
LinearEncoding LinearEncoding
$$ @vis= VisuAcqSpectralSuppression VisuAcqKSpaceTraversal
##$VisuAcqKSpaceTrajectoryCnt=1
##$VisuAcqKSpaceFiltering=( 2 )
NO_WDW NO_WDW
$$ @vis= VisuAcqEncodingOrder VisuAcqKSpaceTrajectoryCnt
##$VisuAcqFlowCompensation=FlowNone
##$VisuAcqSpoiling=GradientSpoiled
##$VisuAcqPartialFourier=( 2 )
1 1.6
$$ @vis= VisuAcqKSpaceFiltering VisuAcqFlowCompensation VisuAcqSpoiling
##$VisuAcqParallelReductionFactor=( 2 )
1 1
##$VisuAcqMagnetizationTransfer=No
$$ @vis= VisuAcqPartialFourier VisuAcqParallelReductionFactor
##$VisuAcqBloodSignalNulling=No
##$VisuAcqDiffusionBMatrix=( 19, 9 )
7.67710300704037 7.67710300704037 -9.04982294528633 7.67710300704037 
7.67710300704037 -9.04982294528633 -9.04982294528633 -9.04982294528633 
10.8673926780526 13.6354320140989 -10.7619812988205 -35.6941047738727 
-10.7619812988205 9.25087181259289 26.9844848880397 -35.6941047738727 
26.9844848880397 95.4979821805036 44.439300168398 -24.413506994193 
-142.87931656711 -24.413506994193 13.822126728854 78.7455147849375 
-142.87931656711 78.7455147849375 459.730641806423 88.8786003367959 
-41.2477509003621 -284.563868827573 -41.2477509003621 19.1502127299986 
132.097633233263 -284.563868827573 132.097633233263 911.443394759463 
38.2146530864892 -23.4366083817003 46.1037780033403 -23.4366083817003 
14.665258401447 -28.4877178297966 46.1037780033403 -28.4877178297966 
55.9727934179337 191.073265432446 -100.792822678859 225.291298555241 
-100.792822678859 53.1690976263954 -118.843135144914 225.291298555241 
-118.843135144914 265.988450935379 382.146530864892 -201.585645357718 
448.105183056143 -201.585645357718 106.338195252791 -236.379412656365 
448.105183056143 -236.379412656365 525.799566968951 23.4459812627739 
33.8671764744359 26.9353216219596 33.8671764744359 48.9203514024682 
38.9074477430794 26.9353216219596 38.9074477430794 31.2952024698326 
117.22990631387 169.33588237218 130.581919447108 169.33588237218 
244.601757012341 188.622555853845 130.581919447108 188.622555853845 
145.805913552016 234.459812627739 338.671764744359 259.223320145595 
338.671764744359 489.203514024682 374.442077355025 259.223320145595 
374.442077355025 286.953575334325 95.9303258618495 24.2933130857121 
-31.8951602922684 24.2933130857121 8.58064345108604 -10.5504715683382 
-31.8951602922684 -10.5504715683382 13.3196029543362 479.651629309247 
68.9242288909735 -98.6509040001017 68.9242288909735 10.9868785336953 
-14.8186728022129 -98.6509040001017 -14.8186728022129 20.8675430705804 
959.303258618495 112.948056909818 -183.748318071757 112.948056909818 
13.7242040918833 -21.8914821761979 -183.748318071757 -21.8914821761979 
35.5470392829998 13.2279545111904 29.1387429633286 -19.2129661226316 
29.1387429633286 66.7688053350705 -43.37929370835 -19.2129661226316 
-43.37929370835 28.534508388735 41.0141674062411 117.014250404113 
-73.6014897608379 117.014250404113 333.844026675353 -209.986541179425 
-73.6014897608379 -209.986541179425 132.431924822223 82.0283348124823 
234.028500808227 -146.055181203624 234.028500808227 667.688053350705 
-416.698390507334 -146.055181203624 -416.698390507334 260.409134043794 
25.3183160704691 -42.3779994905539 5.77743186402843 -42.3779994905539 
70.9326337432089 -9.67031156057331 5.77743186402843 -9.67031156057331 
11.91245374782 126.591580352346 -211.88999745277 -67.2922863089542 
-211.88999745277 354.663168716045 112.634365847311 -67.2922863089542 
112.634365847311 38.5269612416783 253.183160704691 -423.779994905539 
-111.357282929891 -423.779994905539 709.326337432089 186.390708850368 
-111.357282929891 186.390708850368 49.8299237509673
$$ @vis= VisuAcqMagnetizationTransfer VisuAcqBloodSignalNulling
##$VisuCardiacSynchUsed=No
##$VisuRespSynchUsed=No
$$ @vis= VisuAcqDiffusionBMatrix VisuCardiacSynchUsed VisuRespSynchUsed
$$ @vis= VisuAcquisition VisuMpi VisuDepricated Visu
##END=
$$ File finished by PARX at 2016-07-18 16:01:41.668 +0200
