##TITLE=Parameter List, ParaVision 6.0.1
##JCAMPDX=4.24
##DATATYPE=Parameter Values
##ORIGIN=Bruker BioSpin MRI GmbH
##OWNER=po
$$ 2016-07-18 14:24:29.387 +0200  po@var.u-strasbg.fr
$$ /opt/PV6.0.1/data/po/20160718_115906_plateforme_fantome_nouille_other_1_7/23/pdata/1/reco
$$ process /opt/PV6.0.1/prog/bin/parxserver
##$RECO_mode=USER_MODE
##$RecoAutoDerive=No
##$RecoDim=2
##$RecoObjectsPerRepetition=114
##$RecoObjectsPerSetupStep=114
$$ @vis= RECO_mode RecoAutoDerive RecoDim RecoObjectsPerRepetition
##$RecoNumRepetitions=1
##$RECO_inp_order=NO_REORDERING
##$RECO_inp_size=( 2 )
200 96
$$ @vis= RecoObjectsPerSetupStep RecoNumRepetitions RECO_inp_order
##$RECO_ft_size=( 2 )
200 128
##$RECO_fov=( 2 )
4 3.5
##$RECO_size=( 2 )
200 128
##$RECO_offset=( 2, 114 )
0 0 0 0 0 0 0 0 0 0 0 0 0 0 0 0 0 0 0 0 0 0 0 0 0 0 0 0 0 0 0 0 0 0 0 0 0 0 0 
0 0 0 0 0 0 0 0 0 0 0 0 0 0 0 0 0 0 0 0 0 0 0 0 0 0 0 0 0 0 0 0 0 0 0 0 0 0 0 
0 0 0 0 0 0 0 0 0 0 0 0 0 0 0 0 0 0 0 0 0 0 0 0 0 0 0 0 0 0 0 0 0 0 0 0 0 0 0 
0 0 0 0 0 0 0 0 0 0 0 0 0 0 0 0 0 0 0 0 0 0 0 0 0 0 0 0 0 0 0 0 0 0 0 0 0 0 0 
0 0 0 0 0 0 0 0 0 0 0 0 0 0 0 0 0 0 0 0 0 0 0 0 0 0 0 0 0 0 0 0 0 0 0 0 0 0 0 
0 0 0 0 0 0 0 0 0 0 0 0 0 0 0 0 0 0 0 0 0 0 0 0 0 0 0 0 0 0 0 0 0
##$RECO_regrid_mode=NO_REGRID
##$RECO_regrid_offset=0
##$RECO_ramp_gap=0
##$RECO_ramp_time=0
##$RECO_ne_mode=NO_NAV_DATA
##$RECO_ne_dist=NeNoInterleave
##$RECO_ne_dens=NeCorrPerScan
##$RECO_ne_type=NAV_PHASE
##$RECO_bc_mode=( 2 )
NO_BC NO_BC
##$RECO_bc_start=( 2 )
150 72
##$RECO_bc_len=( 2 )
50 24
##$RECO_dc_offset=( 2 )
0 0
##$RECO_dc_divisor=1
##$RECO_bc_coroff=( 2 )
0 0
##$RECO_qopts=( 2 )
COMPLEX_CONJUGATE NO_QOPTS
##$RECO_wdw_mode=( 2 )
NO_WDW NO_WDW
##$RECO_lb=( 2 )
-0.5 -0.5
##$RECO_sw=( 2 )
34722.2222222222 1
##$RECO_gb=( 2 )
0.5 0.5
##$RECO_sbs=( 2 )
1 1
##$RECO_tm1=( 2 )
0.25 0.25
##$RECO_tm2=( 2 )
0.75 0.75
##$RECO_ft_mode=( 2 )
COMPLEX_FT COMPLEX_FT
$$ @vis= RECO_inp_size RECO_ft_size RECO_fov RECO_size RECO_wdw_mode
##$RECO_pc_mode=( 2 )
FIRST_ORDER_PC FIRST_ORDER_PC
##$RECO_pc_lin=( 2 )
(0, 180) (0, 180)
##$RECO_rotate=( 2, 114 )
0.5 0.5 0.5 0.5 0.5 0.5 0.5 0.5 0.5 0.5 0.5 0.5 0.5 0.5 0.5 0.5 0.5 0.5 0.5 
0.5 0.5 0.5 0.5 0.5 0.5 0.5 0.5 0.5 0.5 0.5 0.5 0.5 0.5 0.5 0.5 0.5 0.5 0.5 
0.5 0.5 0.5 0.5 0.5 0.5 0.5 0.5 0.5 0.5 0.5 0.5 0.5 0.5 0.5 0.5 0.5 0.5 0.5 
0.5 0.5 0.5 0.5 0.5 0.5 0.5 0.5 0.5 0.5 0.5 0.5 0.5 0.5 0.5 0.5 0.5 0.5 0.5 
0.5 0.5 0.5 0.5 0.5 0.5 0.5 0.5 0.5 0.5 0.5 0.5 0.5 0.5 0.5 0.5 0.5 0.5 0.5 
0.5 0.5 0.5 0.5 0.5 0.5 0.5 0.5 0.5 0.5 0.5 0.5 0.5 0.5 0.5 0.5 0.5 0.5 0.5 
0.411786285714286 0.411786285714286 0.411786285714286 0.411786285714286 
0.411786285714286 0.411786285714286 0.411786285714286 0.411786285714286 
0.411786285714286 0.411786285714286 0.411786285714286 0.411786285714286 
0.411786285714286 0.411786285714286 0.411786285714286 0.411786285714286 
0.411786285714286 0.411786285714286 0.411786285714286 0.411786285714286 
0.411786285714286 0.411786285714286 0.411786285714286 0.411786285714286 
0.411786285714286 0.411786285714286 0.411786285714286 0.411786285714286 
0.411786285714286 0.411786285714286 0.411786285714286 0.411786285714286 
0.411786285714286 0.411786285714286 0.411786285714286 0.411786285714286 
0.411786285714286 0.411786285714286 0.411786285714286 0.411786285714286 
0.411786285714286 0.411786285714286 0.411786285714286 0.411786285714286 
0.411786285714286 0.411786285714286 0.411786285714286 0.411786285714286 
0.411786285714286 0.411786285714286 0.411786285714286 0.411786285714286 
0.411786285714286 0.411786285714286 0.411786285714286 0.411786285714286 
0.411786285714286 0.411786285714286 0.411786285714286 0.411786285714286 
0.411786285714286 0.411786285714286 0.411786285714286 0.411786285714286 
0.411786285714286 0.411786285714286 0.411786285714286 0.411786285714286 
0.411786285714286 0.411786285714286 0.411786285714286 0.411786285714286 
0.411786285714286 0.411786285714286 0.411786285714286 0.411786285714286 
0.411786285714286 0.411786285714286 0.411786285714286 0.411786285714286 
0.411786285714286 0.411786285714286 0.411786285714286 0.411786285714286 
0.411786285714286 0.411786285714286 0.411786285714286 0.411786285714286 
0.411786285714286 0.411786285714286 0.411786285714286 0.411786285714286 
0.411786285714286 0.411786285714286 0.411786285714286 0.411786285714286 
0.411786285714286 0.411786285714286 0.411786285714286 0.411786285714286 
0.411786285714286 0.411786285714286 0.411786285714286 0.411786285714286 
0.411786285714286 0.411786285714286 0.411786285714286 0.411786285714286 
0.411786285714286 0.411786285714286 0.411786285714286 0.411786285714286 
0.411786285714286 0.411786285714286
##$RECO_ppc_mode=NO_PPC
##$RECO_ref_image=0
##$RECO_nr_supports=0.4
##$RECO_sig_threshold=0.15
##$RECO_ppc_degree=1
##$RECO_ppc_coeffs=( 114, 2, 2 )
0 0 0 0 0 0 0 0 0 0 0 0 0 0 0 0 0 0 0 0 0 0 0 0 0 0 0 0 0 0 0 0 0 0 0 0 0 0 0 
0 0 0 0 0 0 0 0 0 0 0 0 0 0 0 0 0 0 0 0 0 0 0 0 0 0 0 0 0 0 0 0 0 0 0 0 0 0 0 
0 0 0 0 0 0 0 0 0 0 0 0 0 0 0 0 0 0 0 0 0 0 0 0 0 0 0 0 0 0 0 0 0 0 0 0 0 0 0 
0 0 0 0 0 0 0 0 0 0 0 0 0 0 0 0 0 0 0 0 0 0 0 0 0 0 0 0 0 0 0 0 0 0 0 0 0 0 0 
0 0 0 0 0 0 0 0 0 0 0 0 0 0 0 0 0 0 0 0 0 0 0 0 0 0 0 0 0 0 0 0 0 0 0 0 0 0 0 
0 0 0 0 0 0 0 0 0 0 0 0 0 0 0 0 0 0 0 0 0 0 0 0 0 0 0 0 0 0 0 0 0 0 0 0 0 0 0 
0 0 0 0 0 0 0 0 0 0 0 0 0 0 0 0 0 0 0 0 0 0 0 0 0 0 0 0 0 0 0 0 0 0 0 0 0 0 0 
0 0 0 0 0 0 0 0 0 0 0 0 0 0 0 0 0 0 0 0 0 0 0 0 0 0 0 0 0 0 0 0 0 0 0 0 0 0 0 
0 0 0 0 0 0 0 0 0 0 0 0 0 0 0 0 0 0 0 0 0 0 0 0 0 0 0 0 0 0 0 0 0 0 0 0 0 0 0 
0 0 0 0 0 0 0 0 0 0 0 0 0 0 0 0 0 0 0 0 0 0 0 0 0 0 0 0 0 0 0 0 0 0 0 0 0 0 0 
0 0 0 0 0 0 0 0 0 0 0 0 0 0 0 0 0 0 0 0 0 0 0 0 0 0 0 0 0 0 0 0 0 0 0 0 0 0 0 
0 0 0 0 0 0 0 0 0 0 0 0 0 0 0 0 0 0 0 0 0 0 0 0 0 0 0
##$RECO_dc_elim=Yes
##$RECO_transposition=( 114 )
0 0 0 0 0 0 0 0 0 0 0 0 0 0 0 0 0 0 0 0 0 0 0 0 0 0 0 0 0 0 0 0 0 0 0 0 0 0 0 
0 0 0 0 0 0 0 0 0 0 0 0 0 0 0 0 0 0 0 0 0 0 0 0 0 0 0 0 0 0 0 0 0 0 0 0 0 0 0 
0 0 0 0 0 0 0 0 0 0 0 0 0 0 0 0 0 0 0 0 0 0 0 0 0 0 0 0 0 0 0 0 0 0 0 0
##$RECO_image_type=MAGNITUDE_IMAGE
$$ @vis= RECO_ft_mode RECO_pc_mode RECO_pc_lin RECO_rotate RECO_transposition
##$RECO_image_threshold=0.15
##$RECO_ir_scale=10
##$RECO_wordtype=_16BIT_SGN_INT
##$RECO_map_mode=ABSOLUTE_MAPPING
##$RECO_map_range=( 2 )
-2147483647 2147483647
##$RECO_map_percentile=( 2 )
1 99.99
##$RECO_map_error=0.0025
##$RECO_byte_order=littleEndian
##$RecoUserUpdate=Yes
$$ @vis= RECO_image_type RECO_wordtype RECO_map_mode RECO_byte_order
##$RecoReverseSegment=0
##$RecoB0DemodOff=0
##$RecoB0DemodDelay=0
##$RecoFTOrder=( 2 )
0 1
##$RecoHalfFT=( 2 )
No No
##$RecoHalfFTPos=( 2 )
100 32
$$ @vis= RecoUserUpdate RecoB0DemodOff RecoWindow RecoFTOrder RecoHalfFT
##$RecoCorrPhase=RecoCorrPhaseOff
##$RecoCorrPhaseRef=-1
##$RECO_map_user_slope=1
##$RECO_map_user_offset=0
##$RecoNumInputChan=1
$$ @vis= RecoHalfFTPos RecoCorrPhase RecoCorrPhaseRef RecoMap
##$RecoScaleChan=( 1 )
1
##$RecoPhaseChan=( 1 )
0
##$RecoCombineMode=SumOfSquares
##$RecoSortDim=2
$$ @vis= RecoNumInputChan RecoScaleChan RecoPhaseChan RecoCombineMode
##$RecoSortSize=( 2 )
96 114
##$RecoSortRange=( 2 )
128 114
##$RecoSortSegment=( 2 )
1 0
##$RecoSortMaps=( 210 )
32 33 34 35 36 37 38 39 40 41 42 43 44 45 46 47 48 49 50 51 52 53 54 55 56 57 
58 59 60 61 62 63 64 65 66 67 68 69 70 71 72 73 74 75 76 77 78 79 80 81 82 83 
84 85 86 87 88 89 90 91 92 93 94 95 96 97 98 99 100 101 102 103 104 105 106 
107 108 109 110 111 112 113 114 115 116 117 118 119 120 121 122 123 124 125 
126 127 0 2 4 1 3 5 6 8 10 7 9 11 12 14 16 13 15 17 18 20 22 19 21 23 24 26 
28 25 27 29 30 32 34 31 33 35 36 38 40 37 39 41 42 44 46 43 45 47 48 50 52 49 
51 53 54 56 58 55 57 59 60 62 64 61 63 65 66 68 70 67 69 71 72 74 76 73 75 77 
78 80 82 79 81 83 84 86 88 85 87 89 90 92 94 91 93 95 96 98 100 97 99 101 102 
104 106 103 105 107 108 110 112 109 111 113
$$ @vis= RecoSortDim RecoSortSize RecoSortRange RecoSortSegment RecoSortMaps
##$RecoGrappaAccelFactor=1
##$RecoGrappaKernelRead=0
##$RecoGrappaKernelPhase=0
##$RecoGrappaNumRefRead=0
##$RecoGrappaNumRefPhase=0
##$RecoGrappaIncludeRefLines=Yes
##$RecoGrappaReadCenter=0
##$RecoGrappaPhaseCenter=0
##$RecoGrappaTruncThresh=-1
##$RecoRegridN=Off
$$ @vis= RecoSortGroup RecoGrappaAccelFactor RecoGrappaGroup RecoRegridN
##$GS_reco_display=Yes
##$GO_reco_display=Yes
$$ @vis= RecoRegridNGroup RecoStageGroup RecoModeUser GS_reco_display RECO_GS
##$GO_reco_each_nr=No
##$GO_max_reco_mem=0
##$RecoPrototype=No
$$ @vis= GO_reco_display GO_reco_each_nr GO_max_reco_mem RECO_GO
$$ @vis= RecoPrototype RECO
##END=
$$ File finished by PARX at 2016-07-18 14:24:29.388 +0200
