##TITLE=Parameter List, ParaVision 6.0.1
##JCAMPDX=4.24
##DATATYPE=Parameter Values
##ORIGIN=Bruker BioSpin MRI GmbH
##OWNER=po
$$ 2016-07-18 12:48:45.123 +0200  po@var.u-strasbg.fr
$$ /opt/PV6.0.1/data/po/20160718_115906_plateforme_fantome_nouille_other_1_7/10/pdata/1/reco
$$ process /opt/PV6.0.1/prog/bin/parxserver
##$RECO_mode=USER_MODE
##$RecoAutoDerive=No
##$RecoDim=2
##$RecoObjectsPerRepetition=63
##$RecoObjectsPerSetupStep=63
$$ @vis= RECO_mode RecoAutoDerive RecoDim RecoObjectsPerRepetition
##$RecoNumRepetitions=1
##$RECO_inp_order=NO_REORDERING
##$RECO_inp_size=( 2 )
192 160
$$ @vis= RecoObjectsPerSetupStep RecoNumRepetitions RECO_inp_order
##$RECO_ft_size=( 2 )
192 160
##$RECO_fov=( 2 )
4 3.5
##$RECO_size=( 2 )
192 160
##$RECO_offset=( 2, 63 )
0 0 0 0 0 0 0 0 0 0 0 0 0 0 0 0 0 0 0 0 0 0 0 0 0 0 0 0 0 0 0 0 0 0 0 0 0 0 0 
0 0 0 0 0 0 0 0 0 0 0 0 0 0 0 0 0 0 0 0 0 0 0 0 0 0 0 0 0 0 0 0 0 0 0 0 0 0 0 
0 0 0 0 0 0 0 0 0 0 0 0 0 0 0 0 0 0 0 0 0 0 0 0 0 0 0 0 0 0 0 0 0 0 0 0 0 0 0 
0 0 0 0 0 0 0 0 0
##$RECO_regrid_mode=NO_REGRID
##$RECO_regrid_offset=0
##$RECO_ramp_gap=0
##$RECO_ramp_time=0
##$RECO_ne_mode=NO_NAV_DATA
##$RECO_ne_dist=NeNoInterleave
##$RECO_ne_dens=NeCorrPerScan
##$RECO_ne_type=NAV_PHASE
##$RECO_bc_mode=( 2 )
NO_BC NO_BC
##$RECO_bc_start=( 2 )
144 120
##$RECO_bc_len=( 2 )
48 40
##$RECO_dc_offset=( 2 )
0 0
##$RECO_dc_divisor=1
##$RECO_bc_coroff=( 2 )
0 0
##$RECO_qopts=( 2 )
COMPLEX_CONJUGATE NO_QOPTS
##$RECO_wdw_mode=( 2 )
NO_WDW NO_WDW
$$ @vis= RECO_inp_size RECO_ft_size RECO_fov RECO_size RECO_ne_mode
##$RECO_lb=( 2 )
-0.5 -0.5
##$RECO_sw=( 2 )
75757.5757575758 1
##$RECO_gb=( 2 )
0.5 0.5
##$RECO_sbs=( 2 )
1 1
##$RECO_tm1=( 2 )
0.25 0.25
##$RECO_tm2=( 2 )
0.75 0.75
##$RECO_ft_mode=( 2 )
COMPLEX_FT COMPLEX_FT
##$RECO_pc_mode=( 2 )
FIRST_ORDER_PC FIRST_ORDER_PC
##$RECO_pc_lin=( 2 )
(0, 180) (0, 180)
##$RECO_rotate=( 2, 63 )
0.5 0.5 0.5 0.5 0.5 0.5 0.5 0.5 0.5 0.5 0.5 0.5 0.5 0.5 0.5 0.5 0.5 0.5 0.5 
0.5 0.5 0.5 0.5 0.5 0.5 0.5 0.5 0.5 0.5 0.5 0.5 0.5 0.5 0.5 0.5 0.5 0.5 0.5 
0.5 0.5 0.5 0.5 0.5 0.5 0.5 0.5 0.5 0.5 0.5 0.5 0.5 0.5 0.5 0.5 0.5 0.5 0.5 
0.5 0.5 0.5 0.5 0.5 0.5 0.481568114285714 0.481568114285714 0.481568114285714 
0.481568114285714 0.481568114285714 0.481568114285714 0.481568114285714 
0.481568114285714 0.481568114285714 0.481568114285714 0.481568114285714 
0.481568114285714 0.481568114285714 0.481568114285714 0.481568114285714 
0.481568114285714 0.481568114285714 0.481568114285714 0.481568114285714 
0.481568114285714 0.481568114285714 0.481568114285714 0.481568114285714 
0.481568114285714 0.481568114285714 0.481568114285714 0.481568114285714 
0.481568114285714 0.481568114285714 0.481568114285714 0.481568114285714 
0.481568114285714 0.481568114285714 0.481568114285714 0.481568114285714 
0.481568114285714 0.481568114285714 0.481568114285714 0.481568114285714 
0.481568114285714 0.481568114285714 0.481568114285714 0.481568114285714 
0.481568114285714 0.481568114285714 0.481568114285714 0.481568114285714 
0.481568114285714 0.481568114285714 0.481568114285714 0.481568114285714 
0.481568114285714 0.481568114285714 0.481568114285714 0.481568114285714 
0.481568114285714 0.481568114285714 0.481568114285714 0.481568114285714 
0.481568114285714 0.481568114285714 0.481568114285714 0.481568114285714
##$RECO_ppc_mode=NO_PPC
##$RECO_ref_image=0
##$RECO_nr_supports=0.4
##$RECO_sig_threshold=0.15
##$RECO_ppc_degree=1
##$RECO_ppc_coeffs=( 63, 2, 2 )
0 0 0 0 0 0 0 0 0 0 0 0 0 0 0 0 0 0 0 0 0 0 0 0 0 0 0 0 0 0 0 0 0 0 0 0 0 0 0 
0 0 0 0 0 0 0 0 0 0 0 0 0 0 0 0 0 0 0 0 0 0 0 0 0 0 0 0 0 0 0 0 0 0 0 0 0 0 0 
0 0 0 0 0 0 0 0 0 0 0 0 0 0 0 0 0 0 0 0 0 0 0 0 0 0 0 0 0 0 0 0 0 0 0 0 0 0 0 
0 0 0 0 0 0 0 0 0 0 0 0 0 0 0 0 0 0 0 0 0 0 0 0 0 0 0 0 0 0 0 0 0 0 0 0 0 0 0 
0 0 0 0 0 0 0 0 0 0 0 0 0 0 0 0 0 0 0 0 0 0 0 0 0 0 0 0 0 0 0 0 0 0 0 0 0 0 0 
0 0 0 0 0 0 0 0 0 0 0 0 0 0 0 0 0 0 0 0 0 0 0 0 0 0 0 0 0 0 0 0 0 0 0 0 0 0 0 
0 0 0 0 0 0 0 0 0 0 0 0 0 0 0 0 0 0
##$RECO_dc_elim=Yes
##$RECO_transposition=( 63 )
1 1 1 1 1 1 1 1 1 1 1 1 1 1 1 1 1 1 1 1 1 1 1 1 1 1 1 1 1 1 1 1 1 1 1 1 1 1 1 
1 1 1 1 1 1 1 1 1 1 1 1 1 1 1 1 1 1 1 1 1 1 1 1
$$ @vis= RECO_wdw_mode RECO_ft_mode RECO_pc_mode RECO_pc_lin RECO_rotate
##$RECO_image_type=MAGNITUDE_IMAGE
##$RECO_image_threshold=0.15
##$RECO_ir_scale=10
##$RECO_wordtype=_16BIT_SGN_INT
##$RECO_map_mode=ABSOLUTE_MAPPING
##$RECO_map_range=( 2 )
-2147483647 2147483647
##$RECO_map_percentile=( 2 )
1 99.99
##$RECO_map_error=0.0025
##$RECO_globex=( 63 )
0 0 0 0 0 0 0 0 0 0 0 0 0 0 0 0 0 0 0 0 0 0 0 0 0 0 0 0 0 0 0 0 0 0 0 0 0 0 0 
0 0 0 0 0 0 0 0 0 0 0 0 0 0 0 0 0 0 0 0 0 0 0 0
##$RECO_minima=( 63 )
9.40022631845647 11.6161359772783 7.0391380255825 9.99069246916548 
4.94504391106749 7.857026340818 12.1653154296361 18.8280548488971 
1.93018595144638 7.17781376355862 12.6829218016714 17.5905658099252 
13.3495761554261 14.7775029023827 19.8621052011627 4.79109699047128 
17.8074832316248 3.34812121253761 7.11452043747113 12.3071989455896 
5.13950400854512 16.0269017213738 16.6402867658421 20.9868247327752 
3.47472426447954 18.4947353348411 5.90222862912558 5.95803397251446 
6.11494599348403 6.78176812670174 8.25663832770335 5.16020725660388 
16.4983734005158 2.76524975376975 15.0067952459306 4.8932885944873 
3.51688583372582 9.26473148919004 20.3607831063216 11.4134030065195 
1.28120165508992 21.7360681497663 15.7795066022407 16.2261903397191 
5.95986298125209 7.67215440327839 13.1818422503248 10.633859695599 
16.9797912332582 11.0579763183883 4.22863904117426 23.496202211025 
13.8588596052219 4.57479098257142 11.626681924464 1.73406791551423 
7.01114631284616 6.32556079655995 5.20507287166201 8.42092284209179 
6.57044334770187 1.92399030348327 16.6142452315905
##$RECO_maxima=( 63 )
32766.5 31481.4979861767 31216.4885177725 30950.5556825848 30078.3401769867 
29816.8248854873 29709.6776841173 21770.5701232863 21962.0931716927 
21015.85757618 21241.777615565 20260.5529112333 20546.6428212797 
20115.2160304734 21797.5576055042 21988.1807003019 21687.2858701789 
21521.5271516461 21146.388739251 20616.7753757433 20272.1567470436 
21708.2249211247 22155.784356948 21235.6877839581 21780.3936971237 
20792.5843911767 20774.2924800776 20438.1866594938 23484.1877281042 
24448.1646097876 23621.5339421448 23285.8424590351 22651.5215970567 
21205.9192081015 22168.3524258674 21989.6131671933 22189.5577235744 
22085.1132969689 21964.5089021179 20989.1406545181 20858.0713191562 
20935.4287136475 22607.4419341311 22430.0819225596 21808.4308618458 
21532.3754165354 20837.1082064593 21813.7172501964 20441.2437131173 
21980.7183125281 21943.3805397713 21676.0781838281 21737.4026519623 
21105.0383498319 20818.4030611753 20748.7820836983 31398.5315130313 
31440.6259269547 29485.4150414638 29497.2389789957 28645.0791775838 
30179.6158908697 27964.1697525052
##$RECO_map_min=( 63 )
-28.5170071896577 -28.5170071896577 -28.5170071896577 -28.5170071896577 
-28.5170071896577 -28.5170071896577 -28.5170071896577 -28.5170071896577 
-28.5170071896577 -28.5170071896577 -28.5170071896577 -28.5170071896577 
-28.5170071896577 -28.5170071896577 -28.5170071896577 -28.5170071896577 
-28.5170071896577 -28.5170071896577 -28.5170071896577 -28.5170071896577 
-28.5170071896577 -28.5170071896577 -28.5170071896577 -28.5170071896577 
-28.5170071896577 -28.5170071896577 -28.5170071896577 -28.5170071896577 
-28.5170071896577 -28.5170071896577 -28.5170071896577 -28.5170071896577 
-28.5170071896577 -28.5170071896577 -28.5170071896577 -28.5170071896577 
-28.5170071896577 -28.5170071896577 -28.5170071896577 -28.5170071896577 
-28.5170071896577 -28.5170071896577 -28.5170071896577 -28.5170071896577 
-28.5170071896577 -28.5170071896577 -28.5170071896577 -28.5170071896577 
-28.5170071896577 -28.5170071896577 -28.5170071896577 -28.5170071896577 
-28.5170071896577 -28.5170071896577 -28.5170071896577 -28.5170071896577 
-28.5170071896577 -28.5170071896577 -28.5170071896577 -28.5170071896577 
-28.5170071896577 -28.5170071896577 -28.5170071896577
##$RECO_map_max=( 63 )
28.5170071896577 28.5170071896577 28.5170071896577 28.5170071896577 
28.5170071896577 28.5170071896577 28.5170071896577 28.5170071896577 
28.5170071896577 28.5170071896577 28.5170071896577 28.5170071896577 
28.5170071896577 28.5170071896577 28.5170071896577 28.5170071896577 
28.5170071896577 28.5170071896577 28.5170071896577 28.5170071896577 
28.5170071896577 28.5170071896577 28.5170071896577 28.5170071896577 
28.5170071896577 28.5170071896577 28.5170071896577 28.5170071896577 
28.5170071896577 28.5170071896577 28.5170071896577 28.5170071896577 
28.5170071896577 28.5170071896577 28.5170071896577 28.5170071896577 
28.5170071896577 28.5170071896577 28.5170071896577 28.5170071896577 
28.5170071896577 28.5170071896577 28.5170071896577 28.5170071896577 
28.5170071896577 28.5170071896577 28.5170071896577 28.5170071896577 
28.5170071896577 28.5170071896577 28.5170071896577 28.5170071896577 
28.5170071896577 28.5170071896577 28.5170071896577 28.5170071896577 
28.5170071896577 28.5170071896577 28.5170071896577 28.5170071896577 
28.5170071896577 28.5170071896577 28.5170071896577
##$RECO_map_offset=( 63 )
0 0 0 0 0 0 0 0 0 0 0 0 0 0 0 0 0 0 0 0 0 0 0 0 0 0 0 0 0 0 0 0 0 0 0 0 0 0 0 
0 0 0 0 0 0 0 0 0 0 0 0 0 0 0 0 0 0 0 0 0 0 0 0
##$RECO_map_slope=( 63 )
1149.01608650867 1149.01608650867 1149.01608650867 1149.01608650867 
1149.01608650867 1149.01608650867 1149.01608650867 1149.01608650867 
1149.01608650867 1149.01608650867 1149.01608650867 1149.01608650867 
1149.01608650867 1149.01608650867 1149.01608650867 1149.01608650867 
1149.01608650867 1149.01608650867 1149.01608650867 1149.01608650867 
1149.01608650867 1149.01608650867 1149.01608650867 1149.01608650867 
1149.01608650867 1149.01608650867 1149.01608650867 1149.01608650867 
1149.01608650867 1149.01608650867 1149.01608650867 1149.01608650867 
1149.01608650867 1149.01608650867 1149.01608650867 1149.01608650867 
1149.01608650867 1149.01608650867 1149.01608650867 1149.01608650867 
1149.01608650867 1149.01608650867 1149.01608650867 1149.01608650867 
1149.01608650867 1149.01608650867 1149.01608650867 1149.01608650867 
1149.01608650867 1149.01608650867 1149.01608650867 1149.01608650867 
1149.01608650867 1149.01608650867 1149.01608650867 1149.01608650867 
1149.01608650867 1149.01608650867 1149.01608650867 1149.01608650867 
1149.01608650867 1149.01608650867 1149.01608650867
##$RECO_byte_order=littleEndian
$$ @vis= RECO_transposition RECO_image_type RECO_wordtype RECO_map_mode
##$RECO_time=<2016-07-18T12:48:45,114+0200>
##$RECO_abs_time=(1468838925, 114, 120)
##$RECO_base_image_uid=( 65 )
<2.16.756.5.5.100.1333920868.30436.1468838925.1>
##$RecoUserUpdate=Yes
##$RecoReverseSegment=0
##$RecoB0DemodOff=0
##$RecoB0DemodDelay=0
##$RecoFTOrder=( 2 )
0 1
##$RecoHalfFT=( 2 )
No No
$$ @vis= RECO_byte_order RecoUserUpdate RecoB0DemodOff RecoWindow RecoFTOrder
##$RecoHalfFTPos=( 2 )
96 80
##$RecoCorrPhase=RecoCorrPhaseOff
##$RecoCorrPhaseRef=-1
##$RECO_map_user_slope=1
##$RECO_map_user_offset=0
##$RecoNumInputChan=1
$$ @vis= RecoHalfFT RecoHalfFTPos RecoCorrPhase RecoCorrPhaseRef RecoMap
##$RecoScaleChan=( 1 )
1
##$RecoPhaseChan=( 1 )
0
##$RecoCombineMode=SumOfSquares
##$RecoSortDim=2
$$ @vis= RecoNumInputChan RecoScaleChan RecoPhaseChan RecoCombineMode
##$RecoSortSize=( 2 )
160 63
##$RecoSortRange=( 2 )
160 63
##$RecoSortSegment=( 2 )
1 0
##$RecoSortMaps=( 223 )
0 1 2 3 4 5 6 7 8 9 10 11 12 13 14 15 16 17 18 19 20 21 22 23 24 25 26 27 28 
29 30 31 32 33 34 35 36 37 38 39 40 41 42 43 44 45 46 47 48 49 50 51 52 53 54 
55 56 57 58 59 60 61 62 63 64 65 66 67 68 69 70 71 72 73 74 75 76 77 78 79 80 
81 82 83 84 85 86 87 88 89 90 91 92 93 94 95 96 97 98 99 100 101 102 103 104 
105 106 107 108 109 110 111 112 113 114 115 116 117 118 119 120 121 122 123 
124 125 126 127 128 129 130 131 132 133 134 135 136 137 138 139 140 141 142 
143 144 145 146 147 148 149 150 151 152 153 154 155 156 157 158 159 0 1 2 3 4 
5 6 14 15 16 17 18 19 20 28 29 30 31 32 33 34 42 43 44 45 46 47 48 56 57 58 
59 60 61 62 7 8 9 10 11 12 13 21 22 23 24 25 26 27 35 36 37 38 39 40 41 49 50 
51 52 53 54 55
$$ @vis= RecoSortDim RecoSortSize RecoSortRange RecoSortSegment RecoSortMaps
##$RecoGrappaAccelFactor=1
##$RecoGrappaKernelRead=0
##$RecoGrappaKernelPhase=0
##$RecoGrappaNumRefRead=0
##$RecoGrappaNumRefPhase=0
##$RecoGrappaIncludeRefLines=Yes
##$RecoGrappaReadCenter=0
##$RecoGrappaPhaseCenter=0
##$RecoGrappaTruncThresh=-1
##$RecoRegridN=Off
$$ @vis= RecoSortGroup RecoGrappaAccelFactor RecoGrappaGroup RecoRegridN
##$RecoStageNrPasses=4
##$RecoStagePasses=( 4 )
(<FIRSTPASS>, 0) (<FTPASS1>, 1) (<PREPPASS>, 2) (<MAPPASS>, 3)
##$RecoStageNrNodes=24
##$RecoStageNodes=( 24 )
(<input>, 0, <RecoFileSource 
Q{numChan=1;byteOrder=\<BYTORDA\>;contData=false;initFromACQP=true;}>) 
(<input>, 0, <RecoQueueSink S{initQueue=true;initOnce=true;}>) (<compute>, 0, 
<RecoQueueSource Q0{initFromACQP=true;initOnce=true;}>) (<compute>, 0, 
<RecoBufferSink S0{procDim=1;frameDim=2;bufferId="FIRSTPASS0";memId="out0"}>) 
(<compute>, 0, <RecoCastFilter CAST0{dataRep=FLOAT; wordSize=8}>) (<compute>, 
0, <RecoFTShiftFilter FTS0{frameDim=2; winDirection=0; 
shift=\<RECO_rotate[0]\>; exponent=1}>) (<compute>, 0, <RecoFTFilter 
FT0{direction=0; exponent=1}>) (<compute>, 0, <RecoSortFilter 
REORD0{sortDim=\<RecoSortDim\>; sortSize=\<RecoSortSize\>; 
sortRange=\<RecoSortRange\>; sortSegment=\<RecoSortSegment\>; 
sortMaps=\<RecoSortMaps\>; frameDim = 2}>) (<compute>, 1, <RecoBufferSource 
Q0{procDim=1;frameDim=2;bufferId="FIRSTPASS0";memId="out0"}>) (<compute>, 1, 
<RecoBufferSink S0{procDim=1;frameDim=2;bufferId="FTPASS10";memId="in0"}>) 
(<compute>, 1, <RecoFTShiftFilter FTS0{frameDim=2; winDirection=1; 
shift=\<RECO_rotate[1]\>; exponent=1}>) (<compute>, 1, <RecoFTFilter 
FT0{direction=1;exponent=1;}>) (<compute>, 2, <RecoBufferSource 
Q0{procDim=2;frameDim=2;bufferId="FTPASS10";memId="in0"}>) (<compute>, 2, 
<RecoBufferSink S0{procDim=2;frameDim=2;bufferId="PREPPASS0";memId="out0"}>) 
(<compute>, 2, <RecoMagnitudeFilter G0>) (<compute>, 2, <RecoTransposeFilter 
TP0{transpose=\<RECO_transposition\>;}>) (<compute>, 2, <RecoMinMaxFilter 
M0{map_min=\<RECO_map_min\>;map_max=\<RECO_map_max\>;}>) (<compute>, 3, 
<RecoBufferSource Q0{procDim=2;frameDim=2;bufferId="PREPPASS0";memId="out0"}>)
 (<compute>, 3, <RecoQueueSink S0>) (<compute>, 3, <RecoMapFilter 
MAP0{symmetricMode=true;minima=\<RECO_minima\>;maxima=\<RECO_maxima\>;slope=\<RECO_map_slope\>;offset=\<RECO_map_offset\>;map_min=\<RECO_map_min\>;map_max=\<RECO_map_max\>;rangeMin=-32766.500000;rangeMax=32766.500000;perObjectMode=false;cutoffMode=true;}>) (<compute>, 3, <RecoCastFilter CAST0{dataRep=SIGNED;wordSize=2}>) (<output>, 3, <RecoQueueSource Q{procDim=2;initFromRECO=true;initOnce=true;}>) (<output>, 3, <RecoImageDisplayFilter DISP{showAll=true;}>) (<output>, 3, <RecoFileSink S{writePars=true;shuffle=false;filename="2dseq";numChans=1;}>)
$$ @vis= RecoRegridNGroup RecoStageNrPasses RecoStagePasses RecoStageNrNodes
##$RecoStageNrEdges=18
##$RecoStageEdges=( 18 )
(<input>, 0, <Q-\>S>) (<compute>, 0, <Q0-\>CAST0>) (<compute>, 0, 
<CAST0-\>FTS0>) (<compute>, 0, <FTS0-\>FT0>) (<compute>, 0, <FT0-\>REORD0>) 
(<compute>, 0, <REORD0-\>S0>) (<compute>, 1, <Q0-\>FTS0>) (<compute>, 1, 
<FTS0-\>FT0>) (<compute>, 1, <FT0-\>S0>) (<compute>, 2, <Q0-\>G0>) (<compute>,
 2, <G0-\>TP0>) (<compute>, 2, <TP0-\>M0>) (<compute>, 2, <M0-\>S0>) 
(<compute>, 3, <Q0-\>MAP0>) (<compute>, 3, <MAP0-\>CAST0>) (<compute>, 3, 
<CAST0-\>S0>) (<output>, 3, <Q-\>DISP>) (<output>, 3, <DISP-\>S>)
$$ @vis= RecoStageNodes RecoStageNrEdges RecoStageEdges RecoStageGroup
##$GS_reco_display=Yes
##$GO_reco_display=Yes
##$GO_reco_each_nr=No
##$GO_max_reco_mem=0
$$ @vis= RecoModeUser GS_reco_display RECO_GS GO_reco_display GO_reco_each_nr
##$RecoPrototype=No
$$ @vis= GO_max_reco_mem RECO_GO RecoPrototype RECO
##END=
$$ File finished by PARX at 2016-07-18 12:48:45.127 +0200
