##TITLE=Parameter List
##JCAMPDX=4.24
##DATATYPE=Parameter Values
##ORIGIN=Bruker BioSpin MRI GmbH
##OWNER=simoesbl
$$ Wed May  4 16:26:35 2016 CEST (UT+2h)  simoesbl
$$ /gin5-Warhol_Data/data/simoesbl/nmr/lb_140721.Bq1/10/pdata/1/visu_pars
##$VisuVersion=1
##$VisuUid=( 65 )
<2.16.756.5.5.100.3611280983.32002.1462371995.16>
##$VisuCreator=( 65 )
<ParaVision>
##$VisuCreatorVersion=( 65 )
<5.1>
##$VisuCreationDate=( 21 )
<16:26:10  4 May 2016>
$$ @vis= VisuVersion VisuUid VisuCreator VisuCreatorVersion VisuCreationDate
##$VisuCoreFrameCount=31
##$VisuCoreDim=2
##$VisuCoreSize=( 2 )
128 128
##$VisuCoreDimDesc=( 2 )
spatial spatial
$$ @vis= VisuInstance VisuCoreFrameCount VisuCoreDim VisuCoreSize
##$VisuCoreExtent=( 2 )
30 30
##$VisuCoreFrameThickness=( 1 )
1
##$VisuCoreUnits=( 2, 65 )
<mm> <mm>
##$VisuCoreOrientation=( 31, 9 )
0.999999995380672 9.6117930526e-05 0 -9.6117930526e-05 0.999999995380672 0 0 
0 1 0.999999995380672 9.6117930526e-05 0 -9.6117930526e-05 0.999999995380672 
0 0 0 1 0.999999995380672 9.6117930526e-05 0 -9.6117930526e-05 
0.999999995380672 0 0 0 1 0.999999995380672 9.6117930526e-05 0 
-9.6117930526e-05 0.999999995380672 0 0 0 1 0.999999995380672 
9.6117930526e-05 0 -9.6117930526e-05 0.999999995380672 0 0 0 1 
0.999999995380672 9.6117930526e-05 0 -9.6117930526e-05 0.999999995380672 0 0 
0 1 0.999999995380672 9.6117930526e-05 0 -9.6117930526e-05 0.999999995380672 
0 0 0 1 0.999999995380672 9.6117930526e-05 0 -9.6117930526e-05 
0.999999995380672 0 0 0 1 0.999999995380672 9.6117930526e-05 0 
-9.6117930526e-05 0.999999995380672 0 0 0 1 0.999999995380672 
9.6117930526e-05 0 -9.6117930526e-05 0.999999995380672 0 0 0 1 
0.999999995380672 9.6117930526e-05 0 -9.6117930526e-05 0.999999995380672 0 0 
0 1 0.999999995380672 9.6117930526e-05 0 -9.6117930526e-05 0.999999995380672 
0 0 0 1 0.999999995380672 9.6117930526e-05 0 -9.6117930526e-05 
0.999999995380672 0 0 0 1 0.999999995380672 9.6117930526e-05 0 
-9.6117930526e-05 0.999999995380672 0 0 0 1 0.999999995380672 
9.6117930526e-05 0 -9.6117930526e-05 0.999999995380672 0 0 0 1 
0.999999995380672 9.6117930526e-05 0 -9.6117930526e-05 0.999999995380672 0 0 
0 1 0.999999995380672 9.6117930526e-05 0 -9.6117930526e-05 0.999999995380672 
0 0 0 1 0.999999995380672 9.6117930526e-05 0 -9.6117930526e-05 
0.999999995380672 0 0 0 1 0.999999995380672 9.6117930526e-05 0 
-9.6117930526e-05 0.999999995380672 0 0 0 1 0.999999995380672 
9.6117930526e-05 0 -9.6117930526e-05 0.999999995380672 0 0 0 1 
0.999999995380672 9.6117930526e-05 0 -9.6117930526e-05 0.999999995380672 0 0 
0 1 0.999999995380672 9.6117930526e-05 0 -9.6117930526e-05 0.999999995380672 
0 0 0 1 0.999999995380672 9.6117930526e-05 0 -9.6117930526e-05 
0.999999995380672 0 0 0 1 0.999999995380672 9.6117930526e-05 0 
-9.6117930526e-05 0.999999995380672 0 0 0 1 0.999999995380672 
9.6117930526e-05 0 -9.6117930526e-05 0.999999995380672 0 0 0 1 
0.999999995380672 9.6117930526e-05 0 -9.6117930526e-05 0.999999995380672 0 0 
0 1 0.999999995380672 9.6117930526e-05 0 -9.6117930526e-05 0.999999995380672 
0 0 0 1 0.999999995380672 9.6117930526e-05 0 -9.6117930526e-05 
0.999999995380672 0 0 0 1 0.999999995380672 9.6117930526e-05 0 
-9.6117930526e-05 0.999999995380672 0 0 0 1 0.999999995380672 
9.6117930526e-05 0 -9.6117930526e-05 0.999999995380672 0 0 0 1 
0.999999995380672 9.6117930526e-05 0 -9.6117930526e-05 0.999999995380672 0 0 
0 1
$$ @vis= VisuCoreDimDesc VisuCoreExtent VisuCoreFrameThickness VisuCoreUnits
##$VisuCorePosition=( 31, 3 )
-14.9985581617522 -15.001441699668 -15 -14.9985581617522 -15.001441699668 -14 
-14.9985581617522 -15.001441699668 -13 -14.9985581617522 -15.001441699668 -12 
-14.9985581617522 -15.001441699668 -11 -14.9985581617522 -15.001441699668 -10 
-14.9985581617522 -15.001441699668 -9 -14.9985581617522 -15.001441699668 -8 
-14.9985581617522 -15.001441699668 -7 -14.9985581617522 -15.001441699668 -6 
-14.9985581617522 -15.001441699668 -5 -14.9985581617522 -15.001441699668 -4 
-14.9985581617522 -15.001441699668 -3 -14.9985581617522 -15.001441699668 -2 
-14.9985581617522 -15.001441699668 -1 -14.9985581617522 -15.001441699668 0 
-14.9985581617522 -15.001441699668 1 -14.9985581617522 -15.001441699668 2 
-14.9985581617522 -15.001441699668 3 -14.9985581617522 -15.001441699668 4 
-14.9985581617522 -15.001441699668 5 -14.9985581617522 -15.001441699668 6 
-14.9985581617522 -15.001441699668 7 -14.9985581617522 -15.001441699668 8 
-14.9985581617522 -15.001441699668 9 -14.9985581617522 -15.001441699668 10 
-14.9985581617522 -15.001441699668 11 -14.9985581617522 -15.001441699668 12 
-14.9985581617522 -15.001441699668 13 -14.9985581617522 -15.001441699668 14 
-14.9985581617522 -15.001441699668 15
##$VisuCoreDataMin=( 31 )
0 0 0 0 0 0 0 0 0 0 0 0 0 0 0 0 0 0 0 0 0 0 0 0 0 0 0 0 0 0 0
##$VisuCoreDataMax=( 31 )
16618 21694 23765 23354 28798 25083 28128 26244 27691 28028 29473 29550 30045 
28887 28180 27990 28027 27327 29016 26952 28148 29093 32766 30171 32670 30381 
31314 30384 29974 22972 21011
##$VisuCoreDataOffs=( 31 )
0 0 0 0 0 0 0 0 0 0 0 0 0 0 0 0 0 0 0 0 0 0 0 0 0 0 0 0 0 0 0
$$ @vis= VisuCoreOrientation VisuCorePosition VisuCoreDataMin VisuCoreDataMax
##$VisuCoreDataSlope=( 31 )
5.34086144117679 5.34086144117679 5.34086144117679 5.34086144117679 
5.34086144117679 5.34086144117679 5.34086144117679 5.34086144117679 
5.34086144117679 5.34086144117679 5.34086144117679 5.34086144117679 
5.34086144117679 5.34086144117679 5.34086144117679 5.34086144117679 
5.34086144117679 5.34086144117679 5.34086144117679 5.34086144117679 
5.34086144117679 5.34086144117679 5.34086144117679 5.34086144117679 
5.34086144117679 5.34086144117679 5.34086144117679 5.34086144117679 
5.34086144117679 5.34086144117679 5.34086144117679
##$VisuCoreFrameType=MAGNITUDE_IMAGE
##$VisuCoreWordType=_16BIT_SGN_INT
$$ @vis= VisuCoreDataOffs VisuCoreDataSlope VisuCoreFrameType VisuCore
##$VisuCoreByteOrder=littleEndian
##$VisuFGOrderDescDim=1
##$VisuFGOrderDesc=( 1 )
(31, <FG_SLICE>, <>, 0, 2)
$$ @vis= VisuCoreWordType VisuCoreByteOrder VisuPixel VisuFGOrderDescDim
##$VisuGroupDepVals=( 2 )
(<VisuCoreOrientation>, 0) (<VisuCorePosition>, 0)
##$VisuSubjectName=( 65 )
<test_irm>
##$VisuSubjectId=( 65 )
<lb_140721>
$$ @vis= VisuFGOrderDesc VisuGroupDepVals VisuFrameOrderDesc VisuSubjectName
##$VisuSubjectBirthDate=( 9 )
<>
##$VisuSubjectSex=FEMALE
##$VisuSubjectComment=( 2048 )
<>
$$ @vis= VisuSubjectId VisuSubjectBirthDate VisuSubjectSex VisuSubjectComment
##$VisuStudyUid=( 65 )
<2.16.756.5.5.100.3611280983.1579.1462370367.6262>
##$VisuStudyDate=( 21 )
<16:59:27  4 May 2016>
##$VisuStudyId=( 65 )
<dataset_orientation_spin_Head>
##$VisuStudyNumber=1
##$VisuSubjectWeight=5
$$ @vis= VisuSubject VisuStudyUid VisuStudyDate VisuStudyId VisuStudyNumber
##$VisuStudyReferringPhysician=( 65 )
<>
##$VisuStudyDescription=( 65 )
<>
$$ @vis= VisuSubjectWeight VisuStudyReferringPhysician VisuStudyDescription
##$VisuSeriesNumber=655361
##$VisuSubjectPosition=Head_Supine
##$VisuSeriesTypeId=( 65 )
<ACQ_BRUKER_PVM>
$$ @vis= VisuStudy VisuSeriesNumber VisuSubjectPosition VisuSeriesTypeId
##$VisuAcqSoftwareVersion=( 65 )
<5.1>
##$VisuInstitution=( 65 )
<PIRMG-GIN>
##$VisuStation=( 65 )
<BioSpec 47/40>
$$ @vis= VisuSeries VisuAcqSoftwareVersion VisuInstitution VisuStation
##$VisuAcqDate=( 21 )
<16:26:10  4 May 2016>
##$VisuAcqEchoTrainLength=4
##$VisuAcqSequenceName=( 40 )
<RARE (pvm)>
##$VisuAcqNumberOfAverages=1
$$ @vis= VisuEquipment VisuAcqDate VisuAcqEchoTrainLength VisuAcqSequenceName
##$VisuAcqImagingFrequency=200.335119165167
##$VisuAcqImagedNucleus=( 8 )
<1H>
##$VisuAcqRepetitionTime=( 1 )
1032.517
$$ @vis= VisuAcqNumberOfAverages VisuAcqImagingFrequency VisuAcqImagedNucleus
##$VisuAcqPhaseEncSteps=76
##$VisuAcqPixelBandwidth=390.625
##$VisuAcqFlipAngle=180
$$ @vis= VisuAcqRepetitionTime VisuAcqPhaseEncSteps VisuAcqPixelBandwidth
##$VisuAcqSize=( 2 )
128 76
##$VisuAcqImageSizeAccellerated=Yes
##$VisuAcqImagePhaseEncDir=( 31 )
col_dir col_dir col_dir col_dir col_dir col_dir col_dir col_dir col_dir 
col_dir col_dir col_dir col_dir col_dir col_dir col_dir col_dir col_dir 
col_dir col_dir col_dir col_dir col_dir col_dir col_dir col_dir col_dir 
col_dir col_dir col_dir col_dir
$$ @vis= VisuAcqFlipAngle VisuAcqSize VisuAcqImageSizeAccellerated
##$VisuAcqEchoTime=( 1 )
5.39
##$VisuAcquisitionProtocol=( 65 )
<12_DCE>
##$VisuAcqScanTime=19617
$$ @vis= VisuAcqImagePhaseEncDir VisuAcqEchoTime VisuAcquisitionProtocol
$$ @vis= VisuAcqScanTime VisuAcquisition Visu
##END=
