##TITLE=Parameter List, ParaVision 6.0.1
##JCAMPDX=4.24
##DATATYPE=Parameter Values
##ORIGIN=Bruker BioSpin MRI GmbH
##OWNER=po
$$ 2016-07-18 12:31:25.049 +0200  po@var.u-strasbg.fr
$$ /opt/PV6.0.1/data/po/20160718_115906_plateforme_fantome_nouille_other_1_7/7/method
$$ process /opt/PV6.0.1/prog/mod/acq_out
##$Method=<Bruker:RARE>
##$PVM_EchoTime=5.59099307578114
##$EffectiveTE=( 1 )
33.5459584546868
##$PVM_RareFactor=16
##$PVM_RepetitionTime=1800
##$PVM_NAverages=1
$$ @vis= Method PVM_EchoTime EffectiveTE PVM_RareFactor PVM_RepetitionTime
##$PVM_NRepetitions=1
##$PVM_NEchoImages=1
##$PVM_ScanTimeStr=( 16 )
<0h7m55s200ms>
##$PVM_ScanTime=475200
##$PVM_DeriveGains=Yes
$$ @vis= PVM_NAverages PVM_NRepetitions PVM_NEchoImages PVM_ScanTimeStr
##$ExcPulse1Enum=<Calculated>
##$ExcPulse1=(2, 3000, 90, Yes, 4, 6000, 0.155352536733369, 0.135449017488208, 
0, 50, 6.04654034247223, <$ExcPulse1Shape>)
##$ExcPulse1Ampl=(6.04654034247223, 17.3875535117397, -7.81506954827954)
##$RefPulse1Enum=<Calculated>
##$RefPulse1=(1.7, 3000, 180, Yes, 4, 5100, 0.0981992064004009, 
0.0914234269262882, 1, 0, 82.8537471559789, <$RefPulse1Shape>)
##$RefPulse1Ampl=(82.8537471559789, 64.3637114980091, -19.1831215466681)
$$ @vis= PVM_DeriveGains ExcPulse1Enum ExcPulse1 RefPulse1Enum RefPulse1
##$PVM_GradCalConst=18826.6
##$PVM_Nucleus1Enum=<1H>
##$PVM_Nucleus1=( 8 )
<1H>
##$PVM_RefPowMod1=AutoAdj
$$ @vis= RF_Pulses PVM_GradCalConst PVM_Nucleus1Enum PVM_Nucleus1
##$PVM_RefPowCh1=0.583718751019519
##$PVM_RefPowStat1=( 1024 )
<Study: Adj by AdjRefG (protocol ADJ_REFG)>
##$PVM_Nucleus2Enum=<1H>
##$PVM_Nucleus3Enum=<1H>
##$PVM_Nucleus4Enum=<1H>
##$PVM_Nucleus5Enum=<1H>
##$PVM_Nucleus6Enum=<1H>
##$PVM_Nucleus7Enum=<1H>
##$PVM_Nucleus8Enum=<1H>
##$PVM_FrqRef=( 8 )
300.332479961008 0 0 0 0 0 0 0
##$PVM_FrqWorkOffset=( 8 )
0 0 0 0 0 0 0 0
$$ @vis= PVM_RefPowMod1 PVM_RefPowCh1 PVM_RefPowStat1 PVM_FrqRef
##$PVM_FrqWork=( 8 )
300.332479961008 0 0 0 0 0 0 0
##$PVM_FrqRefPpm=( 8 )
4.7 0 0 0 0 0 0 0
##$PVM_FrqWorkOffsetPpm=( 8 )
0 0 0 0 0 0 0 0
##$PVM_FrqWorkPpm=( 8 )
4.7 0 0 0 0 0 0 0
$$ @vis= PVM_FrqWorkOffset PVM_FrqWork PVM_FrqRefPpm PVM_FrqWorkOffsetPpm
##$PVM_NucleiPpmWork=( 20 )
(<1H>, 4.7) (<none>, 0) (<none>, 0) (<none>, 0) (<none>, 0) (<none>, 0) 
(<none>, 0) (<none>, 0) (<none>, 0) (<none>, 0) (<none>, 0) (<none>, 0) 
(<none>, 0) (<none>, 0) (<none>, 0) (<none>, 0) (<none>, 0) (<none>, 0) 
(<none>, 0) (<none>, 0)
##$PVM_SpatDimEnum=<3D>
##$PVM_IsotropicFovRes=Isot_None
$$ @vis= PVM_FrqWorkPpm PVM_NucleiPpmWork Nuclei PVM_SpatDimEnum
##$PVM_Matrix=( 3 )
192 200 20
##$PVM_MinMatrix=( 3 )
32 32 8
##$PVM_MaxMatrix=( 3 )
2048 2048 512
##$PVM_DefMatrix=( 3 )
256 256 64
$$ @vis= PVM_IsotropicFovRes PVM_Matrix PVM_MinMatrix PVM_MaxMatrix
##$PVM_AntiAlias=( 3 )
1 1 1.1
##$PVM_MaxAntiAlias=( 3 )
2 8 8
##$PVM_EncSpectroscopy=No
##$PVM_EncUseMultiRec=No
$$ @vis= PVM_DefMatrix PVM_AntiAlias PVM_MaxAntiAlias PVM_EncSpectroscopy
##$PVM_EncActReceivers=( 1 )
On
##$PVM_EncZf=( 3 )
1 1 1
##$PVM_EncPft=( 3 )
1 1 1
##$PVM_EncPftOverscans=( 3 )
96 96 11
##$PVM_EncPpi=( 3 )
1 1 1
##$PVM_EncPpiRefLines=( 3 )
0 0 0
##$PVM_EncOrder=( 3 )
LINEAR_ENC LINEAR_ENC LINEAR_ENC
$$ @vis= PVM_EncUseMultiRec PVM_EncZf PVM_EncPft PVM_EncPftOverscans
##$PVM_EncStart=( 3 )
0 -0.7 -1
##$PVM_EncNReceivers=1
##$PVM_EncAvailReceivers=1
##$PVM_EncChanScaling=( 1 )
1
$$ @vis= PVM_EncOrder PVM_EncStart PVM_EncNReceivers PVM_EncAvailReceivers
##$PVM_EncMatrix=( 3 )
192 192 22
##$PVM_EncTotalAccel=1.04166666666667
##$PVM_EncSteps1=( 192 )
-68 -56 -44 -32 -20 -8 4 16 28 40 52 64 76 88 -92 -80 -67 -55 -43 -31 -19 -7 
5 17 29 41 53 65 77 89 -91 -79 -66 -54 -42 -30 -18 -6 6 18 30 42 54 66 78 90 
-90 -78 -65 -53 -41 -29 -17 -5 7 19 31 43 55 67 79 91 -89 -77 -64 -52 -40 -28 
-16 -4 8 20 32 44 56 68 80 92 -88 -76 -63 -51 -39 -27 -15 -3 9 21 33 45 57 69 
81 93 -87 -75 -62 -50 -38 -26 -14 -2 10 22 34 46 58 70 82 94 -86 -74 -61 -49 
-37 -25 -13 -1 11 23 35 47 59 71 83 95 -85 -73 -60 -48 -36 -24 -12 0 12 24 36 
48 60 72 84 -96 -84 -72 -59 -47 -35 -23 -11 1 13 25 37 49 61 73 85 -95 -83 
-71 -58 -46 -34 -22 -10 2 14 26 38 50 62 74 86 -94 -82 -70 -57 -45 -33 -21 -9 
3 15 27 39 51 63 75 87 -93 -81 -69
##$PVM_EncSteps2=( 22 )
-11 -10 -9 -8 -7 -6 -5 -4 -3 -2 -1 0 1 2 3 4 5 6 7 8 9 10
$$ @vis= PVM_EncChanScaling PVM_EncMatrix PVM_EncTotalAccel PVM_EncSteps1
##$PVM_EncCentralStep1=6
##$PVM_EncCentralStep2=1
##$PVM_EncValues1=( 192 )
-0.68 -0.56 -0.44 -0.32 -0.2 -0.08 0.04 0.16 0.28 0.4 0.52 0.64 0.76 0.88 
-0.92 -0.8 -0.67 -0.55 -0.43 -0.31 -0.19 -0.07 0.05 0.17 0.29 0.41 0.53 0.65 
0.77 0.89 -0.91 -0.79 -0.66 -0.54 -0.42 -0.3 -0.18 -0.06 0.06 0.18 0.3 0.42 
0.54 0.66 0.78 0.9 -0.9 -0.78 -0.65 -0.53 -0.41 -0.29 -0.17 -0.05 0.07 0.19 
0.31 0.43 0.55 0.67 0.79 0.91 -0.89 -0.77 -0.64 -0.52 -0.4 -0.28 -0.16 -0.04 
0.08 0.2 0.32 0.44 0.56 0.68 0.8 0.92 -0.88 -0.76 -0.63 -0.51 -0.39 -0.27 
-0.15 -0.03 0.09 0.21 0.33 0.45 0.57 0.69 0.81 0.93 -0.87 -0.75 -0.62 -0.5 
-0.38 -0.26 -0.14 -0.02 0.1 0.22 0.34 0.46 0.58 0.7 0.82 0.94 -0.86 -0.74 
-0.61 -0.49 -0.37 -0.25 -0.13 -0.01 0.11 0.23 0.35 0.47 0.59 0.71 0.83 0.95 
-0.85 -0.73 -0.6 -0.48 -0.36 -0.24 -0.12 0 0.12 0.24 0.36 0.48 0.6 0.72 0.84 
-0.96 -0.84 -0.72 -0.59 -0.47 -0.35 -0.23 -0.11 0.01 0.13 0.25 0.37 0.49 0.61 
0.73 0.85 -0.95 -0.83 -0.71 -0.58 -0.46 -0.34 -0.22 -0.1 0.02 0.14 0.26 0.38 
0.5 0.62 0.74 0.86 -0.94 -0.82 -0.7 -0.57 -0.45 -0.33 -0.21 -0.09 0.03 0.15 
0.27 0.39 0.51 0.63 0.75 0.87 -0.93 -0.81 -0.69
##$PVM_EncValues2=( 22 )
-1 -0.909090909090909 -0.818181818181818 -0.727272727272727 
-0.636363636363636 -0.545454545454545 -0.454545454545455 -0.363636363636364 
-0.272727272727273 -0.181818181818182 -0.0909090909090909 0 
0.0909090909090909 0.181818181818182 0.272727272727273 0.363636363636364 
0.454545454545455 0.545454545454545 0.636363636363636 0.727272727272727 
0.818181818181818 0.909090909090909
$$ @vis= PVM_EncSteps2 PVM_EncCentralStep1 PVM_EncCentralStep2 PVM_EncValues1
##$PVM_EffSWh=96153.8461538462
##$EncGradDur=0.62971697942255
##$PVM_AcquisitionTime=1.9968
$$ @vis= PVM_EncValues2 Encoding_Output Encoding PVM_EffSWh EncGradDur
##$ReadDephDur=0.67199653789057
##$PVM_MinEchoTime=4.7974918835833
##$RepetitionSpoiler=(Yes, 4, 0.849861366364612, 50)
##$PVM_DigAutSet=Yes
$$ @vis= PVM_AcquisitionTime ReadDephDur PVM_MinEchoTime RepetitionSpoiler
##$PVM_DigQuad=Yes
##$PVM_DigFilter=<Digital_Sharp>
##$PVM_DigRes=21
##$PVM_DigDw=0.0104
##$PVM_DigSw=96153.8461538462
$$ @vis= PVM_DigAutSet PVM_DigQuad PVM_DigFilter PVM_DigRes PVM_DigDw
##$PVM_DigNp=192
##$PVM_DigShift=68
##$PVM_DigShiftDbl=68
##$PVM_DigGroupDel=0.7072
##$PVM_DigDur=1.9968
$$ @vis= PVM_DigSw PVM_DigNp PVM_DigShift PVM_DigShiftDbl PVM_DigGroupDel
##$PVM_DigEndDelMin=0
##$PVM_DigEndDelOpt=0.1088
##$EchoSpoilingAuto=Yes
$$ @vis= PVM_DigDur PVM_DigEndDelMin PVM_DigEndDelOpt DigitizerPars
##$EchoSpoilingSlice=1
##$EchoSpoilingSliceEff=1
##$EchoSpoilingRead=0.25
$$ @vis= EchoSpoilingAuto EchoSpoilingSlice EchoSpoilingSliceEff
##$EchoSpoilingReadEff=0.25
##$PVM_Isotropic=Isotropic_None
##$PVM_Fov=( 3 )
35 40 10
$$ @vis= EchoSpoilingRead EchoSpoilingReadEff Sequence_Details PVM_Isotropic
##$PVM_FovCm=( 3 )
3.5 4 1
##$PVM_SpatResol=( 3 )
0.182291666666667 0.2 0.5
##$PVM_SliceThick=10
##$PVM_ObjOrderScheme=Interlaced
##$PVM_ObjOrderList=( 1 )
0
$$ @vis= PVM_Fov PVM_SpatResol PVM_SliceThick PVM_ObjOrderScheme
##$PVM_NSPacks=1
##$PVM_SPackArrNSlices=( 1 )
1
##$PVM_MajSliceOri=No
##$PVM_SPackArrSliceOrient=( 1 )
axial
$$ @vis= PVM_ObjOrderList PVM_NSPacks PVM_SPackArrNSlices PVM_MajSliceOri
##$PVM_SPackArrReadOrient=( 1 )
L_R
##$PVM_SPackArrReadOffset=( 1 )
0.322581
$$ @vis= PVM_SPackArrSliceOrient PVM_SPackArrReadOrient
##$PVM_SPackArrPhase1Offset=( 1 )
-3.42742
##$PVM_SPackArrPhase2Offset=( 1 )
0
##$PVM_SPackArrSliceOffset=( 1 )
0
$$ @vis= PVM_SPackArrReadOffset PVM_SPackArrPhase1Offset
##$PVM_SPackArrSliceGapMode=( 1 )
non_contiguous
##$PVM_SPackArrSliceGap=( 1 )
0
$$ @vis= PVM_SPackArrSliceOffset PVM_SPackArrSliceGapMode
##$PVM_SPackArrSliceDistance=( 1 )
10
##$PVM_SPackArrGradOrient=( 1, 3, 3 )
1 0 0 0 1 0 0 0 1
##$PVM_SliceGeo=( 1 )
(((1 0 0 0 -1 0 0 0 -1, 0.322581 3.42742 0), 35 40 10, <+R;read> <+P;phase> 
<+S;slice>, 0), 20, 8, 512, 0.5, 0, No)
##$PVM_SliceGeoObj=(<BRUKER_SLICEPACKAGE>, GeoCuboidPackId, Standard_GobjShape,
 <PVM_SliceGeo>, <PVM_ObjOrderList>, 0, <R;read> <P;phase> <S;slice>, Yes, 
658968)
$$ @vis= PVM_SPackArrSliceGap PVM_SPackArrSliceDistance PVM_SliceGeo
##$PVM_EffPhase0Offset=( 1 )
0.322581
##$PVM_EffPhase1Offset=( 1 )
-3.42742
##$PVM_EffPhase2Offset=( 1 )
-0
##$PVM_EffSliceOffset=( 1 )
0
##$PVM_EffReadOffset=( 1 )
0.322581
##$PVM_Phase0Offset=( 1 )
0.322581
##$PVM_Phase1Offset=( 1 )
-3.42742
##$PVM_Phase2Offset=( 1 )
0
##$PVM_SliceOffset=( 1 )
0
##$PVM_ReadOffset=( 1 )
0.322581
##$PVM_DummyScans=0
##$PVM_DummyScansDur=0
$$ @vis= PVM_SliceGeoObj SliceOffsetPars ImageGeometry PVM_DummyScans
##$PVM_FreqDriftYN=No
##$PVM_TriggerModule=Off
##$PVM_TriggerMode=per_PhaseStep
##$PVM_TriggerDelay=1
##$PVM_TriggerDur=0.01
##$PVM_TriggerModuleTime=0
##$PVM_EvolutionOnOff=Off
$$ @vis= PVM_DummyScansDur DummyScans_Parameters PVM_TriggerModule
##$PVM_NEvolutionCycles=2
##$PVM_EvolutionCycles=1
##$PVM_EvolutionMode=Constant_Delay
##$PVM_EvolutionTime=( 2 )
1 0
##$PVM_EvolutionDelay=1
##$PVM_EvolutionModuleTime=0
##$PVM_SelIrOnOff=Off
##$PVM_BlBloodOnOff=Off
##$PVM_FatSupOnOff=On
##$PVM_FatSupPulEnum=<gauss512>
$$ @vis= PVM_EvolutionOnOff PVM_SelIrOnOff PVM_BlBloodOnOff PVM_FatSupOnOff
##$PVM_FatSupPul=(2.60952380952381, 1050, 90, No, 4, 2740, 0.4150688, 
0.295357137487272, 0, 50, 0.497554820438375, <gauss512.exc>)
##$PVM_FatSupPulAmpl=(0.497554820438375, 4.98775911827333, 3.03159061848421)
##$PVM_FatSupBandWidth=1050
##$PVM_FatSupSpoil=(Yes, 3, 0.637396024773459, 50)
##$PVM_FatSupModuleTime=3.28191983429727
$$ @vis= PVM_FatSupPulEnum PVM_FatSupPul PVM_FatSupBandWidth PVM_FatSupSpoil
##$PVM_FatSupPerform=Yes
##$PVM_FatSupRampTime=0.11
##$PVM_FatSupAmpEnable=0.025
$$ @vis= PVM_FatSupModuleTime PVM_FatSupPerform PVM_FatSupRampTime
##$PVM_FatSupGradWait=0.01
##$PVM_FatSupFL=( 1 )
-1051.15873941745
##$PVM_FatSupRfLength=2609.52380952381
$$ @vis= PVM_FatSupAmpEnable PVM_FatSupGradWait PVM_FatSupFL
##$PVM_FatSupSpoilDur=0.483896024773459
##$PVM_FatSupSpoilAmp=50
$$ @vis= PVM_FatSupRfLength PVM_FatSupSpoilDur PVM_FatSupSpoilAmp
##$PVM_MagTransOnOff=Off
##$PVM_MagTransPulse1Enum=<gauss>
##$PVM_MagTransPulse1=(1.82666666666667, 1500, 117.1, No, 4, 2740, 0.4181723, 
0.298723764675971, 0, 50, 1.69357051995197, <gauss.exc>)
##$PVM_MagTransPulse1Ampl=(1.69357051995197, 9.20209356600977, 
-2.28803285296183)
##$PVM_MagTransPower=10.0017644460368
##$PVM_MagTransOffset=1500
##$PVM_MagTransInterDelay=0.01
##$PVM_MagTransPulsNumb=1
##$PVM_MagTransSpoil=(Yes, 5, 2, 1.32790838494471)
##$PVM_MagTransSpoiler=1.32790838494471
##$PVM_MagTransModuleTime=0
##$PVM_MagTransFL=( 1 )
1500
##$PVM_MtD0=1e-06
##$PVM_MtD1=1e-06
##$PVM_MtD2=1e-06
##$PVM_MtD3=1e-06
##$PVM_MtP0=10
##$PVM_MtLp0=0
##$PVM_FovSatOnOff=Off
##$PVM_FovSatPulEnum=<Calculated>
##$PVM_FovSatPul=(1.2, 5000, 90, Yes, 4, 6000, 0.155352536733369, 
0.135449017488208, 0, 50, 16.7959453957562, <$PVM_FovSatPulShape>)
##$PVM_FovSatPulAmpl=(16.7959453957562, 28.9792558528995, -12.2520445406067)
##$PVM_FovSatNSlices=1
##$PVM_FovSatThick=( 1 )
4
##$PVM_FovSatOffset=( 1 )
0
##$PVM_FovSatSpoil=(Yes, 10, 0.8, 16.5988548118088)
##$PVM_FovSatSpoilDur=0.6465
##$PVM_FovSatSpoilAmp=16.5988548118088
##$PVM_FovSatModuleTime=0
##$PVM_FovSatGrad=( 1, 3 )
6.63954192472353 0 0
##$PVM_FovSatRampTime=0.11
##$PVM_FovSatAmpEnable=0.025
##$PVM_FovSatGradWait=0.01
##$PVM_FovSatSliceOri=( 1 )
sagittal
##$PVM_FovSatSliceOriMat=( 1, 9 )
0 -1 0 0 0 -1 1 0 0
##$PVM_FovSatSliceVec=( 1, 3 )
1 0 0
##$PVM_FovSatSlicePos=( 1, 2 )
0 0
##$PVM_FovSatFL=( 1 )
0
##$PVM_FovSatRfLength=1200
##$PVM_FovSatGeoObj=(<BRUKER_FOVSAT>, GeoPlanarId, Standard_GobjShape, 
<PVM_FovSatGeoCub>, <>, 0, <1;first> <2;second> <S;slice>, Yes, 524384)
##$PVM_FovSatGeoCub=( 1 )
(((0 -1 0 0 0 -1 1 0 0, 0 0 0), 58 58 4, <+1;first> <+2;second> <+S;slice>, 0)
, 1, 1, 1, 4, 0, No)
##$PVM_InFlowSatOnOff=Off
$$ @vis= Fat_Sup_Parameters PVM_MagTransOnOff PVM_FovSatOnOff
##$PVM_InFlowSatNSlices=1
##$PVM_InFlowSatThick=( 1 )
4
##$PVM_InFlowSatMinThick=0.265581676988941
##$PVM_InFlowSatSliceGap=1
##$PVM_FlowSatGeoObj=(<BRUKER_FLOWSAT>, GeoPlanarId, Standard_GobjShape, 
<PVM_FlowSatGeoCub>, <>, 0, <1;first> <2;second> <S;slice>, Yes, 553191)
##$PVM_FlowSatGeoCub=( 1 )
(((-1 0 0 0 1 0 0 0 -1, 0 0 -11), 42 42 4, <+1;first> <+2;second> <+S;slice>, 
0), 1, 1, 1, 4, 0, No)
##$PVM_FlowSatPulEnum=<Calculated>
##$PVM_FlowSatPul=(1.2, 5000, 90, Yes, 4, 6000, 0.155352536733369, 
0.135449017488208, 0, 50, 16.7959453957562, <$PVM_FlowSatPulShape>)
##$PVM_FlowSatPulAmpl=(16.7959453957562, 28.9792558528995, -12.2520445406067)
##$PVM_InFlowSatSpoil=(Yes, 5, 0.4605, 14.4181149288242)
##$PVM_InFlowSatPos=up
##$PVM_InFlowSatModuleTime=0
##$PVM_InFlowSatFL=( 1 )
10000
##$PVM_SfD0=0.0001535
##$PVM_SfD1=2.5e-05
##$PVM_SfD2=0.0004605
##$PVM_SfP0=1200
##$PVM_SfLp0=1
##$PVM_TaggingOnOff=Off
##$PVM_TaggingPulEnum=<bp>
##$PVM_TaggingPul=(0.2, 6400, 90, No, 3, 1280, 1, 1, 0, 50, 14.592968775488, 
<bp.exc>)
##$PVM_TaggingPulAmpl=(14.592968775488, 27.0120054563596, -11.6414365321315)
##$PVM_TaggingMode=SPAMM
##$PVM_TaggingDir=Tagging_grid
##$PVM_TaggingDistance=1
##$PVM_TaggingMinDistance=0.001
##$PVM_TaggingThick=0.2
##$PVM_TaggingOffset1=0
##$PVM_TaggingOffset2=0
##$PVM_TaggingAngle=0
##$PVM_TaggingDelay=0.01
##$PVM_TaggingModuleTime=0
##$PVM_TaggingInterPulseDelay=1.25582670795576
##$PVM_TaggingPulseNumber=5
##$PVM_TaggingPulseElement=0.04
##$PVM_TaggingGradientStrength=5
##$PVM_TaggingGridDelay=0.01
##$PVM_TaggingFL=( 2 )
0 0
##$PVM_TaggingD0=1e-05
##$PVM_TaggingD1=1e-05
##$PVM_TaggingD2=0.00106232670795576
##$PVM_TaggingD3=0.000429262079792877
##$PVM_TaggingD4=0.0001535
##$PVM_TaggingD5=2.5e-05
##$PVM_TaggingP0=40
##$PVM_TaggingLp0=4
##$PVM_TaggingGradAmp1=5
##$PVM_TaggingGradAmp2=-0
##$PVM_TaggingGradAmp3=0
##$PVM_TaggingGradAmp4=5
##$PVM_TaggingSpoiler=(Yes, 1, 0.582762079792877, 50)
##$PVM_MotionSupOnOff=On
##$PVM_FlipBackOnOff=On
##$PVM_MapShimReady=No
$$ @vis= PVM_InFlowSatOnOff PVM_TaggingOnOff PVM_FlipBackOnOff Preparation
##$PVM_MapShimLocShim=No
##$PVM_MapShimStatus=( 128 )
<Mapshim disabled: No map acquired>
##$PVM_MapShimCalcStat=( 256 )
<Not Calculated.>
##$PVM_MapShimNSets=1
##$PVM_MapShimSets=( 1 )
(0, 0, 0, 0, 0, 0, 0, 0, 0, 0, 0, 0, 0, 0, 0, 0, 0, 0, 0, 0, 0, 0, 0, 0, 0, 0,
 0, 0, 0, 0, 0, 0, 0, 0, 0, 0, 0, 0, 0)
##$PVM_MapShimNVolumes=1
$$ @vis= PVM_MapShimReady PVM_MapShimStatus PVM_MapShimNSets PVM_MapShimSets
##$PVM_MapShimVolShape=Cuboid
##$PVM_ReqShimEnum=Current_Shim
##$PVM_MapShimUseShims=AllShims
##$PVM_MapShimVolDerive=No
##$PVM_MapShimVolMargin=( 3 )
0 0 0
##$PVM_GeoObj=( 1, 65 )
<PVM_SliceGeoObj>
##$PVM_ExportHandler=( 3 )
(<BRUKER_PARIMPORT_SLICEGEO>, <>, <Slice Geometry>) (<BRUKER_PARIMPORT_FOVSAT>
, <>, <FOV Saturation>) (<BRUKER_PARIMPORT_SLICEORIENT>, <>, <Slice 
Orientation>)
$$ @vis= PVM_MapShimNVolumes PVM_ReqShimEnum MapShim MethodClass PVM_GeoObj
$$ @vis= PVM_ExportHandler StandardMethodGroup
##END=
$$ File finished by PARX at 2016-07-18 12:31:25.050 +0200
