##TITLE=Parameter List, ParaVision 6.0.1
##JCAMPDX=4.24
##DATATYPE=Parameter Values
##ORIGIN=Bruker BioSpin MRI GmbH
##OWNER=po
$$ 2016-07-18 12:31:25.075 +0200  po@var.u-strasbg.fr
$$ /opt/PV6.0.1/data/po/20160718_115906_plateforme_fantome_nouille_other_1_7/7/visu_pars
$$ process /opt/PV6.0.1/prog/mod/acq_out
##$VisuVersion=3
##$VisuUid=( 65 )
<2.16.756.5.5.100.1333920868.27443.1468837884.1>
##$VisuCreator=( 65 )
<ParaVision>
##$VisuCreatorVersion=( 65 )
<6.0.1>
##$VisuCreationDate=<2016-07-18T12:31:24,992+0200>
##$VisuInstanceModality=( 65 )
<MR>
##$VisuCoreFrameCount=1
##$VisuCoreDim=3
##$VisuCoreSize=( 3 )
192 200 20
##$VisuCoreDimDesc=( 3 )
spatial spatial spatial
##$VisuCoreExtent=( 3 )
35 40 10
##$VisuCoreFrameThickness=( 1 )
10
##$VisuCoreUnits=( 3, 65 )
<mm> <mm> <mm>
##$VisuCoreOrientation=( 1, 9 )
1 0 0 0 1 0 0 0 1
##$VisuCorePosition=( 1, 3 )
-17.822581 -16.57258 -4.75
##$VisuCoreDataMin=( 1 )
0.719868688153691
##$VisuCoreDataMax=( 1 )
32766.5
##$VisuCoreDataOffs=( 1 )
0
##$VisuCoreDataSlope=( 1 )
5.54469358241315e-05
##$VisuCoreFrameType=( 1 )
MAGNITUDE_IMAGE
##$VisuCoreSlicePacksDef=(-1, 1)
##$VisuCoreSlicePacksSlices=( 1 )
(0, 1)
##$VisuCoreSlicePacksSliceDist=( 1 )
10
##$VisuCoreWordType=_16BIT_SGN_INT
##$VisuCoreByteOrder=littleEndian
##$VisuCoreDiskSliceOrder=disk_normal_slice_order
##$VisuSubjectName=( 65 )
<fantome-nouille>
##$VisuSubjectId=( 65 )
<plateforme^fantome-nouille_other>
##$VisuSubjectUid=( 65 )
<2.16.756.5.5.100.1333920868.10258.1459253896.69>
##$VisuSubjectInstanceCreationDate=(1459253896, 790, 120)
##$VisuSubjectBirthDate=( 9 )
<20160329>
##$VisuSubjectSex=UNKNOWN
##$VisuSubjectComment=( 2048 )
<pate alphabet coller au piston d'une seringue 50ml dans NaCl.\
V: ventral\
D: dorsal\
R: droite\
L: gauche\
H: tete>
##$VisuSubjectType=OtherAnimal
##$VisuStudyUid=( 65 )
<2.16.756.5.5.100.1333920868.10495.1468835946.106>
##$VisuStudyDate=<2016-07-18T11:59:06,071+0200>
##$VisuStudyId=( 65 )
<plateforme^18062016>
##$VisuStudyNumber=7
##$VisuSubjectWeight=0.001
##$VisuStudyReferringPhysician=( 65 )
<po>
##$VisuStudyDescription=( 2048 )
<\
>
##$VisuExperimentNumber=7
##$VisuProcessingNumber=1
##$VisuSeriesDate=<2016-07-18T12:31:24,992+0200>
##$VisuSubjectPosition=Head_Prone
##$VisuSeriesTypeId=( 65 )
<ACQ_BRUKER_PVM>
##$VisuManufacturer=( 65 )
<Bruker BioSpin MRI GmbH>
##$VisuAcqSoftwareVersion=( 65 )
<6.0.1>
##$VisuInstitution=( 65 )
<ICUBE Strasbourg>
##$VisuStation=( 65 )
<Biospec >
##$VisuSystemOrderNumber=( 65 )
<10112043>
##$VisuAcqDate=<2016-07-18T12:23:25,324+0200>
##$VisuAcqEchoTrainLength=16
##$VisuAcqSequenceName=( 40 )
<Bruker:RARE>
##$VisuAcqNumberOfAverages=1
##$VisuAcqImagingFrequency=300.332479961008
##$VisuAcqImagedNucleus=( 8 )
<1H>
##$VisuAcqRepetitionTime=( 1 )
1800
##$VisuAcqPhaseEncSteps=192
##$VisuAcqPixelBandwidth=500.801282051282
##$VisuAcqFlipAngle=90
##$VisuAcqSize=( 3 )
192 192 22
##$VisuAcqImageSizeAccellerated=Yes
##$VisuAcqGradEncoding=( 3 )
read_enc phase_enc slice_enc
##$VisuAcqEchoTime=( 1 )
33.5459584546868
##$VisuAcquisitionProtocol=( 65 )
<T2_TurboRARE_3D>
##$VisuAcqScanTime=475200
##$VisuAcqAntiAlias=( 3 )
1 1 1.1
##$VisuAcqEchoSequenceType=Both
##$VisuAcqSpinsVelocityEncoded=No
##$VisuAcqHasTimeOfFlightContrast=No
##$VisuAcqIsEpiSequence=No
##$VisuAcqSpectralSuppression=FatSuppression
##$VisuAcqKSpaceTraversal=RectilinearTraversal
##$VisuAcqEncodingOrder=( 3 )
LinearEncoding LinearEncoding LinearEncoding
##$VisuAcqKSpaceTrajectoryCnt=1
##$VisuAcqKSpaceFiltering=( 3 )
NO_WDW NO_WDW NO_WDW
##$VisuAcqFlowCompensation=FlowNone
##$VisuAcqSpoiling=GradientSpoiled
##$VisuAcqPartialFourier=( 3 )
1 1 1
##$VisuAcqParallelReductionFactor=( 3 )
1 1 1
##$VisuAcqMagnetizationTransfer=No
##$VisuAcqBloodSignalNulling=No
##$VisuCardiacSynchUsed=No
##$VisuRespSynchUsed=No
##END=
$$ File finished by PARX at 2016-07-18 12:31:25.076 +0200
