##TITLE=Parameter List, ParaVision 6.0.1
##JCAMPDX=4.24
##DATATYPE=Parameter Values
##ORIGIN=Bruker BioSpin MRI GmbH
##OWNER=po
$$ 2016-07-18 12:55:54.436 +0200  po@var.u-strasbg.fr
$$ /opt/PV6.0.1/data/po/20160718_115906_plateforme_fantome_nouille_other_1_7/11/visu_pars
$$ process /opt/PV6.0.1/prog/mod/acq_out
##$VisuVersion=3
##$VisuUid=( 65 )
<2.16.756.5.5.100.1333920868.31289.1468839354.1>
##$VisuCreator=( 65 )
<ParaVision>
##$VisuCreatorVersion=( 65 )
<6.0.1>
##$VisuCreationDate=<2016-07-18T12:55:54,349+0200>
##$VisuInstanceModality=( 65 )
<MR>
##$VisuCoreFrameCount=27
##$VisuCoreDim=2
##$VisuCoreSize=( 2 )
192 160
##$VisuCoreDimDesc=( 2 )
spatial spatial
##$VisuCoreExtent=( 2 )
40 35
##$VisuCoreFrameThickness=( 1 )
1
##$VisuCoreUnits=( 2, 65 )
<mm> <mm>
##$VisuCoreOrientation=( 9, 9 )
1 0 0 0 1 0 0 0 1 1 0 0 0 1 0 0 0 1 1 0 0 0 1 0 0 0 1 1 0 0 0 1 0 0 0 1 1 0 0 
0 1 0 0 0 1 1 0 0 0 1 0 0 0 1 1 0 0 0 1 0 0 0 1 1 0 0 0 1 0 0 0 1 1 0 0 0 1 0 
0 0 1
##$VisuCorePosition=( 9, 3 )
-19.354839 -13.95161 -4.46083 -19.354839 -13.95161 -3.46083 -19.354839 
-13.95161 -2.46083 -19.354839 -13.95161 -1.46083 -19.354839 -13.95161 
-0.46083 -19.354839 -13.95161 0.53917 -19.354839 -13.95161 1.53917 -19.354839 
-13.95161 2.53917 -19.354839 -13.95161 3.53917
##$VisuCoreDataMin=( 27 )
7.87103698810607 4.91556333291014 1.9376366474243 3.21828003808083 
10.6078155913658 7.64372893639707 0.757180969275061 6.34743394285433 
12.4470870134239 4.67889614736222 15.4170973423914 6.33874442260361 
6.24954226389317 3.75204209410999 7.35568116956692 3.1223908260107 
4.16926532702804 12.9409902445506 3.00851160582888 3.41922077199561 
1.93842521342044 4.29344472805555 7.26446113346402 5.62209071660906 
5.03634275570511 2.98540360575532 6.40604933545837
##$VisuCoreDataMax=( 27 )
31596.2197969917 30636.6380971723 31255.5888299788 32649.9277461849 32766.5 
30804.1337141934 29740.6033218665 29386.4031559802 32203.0755096507 
20259.1017011889 20741.9953929146 22111.9174271237 20407.3398896049 
24016.4887783027 22075.2652581672 19656.4735248869 19860.3081831095 
20402.9384132989 8763.55769550923 11820.5843547055 12057.5954026808 
11643.4031324792 12560.2784382427 11138.165885677 9101.11598504243 
8414.37327981897 8895.05470020797
##$VisuCoreDataOffs=( 27 )
0 0 0 0 0 0 0 0 0 0 0 0 0 0 0 0 0 0 0 0 0 0 0 0 0 0 0
##$VisuCoreDataSlope=( 27 )
0.00093598980921277 0.00093598980921277 0.00093598980921277 
0.00093598980921277 0.00093598980921277 0.00093598980921277 
0.00093598980921277 0.00093598980921277 0.00093598980921277 
0.00093598980921277 0.00093598980921277 0.00093598980921277 
0.00093598980921277 0.00093598980921277 0.00093598980921277 
0.00093598980921277 0.00093598980921277 0.00093598980921277 
0.00093598980921277 0.00093598980921277 0.00093598980921277 
0.00093598980921277 0.00093598980921277 0.00093598980921277 
0.00093598980921277 0.00093598980921277 0.00093598980921277
##$VisuCoreFrameType=( 1 )
MAGNITUDE_IMAGE
##$VisuFGElemComment=( 3, 65 )
<VTR=  3000.0ms> <VTR=  1500.0ms> <VTR=   500.0ms>
##$VisuCoreSlicePacksDef=(0, 1)
##$VisuCoreSlicePacksSlices=( 1 )
(0, 9)
##$VisuCoreSlicePacksSliceDist=( 1 )
1
##$VisuCoreWordType=_16BIT_SGN_INT
##$VisuCoreByteOrder=littleEndian
##$VisuFGOrderDescDim=2
##$VisuFGOrderDesc=( 2 )
(9, <FG_SLICE>, <>, 0, 2) (3, <FG_MOVIE>, <vtr>, 2, 2)
##$VisuGroupDepVals=( 4 )
(<VisuCoreOrientation>, 0) (<VisuCorePosition>, 0) (<VisuFGElemComment>, 0) 
(<VisuAcqRepetitionTime>, 0)
##$VisuSubjectName=( 65 )
<fantome-nouille>
##$VisuSubjectId=( 65 )
<plateforme^fantome-nouille_other>
##$VisuSubjectUid=( 65 )
<2.16.756.5.5.100.1333920868.10258.1459253896.69>
##$VisuSubjectInstanceCreationDate=(1459253896, 790, 120)
##$VisuSubjectBirthDate=( 9 )
<20160329>
##$VisuSubjectSex=UNKNOWN
##$VisuSubjectComment=( 2048 )
<pate alphabet coller au piston d'une seringue 50ml dans NaCl.\
V: ventral\
D: dorsal\
R: droite\
L: gauche\
H: tete>
##$VisuSubjectType=OtherAnimal
##$VisuStudyUid=( 65 )
<2.16.756.5.5.100.1333920868.10495.1468835946.106>
##$VisuStudyDate=<2016-07-18T11:59:06,071+0200>
##$VisuStudyId=( 65 )
<plateforme^18062016>
##$VisuStudyNumber=7
##$VisuSubjectWeight=0.001
##$VisuStudyReferringPhysician=( 65 )
<po>
##$VisuStudyDescription=( 2048 )
<\
>
##$VisuExperimentNumber=11
##$VisuProcessingNumber=1
##$VisuSeriesDate=<2016-07-18T12:55:54,349+0200>
##$VisuSubjectPosition=Head_Prone
##$VisuSeriesTypeId=( 65 )
<ACQ_BRUKER_PVM>
##$VisuManufacturer=( 65 )
<Bruker BioSpin MRI GmbH>
##$VisuAcqSoftwareVersion=( 65 )
<6.0.1>
##$VisuInstitution=( 65 )
<ICUBE Strasbourg>
##$VisuStation=( 65 )
<Biospec >
##$VisuSystemOrderNumber=( 65 )
<10112043>
##$VisuAcqDate=<2016-07-18T12:49:10,453+0200>
##$VisuAcqEchoTrainLength=2
##$VisuAcqSequenceName=( 40 )
<Bruker:RAREVTR>
##$VisuAcqNumberOfAverages=1
##$VisuAcqImagingFrequency=300.332479961008
##$VisuAcqImagedNucleus=( 8 )
<1H>
##$VisuAcqRepetitionTime=( 3 )
3000 1500 500
##$VisuAcqPhaseEncSteps=160
##$VisuAcqPixelBandwidth=382.96568627451
##$VisuAcqFlipAngle=90
##$VisuAcqSize=( 2 )
192 160
##$VisuAcqImageSizeAccellerated=No
##$VisuAcqGradEncoding=( 2 )
read_enc phase_enc
##$VisuAcqEchoTime=( 1 )
6.1
##$VisuAcquisitionProtocol=( 65 )
<T1map_RARE>
##$VisuAcqScanTime=400000
##$VisuAcqAntiAlias=( 2 )
1 1
##$VisuAcqEchoSequenceType=Both
##$VisuAcqSpinsVelocityEncoded=No
##$VisuAcqHasTimeOfFlightContrast=No
##$VisuAcqIsEpiSequence=No
##$VisuAcqSpectralSuppression=NoSuppression
##$VisuAcqKSpaceTraversal=RectilinearTraversal
##$VisuAcqEncodingOrder=( 2 )
LinearEncoding LinearEncoding
##$VisuAcqKSpaceTrajectoryCnt=1
##$VisuAcqKSpaceFiltering=( 2 )
NO_WDW NO_WDW
##$VisuAcqFlowCompensation=FlowNone
##$VisuAcqSpoiling=GradientSpoiled
##$VisuAcqPartialFourier=( 2 )
1 1
##$VisuAcqParallelReductionFactor=( 2 )
1 1
##$VisuAcqMagnetizationTransfer=No
##$VisuAcqBloodSignalNulling=No
##$VisuCardiacSynchUsed=No
##$VisuRespSynchUsed=No
##END=
$$ File finished by PARX at 2016-07-18 12:55:54.437 +0200
