##TITLE=Parameter List, ParaVision 6.0.1
##JCAMPDX=4.24
##DATATYPE=Parameter Values
##ORIGIN=Bruker BioSpin MRI GmbH
##OWNER=po
$$ 2016-07-18 13:50:38.122 +0200  po@var.u-strasbg.fr
$$ /opt/PV6.0.1/data/po/20160718_115906_plateforme_fantome_nouille_other_1_7/15/visu_pars
$$ process /opt/PV6.0.1/prog/mod/acq_out
##$VisuVersion=3
##$VisuUid=( 65 )
<2.16.756.5.5.100.1333920868.19653.1468842637.1>
##$VisuCreator=( 65 )
<ParaVision>
##$VisuCreatorVersion=( 65 )
<6.0.1>
##$VisuCreationDate=<2016-07-18T13:50:37,009+0200>
##$VisuInstanceModality=( 65 )
<MR>
##$VisuCoreFrameCount=171
##$VisuCoreDim=2
##$VisuCoreSize=( 2 )
192 160
##$VisuCoreDimDesc=( 2 )
spatial spatial
##$VisuCoreExtent=( 2 )
40 35
##$VisuCoreFrameThickness=( 1 )
1
##$VisuCoreUnits=( 2, 65 )
<mm> <mm>
##$VisuCoreOrientation=( 9, 9 )
1 0 0 0 1 0 0 0 1 1 0 0 0 1 0 0 0 1 1 0 0 0 1 0 0 0 1 1 0 0 0 1 0 0 0 1 1 0 0 
0 1 0 0 0 1 1 0 0 0 1 0 0 0 1 1 0 0 0 1 0 0 0 1 1 0 0 0 1 0 0 0 1 1 0 0 0 1 0 
0 0 1
##$VisuCorePosition=( 9, 3 )
-20 -13.95161 -4.46083 -20 -13.95161 -3.46083 -20 -13.95161 -2.46083 -20 
-13.95161 -1.46083 -20 -13.95161 -0.46083 -20 -13.95161 0.53917 -20 -13.95161 
1.53917 -20 -13.95161 2.53917 -20 -13.95161 3.53917
##$VisuCoreDataMin=( 171 )
0.13334835188027 0.051202091525955 0.17082753203324 0.00501603104755091 
0.0412062458642886 0.133407430234456 0.0206881966512743 0.00440537112249398 
0.0586439839765819 0.117081824788358 0.0840779393187736 0.0749366645593033 
0.00175990526435265 0.00285009597949296 0.0154141812746326 0.146272347052798 
0.00266269492930168 0.0106925614719381 0.00129648113879491 0.0403644688444088 
0.0529265319972522 0.0127039575868929 0.163415664925402 0.319969200365851 
0.0734540311656973 0.0431204109469 0.0110366536769504 0.0100617057243186 
0.145398128043765 0.112244978859188 0.0719437398162879 0.00205474176510244 
0.0116371985014397 0.00953135921128094 0.0061842221220888 0.0475093463066852 
0.0278891163515783 0.155988236478048 0.100397144248298 0.036644716841294 
0.0338450773857559 0.0149749666121898 0.000486822351553752 
0.00977511751242289 0.0681396827457773 0.0253868503675166 0.0268930596460479 
0.003609018297908 0.0276627013854991 0.0171863212478715 0.00830139593802921 
0.131990163902783 0.0120494978648017 0.0096799704233736 0.00774315169788576 
0.042855019307643 0.00675090033862309 0.00933731969912975 0.0201503045472262 
0.0323689883154415 0.0351257889099221 0.0495431488884907 0.0788747636487615 
0.00398244310283068 0.119984757798161 0.0146871304173866 0.00401303299992555 
0.0968209369328351 0.00347173311102388 0.0369273414399751 0.0387745969194589 
0.0286996833656521 0.0332418426587711 0.0103713959332945 0.0980527393750801 
0.0239237225123472 0.0177296153372529 0.165938377936284 0.114076180966248 
0.0564355120188334 0.016026362306453 0.0505851426335225 0.0119315188309129 
0.00927128364903105 0.192885374876203 0.0110938505903482 0.115303553309884 
0.0932610389186732 0.192040285882619 0.011941088438969 0.0484062651904324 
0.030385036952445 0.0868788977780826 0.00849405013000803 0.00360399053643988 
0.0104915017462268 0.0114128931287594 6.33117493931928e-05 0.0429587824440512 
0.0245129455514196 0.0173879037878662 0.0151925367325363 0.0208850018355293 
0.0424027495845572 0.0335578097070673 0.164618885648493 0.0100814543333314 
0.0184050706974322 0.0806887159134703 0.0782082738544531 0.0154706452950561 
0.123912010651621 0.0923654630193052 0.0656378394513996 0.0477743308018854 
0.00870339747034975 0.0274594721244137 0.0310750157384141 0.00124926458341048 
0.0738468519070922 0.0815945016382211 0.0140327168779688 0.0261130900278012 
0.0210102292954575 0.00659402527912293 0.0526993305055836 0.0565220357302522 
0.0131220697464871 0.00729893726168217 0.0263610789323999 0.0470452404875695 
0.0458725463864259 0.0738674494351375 0.0357113751016237 0.0540498470295446 
0.00911455940326631 0.108204183086835 0.0235865236657875 0.116263122926127 
0.00683456122529783 0.0299643509857646 0.137273757830285 0.018504729425837 
0.0857490747219777 0.135247981836542 0.025124787372057 0.0997378487423791 
0.0628853252549532 0.00298652187557867 0.00329237547542699 0.0378711216783527 
0.154492974204451 0.000265597972637553 0.248578275897906 0.0291228730600191 
0.0138424603125219 0.244408530449237 0.00300610569872478 0.0123152703566134 
0.0124039736009397 0.0486554279062875 0.0594026740908709 0.022932484193356 
0.00881322314847902 0.00661276382314199 0.130129984428517 0.144088082464599 
0.0455963180432233 0.0714431778794869 0.124444613171063 0.0730006784986098
##$VisuCoreDataMax=( 171 )
7128.58314653408 6829.62857530519 7624.76895084613 8191.625 7904.73508498523 
7447.32994385304 7610.11332984145 7515.67859555704 7311.16089858564 
6700.71918564284 6223.07102916989 7384.77453716022 6318.21364982804 
6969.35203051631 6867.3950430046 6246.15492060639 7155.62954640931 
7092.23852873499 6595.39288270459 7103.85975953461 7298.38605019823 
6469.40696308167 6570.90389245252 6248.30410241214 6537.9587683525 
7183.67108221653 6394.75578853425 6450.10287609567 6804.78134279798 
6449.49446210381 6482.34467290262 6624.3623088122 6593.57518563972 
6833.73614011041 6390.70293500038 6736.94245050306 6372.68545065266 
5900.97445792142 6725.48701905347 6323.60367475305 6933.37697799196 
6704.99369048949 6564.39470559188 6617.93345977478 8275.01158460956 
6373.18505978247 6762.92652919459 6352.27334171845 6504.71368439139 
5928.74568095435 6601.91042479183 6886.49514043836 7019.01601118175 
6905.91405353077 7322.71154963968 6182.61797070342 6273.04813154985 
7356.34805386502 6309.08438713479 5989.51928555721 6307.37694316003 
6090.36534675496 7445.60495686339 6551.32707897749 6217.31692298348 
6723.98691036026 6632.73171365289 6315.58669970304 7085.32157172125 
6252.46009407636 6350.54772754318 7197.87544776376 5921.60709990382 
6272.90627386057 6829.50861491778 6081.75919815 6521.54015250701 
6436.44319650149 7255.48545517637 5947.90366969025 7575.79339518593 
6820.37268508459 6106.43344449131 6898.11697351365 6403.73021259434 
6224.64678892403 6614.96078943164 6748.68966432667 6471.31065551865 
6294.07267496282 7309.24391425722 6887.53569507014 5892.41417498781 
6809.03335092758 6682.79073346377 6263.56771709211 6646.70509511608 
6866.03261040091 6336.05682386494 6211.59908055916 6274.15492833441 
6504.17045912105 6654.62588775925 7000.0294425 6000.99002342217 
7206.19361202736 6962.00230384036 6675.89799626663 6543.89805299267 
6648.61390861983 6165.44622300593 6284.45504444605 6450.76311239439 
6338.07747739223 5872.74201758871 6552.98210712366 6978.02353240083 
6192.98345538429 6664.11826639409 7293.20129256822 7069.93904129035 
6656.90192809444 7491.47812822134 6030.53701557738 6521.94198898958 
6998.28517881997 6110.7962992027 6408.09398667114 6754.17233451921 
6906.52524438402 6740.09284849116 6598.82023707974 6357.76850720546 
6747.48383775706 5984.10432463931 6651.090008274 6513.23383495518 
6612.45077202568 5952.33575863826 6953.08927722985 6092.11270968584 
6262.8428657348 7279.26922872326 6451.56405229968 6350.45321520281 
6526.20566845897 6557.50495116006 7302.37951874571 7619.40332918317 
6447.85704759633 6498.15703413788 7529.65361380509 6217.76838628455 
6497.90163877717 6419.10679386735 6437.91616405127 6221.90934521528 
6481.12307065831 6097.51110960551 6892.27847302373 6066.54466955977 
6541.00841976677 5842.05509516555 6232.8396326404 7175.53125190972 
6671.52313800518 6756.71626627393 6575.84637882425 6468.72400761571 
6510.19285400473 6324.11612223239
##$VisuCoreDataOffs=( 171 )
0 0 0 0 0 0 0 0 0 0 0 0 0 0 0 0 0 0 0 0 0 0 0 0 0 0 0 0 0 0 0 0 0 0 0 0 0 0 0 
0 0 0 0 0 0 0 0 0 0 0 0 0 0 0 0 0 0 0 0 0 0 0 0 0 0 0 0 0 0 0 0 0 0 0 0 0 0 0 
0 0 0 0 0 0 0 0 0 0 0 0 0 0 0 0 0 0 0 0 0 0 0 0 0 0 0 0 0 0 0 0 0 0 0 0 0 0 0 
0 0 0 0 0 0 0 0 0 0 0 0 0 0 0 0 0 0 0 0 0 0 0 0 0 0 0 0 0 0 0 0 0 0 0 0 0 0 0 
0 0 0 0 0 0 0 0 0 0 0 0 0 0 0
##$VisuCoreDataSlope=( 171 )
0.000619670770091925 0.000619670770091925 0.000619670770091925 
0.000619670770091925 0.000619670770091925 0.000619670770091925 
0.000619670770091925 0.000619670770091925 0.000619670770091925 
0.000619670770091925 0.000619670770091925 0.000619670770091925 
0.000619670770091925 0.000619670770091925 0.000619670770091925 
0.000619670770091925 0.000619670770091925 0.000619670770091925 
0.000619670770091925 0.000619670770091925 0.000619670770091925 
0.000619670770091925 0.000619670770091925 0.000619670770091925 
0.000619670770091925 0.000619670770091925 0.000619670770091925 
0.000619670770091925 0.000619670770091925 0.000619670770091925 
0.000619670770091925 0.000619670770091925 0.000619670770091925 
0.000619670770091925 0.000619670770091925 0.000619670770091925 
0.000619670770091925 0.000619670770091925 0.000619670770091925 
0.000619670770091925 0.000619670770091925 0.000619670770091925 
0.000619670770091925 0.000619670770091925 0.000619670770091925 
0.000619670770091925 0.000619670770091925 0.000619670770091925 
0.000619670770091925 0.000619670770091925 0.000619670770091925 
0.000619670770091925 0.000619670770091925 0.000619670770091925 
0.000619670770091925 0.000619670770091925 0.000619670770091925 
0.000619670770091925 0.000619670770091925 0.000619670770091925 
0.000619670770091925 0.000619670770091925 0.000619670770091925 
0.000619670770091925 0.000619670770091925 0.000619670770091925 
0.000619670770091925 0.000619670770091925 0.000619670770091925 
0.000619670770091925 0.000619670770091925 0.000619670770091925 
0.000619670770091925 0.000619670770091925 0.000619670770091925 
0.000619670770091925 0.000619670770091925 0.000619670770091925 
0.000619670770091925 0.000619670770091925 0.000619670770091925 
0.000619670770091925 0.000619670770091925 0.000619670770091925 
0.000619670770091925 0.000619670770091925 0.000619670770091925 
0.000619670770091925 0.000619670770091925 0.000619670770091925 
0.000619670770091925 0.000619670770091925 0.000619670770091925 
0.000619670770091925 0.000619670770091925 0.000619670770091925 
0.000619670770091925 0.000619670770091925 0.000619670770091925 
0.000619670770091925 0.000619670770091925 0.000619670770091925 
0.000619670770091925 0.000619670770091925 0.000619670770091925 
0.000619670770091925 0.000619670770091925 0.000619670770091925 
0.000619670770091925 0.000619670770091925 0.000619670770091925 
0.000619670770091925 0.000619670770091925 0.000619670770091925 
0.000619670770091925 0.000619670770091925 0.000619670770091925 
0.000619670770091925 0.000619670770091925 0.000619670770091925 
0.000619670770091925 0.000619670770091925 0.000619670770091925 
0.000619670770091925 0.000619670770091925 0.000619670770091925 
0.000619670770091925 0.000619670770091925 0.000619670770091925 
0.000619670770091925 0.000619670770091925 0.000619670770091925 
0.000619670770091925 0.000619670770091925 0.000619670770091925 
0.000619670770091925 0.000619670770091925 0.000619670770091925 
0.000619670770091925 0.000619670770091925 0.000619670770091925 
0.000619670770091925 0.000619670770091925 0.000619670770091925 
0.000619670770091925 0.000619670770091925 0.000619670770091925 
0.000619670770091925 0.000619670770091925 0.000619670770091925 
0.000619670770091925 0.000619670770091925 0.000619670770091925 
0.000619670770091925 0.000619670770091925 0.000619670770091925 
0.000619670770091925 0.000619670770091925 0.000619670770091925 
0.000619670770091925 0.000619670770091925 0.000619670770091925 
0.000619670770091925 0.000619670770091925 0.000619670770091925 
0.000619670770091925 0.000619670770091925 0.000619670770091925 
0.000619670770091925 0.000619670770091925 0.000619670770091925
##$VisuCoreFrameType=( 1 )
MAGNITUDE_IMAGE
##$VisuFGElemComment=( 19, 65 )
<A0 1 B 25> <Dir 1 B 514> <Dir 1 B 1015> <Dir 1 B 1516> <Dir 2 B 507> <Dir 2 
B 1010> <Dir 2 B 1512> <Dir 3 B 505> <Dir 3 B 1007> <Dir 3 B 1509> <Dir 4 B 
512> <Dir 4 B 1008> <Dir 4 B 1507> <Dir 5 B 505> <Dir 5 B 1007> <Dir 5 B 1508>
 <Dir 6 B 515> <Dir 6 B 1008> <Dir 6 B 1501>
##$VisuCoreSlicePacksDef=(0, 1)
##$VisuCoreSlicePacksSlices=( 1 )
(0, 9)
##$VisuCoreSlicePacksSliceDist=( 1 )
1
##$VisuCoreWordType=_16BIT_SGN_INT
##$VisuCoreByteOrder=littleEndian
##$VisuFGOrderDescDim=2
##$VisuFGOrderDesc=( 2 )
(9, <FG_SLICE>, <>, 0, 2) (19, <FG_DIFFUSION>, <diffusion>, 2, 2)
##$VisuGroupDepVals=( 4 )
(<VisuCoreOrientation>, 0) (<VisuCorePosition>, 0) (<VisuFGElemComment>, 0) 
(<VisuAcqDiffusionBMatrix>, 0)
##$VisuSubjectName=( 65 )
<fantome-nouille>
##$VisuSubjectId=( 65 )
<plateforme^fantome-nouille_other>
##$VisuSubjectUid=( 65 )
<2.16.756.5.5.100.1333920868.10258.1459253896.69>
##$VisuSubjectInstanceCreationDate=(1459253896, 790, 120)
##$VisuSubjectBirthDate=( 9 )
<20160329>
##$VisuSubjectSex=UNKNOWN
##$VisuSubjectComment=( 2048 )
<pate alphabet coller au piston d'une seringue 50ml dans NaCl.\
V: ventral\
D: dorsal\
R: droite\
L: gauche\
H: tete>
##$VisuSubjectType=OtherAnimal
##$VisuStudyUid=( 65 )
<2.16.756.5.5.100.1333920868.10495.1468835946.106>
##$VisuStudyDate=<2016-07-18T11:59:06,071+0200>
##$VisuStudyId=( 65 )
<plateforme^18062016>
##$VisuStudyNumber=7
##$VisuSubjectWeight=0.001
##$VisuStudyReferringPhysician=( 65 )
<po>
##$VisuStudyDescription=( 2048 )
<\
>
##$VisuExperimentNumber=15
##$VisuProcessingNumber=1
##$VisuSeriesDate=<2016-07-18T13:50:37,009+0200>
##$VisuSubjectPosition=Head_Prone
##$VisuSeriesTypeId=( 65 )
<ACQ_BRUKER_PVM>
##$VisuSeriesComment=( 65 )
<DTI_EPI_30dir_sat_7bvalues_100x100x500>
##$VisuManufacturer=( 65 )
<Bruker BioSpin MRI GmbH>
##$VisuAcqSoftwareVersion=( 65 )
<6.0.1>
##$VisuInstitution=( 65 )
<ICUBE Strasbourg>
##$VisuStation=( 65 )
<Biospec >
##$VisuSystemOrderNumber=( 65 )
<10112043>
##$VisuAcqDate=<2016-07-18T13:42:38,671+0200>
##$VisuAcqEchoTrainLength=25
##$VisuAcqSequenceName=( 40 )
<Bruker:DtiEpi>
##$VisuAcqNumberOfAverages=2
##$VisuAcqImagingFrequency=300.332479961008
##$VisuAcqImagedNucleus=( 8 )
<1H>
##$VisuAcqRepetitionTime=( 1 )
3000
##$VisuAcqPhaseEncSteps=100
##$VisuAcqPixelBandwidth=2469.13580246914
##$VisuAcqFlipAngle=90
##$VisuAcqSize=( 2 )
162 100
##$VisuAcqImageSizeAccellerated=Yes
##$VisuAcqGradEncoding=( 2 )
read_enc phase_enc
##$VisuAcqEchoTime=( 1 )
24.2
##$VisuAcquisitionProtocol=( 65 )
<DTI_EPI_30dir_sat>
##$VisuAcqScanTime=456000
##$VisuAcqAntiAlias=( 2 )
1 1
##$VisuAcqEchoSequenceType=Both
##$VisuAcqSpinsVelocityEncoded=No
##$VisuAcqHasTimeOfFlightContrast=No
##$VisuAcqIsEpiSequence=Yes
##$VisuAcqSpectralSuppression=FatSuppression
##$VisuAcqKSpaceTraversal=RectilinearTraversal
##$VisuAcqEncodingOrder=( 2 )
LinearEncoding LinearEncoding
##$VisuAcqKSpaceTrajectoryCnt=1
##$VisuAcqKSpaceFiltering=( 2 )
NO_WDW NO_WDW
##$VisuAcqFlowCompensation=FlowNone
##$VisuAcqSpoiling=GradientSpoiled
##$VisuAcqPartialFourier=( 2 )
1 1.6
##$VisuAcqParallelReductionFactor=( 2 )
1 1
##$VisuAcqMagnetizationTransfer=No
##$VisuAcqBloodSignalNulling=No
##$VisuAcqDiffusionBMatrix=( 19, 9 )
7.69121823034986 7.69121823034986 -8.70292359630157 7.69121823034986 
7.69121823034986 -8.70292359630157 -8.70292359630157 -8.70292359630157 
9.95566179939529 44.439474272473 -24.6744706447296 -142.247899029571 
-24.6744706447296 14.288702481556 79.2113873711566 -142.247899029571 
79.2113873711566 455.52280361421 88.878948544946 -42.2385516951334 
-283.671057529005 -42.2385516951334 20.121029779012 134.876428178627 
-283.671057529005 134.876428178627 905.576950043969 133.318422817419 
-60.6690655175443 -424.958525869338 -60.6690655175443 27.6086037697347 
193.385400932281 -424.958525869338 193.385400932281 1354.77102333134 
191.07337625465 -100.793061729973 223.98140913188 -100.793061729973 
53.1693189916868 -118.152368684313 223.98140913188 -118.152368684313 
262.753527887086 382.1467525093 -201.586123459945 446.252673125296 
-201.586123459945 106.338637983374 -235.4026191987 446.252673125296 
-235.4026191987 521.30892407788 573.22012876395 -302.379185189918 
668.242576063391 -302.379185189918 159.50795697506 -352.504449023751 
668.242576063391 -352.504449023751 779.213279906086 117.229951479294 
169.336012012126 129.555840681693 169.336012012126 244.602037297915 
187.1404800316 129.555840681693 187.1404800316 143.37413626119 
234.459902958588 338.672024024252 257.772152197829 338.672024024252 
489.204074595829 372.346040496938 257.772152197829 372.346040496938 
283.598756012175 351.689854437882 508.008036036379 385.768078127283 
508.008036036379 733.806111893743 557.233258969612 385.768078127283 
557.233258969612 423.344858462357 479.651615934232 68.7378952703874 
-98.5191726925136 68.7378952703874 11.2046253145409 -14.879898701547 
-98.5191726925136 -14.879898701547 20.7702084031484 959.303231868464 
114.115841175495 -180.813583694243 114.115841175495 14.1818663533979 
-21.7426198193277 -180.813583694243 -21.7426198193277 34.276946497102 
1438.9548478027 155.650499246227 -269.419818259953 155.650499246227 
17.070894853477 -29.2880327928545 -269.419818259953 -29.2880327928545 
50.6407055369702 41.0141467677049 117.014245258279 -72.99459572112 
117.014245258279 333.844165305086 -208.255155827493 -72.99459572112 
-208.255155827493 130.107968348475 82.0282935354098 234.028490516558 
-145.196873078258 234.028490516558 667.688330610171 -414.249810275042 
-145.196873078258 -414.249810275042 257.206917910599 123.042440303115 
351.042735774837 -217.268794522305 351.042735774837 1001.53249591526 
-619.872556491228 -217.268794522305 -619.872556491228 383.850465512814 
126.591638842273 -211.890056144143 -62.9680132746424 -211.890056144143 
354.663201324915 105.396343629558 -62.9680132746424 105.396343629558 
33.3828567737396 253.183277684546 -423.780112288285 -106.739447354457 
-423.780112288285 709.326402649829 178.661305751088 -106.739447354457 
178.661305751088 45.4852967602603 379.774916526819 -635.670168432428 
-147.352570680791 -635.670168432428 1063.98960397474 246.639863106903 
-147.352570680791 246.639863106903 57.279508859181
##$VisuCardiacSynchUsed=No
##$VisuRespSynchUsed=No
##END=
$$ File finished by PARX at 2016-07-18 13:50:38.123 +0200
