##TITLE=Parameter List, ParaVision 6.0.1
##JCAMPDX=4.24
##DATATYPE=Parameter Values
##ORIGIN=Bruker BioSpin MRI GmbH
##OWNER=po
$$ 2016-07-18 18:17:04.470 +0200  po@var.u-strasbg.fr
$$ /opt/PV6.0.1/data/po/20160718_115906_plateforme_fantome_nouille_other_1_7/30/pdata/1/visu_pars
$$ process /opt/PV6.0.1/prog/bin/parxserver
##$VisuVersion=3
##$VisuUid=( 65 )
<2.16.756.5.5.100.1333920868.4588.1468858624.1>
##$VisuCreator=( 65 )
<ParaVision>
##$VisuCreatorVersion=( 65 )
<6.0.1>
##$VisuCreationDate=<2016-07-18T18:17:04,468+0200>
##$VisuInstanceModality=( 65 )
<MR>
$$ @vis= VisuVersion VisuUid VisuCreator VisuCreatorVersion VisuCreationDate
##$VisuCoreFrameCount=6
##$VisuCoreDim=2
##$VisuCoreSize=( 2 )
192 160
$$ @vis= VisuInstanceModality VisuInstance VisuCoreFrameCount VisuCoreDim
##$VisuCoreDimDesc=( 2 )
spatial spatial
##$VisuCoreExtent=( 2 )
40 35
##$VisuCoreFrameThickness=( 1 )
1
##$VisuCoreUnits=( 2, 65 )
<mm> <mm>
$$ @vis= VisuCoreSize VisuCoreDimDesc VisuCoreExtent VisuCoreFrameThickness
##$VisuCoreOrientation=( 1, 9 )
1 0 0 0 1 0 0 0 1
##$VisuCorePosition=( 1, 3 )
-19.354839 -13.95161 -0.46083
##$VisuCoreDataMin=( 6 )
0.689606288916724 0.84687931658299 1.19613642694806 1.44649929962851 
0.951735248131126 0.751077820798773
##$VisuCoreDataMax=( 6 )
8191.625 8225.98446784863 6368.31658897369 6589.18377766167 2734.0607800915 
2647.78945966611
$$ @vis= VisuCoreUnits VisuCoreOrientation VisuCorePosition VisuCoreDataMin
##$VisuCoreDataOffs=( 6 )
0 0 0 0 0 0
##$VisuCoreDataSlope=( 6 )
0.00376123116011317 0.00376123116011317 0.00376123116011317 
0.00376123116011317 0.00376123116011317 0.00376123116011317
##$VisuCoreFrameType=( 1 )
MAGNITUDE_IMAGE
##$VisuFGElemComment=( 2, 65 )
<Selective Inversion> <Non-selective Inversion>
$$ @vis= VisuCoreDataMax VisuCoreDataOffs VisuCoreDataSlope VisuCoreFrameType
##$VisuCoreWordType=_16BIT_SGN_INT
##$VisuCoreByteOrder=littleEndian
$$ @vis= VisuFGElemComment VisuCore VisuCoreWordType VisuCoreByteOrder
##$VisuFGOrderDescDim=2
##$VisuFGOrderDesc=( 2 )
(2, <FG_IRMODE>, <Inversion Mode>, 0, 1) (3, <FG_MOVIE>, <Inversion>, 1, 1)
##$VisuGroupDepVals=( 2 )
(<VisuFGElemComment>, 0) (<VisuAcqInversionTime>, 0)
$$ @vis= VisuPixel VisuFGOrderDescDim VisuFGOrderDesc VisuGroupDepVals
##$VisuSubjectName=( 65 )
<fantome-nouille>
##$VisuSubjectId=( 65 )
<plateforme^fantome-nouille_other>
##$VisuSubjectUid=( 65 )
<2.16.756.5.5.100.1333920868.10258.1459253896.69>
##$VisuSubjectInstanceCreationDate=(1459253896, 790, 120)
$$ @vis= VisuFrameOrderDesc VisuSubjectName VisuSubjectId VisuSubjectUid
##$VisuSubjectBirthDate=( 9 )
<20160329>
##$VisuSubjectSex=UNKNOWN
##$VisuSubjectComment=( 2048 )
<pate alphabet coller au piston d'une seringue 50ml dans NaCl.\
V: ventral\
D: dorsal\
R: droite\
L: gauche\
H: tete>
$$ @vis= VisuSubjectInstanceCreationDate VisuSubjectBirthDate VisuSubjectSex
##$VisuSubjectType=OtherAnimal
##$VisuStudyUid=( 65 )
<2.16.756.5.5.100.1333920868.10495.1468835946.106>
##$VisuStudyDate=<2016-07-18T11:59:06,071+0200>
$$ @vis= VisuSubjectComment VisuSubjectType VisuSubject VisuStudyUid
##$VisuStudyId=( 65 )
<plateforme^18062016>
##$VisuStudyNumber=7
##$VisuSubjectWeight=0.001
##$VisuStudyReferringPhysician=( 65 )
<po>
$$ @vis= VisuStudyDate VisuStudyId VisuStudyNumber VisuSubjectWeight
##$VisuStudyDescription=( 2048 )
<\
>
##$VisuExperimentNumber=30
$$ @vis= VisuStudyReferringPhysician VisuStudyDescription VisuStudy
##$VisuProcessingNumber=1
##$VisuSeriesDate=<2016-07-18T18:17:04,468+0200>
##$VisuSubjectPosition=Head_Prone
$$ @vis= VisuExperimentNumber VisuProcessingNumber VisuSeriesDate
##$VisuSeriesTypeId=( 65 )
<ACQ_BRUKER_PVM>
##$VisuSeriesComment=( 65 )
<IR_RARE>
$$ @vis= VisuSubjectPosition VisuSeriesTypeId VisuSeriesComment VisuSeries
##$VisuManufacturer=( 65 )
<Bruker BioSpin MRI GmbH>
##$VisuAcqSoftwareVersion=( 65 )
<6.0.1>
$$ @vis= VisuCoilReceive VisuCoilTransmit VisuContrastAgent VisuManufacturer
##$VisuInstitution=( 65 )
<ICUBE Strasbourg>
##$VisuStation=( 65 )
<Biospec >
##$VisuSystemOrderNumber=( 65 )
<10112043>
$$ @vis= VisuAcqSoftwareVersion VisuInstitution VisuStation
##$VisuAcqDate=<2016-07-18T18:11:29,974+0200>
##$VisuAcqEchoTrainLength=11
$$ @vis= VisuSystemOrderNumber VisuEquipment VisuAcqDate
##$VisuAcqSequenceName=( 40 )
<Bruker:FAIR_RARE>
##$VisuAcqNumberOfAverages=1
##$VisuAcqImagingFrequency=300.33249436701
$$ @vis= VisuAcqEchoTrainLength VisuAcqSequenceName VisuAcqNumberOfAverages
##$VisuAcqImagedNucleus=( 8 )
<1H>
##$VisuAcqRepetitionTime=( 6 )
5085.26127466763 5085.26127466763 5370.46127466763 5370.46127466763 
6070.46127466763 6070.46127466763
##$VisuAcqInversionTime=( 3 )
14.8 300 1000
$$ @vis= VisuAcqImagingFrequency VisuAcqImagedNucleus VisuAcqRepetitionTime
##$VisuAcqPhaseEncSteps=110
##$VisuAcqPixelBandwidth=310.019841269841
##$VisuAcqFlipAngle=90
$$ @vis= VisuAcqInversionTime VisuAcqPhaseEncSteps VisuAcqPixelBandwidth
##$VisuAcqSize=( 2 )
192 110
##$VisuAcqImageSizeAccellerated=Yes
##$VisuAcqGradEncoding=( 2 )
read_enc phase_enc
$$ @vis= VisuAcqFlipAngle VisuAcqSize VisuAcqImageSizeAccellerated
##$VisuAcqEchoTime=( 1 )
20.7
##$VisuAcquisitionProtocol=( 65 )
<Perfusion_FAIR_RARE>
##$VisuAcqScanTime=330523.676480058
$$ @vis= VisuAcqGradEncoding VisuAcqEchoTime VisuAcquisitionProtocol
##$VisuAcqAntiAlias=( 2 )
1 1
##$VisuAcqEchoSequenceType=Both
##$VisuAcqSpinsVelocityEncoded=No
$$ @vis= VisuAcqScanTime VisuAcqAntiAlias VisuAcqEchoSequenceType
##$VisuAcqHasTimeOfFlightContrast=No
##$VisuAcqIsEpiSequence=No
$$ @vis= VisuAcqSpinsVelocityEncoded VisuAcqHasTimeOfFlightContrast
##$VisuAcqSpectralSuppression=NoSuppression
##$VisuAcqKSpaceTraversal=RectilinearTraversal
$$ @vis= VisuAcqIsEpiSequence VisuAcqSpectralSuppression
##$VisuAcqEncodingOrder=( 2 )
LinearEncoding LinearEncoding
##$VisuAcqKSpaceTrajectoryCnt=1
$$ @vis= VisuAcqKSpaceTraversal VisuAcqEncodingOrder
##$VisuAcqKSpaceFiltering=( 2 )
NO_WDW NO_WDW
##$VisuAcqFlowCompensation=FlowNone
$$ @vis= VisuAcqKSpaceTrajectoryCnt VisuAcqKSpaceFiltering
##$VisuAcqSpoiling=GradientSpoiled
##$VisuAcqPartialFourier=( 2 )
1 1.4
##$VisuAcqParallelReductionFactor=( 2 )
1 1
$$ @vis= VisuAcqFlowCompensation VisuAcqSpoiling VisuAcqPartialFourier
##$VisuAcqMagnetizationTransfer=No
##$VisuAcqBloodSignalNulling=No
$$ @vis= VisuAcqParallelReductionFactor VisuAcqMagnetizationTransfer
##$VisuCardiacSynchUsed=No
##$VisuRespSynchUsed=No
$$ @vis= VisuAcqBloodSignalNulling VisuCardiacSynchUsed VisuRespSynchUsed
$$ @vis= VisuAcquisition VisuMpi VisuDepricated Visu
##END=
$$ File finished by PARX at 2016-07-18 18:17:04.471 +0200
