##TITLE=Parameter List, ParaVision 6.0.1
##JCAMPDX=4.24
##DATATYPE=Parameter Values
##ORIGIN=Bruker BioSpin MRI GmbH
##OWNER=po
$$ 2016-07-18 17:14:12.284 +0200  po@var.u-strasbg.fr
$$ /opt/PV6.0.1/data/po/20160718_115906_plateforme_fantome_nouille_other_1_7/27/pdata/1/reco
$$ process /opt/PV6.0.1/prog/bin/parxserver
##$RECO_mode=USER_MODE
##$RecoAutoDerive=No
##$RecoDim=2
##$RecoObjectsPerRepetition=171
##$RecoObjectsPerSetupStep=171
$$ @vis= RECO_mode RecoAutoDerive RecoDim RecoObjectsPerRepetition
##$RecoNumRepetitions=1
##$RECO_inp_order=NO_REORDERING
##$RECO_inp_size=( 2 )
200 75
$$ @vis= RecoObjectsPerSetupStep RecoNumRepetitions RECO_inp_order
##$RECO_ft_size=( 2 )
200 100
##$RECO_fov=( 2 )
4 3.5
##$RECO_size=( 2 )
200 100
##$RECO_offset=( 2, 171 )
0 0 0 0 0 0 0 0 0 0 0 0 0 0 0 0 0 0 0 0 0 0 0 0 0 0 0 0 0 0 0 0 0 0 0 0 0 0 0 
0 0 0 0 0 0 0 0 0 0 0 0 0 0 0 0 0 0 0 0 0 0 0 0 0 0 0 0 0 0 0 0 0 0 0 0 0 0 0 
0 0 0 0 0 0 0 0 0 0 0 0 0 0 0 0 0 0 0 0 0 0 0 0 0 0 0 0 0 0 0 0 0 0 0 0 0 0 0 
0 0 0 0 0 0 0 0 0 0 0 0 0 0 0 0 0 0 0 0 0 0 0 0 0 0 0 0 0 0 0 0 0 0 0 0 0 0 0 
0 0 0 0 0 0 0 0 0 0 0 0 0 0 0 0 0 0 0 0 0 0 0 0 0 0 0 0 0 0 0 0 0 0 0 0 0 0 0 
0 0 0 0 0 0 0 0 0 0 0 0 0 0 0 0 0 0 0 0 0 0 0 0 0 0 0 0 0 0 0 0 0 0 0 0 0 0 0 
0 0 0 0 0 0 0 0 0 0 0 0 0 0 0 0 0 0 0 0 0 0 0 0 0 0 0 0 0 0 0 0 0 0 0 0 0 0 0 
0 0 0 0 0 0 0 0 0 0 0 0 0 0 0 0 0 0 0 0 0 0 0 0 0 0 0 0 0 0 0 0 0 0 0 0 0 0 0 
0 0 0 0 0 0 0 0 0 0 0 0 0 0 0 0 0 0 0 0 0 0 0 0 0 0 0 0 0 0
##$RECO_regrid_mode=NO_REGRID
##$RECO_regrid_offset=0
##$RECO_ramp_gap=0
##$RECO_ramp_time=0
##$RECO_ne_mode=NO_NAV_DATA
##$RECO_ne_dist=NeNoInterleave
##$RECO_ne_dens=NeCorrPerScan
##$RECO_ne_type=NAV_PHASE
##$RECO_bc_mode=( 2 )
NO_BC NO_BC
##$RECO_bc_start=( 2 )
150 57
##$RECO_bc_len=( 2 )
50 18
##$RECO_dc_offset=( 2 )
0 0
##$RECO_dc_divisor=1
##$RECO_bc_coroff=( 2 )
0 0
##$RECO_qopts=( 2 )
COMPLEX_CONJUGATE NO_QOPTS
##$RECO_wdw_mode=( 2 )
NO_WDW NO_WDW
$$ @vis= RECO_inp_size RECO_ft_size RECO_fov RECO_size RECO_ne_mode
##$RECO_lb=( 2 )
-0.5 -0.5
##$RECO_sw=( 2 )
34722.2222222222 1
##$RECO_gb=( 2 )
0.5 0.5
##$RECO_sbs=( 2 )
1 1
##$RECO_tm1=( 2 )
0.25 0.25
##$RECO_tm2=( 2 )
0.75 0.75
##$RECO_ft_mode=( 2 )
COMPLEX_FT COMPLEX_FT
##$RECO_pc_mode=( 2 )
FIRST_ORDER_PC FIRST_ORDER_PC
##$RECO_pc_lin=( 2 )
(0, 180) (0, 180)
##$RECO_rotate=( 2, 171 )
0.5 0.5 0.5 0.5 0.5 0.5 0.5 0.5 0.5 0.5 0.5 0.5 0.5 0.5 0.5 0.5 0.5 0.5 0.5 
0.5 0.5 0.5 0.5 0.5 0.5 0.5 0.5 0.5 0.5 0.5 0.5 0.5 0.5 0.5 0.5 0.5 0.5 0.5 
0.5 0.5 0.5 0.5 0.5 0.5 0.5 0.5 0.5 0.5 0.5 0.5 0.5 0.5 0.5 0.5 0.5 0.5 0.5 
0.5 0.5 0.5 0.5 0.5 0.5 0.5 0.5 0.5 0.5 0.5 0.5 0.5 0.5 0.5 0.5 0.5 0.5 0.5 
0.5 0.5 0.5 0.5 0.5 0.5 0.5 0.5 0.5 0.5 0.5 0.5 0.5 0.5 0.5 0.5 0.5 0.5 0.5 
0.5 0.5 0.5 0.5 0.5 0.5 0.5 0.5 0.5 0.5 0.5 0.5 0.5 0.5 0.5 0.5 0.5 0.5 0.5 
0.5 0.5 0.5 0.5 0.5 0.5 0.5 0.5 0.5 0.5 0.5 0.5 0.5 0.5 0.5 0.5 0.5 0.5 0.5 
0.5 0.5 0.5 0.5 0.5 0.5 0.5 0.5 0.5 0.5 0.5 0.5 0.5 0.5 0.5 0.5 0.5 0.5 0.5 
0.5 0.5 0.5 0.5 0.5 0.5 0.5 0.5 0.5 0.5 0.5 0.5 0.5 0.5 0.5 0.5 0.5 0.5 0.5 
0.481568114285714 0.481568114285714 0.481568114285714 0.481568114285714 
0.481568114285714 0.481568114285714 0.481568114285714 0.481568114285714 
0.481568114285714 0.481568114285714 0.481568114285714 0.481568114285714 
0.481568114285714 0.481568114285714 0.481568114285714 0.481568114285714 
0.481568114285714 0.481568114285714 0.481568114285714 0.481568114285714 
0.481568114285714 0.481568114285714 0.481568114285714 0.481568114285714 
0.481568114285714 0.481568114285714 0.481568114285714 0.481568114285714 
0.481568114285714 0.481568114285714 0.481568114285714 0.481568114285714 
0.481568114285714 0.481568114285714 0.481568114285714 0.481568114285714 
0.481568114285714 0.481568114285714 0.481568114285714 0.481568114285714 
0.481568114285714 0.481568114285714 0.481568114285714 0.481568114285714 
0.481568114285714 0.481568114285714 0.481568114285714 0.481568114285714 
0.481568114285714 0.481568114285714 0.481568114285714 0.481568114285714 
0.481568114285714 0.481568114285714 0.481568114285714 0.481568114285714 
0.481568114285714 0.481568114285714 0.481568114285714 0.481568114285714 
0.481568114285714 0.481568114285714 0.481568114285714 0.481568114285714 
0.481568114285714 0.481568114285714 0.481568114285714 0.481568114285714 
0.481568114285714 0.481568114285714 0.481568114285714 0.481568114285714 
0.481568114285714 0.481568114285714 0.481568114285714 0.481568114285714 
0.481568114285714 0.481568114285714 0.481568114285714 0.481568114285714 
0.481568114285714 0.481568114285714 0.481568114285714 0.481568114285714 
0.481568114285714 0.481568114285714 0.481568114285714 0.481568114285714 
0.481568114285714 0.481568114285714 0.481568114285714 0.481568114285714 
0.481568114285714 0.481568114285714 0.481568114285714 0.481568114285714 
0.481568114285714 0.481568114285714 0.481568114285714 0.481568114285714 
0.481568114285714 0.481568114285714 0.481568114285714 0.481568114285714 
0.481568114285714 0.481568114285714 0.481568114285714 0.481568114285714 
0.481568114285714 0.481568114285714 0.481568114285714 0.481568114285714 
0.481568114285714 0.481568114285714 0.481568114285714 0.481568114285714 
0.481568114285714 0.481568114285714 0.481568114285714 0.481568114285714 
0.481568114285714 0.481568114285714 0.481568114285714 0.481568114285714 
0.481568114285714 0.481568114285714 0.481568114285714 0.481568114285714 
0.481568114285714 0.481568114285714 0.481568114285714 0.481568114285714 
0.481568114285714 0.481568114285714 0.481568114285714 0.481568114285714 
0.481568114285714 0.481568114285714 0.481568114285714 0.481568114285714 
0.481568114285714 0.481568114285714 0.481568114285714 0.481568114285714 
0.481568114285714 0.481568114285714 0.481568114285714 0.481568114285714 
0.481568114285714 0.481568114285714 0.481568114285714 0.481568114285714 
0.481568114285714 0.481568114285714 0.481568114285714 0.481568114285714 
0.481568114285714 0.481568114285714 0.481568114285714 0.481568114285714 
0.481568114285714 0.481568114285714 0.481568114285714 0.481568114285714 
0.481568114285714 0.481568114285714 0.481568114285714 0.481568114285714 
0.481568114285714 0.481568114285714 0.481568114285714
##$RECO_ppc_mode=NO_PPC
##$RECO_ref_image=0
##$RECO_nr_supports=0.4
##$RECO_sig_threshold=0.15
##$RECO_ppc_degree=1
##$RECO_ppc_coeffs=( 171, 2, 2 )
0 0 0 0 0 0 0 0 0 0 0 0 0 0 0 0 0 0 0 0 0 0 0 0 0 0 0 0 0 0 0 0 0 0 0 0 0 0 0 
0 0 0 0 0 0 0 0 0 0 0 0 0 0 0 0 0 0 0 0 0 0 0 0 0 0 0 0 0 0 0 0 0 0 0 0 0 0 0 
0 0 0 0 0 0 0 0 0 0 0 0 0 0 0 0 0 0 0 0 0 0 0 0 0 0 0 0 0 0 0 0 0 0 0 0 0 0 0 
0 0 0 0 0 0 0 0 0 0 0 0 0 0 0 0 0 0 0 0 0 0 0 0 0 0 0 0 0 0 0 0 0 0 0 0 0 0 0 
0 0 0 0 0 0 0 0 0 0 0 0 0 0 0 0 0 0 0 0 0 0 0 0 0 0 0 0 0 0 0 0 0 0 0 0 0 0 0 
0 0 0 0 0 0 0 0 0 0 0 0 0 0 0 0 0 0 0 0 0 0 0 0 0 0 0 0 0 0 0 0 0 0 0 0 0 0 0 
0 0 0 0 0 0 0 0 0 0 0 0 0 0 0 0 0 0 0 0 0 0 0 0 0 0 0 0 0 0 0 0 0 0 0 0 0 0 0 
0 0 0 0 0 0 0 0 0 0 0 0 0 0 0 0 0 0 0 0 0 0 0 0 0 0 0 0 0 0 0 0 0 0 0 0 0 0 0 
0 0 0 0 0 0 0 0 0 0 0 0 0 0 0 0 0 0 0 0 0 0 0 0 0 0 0 0 0 0 0 0 0 0 0 0 0 0 0 
0 0 0 0 0 0 0 0 0 0 0 0 0 0 0 0 0 0 0 0 0 0 0 0 0 0 0 0 0 0 0 0 0 0 0 0 0 0 0 
0 0 0 0 0 0 0 0 0 0 0 0 0 0 0 0 0 0 0 0 0 0 0 0 0 0 0 0 0 0 0 0 0 0 0 0 0 0 0 
0 0 0 0 0 0 0 0 0 0 0 0 0 0 0 0 0 0 0 0 0 0 0 0 0 0 0 0 0 0 0 0 0 0 0 0 0 0 0 
0 0 0 0 0 0 0 0 0 0 0 0 0 0 0 0 0 0 0 0 0 0 0 0 0 0 0 0 0 0 0 0 0 0 0 0 0 0 0 
0 0 0 0 0 0 0 0 0 0 0 0 0 0 0 0 0 0 0 0 0 0 0 0 0 0 0 0 0 0 0 0 0 0 0 0 0 0 0 
0 0 0 0 0 0 0 0 0 0 0 0 0 0 0 0 0 0 0 0 0 0 0 0 0 0 0 0 0 0 0 0 0 0 0 0 0 0 0 
0 0 0 0 0 0 0 0 0 0 0 0 0 0 0 0 0 0 0 0 0 0 0 0 0 0 0 0 0 0 0 0 0 0 0 0 0 0 0 
0 0 0 0 0 0 0 0 0 0 0 0 0 0 0 0 0 0 0 0 0 0 0 0 0 0 0 0 0 0 0 0 0 0 0 0 0 0 0 
0 0 0 0 0 0 0 0 0 0 0 0 0 0 0 0 0 0 0 0 0
##$RECO_dc_elim=Yes
##$RECO_transposition=( 171 )
1 1 1 1 1 1 1 1 1 1 1 1 1 1 1 1 1 1 1 1 1 1 1 1 1 1 1 1 1 1 1 1 1 1 1 1 1 1 1 
1 1 1 1 1 1 1 1 1 1 1 1 1 1 1 1 1 1 1 1 1 1 1 1 1 1 1 1 1 1 1 1 1 1 1 1 1 1 1 
1 1 1 1 1 1 1 1 1 1 1 1 1 1 1 1 1 1 1 1 1 1 1 1 1 1 1 1 1 1 1 1 1 1 1 1 1 1 1 
1 1 1 1 1 1 1 1 1 1 1 1 1 1 1 1 1 1 1 1 1 1 1 1 1 1 1 1 1 1 1 1 1 1 1 1 1 1 1 
1 1 1 1 1 1 1 1 1 1 1 1 1 1 1
$$ @vis= RECO_wdw_mode RECO_ft_mode RECO_pc_mode RECO_pc_lin RECO_rotate
##$RECO_image_type=MAGNITUDE_IMAGE
##$RECO_image_threshold=0.15
##$RECO_ir_scale=10
##$RECO_wordtype=_16BIT_SGN_INT
##$RECO_map_mode=ABSOLUTE_MAPPING
##$RECO_map_range=( 2 )
-2147483647 2147483647
##$RECO_map_percentile=( 2 )
1 99.99
##$RECO_map_error=0.0025
##$RECO_globex=( 171 )
0 0 0 0 0 0 0 0 0 0 0 0 0 0 0 0 0 0 0 0 0 0 0 0 0 0 0 0 0 0 0 0 0 0 0 0 0 0 0 
0 0 0 0 0 0 0 0 0 0 0 0 0 0 0 0 0 0 0 0 0 0 0 0 0 0 0 0 0 0 0 0 0 0 0 0 0 0 0 
0 0 0 0 0 0 0 0 0 0 0 0 0 0 0 0 0 0 0 0 0 0 0 0 0 0 0 0 0 0 0 0 0 0 0 0 0 0 0 
0 0 0 0 0 0 0 0 0 0 0 0 0 0 0 0 0 0 0 0 0 0 0 0 0 0 0 0 0 0 0 0 0 0 0 0 0 0 0 
0 0 0 0 0 0 0 0 0 0 0 0 0 0 0
##$RECO_minima=( 171 )
6.98819419401004 18.8039452937315 6.0167151221727 9.63052696969191 
17.8292989329629 14.3487322449542 8.39053392415638 5.3717419392801 
9.92905161568821 5.97469194960596 6.75257401042649 4.62238543419911 
4.94349211674841 10.6677932404399 16.6491468146618 9.70066183952494 
8.29428659446685 13.8863389131012 12.429604885749 4.09858562269416 
4.14103549233949 3.52912810641552 4.94808748292305 4.55981310873104 
4.93774281289623 5.70510231292074 14.1708117532175 8.23972940377263 
6.25506978414542 3.60593523742961 5.61275016761304 2.24135427685524 
2.46833998512942 4.35572334270884 4.29001398577648 7.74068109547853 
8.72171144630991 12.4111021917305 9.24279241551233 9.97147350532211 
17.3621457126606 6.98938042448732 6.57751641464247 11.2689234966863 
6.84088902018158 3.19863396474696 6.2185161771563 7.15077294265482 
7.08230156673418 7.01243463509558 10.3384165709014 3.77920211081882 
5.27160466663389 1.76949661533284 3.6713713134416 5.43395326833773 
8.77230095518604 3.01499950494386 7.18973248943916 5.27055658779508 
3.23117119192393 4.04052632627163 5.49170126401132 26.4793090943417 
5.33054778501379 9.98385143487778 14.2527334799816 3.0007166107046 
21.0755551932099 7.66377099172006 15.2296495025474 5.17036331205153 
11.9448341111626 12.6328027521977 5.74777010186564 14.3827592996185 
3.09772400700685 20.5793380953165 3.49315302801587 8.73522616534725 
0.614302523912842 6.53495308456323 8.35636750359959 9.66171719119684 
3.56543444629348 2.795708540757 7.54486303864562 2.2368452648406 
5.08455291969684 7.07479879654108 6.06102261902904 13.2823762871507 
7.20196305859352 4.64010675564438 8.81073476991636 5.56992483648073 
10.6658017816079 5.73257862304969 4.28243102246413 3.81997292970968 
6.9706403726184 10.6097616168753 3.57223876248243 9.15180038543926 
4.00329392266639 3.84429645046865 3.04686001522985 2.37486480889019 
1.09246202499404 5.12493001638719 1.47909348296828 6.53406308071325 
1.08308600476638 4.44157242037352 2.33633466802722 4.53737920501867 
4.38578976771982 14.3640515129487 15.1365988253619 8.08093604015446 
9.74795389798557 14.2297822509682 5.50819949749838 4.83879278580335 
27.4051837693731 10.9986736128046 6.17749172703119 3.64392357115774 
6.17936308005847 9.0297568919036 1.03656634213576 16.7064794646554 
9.00664539072094 18.5055740404917 8.05213208956042 5.86563656919326 
4.13086975843924 11.1207636962794 4.90362516217025 2.75021249515139 
3.21261139034257 2.76460465489609 4.13614167996821 8.67379439046665 
10.1261212852939 5.32502693723132 27.6674703067713 18.0434826748398 
4.48909267963095 18.9241453358205 9.19039600243307 11.001118789056 
19.4026216039759 14.4449534919434 15.6648032764473 7.50129366477019 
24.600558369495 3.11982149842977 11.1822254075333 3.7557115654324 
16.6005504291171 8.72458467216182 15.4078573758191 6.49863787296706 
5.18992280915658 8.30658188641721 8.23444753281062 10.0930864219606 
0.198742866644482 3.51820340689922 8.55248726798654
##$RECO_maxima=( 171 )
27679.2799026164 26084.3859672284 26308.5545542689 32766.5 29990.3102334371 
26627.4774775185 26908.6832147964 26228.1191578405 26853.1981221169 
22657.2160630865 22821.2089005677 23099.0145077152 27187.7165728561 
25526.269923297 23590.4997125386 22779.1349415603 23172.1458977938 
23964.6112050136 12505.6840616393 12411.985842275 12500.9482519363 
13201.0262667708 13419.1327226018 12852.419415374 13022.8875112923 
12756.0346306144 13144.9486656365 5827.94089669692 5810.32438118277 
6072.03848877838 6322.39741051784 6157.02265414862 6281.04139221378 
6141.61809833604 6134.53474988989 6328.12368514108 24412.0234069906 
23655.6036083869 24184.2100490775 26289.4656910275 25157.9898114181 
24365.7525348353 23954.868489329 23542.1819287078 24133.1847298824 
13515.2347481314 13170.0095228311 13578.6677018306 13762.827354007 
13654.3284053728 13411.1025469879 13391.3303881924 13330.8466733567 
13487.3459302521 6560.01330294515 6464.05706981818 6502.26189086476 
6701.34914784649 6939.25403604845 6396.47812972199 6718.45723244894 
6375.42704924481 6485.90994702081 24438.6422907926 24002.5482564374 
24252.6674375695 25852.5553102097 25024.7838982505 24068.7906159838 
24123.4160088689 23614.2260813195 24368.4858318432 14348.4962419439 
13377.0271244498 13918.2255812116 13581.9697555512 14357.2649956054 
13870.9435386159 13636.917676102 13755.533367199 13871.5154953922 
6980.80227664982 6906.80927317615 6830.89955965954 6827.52045839664 
6987.30531928657 7067.96019719927 7041.45917286583 6731.20226025591 
7238.77524927872 23371.454102753 22766.7470994307 23145.8450616687 
29562.9486701377 26507.7219242738 23723.9678132461 23395.3048645991 
23049.3236970244 23665.1909704134 12499.5442329695 12334.3196139186 
12719.7401062078 16813.6231399745 14224.4865002887 12844.5800602868 
12906.7263732063 12573.7407398554 13102.8991383833 5865.05489399675 
5859.53366288681 5905.46039513316 7510.00082305712 6310.23322640622 
6924.55332262439 6335.93735466939 6173.96842850471 6481.76293298365 
24477.1942379198 23633.1372459474 24281.9696408775 29665.3002748455 
26108.3962496314 25023.8796952306 24338.3216896257 23902.7574481602 
24256.9840611469 14009.2951575245 13647.1433219513 14067.7750742625 
15291.1240542704 14206.9529298617 14407.832303371 14233.2986603488 
13975.4898470213 14069.2476236942 6916.64983064891 6915.95405089968 
6992.21099271732 7084.29449646716 7155.20865605184 7323.84643690585 
7252.42902014854 7121.89528445718 7526.77810021782 24147.4285934694 
23701.0806797862 24465.8068284501 28160.2821975478 24360.2332946114 
24432.2414352899 24166.7526748373 24047.7573774948 24575.1893234362 
14064.8454240699 13246.8870726667 13552.2212277527 13676.040446391 
13807.3343692659 13869.2931530066 13533.9933636698 13769.6513332641 
13974.3253053595 6786.43845313351 6961.48647961017 6924.11992476595 
7123.22073831533 7168.55445330564 7067.99426582017 7514.99282871667 
6982.68835610028 7455.64333688754
##$RECO_map_min=( 171 )
-45.3818953809238 -45.3818953809238 -45.3818953809238 -45.3818953809238 
-45.3818953809238 -45.3818953809238 -45.3818953809238 -45.3818953809238 
-45.3818953809238 -45.3818953809238 -45.3818953809238 -45.3818953809238 
-45.3818953809238 -45.3818953809238 -45.3818953809238 -45.3818953809238 
-45.3818953809238 -45.3818953809238 -45.3818953809238 -45.3818953809238 
-45.3818953809238 -45.3818953809238 -45.3818953809238 -45.3818953809238 
-45.3818953809238 -45.3818953809238 -45.3818953809238 -45.3818953809238 
-45.3818953809238 -45.3818953809238 -45.3818953809238 -45.3818953809238 
-45.3818953809238 -45.3818953809238 -45.3818953809238 -45.3818953809238 
-45.3818953809238 -45.3818953809238 -45.3818953809238 -45.3818953809238 
-45.3818953809238 -45.3818953809238 -45.3818953809238 -45.3818953809238 
-45.3818953809238 -45.3818953809238 -45.3818953809238 -45.3818953809238 
-45.3818953809238 -45.3818953809238 -45.3818953809238 -45.3818953809238 
-45.3818953809238 -45.3818953809238 -45.3818953809238 -45.3818953809238 
-45.3818953809238 -45.3818953809238 -45.3818953809238 -45.3818953809238 
-45.3818953809238 -45.3818953809238 -45.3818953809238 -45.3818953809238 
-45.3818953809238 -45.3818953809238 -45.3818953809238 -45.3818953809238 
-45.3818953809238 -45.3818953809238 -45.3818953809238 -45.3818953809238 
-45.3818953809238 -45.3818953809238 -45.3818953809238 -45.3818953809238 
-45.3818953809238 -45.3818953809238 -45.3818953809238 -45.3818953809238 
-45.3818953809238 -45.3818953809238 -45.3818953809238 -45.3818953809238 
-45.3818953809238 -45.3818953809238 -45.3818953809238 -45.3818953809238 
-45.3818953809238 -45.3818953809238 -45.3818953809238 -45.3818953809238 
-45.3818953809238 -45.3818953809238 -45.3818953809238 -45.3818953809238 
-45.3818953809238 -45.3818953809238 -45.3818953809238 -45.3818953809238 
-45.3818953809238 -45.3818953809238 -45.3818953809238 -45.3818953809238 
-45.3818953809238 -45.3818953809238 -45.3818953809238 -45.3818953809238 
-45.3818953809238 -45.3818953809238 -45.3818953809238 -45.3818953809238 
-45.3818953809238 -45.3818953809238 -45.3818953809238 -45.3818953809238 
-45.3818953809238 -45.3818953809238 -45.3818953809238 -45.3818953809238 
-45.3818953809238 -45.3818953809238 -45.3818953809238 -45.3818953809238 
-45.3818953809238 -45.3818953809238 -45.3818953809238 -45.3818953809238 
-45.3818953809238 -45.3818953809238 -45.3818953809238 -45.3818953809238 
-45.3818953809238 -45.3818953809238 -45.3818953809238 -45.3818953809238 
-45.3818953809238 -45.3818953809238 -45.3818953809238 -45.3818953809238 
-45.3818953809238 -45.3818953809238 -45.3818953809238 -45.3818953809238 
-45.3818953809238 -45.3818953809238 -45.3818953809238 -45.3818953809238 
-45.3818953809238 -45.3818953809238 -45.3818953809238 -45.3818953809238 
-45.3818953809238 -45.3818953809238 -45.3818953809238 -45.3818953809238 
-45.3818953809238 -45.3818953809238 -45.3818953809238 -45.3818953809238 
-45.3818953809238 -45.3818953809238 -45.3818953809238 -45.3818953809238 
-45.3818953809238 -45.3818953809238 -45.3818953809238 -45.3818953809238 
-45.3818953809238 -45.3818953809238 -45.3818953809238
##$RECO_map_max=( 171 )
45.3818953809238 45.3818953809238 45.3818953809238 45.3818953809238 
45.3818953809238 45.3818953809238 45.3818953809238 45.3818953809238 
45.3818953809238 45.3818953809238 45.3818953809238 45.3818953809238 
45.3818953809238 45.3818953809238 45.3818953809238 45.3818953809238 
45.3818953809238 45.3818953809238 45.3818953809238 45.3818953809238 
45.3818953809238 45.3818953809238 45.3818953809238 45.3818953809238 
45.3818953809238 45.3818953809238 45.3818953809238 45.3818953809238 
45.3818953809238 45.3818953809238 45.3818953809238 45.3818953809238 
45.3818953809238 45.3818953809238 45.3818953809238 45.3818953809238 
45.3818953809238 45.3818953809238 45.3818953809238 45.3818953809238 
45.3818953809238 45.3818953809238 45.3818953809238 45.3818953809238 
45.3818953809238 45.3818953809238 45.3818953809238 45.3818953809238 
45.3818953809238 45.3818953809238 45.3818953809238 45.3818953809238 
45.3818953809238 45.3818953809238 45.3818953809238 45.3818953809238 
45.3818953809238 45.3818953809238 45.3818953809238 45.3818953809238 
45.3818953809238 45.3818953809238 45.3818953809238 45.3818953809238 
45.3818953809238 45.3818953809238 45.3818953809238 45.3818953809238 
45.3818953809238 45.3818953809238 45.3818953809238 45.3818953809238 
45.3818953809238 45.3818953809238 45.3818953809238 45.3818953809238 
45.3818953809238 45.3818953809238 45.3818953809238 45.3818953809238 
45.3818953809238 45.3818953809238 45.3818953809238 45.3818953809238 
45.3818953809238 45.3818953809238 45.3818953809238 45.3818953809238 
45.3818953809238 45.3818953809238 45.3818953809238 45.3818953809238 
45.3818953809238 45.3818953809238 45.3818953809238 45.3818953809238 
45.3818953809238 45.3818953809238 45.3818953809238 45.3818953809238 
45.3818953809238 45.3818953809238 45.3818953809238 45.3818953809238 
45.3818953809238 45.3818953809238 45.3818953809238 45.3818953809238 
45.3818953809238 45.3818953809238 45.3818953809238 45.3818953809238 
45.3818953809238 45.3818953809238 45.3818953809238 45.3818953809238 
45.3818953809238 45.3818953809238 45.3818953809238 45.3818953809238 
45.3818953809238 45.3818953809238 45.3818953809238 45.3818953809238 
45.3818953809238 45.3818953809238 45.3818953809238 45.3818953809238 
45.3818953809238 45.3818953809238 45.3818953809238 45.3818953809238 
45.3818953809238 45.3818953809238 45.3818953809238 45.3818953809238 
45.3818953809238 45.3818953809238 45.3818953809238 45.3818953809238 
45.3818953809238 45.3818953809238 45.3818953809238 45.3818953809238 
45.3818953809238 45.3818953809238 45.3818953809238 45.3818953809238 
45.3818953809238 45.3818953809238 45.3818953809238 45.3818953809238 
45.3818953809238 45.3818953809238 45.3818953809238 45.3818953809238 
45.3818953809238 45.3818953809238 45.3818953809238 45.3818953809238 
45.3818953809238 45.3818953809238 45.3818953809238 45.3818953809238 
45.3818953809238 45.3818953809238 45.3818953809238 45.3818953809238 
45.3818953809238 45.3818953809238 45.3818953809238
##$RECO_map_offset=( 171 )
0 0 0 0 0 0 0 0 0 0 0 0 0 0 0 0 0 0 0 0 0 0 0 0 0 0 0 0 0 0 0 0 0 0 0 0 0 0 0 
0 0 0 0 0 0 0 0 0 0 0 0 0 0 0 0 0 0 0 0 0 0 0 0 0 0 0 0 0 0 0 0 0 0 0 0 0 0 0 
0 0 0 0 0 0 0 0 0 0 0 0 0 0 0 0 0 0 0 0 0 0 0 0 0 0 0 0 0 0 0 0 0 0 0 0 0 0 0 
0 0 0 0 0 0 0 0 0 0 0 0 0 0 0 0 0 0 0 0 0 0 0 0 0 0 0 0 0 0 0 0 0 0 0 0 0 0 0 
0 0 0 0 0 0 0 0 0 0 0 0 0 0 0
##$RECO_map_slope=( 171 )
722.01700094204 722.01700094204 722.01700094204 722.01700094204 
722.01700094204 722.01700094204 722.01700094204 722.01700094204 
722.01700094204 722.01700094204 722.01700094204 722.01700094204 
722.01700094204 722.01700094204 722.01700094204 722.01700094204 
722.01700094204 722.01700094204 722.01700094204 722.01700094204 
722.01700094204 722.01700094204 722.01700094204 722.01700094204 
722.01700094204 722.01700094204 722.01700094204 722.01700094204 
722.01700094204 722.01700094204 722.01700094204 722.01700094204 
722.01700094204 722.01700094204 722.01700094204 722.01700094204 
722.01700094204 722.01700094204 722.01700094204 722.01700094204 
722.01700094204 722.01700094204 722.01700094204 722.01700094204 
722.01700094204 722.01700094204 722.01700094204 722.01700094204 
722.01700094204 722.01700094204 722.01700094204 722.01700094204 
722.01700094204 722.01700094204 722.01700094204 722.01700094204 
722.01700094204 722.01700094204 722.01700094204 722.01700094204 
722.01700094204 722.01700094204 722.01700094204 722.01700094204 
722.01700094204 722.01700094204 722.01700094204 722.01700094204 
722.01700094204 722.01700094204 722.01700094204 722.01700094204 
722.01700094204 722.01700094204 722.01700094204 722.01700094204 
722.01700094204 722.01700094204 722.01700094204 722.01700094204 
722.01700094204 722.01700094204 722.01700094204 722.01700094204 
722.01700094204 722.01700094204 722.01700094204 722.01700094204 
722.01700094204 722.01700094204 722.01700094204 722.01700094204 
722.01700094204 722.01700094204 722.01700094204 722.01700094204 
722.01700094204 722.01700094204 722.01700094204 722.01700094204 
722.01700094204 722.01700094204 722.01700094204 722.01700094204 
722.01700094204 722.01700094204 722.01700094204 722.01700094204 
722.01700094204 722.01700094204 722.01700094204 722.01700094204 
722.01700094204 722.01700094204 722.01700094204 722.01700094204 
722.01700094204 722.01700094204 722.01700094204 722.01700094204 
722.01700094204 722.01700094204 722.01700094204 722.01700094204 
722.01700094204 722.01700094204 722.01700094204 722.01700094204 
722.01700094204 722.01700094204 722.01700094204 722.01700094204 
722.01700094204 722.01700094204 722.01700094204 722.01700094204 
722.01700094204 722.01700094204 722.01700094204 722.01700094204 
722.01700094204 722.01700094204 722.01700094204 722.01700094204 
722.01700094204 722.01700094204 722.01700094204 722.01700094204 
722.01700094204 722.01700094204 722.01700094204 722.01700094204 
722.01700094204 722.01700094204 722.01700094204 722.01700094204 
722.01700094204 722.01700094204 722.01700094204 722.01700094204 
722.01700094204 722.01700094204 722.01700094204 722.01700094204 
722.01700094204 722.01700094204 722.01700094204 722.01700094204 
722.01700094204 722.01700094204 722.01700094204
##$RECO_byte_order=littleEndian
$$ @vis= RECO_transposition RECO_image_type RECO_wordtype RECO_map_mode
##$RECO_time=<2016-07-18T17:14:12,279+0200>
##$RECO_abs_time=(1468854852, 279, 120)
##$RECO_base_image_uid=( 65 )
<2.16.756.5.5.100.1333920868.7593.1468854852.1>
##$RecoUserUpdate=Yes
##$RecoReverseSegment=0
##$RecoB0DemodOff=0
##$RecoB0DemodDelay=0
##$RecoFTOrder=( 2 )
0 1
##$RecoHalfFT=( 2 )
No No
$$ @vis= RECO_byte_order RecoUserUpdate RecoB0DemodOff RecoWindow RecoFTOrder
##$RecoHalfFTPos=( 2 )
100 25
##$RecoCorrPhase=RecoCorrPhaseOff
##$RecoCorrPhaseRef=-1
##$RECO_map_user_slope=1
##$RECO_map_user_offset=0
##$RecoNumInputChan=1
$$ @vis= RecoHalfFT RecoHalfFTPos RecoCorrPhase RecoCorrPhaseRef RecoMap
##$RecoScaleChan=( 1 )
1
##$RecoPhaseChan=( 1 )
0
##$RecoCombineMode=SumOfSquares
##$RecoSortDim=2
$$ @vis= RecoNumInputChan RecoScaleChan RecoPhaseChan RecoCombineMode
##$RecoSortSize=( 2 )
75 171
##$RecoSortRange=( 2 )
100 171
##$RecoSortSegment=( 2 )
1 0
##$RecoSortMaps=( 246 )
25 26 27 28 29 30 31 32 33 34 35 36 37 38 39 40 41 42 43 44 45 46 47 48 49 50 
51 52 53 54 55 56 57 58 59 60 61 62 63 64 65 66 67 68 69 70 71 72 73 74 75 76 
77 78 79 80 81 82 83 84 85 86 87 88 89 90 91 92 93 94 95 96 97 98 99 0 2 4 6 
8 1 3 5 7 9 11 13 15 17 10 12 14 16 18 20 22 24 26 19 21 23 25 27 29 31 33 35 
28 30 32 34 36 38 40 42 44 37 39 41 43 45 47 49 51 53 46 48 50 52 54 56 58 60 
62 55 57 59 61 63 65 67 69 71 64 66 68 70 72 74 76 78 80 73 75 77 79 81 83 85 
87 89 82 84 86 88 90 92 94 96 98 91 93 95 97 99 101 103 105 107 100 102 104 
106 108 110 112 114 116 109 111 113 115 117 119 121 123 125 118 120 122 124 
126 128 130 132 134 127 129 131 133 135 137 139 141 143 136 138 140 142 144 
146 148 150 152 145 147 149 151 153 155 157 159 161 154 156 158 160 162 164 
166 168 170 163 165 167 169
$$ @vis= RecoSortDim RecoSortSize RecoSortRange RecoSortSegment RecoSortMaps
##$RecoGrappaAccelFactor=1
##$RecoGrappaKernelRead=0
##$RecoGrappaKernelPhase=0
##$RecoGrappaNumRefRead=0
##$RecoGrappaNumRefPhase=0
##$RecoGrappaIncludeRefLines=Yes
##$RecoGrappaReadCenter=0
##$RecoGrappaPhaseCenter=0
##$RecoGrappaTruncThresh=-1
##$RecoRegridN=Off
$$ @vis= RecoSortGroup RecoGrappaAccelFactor RecoGrappaGroup RecoRegridN
##$RecoStageNrPasses=4
##$RecoStagePasses=( 4 )
(<FIRSTPASS>, 0) (<FTPASS1>, 1) (<PREPPASS>, 2) (<MAPPASS>, 3)
##$RecoStageNrNodes=24
##$RecoStageNodes=( 24 )
(<input>, 0, <RecoFileSource 
Q{numChan=1;byteOrder=\<BYTORDA\>;contData=false;initFromACQP=true;}>) 
(<input>, 0, <RecoQueueSink S{initQueue=true;initOnce=true;}>) (<compute>, 0, 
<RecoQueueSource Q0{initFromACQP=true;initOnce=true;}>) (<compute>, 0, 
<RecoBufferSink S0{procDim=1;frameDim=2;bufferId="FIRSTPASS0";memId="out0"}>) 
(<compute>, 0, <RecoCastFilter CAST0{dataRep=FLOAT; wordSize=8}>) (<compute>, 
0, <RecoFTShiftFilter FTS0{frameDim=2; winDirection=0; 
shift=\<RECO_rotate[0]\>; exponent=1}>) (<compute>, 0, <RecoFTFilter 
FT0{direction=0; exponent=1}>) (<compute>, 0, <RecoSortFilter 
REORD0{sortDim=\<RecoSortDim\>; sortSize=\<RecoSortSize\>; 
sortRange=\<RecoSortRange\>; sortSegment=\<RecoSortSegment\>; 
sortMaps=\<RecoSortMaps\>; frameDim = 2}>) (<compute>, 1, <RecoBufferSource 
Q0{procDim=1;frameDim=2;bufferId="FIRSTPASS0";memId="out0"}>) (<compute>, 1, 
<RecoBufferSink S0{procDim=1;frameDim=2;bufferId="FTPASS10";memId="in0"}>) 
(<compute>, 1, <RecoFTShiftFilter FTS0{frameDim=2; winDirection=1; 
shift=\<RECO_rotate[1]\>; exponent=1}>) (<compute>, 1, <RecoFTFilter 
FT0{direction=1;exponent=1;}>) (<compute>, 2, <RecoBufferSource 
Q0{procDim=2;frameDim=2;bufferId="FTPASS10";memId="in0"}>) (<compute>, 2, 
<RecoBufferSink S0{procDim=2;frameDim=2;bufferId="PREPPASS0";memId="out0"}>) 
(<compute>, 2, <RecoMagnitudeFilter G0>) (<compute>, 2, <RecoTransposeFilter 
TP0{transpose=\<RECO_transposition\>;}>) (<compute>, 2, <RecoMinMaxFilter 
M0{map_min=\<RECO_map_min\>;map_max=\<RECO_map_max\>;}>) (<compute>, 3, 
<RecoBufferSource Q0{procDim=2;frameDim=2;bufferId="PREPPASS0";memId="out0"}>)
 (<compute>, 3, <RecoQueueSink S0>) (<compute>, 3, <RecoMapFilter 
MAP0{symmetricMode=true;minima=\<RECO_minima\>;maxima=\<RECO_maxima\>;slope=\<RECO_map_slope\>;offset=\<RECO_map_offset\>;map_min=\<RECO_map_min\>;map_max=\<RECO_map_max\>;rangeMin=-32766.500000;rangeMax=32766.500000;perObjectMode=false;cutoffMode=true;}>) (<compute>, 3, <RecoCastFilter CAST0{dataRep=SIGNED;wordSize=2}>) (<output>, 3, <RecoQueueSource Q{procDim=2;initFromRECO=true;initOnce=true;}>) (<output>, 3, <RecoImageDisplayFilter DISP{showAll=true;}>) (<output>, 3, <RecoFileSink S{writePars=true;shuffle=false;filename="2dseq";numChans=1;}>)
$$ @vis= RecoRegridNGroup RecoStageNrPasses RecoStagePasses RecoStageNrNodes
##$RecoStageNrEdges=18
##$RecoStageEdges=( 18 )
(<input>, 0, <Q-\>S>) (<compute>, 0, <Q0-\>CAST0>) (<compute>, 0, 
<CAST0-\>FTS0>) (<compute>, 0, <FTS0-\>FT0>) (<compute>, 0, <FT0-\>REORD0>) 
(<compute>, 0, <REORD0-\>S0>) (<compute>, 1, <Q0-\>FTS0>) (<compute>, 1, 
<FTS0-\>FT0>) (<compute>, 1, <FT0-\>S0>) (<compute>, 2, <Q0-\>G0>) (<compute>,
 2, <G0-\>TP0>) (<compute>, 2, <TP0-\>M0>) (<compute>, 2, <M0-\>S0>) 
(<compute>, 3, <Q0-\>MAP0>) (<compute>, 3, <MAP0-\>CAST0>) (<compute>, 3, 
<CAST0-\>S0>) (<output>, 3, <Q-\>DISP>) (<output>, 3, <DISP-\>S>)
$$ @vis= RecoStageNodes RecoStageNrEdges RecoStageEdges RecoStageGroup
##$GS_reco_display=Yes
##$GO_reco_display=Yes
##$GO_reco_each_nr=No
##$GO_max_reco_mem=0
$$ @vis= RecoModeUser GS_reco_display RECO_GS GO_reco_display GO_reco_each_nr
##$RecoPrototype=No
$$ @vis= GO_max_reco_mem RECO_GO RecoPrototype RECO
##END=
$$ File finished by PARX at 2016-07-18 17:14:12.291 +0200
