##TITLE=Parameter List, ParaVision 6.0.1
##JCAMPDX=4.24
##DATATYPE=Parameter Values
##ORIGIN=Bruker BioSpin MRI GmbH
##OWNER=po
$$ 2016-07-18 13:41:39.206 +0200  po@var.u-strasbg.fr
$$ /opt/PV6.0.1/data/po/20160718_115906_plateforme_fantome_nouille_other_1_7/14/visu_pars
$$ process /opt/PV6.0.1/prog/mod/acq_out
##$VisuVersion=3
##$VisuUid=( 65 )
<2.16.756.5.5.100.1333920868.17755.1468842099.1>
##$VisuCreator=( 65 )
<ParaVision>
##$VisuCreatorVersion=( 65 )
<6.0.1>
##$VisuCreationDate=<2016-07-18T13:41:39,136+0200>
##$VisuInstanceModality=( 65 )
<MR>
##$VisuCoreFrameCount=27
##$VisuCoreDim=2
##$VisuCoreSize=( 2 )
160 192
##$VisuCoreDimDesc=( 2 )
spatial spatial
##$VisuCoreExtent=( 2 )
35 40
##$VisuCoreFrameThickness=( 1 )
1
##$VisuCoreUnits=( 2, 65 )
<mm> <mm>
##$VisuCoreOrientation=( 9, 9 )
1 0 0 0 0 -1 0 1 0 1 0 0 0 0 -1 0 1 0 1 0 0 0 0 -1 0 1 0 1 0 0 0 0 -1 0 1 0 1 
0 0 0 0 -1 0 1 0 1 0 0 0 0 -1 0 1 0 1 0 0 0 0 -1 0 1 0 1 0 0 0 0 -1 0 1 0 1 0 
0 0 0 -1 0 1 0
##$VisuCorePosition=( 9, 3 )
-16.854884 7.68664 34.7172 -16.854884 6.68664 34.7172 -16.854884 5.68664 
34.7172 -16.854884 4.68664 34.7172 -16.854884 3.68664 34.7172 -16.854884 
2.68664 34.7172 -16.854884 1.68664 34.7172 -16.854884 0.68664 34.7172 
-16.854884 -0.31336 34.7172
##$VisuCoreDataMin=( 27 )
12.2471898961772 2.70272281214603 23.7616624635167 0.583728725690118 
3.91320248547813 1.17633822263557 2.55663118823863 2.01897308098696 
1.86857277022396 10.8421406915754 4.18569505790318 10.8395422692782 
4.49201620962532 8.67028340141542 1.02654646244484 3.9280951533193 
2.88071390813383 2.18712880823499 7.19820294474376 2.72769377359614 
4.88838564794194 0.789471369402897 3.41706518601104 0.744706711272097 
1.62365731380336 1.50938561551876 1.62383469496315
##$VisuCoreDataMax=( 27 )
4959.16050065338 3522.05131402079 5822.21219542812 3752.42789293801 
7235.34697794277 4157.89088870244 8079.4907826101 4182.75199977095 8191.625 
3949.66222285029 2631.88359475473 4539.79520872272 2804.23203959536 
5685.40427147726 3087.12453707109 6214.62470612736 3039.64600048932 
6184.45441282996 1906.61968694494 1003.06107004181 2067.30931117373 
1220.72409935362 2489.89977283835 1363.14952400021 2494.56419288607 
1745.82890198203 2281.92919018066
##$VisuCoreDataOffs=( 27 )
0 0 0 0 0 0 0 0 0 0 0 0 0 0 0 0 0 0 0 0 0 0 0 0 0 0 0
##$VisuCoreDataSlope=( 27 )
0.002070467314803 0.002070467314803 0.002070467314803 0.002070467314803 
0.002070467314803 0.002070467314803 0.002070467314803 0.002070467314803 
0.002070467314803 0.002070467314803 0.002070467314803 0.002070467314803 
0.002070467314803 0.002070467314803 0.002070467314803 0.002070467314803 
0.002070467314803 0.002070467314803 0.002070467314803 0.002070467314803 
0.002070467314803 0.002070467314803 0.002070467314803 0.002070467314803 
0.002070467314803 0.002070467314803 0.002070467314803
##$VisuCoreFrameType=( 1 )
MAGNITUDE_IMAGE
##$VisuCoreSlicePacksDef=(0, 1)
##$VisuCoreSlicePacksSlices=( 1 )
(0, 9)
##$VisuCoreSlicePacksSliceDist=( 1 )
1
##$VisuCoreWordType=_16BIT_SGN_INT
##$VisuCoreByteOrder=littleEndian
##$VisuFGOrderDescDim=2
##$VisuFGOrderDesc=( 2 )
(9, <FG_SLICE>, <>, 0, 2) (3, <FG_MOVIE>, <Non-selective Inversion>, 2, 1)
##$VisuGroupDepVals=( 3 )
(<VisuCoreOrientation>, 0) (<VisuCorePosition>, 0) (<VisuAcqInversionTime>, 0)
##$VisuSubjectName=( 65 )
<fantome-nouille>
##$VisuSubjectId=( 65 )
<plateforme^fantome-nouille_other>
##$VisuSubjectUid=( 65 )
<2.16.756.5.5.100.1333920868.10258.1459253896.69>
##$VisuSubjectInstanceCreationDate=(1459253896, 790, 120)
##$VisuSubjectBirthDate=( 9 )
<20160329>
##$VisuSubjectSex=UNKNOWN
##$VisuSubjectComment=( 2048 )
<pate alphabet coller au piston d'une seringue 50ml dans NaCl.\
V: ventral\
D: dorsal\
R: droite\
L: gauche\
H: tete>
##$VisuSubjectType=OtherAnimal
##$VisuStudyUid=( 65 )
<2.16.756.5.5.100.1333920868.10495.1468835946.106>
##$VisuStudyDate=<2016-07-18T11:59:06,071+0200>
##$VisuStudyId=( 65 )
<plateforme^18062016>
##$VisuStudyNumber=7
##$VisuSubjectWeight=0.001
##$VisuStudyReferringPhysician=( 65 )
<po>
##$VisuStudyDescription=( 2048 )
<\
>
##$VisuExperimentNumber=14
##$VisuProcessingNumber=1
##$VisuSeriesDate=<2016-07-18T13:41:39,136+0200>
##$VisuSubjectPosition=Head_Prone
##$VisuSeriesTypeId=( 65 )
<ACQ_BRUKER_PVM>
##$VisuSeriesComment=( 65 )
<IR_RARE>
##$VisuManufacturer=( 65 )
<Bruker BioSpin MRI GmbH>
##$VisuAcqSoftwareVersion=( 65 )
<6.0.1>
##$VisuInstitution=( 65 )
<ICUBE Strasbourg>
##$VisuStation=( 65 )
<Biospec >
##$VisuSystemOrderNumber=( 65 )
<10112043>
##$VisuAcqDate=<2016-07-18T13:38:34,742+0200>
##$VisuAcqEchoTrainLength=11
##$VisuAcqSequenceName=( 40 )
<Bruker:FAIR_RARE>
##$VisuAcqNumberOfAverages=1
##$VisuAcqImagingFrequency=300.332479961008
##$VisuAcqImagedNucleus=( 8 )
<1H>
##$VisuAcqInversionTime=( 3 )
14.8 300 1000
##$VisuAcqPhaseEncSteps=110
##$VisuAcqPixelBandwidth=310.019841269841
##$VisuAcqFlipAngle=90
##$VisuAcqSize=( 2 )
110 192
##$VisuAcqImageSizeAccellerated=Yes
##$VisuAcqGradEncoding=( 2 )
phase_enc read_enc
##$VisuAcqEchoTime=( 1 )
20.7
##$VisuAcquisitionProtocol=( 65 )
<Perfusion_FAIR_RARE>
##$VisuAcqScanTime=180202.878240029
##$VisuAcqAntiAlias=( 2 )
1 1
##$VisuAcqEchoSequenceType=Both
##$VisuAcqSpinsVelocityEncoded=No
##$VisuAcqHasTimeOfFlightContrast=No
##$VisuAcqIsEpiSequence=No
##$VisuAcqSpectralSuppression=NoSuppression
##$VisuAcqKSpaceTraversal=RectilinearTraversal
##$VisuAcqEncodingOrder=( 2 )
LinearEncoding LinearEncoding
##$VisuAcqKSpaceTrajectoryCnt=1
##$VisuAcqKSpaceFiltering=( 2 )
NO_WDW NO_WDW
##$VisuAcqFlowCompensation=FlowNone
##$VisuAcqSpoiling=GradientSpoiled
##$VisuAcqPartialFourier=( 2 )
1.4 1
##$VisuAcqParallelReductionFactor=( 2 )
1 1
##$VisuAcqMagnetizationTransfer=No
##$VisuAcqBloodSignalNulling=No
##$VisuCardiacSynchUsed=No
##$VisuRespSynchUsed=No
##END=
$$ File finished by PARX at 2016-07-18 13:41:39.207 +0200
