##TITLE=Parameter List, ParaVision 6.0.1
##JCAMPDX=4.24
##DATATYPE=Parameter Values
##ORIGIN=Bruker BioSpin MRI GmbH
##OWNER=po
$$ 2016-07-18 15:32:43.853 +0200  po@var.u-strasbg.fr
$$ /opt/PV6.0.1/data/po/20160718_115906_plateforme_fantome_nouille_other_1_7/24/pdata/1/reco
$$ process /opt/PV6.0.1/prog/bin/parxserver
##$RECO_mode=USER_MODE
##$RecoAutoDerive=No
##$RecoDim=2
##$RecoObjectsPerRepetition=114
##$RecoObjectsPerSetupStep=114
$$ @vis= RECO_mode RecoAutoDerive RecoDim RecoObjectsPerRepetition
##$RecoNumRepetitions=1
##$RECO_inp_order=NO_REORDERING
##$RECO_inp_size=( 2 )
200 75
$$ @vis= RecoObjectsPerSetupStep RecoNumRepetitions RECO_inp_order
##$RECO_ft_size=( 2 )
200 100
##$RECO_fov=( 2 )
4 3.5
##$RECO_size=( 2 )
200 100
##$RECO_offset=( 2, 114 )
0 0 0 0 0 0 0 0 0 0 0 0 0 0 0 0 0 0 0 0 0 0 0 0 0 0 0 0 0 0 0 0 0 0 0 0 0 0 0 
0 0 0 0 0 0 0 0 0 0 0 0 0 0 0 0 0 0 0 0 0 0 0 0 0 0 0 0 0 0 0 0 0 0 0 0 0 0 0 
0 0 0 0 0 0 0 0 0 0 0 0 0 0 0 0 0 0 0 0 0 0 0 0 0 0 0 0 0 0 0 0 0 0 0 0 0 0 0 
0 0 0 0 0 0 0 0 0 0 0 0 0 0 0 0 0 0 0 0 0 0 0 0 0 0 0 0 0 0 0 0 0 0 0 0 0 0 0 
0 0 0 0 0 0 0 0 0 0 0 0 0 0 0 0 0 0 0 0 0 0 0 0 0 0 0 0 0 0 0 0 0 0 0 0 0 0 0 
0 0 0 0 0 0 0 0 0 0 0 0 0 0 0 0 0 0 0 0 0 0 0 0 0 0 0 0 0 0 0 0 0
##$RECO_regrid_mode=NO_REGRID
##$RECO_regrid_offset=0
##$RECO_ramp_gap=0
##$RECO_ramp_time=0
##$RECO_ne_mode=NO_NAV_DATA
##$RECO_ne_dist=NeNoInterleave
##$RECO_ne_dens=NeCorrPerScan
##$RECO_ne_type=NAV_PHASE
##$RECO_bc_mode=( 2 )
NO_BC NO_BC
##$RECO_bc_start=( 2 )
150 57
##$RECO_bc_len=( 2 )
50 18
##$RECO_dc_offset=( 2 )
0 0
##$RECO_dc_divisor=1
##$RECO_bc_coroff=( 2 )
0 0
##$RECO_qopts=( 2 )
COMPLEX_CONJUGATE NO_QOPTS
##$RECO_wdw_mode=( 2 )
NO_WDW NO_WDW
$$ @vis= RECO_inp_size RECO_ft_size RECO_fov RECO_size RECO_ne_mode
##$RECO_lb=( 2 )
-0.5 -0.5
##$RECO_sw=( 2 )
34722.2222222222 1
##$RECO_gb=( 2 )
0.5 0.5
##$RECO_sbs=( 2 )
1 1
##$RECO_tm1=( 2 )
0.25 0.25
##$RECO_tm2=( 2 )
0.75 0.75
##$RECO_ft_mode=( 2 )
COMPLEX_FT COMPLEX_FT
##$RECO_pc_mode=( 2 )
FIRST_ORDER_PC FIRST_ORDER_PC
##$RECO_pc_lin=( 2 )
(0, 180) (0, 180)
##$RECO_rotate=( 2, 114 )
0.5 0.5 0.5 0.5 0.5 0.5 0.5 0.5 0.5 0.5 0.5 0.5 0.5 0.5 0.5 0.5 0.5 0.5 0.5 
0.5 0.5 0.5 0.5 0.5 0.5 0.5 0.5 0.5 0.5 0.5 0.5 0.5 0.5 0.5 0.5 0.5 0.5 0.5 
0.5 0.5 0.5 0.5 0.5 0.5 0.5 0.5 0.5 0.5 0.5 0.5 0.5 0.5 0.5 0.5 0.5 0.5 0.5 
0.5 0.5 0.5 0.5 0.5 0.5 0.5 0.5 0.5 0.5 0.5 0.5 0.5 0.5 0.5 0.5 0.5 0.5 0.5 
0.5 0.5 0.5 0.5 0.5 0.5 0.5 0.5 0.5 0.5 0.5 0.5 0.5 0.5 0.5 0.5 0.5 0.5 0.5 
0.5 0.5 0.5 0.5 0.5 0.5 0.5 0.5 0.5 0.5 0.5 0.5 0.5 0.5 0.5 0.5 0.5 0.5 0.5 
0.411786285714286 0.411786285714286 0.411786285714286 0.411786285714286 
0.411786285714286 0.411786285714286 0.411786285714286 0.411786285714286 
0.411786285714286 0.411786285714286 0.411786285714286 0.411786285714286 
0.411786285714286 0.411786285714286 0.411786285714286 0.411786285714286 
0.411786285714286 0.411786285714286 0.411786285714286 0.411786285714286 
0.411786285714286 0.411786285714286 0.411786285714286 0.411786285714286 
0.411786285714286 0.411786285714286 0.411786285714286 0.411786285714286 
0.411786285714286 0.411786285714286 0.411786285714286 0.411786285714286 
0.411786285714286 0.411786285714286 0.411786285714286 0.411786285714286 
0.411786285714286 0.411786285714286 0.411786285714286 0.411786285714286 
0.411786285714286 0.411786285714286 0.411786285714286 0.411786285714286 
0.411786285714286 0.411786285714286 0.411786285714286 0.411786285714286 
0.411786285714286 0.411786285714286 0.411786285714286 0.411786285714286 
0.411786285714286 0.411786285714286 0.411786285714286 0.411786285714286 
0.411786285714286 0.411786285714286 0.411786285714286 0.411786285714286 
0.411786285714286 0.411786285714286 0.411786285714286 0.411786285714286 
0.411786285714286 0.411786285714286 0.411786285714286 0.411786285714286 
0.411786285714286 0.411786285714286 0.411786285714286 0.411786285714286 
0.411786285714286 0.411786285714286 0.411786285714286 0.411786285714286 
0.411786285714286 0.411786285714286 0.411786285714286 0.411786285714286 
0.411786285714286 0.411786285714286 0.411786285714286 0.411786285714286 
0.411786285714286 0.411786285714286 0.411786285714286 0.411786285714286 
0.411786285714286 0.411786285714286 0.411786285714286 0.411786285714286 
0.411786285714286 0.411786285714286 0.411786285714286 0.411786285714286 
0.411786285714286 0.411786285714286 0.411786285714286 0.411786285714286 
0.411786285714286 0.411786285714286 0.411786285714286 0.411786285714286 
0.411786285714286 0.411786285714286 0.411786285714286 0.411786285714286 
0.411786285714286 0.411786285714286 0.411786285714286 0.411786285714286 
0.411786285714286 0.411786285714286
##$RECO_ppc_mode=NO_PPC
##$RECO_ref_image=0
##$RECO_nr_supports=0.4
##$RECO_sig_threshold=0.15
##$RECO_ppc_degree=1
##$RECO_ppc_coeffs=( 114, 2, 2 )
0 0 0 0 0 0 0 0 0 0 0 0 0 0 0 0 0 0 0 0 0 0 0 0 0 0 0 0 0 0 0 0 0 0 0 0 0 0 0 
0 0 0 0 0 0 0 0 0 0 0 0 0 0 0 0 0 0 0 0 0 0 0 0 0 0 0 0 0 0 0 0 0 0 0 0 0 0 0 
0 0 0 0 0 0 0 0 0 0 0 0 0 0 0 0 0 0 0 0 0 0 0 0 0 0 0 0 0 0 0 0 0 0 0 0 0 0 0 
0 0 0 0 0 0 0 0 0 0 0 0 0 0 0 0 0 0 0 0 0 0 0 0 0 0 0 0 0 0 0 0 0 0 0 0 0 0 0 
0 0 0 0 0 0 0 0 0 0 0 0 0 0 0 0 0 0 0 0 0 0 0 0 0 0 0 0 0 0 0 0 0 0 0 0 0 0 0 
0 0 0 0 0 0 0 0 0 0 0 0 0 0 0 0 0 0 0 0 0 0 0 0 0 0 0 0 0 0 0 0 0 0 0 0 0 0 0 
0 0 0 0 0 0 0 0 0 0 0 0 0 0 0 0 0 0 0 0 0 0 0 0 0 0 0 0 0 0 0 0 0 0 0 0 0 0 0 
0 0 0 0 0 0 0 0 0 0 0 0 0 0 0 0 0 0 0 0 0 0 0 0 0 0 0 0 0 0 0 0 0 0 0 0 0 0 0 
0 0 0 0 0 0 0 0 0 0 0 0 0 0 0 0 0 0 0 0 0 0 0 0 0 0 0 0 0 0 0 0 0 0 0 0 0 0 0 
0 0 0 0 0 0 0 0 0 0 0 0 0 0 0 0 0 0 0 0 0 0 0 0 0 0 0 0 0 0 0 0 0 0 0 0 0 0 0 
0 0 0 0 0 0 0 0 0 0 0 0 0 0 0 0 0 0 0 0 0 0 0 0 0 0 0 0 0 0 0 0 0 0 0 0 0 0 0 
0 0 0 0 0 0 0 0 0 0 0 0 0 0 0 0 0 0 0 0 0 0 0 0 0 0 0
##$RECO_dc_elim=Yes
##$RECO_transposition=( 114 )
0 0 0 0 0 0 0 0 0 0 0 0 0 0 0 0 0 0 0 0 0 0 0 0 0 0 0 0 0 0 0 0 0 0 0 0 0 0 0 
0 0 0 0 0 0 0 0 0 0 0 0 0 0 0 0 0 0 0 0 0 0 0 0 0 0 0 0 0 0 0 0 0 0 0 0 0 0 0 
0 0 0 0 0 0 0 0 0 0 0 0 0 0 0 0 0 0 0 0 0 0 0 0 0 0 0 0 0 0 0 0 0 0 0 0
$$ @vis= RECO_wdw_mode RECO_ft_mode RECO_pc_mode RECO_pc_lin RECO_rotate
##$RECO_image_type=MAGNITUDE_IMAGE
##$RECO_image_threshold=0.15
##$RECO_ir_scale=10
##$RECO_wordtype=_16BIT_SGN_INT
##$RECO_map_mode=ABSOLUTE_MAPPING
##$RECO_map_range=( 2 )
-2147483647 2147483647
##$RECO_map_percentile=( 2 )
1 99.99
##$RECO_map_error=0.0025
##$RECO_globex=( 114 )
0 0 0 0 0 0 0 0 0 0 0 0 0 0 0 0 0 0 0 0 0 0 0 0 0 0 0 0 0 0 0 0 0 0 0 0 0 0 0 
0 0 0 0 0 0 0 0 0 0 0 0 0 0 0 0 0 0 0 0 0 0 0 0 0 0 0 0 0 0 0 0 0 0 0 0 0 0 0 
0 0 0 0 0 0 0 0 0 0 0 0 0 0 0 0 0 0 0 0 0 0 0 0 0 0 0 0 0 0 0 0 0 0 0 0
##$RECO_minima=( 114 )
6.83754223608117 5.98463584631105 1.45594991449165 4.44915194637964 
5.24541945181531 2.21206777103241 1.78787742192276 4.90988404236725 
4.84968531184142 2.86174059479528 3.26977633294087 1.69061611367988 
2.38632755616693 5.09297889036093 5.88460388685735 1.02527198058777 
5.3163134541832 1.37519185962868 4.61778919654536 3.86893021320056 
5.04526775345613 2.52512985260656 4.62860632399441 2.03761556480812 
4.01988050599118 4.72910902729806 4.89468683079149 1.91380119217933 
5.85964514252128 7.73636098957845 2.53767695856461 9.45019488180515 
3.51087841960299 6.35884062048944 3.98519033162129 6.78520773601228 
3.49654296513964 5.20192906378831 2.71627751023811 4.31582090143707 
0.903496638410432 3.94890783108612 3.34378563704011 1.95188342749432 
6.61941735794881 4.58005290457135 5.03033584401796 3.01280444907547 
4.0287383441244 1.58621334405437 3.257709554994 2.85383943623845 
1.30638194694008 2.6090027284386 3.70482297677519 5.01094569653518 
3.89101055739213 6.41540004016688 2.3583549725836 3.95385491106756 
2.65534279794623 5.80976954938905 1.87816909756575 5.47170563639093 
4.04596720245908 1.84050443059513 3.44716239514153 7.06087501288431 
4.09462687348281 4.42625147179207 4.07214681344175 8.74996051791715 
3.29147615781473 1.73946269967751 4.18409285873403 4.75578799478523 
3.13784491542805 2.05771448736773 2.8665518748852 4.63666580467359 
1.76129016650718 3.02095030218142 2.1572261029109 5.45957178225063 
6.28257685332245 6.59091083888286 4.7774511113357 5.02039840843614 
2.59208923611699 4.21863615672573 1.4531306233388 6.4320592798014 
2.95485312029241 1.41052134840719 1.04740997116125 1.91167099440781 
5.82163306481075 0.770393745078684 4.35885241952129 1.45661092818451 
4.62533439428034 4.51047062592367 4.43229440000948 5.53430963237216 
0.480539465321499 7.09924064195746 2.77781409387461 2.03183819674202 
3.62978469713255 4.28690997619396 1.02482985408954 5.32118074338557 
2.64721713367678 4.06429632179832
##$RECO_maxima=( 114 )
28421.1620762947 26459.2345616712 32766.5 26522.092798756 26708.8572027865 
27091.8602572624 24132.354502791 23502.9806017242 28998.9994631362 
23110.4072726755 23226.7096815082 23435.3402646859 11894.4838533362 
11757.9058941117 14669.2519926023 12247.6036338845 11698.5795495327 
11740.9904098379 6408.67517446307 5362.11154218176 6593.9464730553 
6041.41497319023 5436.49203216277 5314.37988810397 24440.7328896326 
23228.2217767356 27028.075452715 23205.6659030814 23748.1829273739 
23249.7110617841 11657.5501001931 11202.2127125176 13408.6419534363 
11614.8167694768 11895.3008500931 11912.3003104106 5775.8952230054 
5026.5334446659 6033.32702294491 5877.1289001229 5410.84773076797 
5534.97935371664 24155.8105726149 23245.8294087264 28807.2348379906 
22639.834458019 23599.7041494589 23445.8729459111 12091.8465652961 
11819.5331852077 14231.4658566176 11729.8872580824 12011.3792605384 
11913.855276728 6435.13334370715 5246.10548369877 6473.76930692464 
5849.9951254775 5294.48057496261 5412.24960871785 24507.1625948142 
23149.112183623 28861.0994731219 22941.0653939206 23168.8972544128 
23386.6536031762 12084.6734136539 12381.2575748813 14897.7074288735 
12068.8105161997 12734.5776591946 12372.5781334398 6152.10011709379 
5682.86080160915 7271.62200982487 6038.8370810819 5681.44870972099 
5549.41263702919 24512.9727020532 22885.0721753214 28743.6538175267 
23248.3642151355 23381.232841549 23369.9344124475 12529.0369581082 
11533.005525204 14765.750601262 11793.1833123001 12301.8906868753 
11947.2042186588 6482.35914008525 5553.51330218476 6530.75075338398 
5762.90066145582 5503.9787229089 5443.38970011338 24062.7587923445 
22827.3035046156 27007.8757244249 22982.7731219025 23111.928820275 
23153.553947232 11854.6220467746 10740.3103861955 12026.5893369262 
10847.2618034165 11353.5564002012 11394.0674555968 5718.52400689204 
5093.56316802438 5805.74014825446 5279.65424639916 5102.1129447228 
5277.9478021359
##$RECO_map_min=( 114 )
-58.5660745902722 -58.5660745902722 -58.5660745902722 -58.5660745902722 
-58.5660745902722 -58.5660745902722 -58.5660745902722 -58.5660745902722 
-58.5660745902722 -58.5660745902722 -58.5660745902722 -58.5660745902722 
-58.5660745902722 -58.5660745902722 -58.5660745902722 -58.5660745902722 
-58.5660745902722 -58.5660745902722 -58.5660745902722 -58.5660745902722 
-58.5660745902722 -58.5660745902722 -58.5660745902722 -58.5660745902722 
-58.5660745902722 -58.5660745902722 -58.5660745902722 -58.5660745902722 
-58.5660745902722 -58.5660745902722 -58.5660745902722 -58.5660745902722 
-58.5660745902722 -58.5660745902722 -58.5660745902722 -58.5660745902722 
-58.5660745902722 -58.5660745902722 -58.5660745902722 -58.5660745902722 
-58.5660745902722 -58.5660745902722 -58.5660745902722 -58.5660745902722 
-58.5660745902722 -58.5660745902722 -58.5660745902722 -58.5660745902722 
-58.5660745902722 -58.5660745902722 -58.5660745902722 -58.5660745902722 
-58.5660745902722 -58.5660745902722 -58.5660745902722 -58.5660745902722 
-58.5660745902722 -58.5660745902722 -58.5660745902722 -58.5660745902722 
-58.5660745902722 -58.5660745902722 -58.5660745902722 -58.5660745902722 
-58.5660745902722 -58.5660745902722 -58.5660745902722 -58.5660745902722 
-58.5660745902722 -58.5660745902722 -58.5660745902722 -58.5660745902722 
-58.5660745902722 -58.5660745902722 -58.5660745902722 -58.5660745902722 
-58.5660745902722 -58.5660745902722 -58.5660745902722 -58.5660745902722 
-58.5660745902722 -58.5660745902722 -58.5660745902722 -58.5660745902722 
-58.5660745902722 -58.5660745902722 -58.5660745902722 -58.5660745902722 
-58.5660745902722 -58.5660745902722 -58.5660745902722 -58.5660745902722 
-58.5660745902722 -58.5660745902722 -58.5660745902722 -58.5660745902722 
-58.5660745902722 -58.5660745902722 -58.5660745902722 -58.5660745902722 
-58.5660745902722 -58.5660745902722 -58.5660745902722 -58.5660745902722 
-58.5660745902722 -58.5660745902722 -58.5660745902722 -58.5660745902722 
-58.5660745902722 -58.5660745902722 -58.5660745902722 -58.5660745902722 
-58.5660745902722 -58.5660745902722
##$RECO_map_max=( 114 )
58.5660745902722 58.5660745902722 58.5660745902722 58.5660745902722 
58.5660745902722 58.5660745902722 58.5660745902722 58.5660745902722 
58.5660745902722 58.5660745902722 58.5660745902722 58.5660745902722 
58.5660745902722 58.5660745902722 58.5660745902722 58.5660745902722 
58.5660745902722 58.5660745902722 58.5660745902722 58.5660745902722 
58.5660745902722 58.5660745902722 58.5660745902722 58.5660745902722 
58.5660745902722 58.5660745902722 58.5660745902722 58.5660745902722 
58.5660745902722 58.5660745902722 58.5660745902722 58.5660745902722 
58.5660745902722 58.5660745902722 58.5660745902722 58.5660745902722 
58.5660745902722 58.5660745902722 58.5660745902722 58.5660745902722 
58.5660745902722 58.5660745902722 58.5660745902722 58.5660745902722 
58.5660745902722 58.5660745902722 58.5660745902722 58.5660745902722 
58.5660745902722 58.5660745902722 58.5660745902722 58.5660745902722 
58.5660745902722 58.5660745902722 58.5660745902722 58.5660745902722 
58.5660745902722 58.5660745902722 58.5660745902722 58.5660745902722 
58.5660745902722 58.5660745902722 58.5660745902722 58.5660745902722 
58.5660745902722 58.5660745902722 58.5660745902722 58.5660745902722 
58.5660745902722 58.5660745902722 58.5660745902722 58.5660745902722 
58.5660745902722 58.5660745902722 58.5660745902722 58.5660745902722 
58.5660745902722 58.5660745902722 58.5660745902722 58.5660745902722 
58.5660745902722 58.5660745902722 58.5660745902722 58.5660745902722 
58.5660745902722 58.5660745902722 58.5660745902722 58.5660745902722 
58.5660745902722 58.5660745902722 58.5660745902722 58.5660745902722 
58.5660745902722 58.5660745902722 58.5660745902722 58.5660745902722 
58.5660745902722 58.5660745902722 58.5660745902722 58.5660745902722 
58.5660745902722 58.5660745902722 58.5660745902722 58.5660745902722 
58.5660745902722 58.5660745902722 58.5660745902722 58.5660745902722 
58.5660745902722 58.5660745902722 58.5660745902722 58.5660745902722 
58.5660745902722 58.5660745902722
##$RECO_map_offset=( 114 )
0 0 0 0 0 0 0 0 0 0 0 0 0 0 0 0 0 0 0 0 0 0 0 0 0 0 0 0 0 0 0 0 0 0 0 0 0 0 0 
0 0 0 0 0 0 0 0 0 0 0 0 0 0 0 0 0 0 0 0 0 0 0 0 0 0 0 0 0 0 0 0 0 0 0 0 0 0 0 
0 0 0 0 0 0 0 0 0 0 0 0 0 0 0 0 0 0 0 0 0 0 0 0 0 0 0 0 0 0 0 0 0 0 0 0
##$RECO_map_slope=( 114 )
559.479190456833 559.479190456833 559.479190456833 559.479190456833 
559.479190456833 559.479190456833 559.479190456833 559.479190456833 
559.479190456833 559.479190456833 559.479190456833 559.479190456833 
559.479190456833 559.479190456833 559.479190456833 559.479190456833 
559.479190456833 559.479190456833 559.479190456833 559.479190456833 
559.479190456833 559.479190456833 559.479190456833 559.479190456833 
559.479190456833 559.479190456833 559.479190456833 559.479190456833 
559.479190456833 559.479190456833 559.479190456833 559.479190456833 
559.479190456833 559.479190456833 559.479190456833 559.479190456833 
559.479190456833 559.479190456833 559.479190456833 559.479190456833 
559.479190456833 559.479190456833 559.479190456833 559.479190456833 
559.479190456833 559.479190456833 559.479190456833 559.479190456833 
559.479190456833 559.479190456833 559.479190456833 559.479190456833 
559.479190456833 559.479190456833 559.479190456833 559.479190456833 
559.479190456833 559.479190456833 559.479190456833 559.479190456833 
559.479190456833 559.479190456833 559.479190456833 559.479190456833 
559.479190456833 559.479190456833 559.479190456833 559.479190456833 
559.479190456833 559.479190456833 559.479190456833 559.479190456833 
559.479190456833 559.479190456833 559.479190456833 559.479190456833 
559.479190456833 559.479190456833 559.479190456833 559.479190456833 
559.479190456833 559.479190456833 559.479190456833 559.479190456833 
559.479190456833 559.479190456833 559.479190456833 559.479190456833 
559.479190456833 559.479190456833 559.479190456833 559.479190456833 
559.479190456833 559.479190456833 559.479190456833 559.479190456833 
559.479190456833 559.479190456833 559.479190456833 559.479190456833 
559.479190456833 559.479190456833 559.479190456833 559.479190456833 
559.479190456833 559.479190456833 559.479190456833 559.479190456833 
559.479190456833 559.479190456833 559.479190456833 559.479190456833 
559.479190456833 559.479190456833
##$RECO_byte_order=littleEndian
$$ @vis= RECO_transposition RECO_image_type RECO_wordtype RECO_map_mode
##$RECO_time=<2016-07-18T15:32:43,848+0200>
##$RECO_abs_time=(1468848763, 848, 120)
##$RECO_base_image_uid=( 65 )
<2.16.756.5.5.100.1333920868.18239.1468848763.1>
##$RecoUserUpdate=Yes
##$RecoReverseSegment=0
##$RecoB0DemodOff=0
##$RecoB0DemodDelay=0
##$RecoFTOrder=( 2 )
0 1
##$RecoHalfFT=( 2 )
No No
$$ @vis= RECO_byte_order RecoUserUpdate RecoB0DemodOff RecoWindow RecoFTOrder
##$RecoHalfFTPos=( 2 )
100 25
##$RecoCorrPhase=RecoCorrPhaseOff
##$RecoCorrPhaseRef=-1
##$RECO_map_user_slope=1
##$RECO_map_user_offset=0
##$RecoNumInputChan=1
$$ @vis= RecoHalfFT RecoHalfFTPos RecoCorrPhase RecoCorrPhaseRef RecoMap
##$RecoScaleChan=( 1 )
1
##$RecoPhaseChan=( 1 )
0
##$RecoCombineMode=SumOfSquares
##$RecoSortDim=2
$$ @vis= RecoNumInputChan RecoScaleChan RecoPhaseChan RecoCombineMode
##$RecoSortSize=( 2 )
75 114
##$RecoSortRange=( 2 )
100 114
##$RecoSortSegment=( 2 )
1 0
##$RecoSortMaps=( 189 )
25 26 27 28 29 30 31 32 33 34 35 36 37 38 39 40 41 42 43 44 45 46 47 48 49 50 
51 52 53 54 55 56 57 58 59 60 61 62 63 64 65 66 67 68 69 70 71 72 73 74 75 76 
77 78 79 80 81 82 83 84 85 86 87 88 89 90 91 92 93 94 95 96 97 98 99 0 2 4 1 
3 5 6 8 10 7 9 11 12 14 16 13 15 17 18 20 22 19 21 23 24 26 28 25 27 29 30 32 
34 31 33 35 36 38 40 37 39 41 42 44 46 43 45 47 48 50 52 49 51 53 54 56 58 55 
57 59 60 62 64 61 63 65 66 68 70 67 69 71 72 74 76 73 75 77 78 80 82 79 81 83 
84 86 88 85 87 89 90 92 94 91 93 95 96 98 100 97 99 101 102 104 106 103 105 
107 108 110 112 109 111 113
$$ @vis= RecoSortDim RecoSortSize RecoSortRange RecoSortSegment RecoSortMaps
##$RecoGrappaAccelFactor=1
##$RecoGrappaKernelRead=0
##$RecoGrappaKernelPhase=0
##$RecoGrappaNumRefRead=0
##$RecoGrappaNumRefPhase=0
##$RecoGrappaIncludeRefLines=Yes
##$RecoGrappaReadCenter=0
##$RecoGrappaPhaseCenter=0
##$RecoGrappaTruncThresh=-1
##$RecoRegridN=Off
$$ @vis= RecoSortGroup RecoGrappaAccelFactor RecoGrappaGroup RecoRegridN
##$RecoStageNrPasses=4
##$RecoStagePasses=( 4 )
(<FIRSTPASS>, 0) (<FTPASS1>, 1) (<PREPPASS>, 2) (<MAPPASS>, 3)
##$RecoStageNrNodes=23
##$RecoStageNodes=( 23 )
(<input>, 0, <RecoFileSource 
Q{numChan=1;byteOrder=\<BYTORDA\>;contData=false;initFromACQP=true;}>) 
(<input>, 0, <RecoQueueSink S{initQueue=true;initOnce=true;}>) (<compute>, 0, 
<RecoQueueSource Q0{initFromACQP=true;initOnce=true;}>) (<compute>, 0, 
<RecoBufferSink S0{procDim=1;frameDim=2;bufferId="FIRSTPASS0";memId="out0"}>) 
(<compute>, 0, <RecoCastFilter CAST0{dataRep=FLOAT; wordSize=8}>) (<compute>, 
0, <RecoFTShiftFilter FTS0{frameDim=2; winDirection=0; 
shift=\<RECO_rotate[0]\>; exponent=1}>) (<compute>, 0, <RecoFTFilter 
FT0{direction=0; exponent=1}>) (<compute>, 0, <RecoSortFilter 
REORD0{sortDim=\<RecoSortDim\>; sortSize=\<RecoSortSize\>; 
sortRange=\<RecoSortRange\>; sortSegment=\<RecoSortSegment\>; 
sortMaps=\<RecoSortMaps\>; frameDim = 2}>) (<compute>, 1, <RecoBufferSource 
Q0{procDim=1;frameDim=2;bufferId="FIRSTPASS0";memId="out0"}>) (<compute>, 1, 
<RecoBufferSink S0{procDim=1;frameDim=2;bufferId="FTPASS10";memId="in0"}>) 
(<compute>, 1, <RecoFTShiftFilter FTS0{frameDim=2; winDirection=1; 
shift=\<RECO_rotate[1]\>; exponent=1}>) (<compute>, 1, <RecoFTFilter 
FT0{direction=1;exponent=1;}>) (<compute>, 2, <RecoBufferSource 
Q0{procDim=2;frameDim=2;bufferId="FTPASS10";memId="in0"}>) (<compute>, 2, 
<RecoBufferSink S0{procDim=2;frameDim=2;bufferId="PREPPASS0";memId="out0"}>) 
(<compute>, 2, <RecoMagnitudeFilter G0>) (<compute>, 2, <RecoMinMaxFilter 
M0{map_min=\<RECO_map_min\>;map_max=\<RECO_map_max\>;}>) (<compute>, 3, 
<RecoBufferSource Q0{procDim=2;frameDim=2;bufferId="PREPPASS0";memId="out0"}>)
 (<compute>, 3, <RecoQueueSink S0>) (<compute>, 3, <RecoMapFilter 
MAP0{symmetricMode=true;minima=\<RECO_minima\>;maxima=\<RECO_maxima\>;slope=\<RECO_map_slope\>;offset=\<RECO_map_offset\>;map_min=\<RECO_map_min\>;map_max=\<RECO_map_max\>;rangeMin=-32766.500000;rangeMax=32766.500000;perObjectMode=false;cutoffMode=true;}>) (<compute>, 3, <RecoCastFilter CAST0{dataRep=SIGNED;wordSize=2}>) (<output>, 3, <RecoQueueSource Q{procDim=2;initFromRECO=true;initOnce=true;}>) (<output>, 3, <RecoImageDisplayFilter DISP{showAll=true;}>) (<output>, 3, <RecoFileSink S{writePars=true;shuffle=false;filename="2dseq";numChans=1;}>)
$$ @vis= RecoRegridNGroup RecoStageNrPasses RecoStagePasses RecoStageNrNodes
##$RecoStageNrEdges=17
##$RecoStageEdges=( 17 )
(<input>, 0, <Q-\>S>) (<compute>, 0, <Q0-\>CAST0>) (<compute>, 0, 
<CAST0-\>FTS0>) (<compute>, 0, <FTS0-\>FT0>) (<compute>, 0, <FT0-\>REORD0>) 
(<compute>, 0, <REORD0-\>S0>) (<compute>, 1, <Q0-\>FTS0>) (<compute>, 1, 
<FTS0-\>FT0>) (<compute>, 1, <FT0-\>S0>) (<compute>, 2, <Q0-\>G0>) (<compute>,
 2, <G0-\>M0>) (<compute>, 2, <M0-\>S0>) (<compute>, 3, <Q0-\>MAP0>) 
(<compute>, 3, <MAP0-\>CAST0>) (<compute>, 3, <CAST0-\>S0>) (<output>, 3, 
<Q-\>DISP>) (<output>, 3, <DISP-\>S>)
$$ @vis= RecoStageNodes RecoStageNrEdges RecoStageEdges RecoStageGroup
##$GS_reco_display=Yes
##$GO_reco_display=Yes
##$GO_reco_each_nr=No
##$GO_max_reco_mem=0
$$ @vis= RecoModeUser GS_reco_display RECO_GS GO_reco_display GO_reco_each_nr
##$RecoPrototype=No
$$ @vis= GO_max_reco_mem RECO_GO RecoPrototype RECO
##END=
$$ File finished by PARX at 2016-07-18 15:32:43.857 +0200
