##TITLE=Parameter List, ParaVision 6.0.1
##JCAMPDX=4.24
##DATATYPE=Parameter Values
##ORIGIN=Bruker BioSpin MRI GmbH
##OWNER=po
$$ 2016-07-18 15:32:44.870 +0200  po@var.u-strasbg.fr
$$ /opt/PV6.0.1/data/po/20160718_115906_plateforme_fantome_nouille_other_1_7/24/visu_pars
$$ process /opt/PV6.0.1/prog/mod/acq_out
##$VisuVersion=3
##$VisuUid=( 65 )
<2.16.756.5.5.100.1333920868.18239.1468848763.1>
##$VisuCreator=( 65 )
<ParaVision>
##$VisuCreatorVersion=( 65 )
<6.0.1>
##$VisuCreationDate=<2016-07-18T15:32:43,848+0200>
##$VisuInstanceModality=( 65 )
<MR>
##$VisuCoreFrameCount=114
##$VisuCoreDim=2
##$VisuCoreSize=( 2 )
200 100
##$VisuCoreDimDesc=( 2 )
spatial spatial
##$VisuCoreExtent=( 2 )
40 35
##$VisuCoreFrameThickness=( 1 )
1
##$VisuCoreUnits=( 2, 65 )
<mm> <mm>
##$VisuCoreOrientation=( 6, 9 )
1 0 0 0 1 0 0 0 1 1 0 0 0 1 0 0 0 1 1 0 0 0 1 0 0 0 1 1 0 0 0 1 0 0 0 1 1 0 0 
0 1 0 0 0 1 1 0 0 0 1 0 0 0 1
##$VisuCorePosition=( 6, 3 )
-19.262674 -14.41252 -2.5 -19.262674 -14.41252 -1.5 -19.262674 -14.41252 -0.5 
-19.262674 -14.41252 0.5 -19.262674 -14.41252 1.5 -19.262674 -14.41252 2.5
##$VisuCoreDataMin=( 114 )
6.83754223608117 5.98463584631105 1.45594991449165 4.44915194637964 
5.24541945181531 2.21206777103241 1.78787742192276 4.90988404236725 
4.84968531184142 2.86174059479528 3.26977633294087 1.69061611367988 
2.38632755616693 5.09297889036093 5.88460388685735 1.02527198058777 
5.3163134541832 1.37519185962868 4.61778919654536 3.86893021320056 
5.04526775345613 2.52512985260656 4.62860632399441 2.03761556480812 
4.01988050599118 4.72910902729806 4.89468683079149 1.91380119217933 
5.85964514252128 7.73636098957845 2.53767695856461 9.45019488180515 
3.51087841960299 6.35884062048944 3.98519033162129 6.78520773601228 
3.49654296513964 5.20192906378831 2.71627751023811 4.31582090143707 
0.903496638410432 3.94890783108612 3.34378563704011 1.95188342749432 
6.61941735794881 4.58005290457135 5.03033584401796 3.01280444907547 
4.0287383441244 1.58621334405437 3.257709554994 2.85383943623845 
1.30638194694008 2.6090027284386 3.70482297677519 5.01094569653518 
3.89101055739213 6.41540004016688 2.3583549725836 3.95385491106756 
2.65534279794623 5.80976954938905 1.87816909756575 5.47170563639093 
4.04596720245908 1.84050443059513 3.44716239514153 7.06087501288431 
4.09462687348281 4.42625147179207 4.07214681344175 8.74996051791715 
3.29147615781473 1.73946269967751 4.18409285873403 4.75578799478523 
3.13784491542805 2.05771448736773 2.8665518748852 4.63666580467359 
1.76129016650718 3.02095030218142 2.1572261029109 5.45957178225063 
6.28257685332245 6.59091083888286 4.7774511113357 5.02039840843614 
2.59208923611699 4.21863615672573 1.4531306233388 6.4320592798014 
2.95485312029241 1.41052134840719 1.04740997116125 1.91167099440781 
5.82163306481075 0.770393745078684 4.35885241952129 1.45661092818451 
4.62533439428034 4.51047062592367 4.43229440000948 5.53430963237216 
0.480539465321499 7.09924064195746 2.77781409387461 2.03183819674202 
3.62978469713255 4.28690997619396 1.02482985408954 5.32118074338557 
2.64721713367678 4.06429632179832
##$VisuCoreDataMax=( 114 )
28421.1620762947 26459.2345616712 32766.5 26522.092798756 26708.8572027865 
27091.8602572624 24132.354502791 23502.9806017242 28998.9994631362 
23110.4072726755 23226.7096815082 23435.3402646859 11894.4838533362 
11757.9058941117 14669.2519926023 12247.6036338845 11698.5795495327 
11740.9904098379 6408.67517446307 5362.11154218176 6593.9464730553 
6041.41497319023 5436.49203216277 5314.37988810397 24440.7328896326 
23228.2217767356 27028.075452715 23205.6659030814 23748.1829273739 
23249.7110617841 11657.5501001931 11202.2127125176 13408.6419534363 
11614.8167694768 11895.3008500931 11912.3003104106 5775.8952230054 
5026.5334446659 6033.32702294491 5877.1289001229 5410.84773076797 
5534.97935371664 24155.8105726149 23245.8294087264 28807.2348379906 
22639.834458019 23599.7041494589 23445.8729459111 12091.8465652961 
11819.5331852077 14231.4658566176 11729.8872580824 12011.3792605384 
11913.855276728 6435.13334370715 5246.10548369877 6473.76930692464 
5849.9951254775 5294.48057496261 5412.24960871785 24507.1625948142 
23149.112183623 28861.0994731219 22941.0653939206 23168.8972544128 
23386.6536031762 12084.6734136539 12381.2575748813 14897.7074288735 
12068.8105161997 12734.5776591946 12372.5781334398 6152.10011709379 
5682.86080160915 7271.62200982487 6038.8370810819 5681.44870972099 
5549.41263702919 24512.9727020532 22885.0721753214 28743.6538175267 
23248.3642151355 23381.232841549 23369.9344124475 12529.0369581082 
11533.005525204 14765.750601262 11793.1833123001 12301.8906868753 
11947.2042186588 6482.35914008525 5553.51330218476 6530.75075338398 
5762.90066145582 5503.9787229089 5443.38970011338 24062.7587923445 
22827.3035046156 27007.8757244249 22982.7731219025 23111.928820275 
23153.553947232 11854.6220467746 10740.3103861955 12026.5893369262 
10847.2618034165 11353.5564002012 11394.0674555968 5718.52400689204 
5093.56316802438 5805.74014825446 5279.65424639916 5102.1129447228 
5277.9478021359
##$VisuCoreDataOffs=( 114 )
0 0 0 0 0 0 0 0 0 0 0 0 0 0 0 0 0 0 0 0 0 0 0 0 0 0 0 0 0 0 0 0 0 0 0 0 0 0 0 
0 0 0 0 0 0 0 0 0 0 0 0 0 0 0 0 0 0 0 0 0 0 0 0 0 0 0 0 0 0 0 0 0 0 0 0 0 0 0 
0 0 0 0 0 0 0 0 0 0 0 0 0 0 0 0 0 0 0 0 0 0 0 0 0 0 0 0 0 0 0 0 0 0 0 0
##$VisuCoreDataSlope=( 114 )
0.00178737657638967 0.00178737657638967 0.00178737657638967 
0.00178737657638967 0.00178737657638967 0.00178737657638967 
0.00178737657638967 0.00178737657638967 0.00178737657638967 
0.00178737657638967 0.00178737657638967 0.00178737657638967 
0.00178737657638967 0.00178737657638967 0.00178737657638967 
0.00178737657638967 0.00178737657638967 0.00178737657638967 
0.00178737657638967 0.00178737657638967 0.00178737657638967 
0.00178737657638967 0.00178737657638967 0.00178737657638967 
0.00178737657638967 0.00178737657638967 0.00178737657638967 
0.00178737657638967 0.00178737657638967 0.00178737657638967 
0.00178737657638967 0.00178737657638967 0.00178737657638967 
0.00178737657638967 0.00178737657638967 0.00178737657638967 
0.00178737657638967 0.00178737657638967 0.00178737657638967 
0.00178737657638967 0.00178737657638967 0.00178737657638967 
0.00178737657638967 0.00178737657638967 0.00178737657638967 
0.00178737657638967 0.00178737657638967 0.00178737657638967 
0.00178737657638967 0.00178737657638967 0.00178737657638967 
0.00178737657638967 0.00178737657638967 0.00178737657638967 
0.00178737657638967 0.00178737657638967 0.00178737657638967 
0.00178737657638967 0.00178737657638967 0.00178737657638967 
0.00178737657638967 0.00178737657638967 0.00178737657638967 
0.00178737657638967 0.00178737657638967 0.00178737657638967 
0.00178737657638967 0.00178737657638967 0.00178737657638967 
0.00178737657638967 0.00178737657638967 0.00178737657638967 
0.00178737657638967 0.00178737657638967 0.00178737657638967 
0.00178737657638967 0.00178737657638967 0.00178737657638967 
0.00178737657638967 0.00178737657638967 0.00178737657638967 
0.00178737657638967 0.00178737657638967 0.00178737657638967 
0.00178737657638967 0.00178737657638967 0.00178737657638967 
0.00178737657638967 0.00178737657638967 0.00178737657638967 
0.00178737657638967 0.00178737657638967 0.00178737657638967 
0.00178737657638967 0.00178737657638967 0.00178737657638967 
0.00178737657638967 0.00178737657638967 0.00178737657638967 
0.00178737657638967 0.00178737657638967 0.00178737657638967 
0.00178737657638967 0.00178737657638967 0.00178737657638967 
0.00178737657638967 0.00178737657638967 0.00178737657638967 
0.00178737657638967 0.00178737657638967 0.00178737657638967 
0.00178737657638967 0.00178737657638967 0.00178737657638967
##$VisuCoreFrameType=( 1 )
MAGNITUDE_IMAGE
##$VisuFGElemComment=( 19, 65 )
<A0 1 B 26> <Dir 1 B 118> <Dir 1 B 518> <Dir 1 B 1019> <Dir 2 B 109> <Dir 2 B 
510> <Dir 2 B 1014> <Dir 3 B 104> <Dir 3 B 508> <Dir 3 B 1011> <Dir 4 B 118> 
<Dir 4 B 512> <Dir 4 B 1009> <Dir 5 B 109> <Dir 5 B 507> <Dir 5 B 1010> <Dir 
6 B 108> <Dir 6 B 520> <Dir 6 B 1012>
##$VisuCoreSlicePacksDef=(0, 1)
##$VisuCoreSlicePacksSlices=( 1 )
(0, 6)
##$VisuCoreSlicePacksSliceDist=( 1 )
1
##$VisuCoreWordType=_16BIT_SGN_INT
##$VisuCoreByteOrder=littleEndian
##$VisuFGOrderDescDim=2
##$VisuFGOrderDesc=( 2 )
(6, <FG_SLICE>, <>, 0, 2) (19, <FG_DIFFUSION>, <diffusion>, 2, 2)
##$VisuGroupDepVals=( 4 )
(<VisuCoreOrientation>, 0) (<VisuCorePosition>, 0) (<VisuFGElemComment>, 0) 
(<VisuAcqDiffusionBMatrix>, 0)
##$VisuSubjectName=( 65 )
<fantome-nouille>
##$VisuSubjectId=( 65 )
<plateforme^fantome-nouille_other>
##$VisuSubjectUid=( 65 )
<2.16.756.5.5.100.1333920868.10258.1459253896.69>
##$VisuSubjectInstanceCreationDate=(1459253896, 790, 120)
##$VisuSubjectBirthDate=( 9 )
<20160329>
##$VisuSubjectSex=UNKNOWN
##$VisuSubjectComment=( 2048 )
<pate alphabet coller au piston d'une seringue 50ml dans NaCl.\
V: ventral\
D: dorsal\
R: droite\
L: gauche\
H: tete>
##$VisuSubjectType=OtherAnimal
##$VisuStudyUid=( 65 )
<2.16.756.5.5.100.1333920868.10495.1468835946.106>
##$VisuStudyDate=<2016-07-18T11:59:06,071+0200>
##$VisuStudyId=( 65 )
<plateforme^18062016>
##$VisuStudyNumber=7
##$VisuSubjectWeight=0.001
##$VisuStudyReferringPhysician=( 65 )
<po>
##$VisuStudyDescription=( 2048 )
<\
>
##$VisuExperimentNumber=24
##$VisuProcessingNumber=1
##$VisuSeriesDate=<2016-07-18T15:32:43,848+0200>
##$VisuSubjectPosition=Head_Prone
##$VisuSeriesTypeId=( 65 )
<ACQ_BRUKER_PVM>
##$VisuManufacturer=( 65 )
<Bruker BioSpin MRI GmbH>
##$VisuAcqSoftwareVersion=( 65 )
<6.0.1>
##$VisuInstitution=( 65 )
<ICUBE Strasbourg>
##$VisuStation=( 65 )
<Biospec >
##$VisuSystemOrderNumber=( 65 )
<10112043>
##$VisuAcqDate=<2016-07-18T14:32:30,615+0200>
##$VisuAcqEchoTrainLength=1
##$VisuAcqSequenceName=( 40 )
<Bruker:DtiStandard>
##$VisuAcqNumberOfAverages=1
##$VisuAcqImagingFrequency=300.332528119878
##$VisuAcqImagedNucleus=( 8 )
<1H>
##$VisuAcqRepetitionTime=( 1 )
2500
##$VisuAcqPhaseEncSteps=75
##$VisuAcqPixelBandwidth=173.611111111111
##$VisuAcqFlipAngle=90
##$VisuAcqSize=( 2 )
200 75
##$VisuAcqImageSizeAccellerated=Yes
##$VisuAcqGradEncoding=( 2 )
read_enc phase_enc
##$VisuAcqEchoTime=( 1 )
21.55
##$VisuAcquisitionProtocol=( 65 )
<Diffusion_weight_SE>
##$VisuAcqScanTime=3562500
##$VisuAcqAntiAlias=( 2 )
1 1
##$VisuAcqEchoSequenceType=Both
##$VisuAcqSpinsVelocityEncoded=No
##$VisuAcqHasTimeOfFlightContrast=No
##$VisuAcqIsEpiSequence=No
##$VisuAcqSpectralSuppression=NoSuppression
##$VisuAcqKSpaceTraversal=RectilinearTraversal
##$VisuAcqEncodingOrder=( 2 )
LinearEncoding LinearEncoding
##$VisuAcqKSpaceTrajectoryCnt=1
##$VisuAcqKSpaceFiltering=( 2 )
NO_WDW NO_WDW
##$VisuAcqFlowCompensation=FlowNone
##$VisuAcqSpoiling=GradientSpoiled
##$VisuAcqPartialFourier=( 2 )
1 1.33
##$VisuAcqParallelReductionFactor=( 2 )
1 1
##$VisuAcqMagnetizationTransfer=No
##$VisuAcqBloodSignalNulling=No
##$VisuAcqDiffusionBMatrix=( 19, 9 )
7.67710300704037 7.67710300704037 -9.04982294528632 7.67710300704037 
7.67710300704037 -9.04982294528632 -9.04982294528632 -9.04982294528632 
10.8673926780526 13.6354320140989 -10.7619812988205 -35.6941047738727 
-10.7619812988205 9.25087181259289 26.9844848880397 -35.6941047738727 
26.9844848880397 95.4979821805036 44.439300168398 -24.413506994193 
-142.87931656711 -24.413506994193 13.822126728854 78.7455147849375 
-142.87931656711 78.7455147849375 459.730641806423 88.8786003367959 
-41.2477509003621 -284.563868827573 -41.2477509003621 19.1502127299986 
132.097633233263 -284.563868827573 132.097633233263 911.443394759463 
38.2146530864892 -23.4366083817003 46.1037780033403 -23.4366083817003 
14.665258401447 -28.4877178297966 46.1037780033403 -28.4877178297966 
55.9727934179337 191.073265432446 -100.792822678859 225.291298555241 
-100.792822678859 53.1690976263954 -118.843135144914 225.291298555241 
-118.843135144914 265.988450935379 382.146530864892 -201.585645357718 
448.105183056143 -201.585645357718 106.338195252791 -236.379412656365 
448.105183056143 -236.379412656365 525.799566968951 23.4459812627739 
33.8671764744359 26.9353216219596 33.8671764744359 48.9203514024682 
38.9074477430794 26.9353216219596 38.9074477430794 31.2952024698326 
117.22990631387 169.33588237218 130.581919447108 169.33588237218 
244.601757012341 188.622555853845 130.581919447108 188.622555853845 
145.805913552016 234.459812627739 338.671764744359 259.223320145595 
338.671764744359 489.203514024682 374.442077355025 259.223320145595 
374.442077355025 286.953575334325 95.9303258618495 24.2933130857121 
-31.8951602922684 24.2933130857121 8.58064345108604 -10.5504715683382 
-31.8951602922684 -10.5504715683382 13.3196029543362 479.651629309247 
68.9242288909735 -98.6509040001016 68.9242288909735 10.9868785336953 
-14.8186728022129 -98.6509040001016 -14.8186728022129 20.8675430705804 
959.303258618495 112.948056909818 -183.748318071757 112.948056909818 
13.7242040918833 -21.8914821761979 -183.748318071757 -21.8914821761979 
35.5470392829998 13.2279545111904 29.1387429633286 -19.2129661226316 
29.1387429633286 66.7688053350705 -43.37929370835 -19.2129661226316 
-43.37929370835 28.534508388735 41.0141674062411 117.014250404113 
-73.6014897608379 117.014250404113 333.844026675353 -209.986541179425 
-73.6014897608379 -209.986541179425 132.431924822223 82.0283348124823 
234.028500808227 -146.055181203624 234.028500808227 667.688053350705 
-416.698390507334 -146.055181203624 -416.698390507334 260.409134043794 
25.3183160704691 -42.3779994905539 5.77743186402843 -42.3779994905539 
70.9326337432089 -9.67031156057331 5.77743186402843 -9.67031156057331 
11.91245374782 126.591580352346 -211.88999745277 -67.2922863089542 
-211.88999745277 354.663168716045 112.634365847311 -67.2922863089542 
112.634365847311 38.5269612416783 253.183160704691 -423.779994905539 
-111.357282929891 -423.779994905539 709.326337432089 186.390708850368 
-111.357282929891 186.390708850368 49.8299237509673
##$VisuCardiacSynchUsed=No
##$VisuRespSynchUsed=No
##END=
$$ File finished by PARX at 2016-07-18 15:32:44.871 +0200
