##TITLE=Parameter List, ParaVision 6.0.1
##JCAMPDX=4.24
##DATATYPE=Parameter Values
##ORIGIN=Bruker BioSpin MRI GmbH
##OWNER=po
$$ 2016-07-18 14:10:46.989 +0200  po@var.u-strasbg.fr
$$ /opt/PV6.0.1/data/po/20160718_115906_plateforme_fantome_nouille_other_1_7/20/pdata/1/reco
$$ process /opt/PV6.0.1/prog/bin/parxserver
##$RECO_mode=USER_MODE
##$RecoAutoDerive=No
##$RecoDim=2
##$RecoObjectsPerRepetition=9
##$RecoObjectsPerSetupStep=225
$$ @vis= RECO_mode RecoAutoDerive RecoDim RecoObjectsPerRepetition
##$RecoNumRepetitions=19
##$RECO_inp_order=REV_ALT_ROWS
##$RECO_inp_size=( 2 )
0 100
$$ @vis= RecoObjectsPerSetupStep RecoNumRepetitions RECO_inp_order
##$RECO_ft_size=( 2 )
192 160
##$RECO_fov=( 2 )
4 3.5
##$RECO_size=( 2 )
192 160
##$RECO_offset=( 2, 9 )
0 0 0 0 0 0 0 0 0 0 0 0 0 0 0 0 0 0
##$RECO_regrid_mode=NO_REGRID
##$RECO_regrid_offset=0
##$RECO_ramp_gap=0
##$RECO_ramp_time=0
##$RECO_ne_mode=NO_NAV_DATA
##$RECO_ne_dist=NeNoInterleave
##$RECO_ne_dens=NeCorrPerScan
##$RECO_ne_type=NAV_PHASE
##$RECO_bc_mode=( 2 )
NO_BC NO_BC
##$RECO_bc_start=( 2 )
3038 3
##$RECO_bc_len=( 2 )
1012 1
##$RECO_dc_offset=( 2 )
0 0
##$RECO_dc_divisor=1
##$RECO_bc_coroff=( 2 )
0 0
##$RECO_qopts=( 2 )
COMPLEX_CONJUGATE NO_QOPTS
##$RECO_wdw_mode=( 2 )
NO_WDW NO_WDW
$$ @vis= RECO_inp_size RECO_ft_size RECO_fov RECO_size RECO_ne_mode
##$RECO_lb=( 2 )
-0.5 -0.5
##$RECO_sw=( 2 )
400000 1
##$RECO_gb=( 2 )
0.5 0.5
##$RECO_sbs=( 2 )
1 1
##$RECO_tm1=( 2 )
0.25 0.25
##$RECO_tm2=( 2 )
0.75 0.75
##$RECO_ft_mode=( 2 )
COMPLEX_FT COMPLEX_FT
##$RECO_pc_mode=( 2 )
FIRST_ORDER_PC FIRST_ORDER_PC
##$RECO_pc_lin=( 2 )
(0, 180) (0, 180)
##$RECO_rotate=( 2, 9 )
0.5 0.5 0.5 0.5 0.5 0.5 0.5 0.5 0.5 0.398617428571429 0.398617428571429 
0.398617428571429 0.398617428571429 0.398617428571429 0.398617428571429 
0.398617428571429 0.398617428571429 0.398617428571429
##$RECO_ppc_mode=NO_PPC
##$RECO_ref_image=0
##$RECO_nr_supports=0.4
##$RECO_sig_threshold=0.15
##$RECO_ppc_degree=1
##$RECO_ppc_coeffs=( 9, 2, 2 )
0 0 0 0 0 0 0 0 0 0 0 0 0 0 0 0 0 0 0 0 0 0 0 0 0 0 0 0 0 0 0 0 0 0 0 0
##$RECO_dc_elim=Yes
##$RECO_transposition=( 9 )
0 0 0 0 0 0 0 0 0
$$ @vis= RECO_wdw_mode RECO_ft_mode RECO_pc_mode RECO_pc_lin RECO_rotate
##$RECO_image_type=MAGNITUDE_IMAGE
##$RECO_image_threshold=0.15
##$RECO_ir_scale=10
##$RECO_wordtype=_16BIT_SGN_INT
##$RECO_map_mode=ABSOLUTE_MAPPING
##$RECO_map_range=( 2 )
-2147483647 2147483647
##$RECO_map_percentile=( 2 )
1 99.99
##$RECO_map_error=0.0025
##$RECO_globex=( 171 )
0 0 0 0 0 0 0 0 0 0 0 0 0 0 0 0 0 0 0 0 0 0 0 0 0 0 0 0 0 0 0 0 0 0 0 0 0 0 0 
0 0 0 0 0 0 0 0 0 0 0 0 0 0 0 0 0 0 0 0 0 0 0 0 0 0 0 0 0 0 0 0 0 0 0 0 0 0 0 
0 0 0 0 0 0 0 0 0 0 0 0 0 0 0 0 0 0 0 0 0 0 0 0 0 0 0 0 0 0 0 0 0 0 0 0 0 0 0 
0 0 0 0 0 0 0 0 0 0 0 0 0 0 0 0 0 0 0 0 0 0 0 0 0 0 0 0 0 0 0 0 0 0 0 0 0 0 0 
0 0 0 0 0 0 0 0 0 0 0 0 0 0 0
##$RECO_minima=( 171 )
0.0298628107684578 0.122632317206966 0.169878955560021 0.00571497873077948 
0.0907230133859526 0.0177675122485465 0.0355916826210389 0.0467015690284767 
0.0939940315532134 0.0222350479177752 0.0689742154152874 0.046591974328176 
0.28994263697515 0.00458301277508106 0.0578822339318357 0.0361342971458176 
0.030922270800139 0.00286845600050814 0.285425502819173 0.104268094139366 
0.0293707172182011 0.0179135822659773 0.0506701268772994 0.103622872936728 
0.0257317304200311 0.0164479067596121 0.0824593608821203 0.0038635254457552 
0.00242685065651342 0.213350169520726 0.00532975313490551 0.0784114236904664 
0.0016149207769236 0.0836453392840963 0.0949310839218306 0.128367899088622 
0.0335740981728712 0.00180828998983464 0.166593358930169 0.21920755369824 
0.092045075955529 0.00341275434278194 0.00186429259577187 0.0419726256110441 
0.284969305208328 0.0834668952865597 0.0346049767968109 0.00202215627136092 
0.00734312072917851 0.0547371126271492 0.0298106303048586 0.121587632393738 
0.0117487650623124 0.1055434103952 0.033058267536381 0.00587301655716237 
0.0488930874742524 0.021417405519679 0.0570747475095037 0.0018740312515633 
0.338276380149434 0.0275236101153582 0.0258788225094683 0.0082988753961225 
0.0460392138868576 0.060236332454341 0.0967439443088146 0.044259069153141 
0.0302823194157805 0.0118145542705238 0.0313776635106552 0.0447604123968898 
0.113510022026836 0.00579405671385716 0.138332229000529 0.0216610589420187 
0.0167819042678462 0.01759353672913 0.0456182162769749 0.0281057666376465 
0.0377333596938364 0.0393440493137822 0.0132728921172205 0.0728097061936472 
0.000899184013179424 0.0155727053742124 0.0271260434857494 0.0169456209988856 
0.0473003348646466 0.262468662846575 0.00547317628923424 0.00124854212033245 
0.041228347822469 0.112046522342272 0.0955011480796838 0.0302855514936041 
0.0418647056318144 0.06164363652353 0.0342678621583475 0.0243296998119019 
0.0067541918826485 0.0124365355611927 0.0346415446451556 0.0228994498556025 
0.217236638676572 0.0764088175965871 0.0642259670815066 0.00892947002710371 
0.0930508251374441 0.0209215585308103 0.0447472788530141 0.157105400166111 
0.0129882981651434 0.031623918473644 0.0171567059951553 0.11430877503927 
0.0286490078631133 0.0212088404352199 0.0228793942253536 0.0117998808985005 
0.0863404020348178 0.0591401431142797 0.067475641295631 0.128713187001273 
0.134069689724259 0.0522235997899744 0.131858382670365 0.000365950500571349 
0.0166190655094324 0.0987136182041306 0.00555200543927086 0.0330943430118333 
0.0013040965329429 0.117472718634208 0.0492154882733865 4.46044159043421e-05 
0.0356965400970306 0.0130666767430102 0.0260956147529087 0.170804273042227 
0.0208312133928786 0.0824882911131394 0.166042958489967 0.0921059563044592 
0.040371091650169 0.0114725114025415 0.0842186766800773 0.0219814973359128 
0.0374211793586632 0.11200505694271 0.1008797286904 0.0193064531685513 
0.140079783923612 0.0324093966825737 0.0925432848297216 0.0130568340928738 
0.0766469708879696 0.0117746773600309 0.077059683376643 0.0722381146480476 
0.063101081332141 0.0293051570236025 0.020689111093251 0.255353553484084 
0.00579967904378597 0.0115515599977665 0.0304272082249495 0.0613768406118824 
0.00981840282498583 0.0253244998114739 0.0392977476406985
##$RECO_maxima=( 171 )
8191.625 7218.60775744159 7151.21023969459 7812.55115976207 7646.73527556614 
7996.07387126652 7020.56415237854 7765.01942107211 7550.48403592036 
6212.7621061501 6580.38148625124 6478.08188337607 6895.80893014303 
6631.76360019485 6598.39160176917 5747.6565587042 7297.47932990062 
7079.20239993351 6212.93730394385 6365.07938893576 6527.4228855177 
7058.03219526274 7210.40060085597 6637.01704443024 6192.08443335011 
6223.33513445197 6584.75527081441 7372.81393013686 7913.45727568331 
7151.35611587695 5852.20380157933 6174.97375760175 7288.20680531183 
5933.35747720815 7112.56174082354 6796.56464166711 6239.44497317071 
6042.53335773049 7003.06353232749 8015.29167080668 6296.76979240982 
5981.17852337864 6285.03980856426 7734.55733358696 6715.35036496516 
6316.50103856298 6013.82575453411 7101.61912251698 6648.50089045268 
5870.657685543 6870.14888478236 5847.29221087096 6775.52666346626 
6908.46294301653 6007.00215285602 7309.31942901447 7021.10062058133 
7560.83029463445 6764.91043103522 7253.25254172068 7400.44295127069 
7238.280936034 6881.78065900262 5942.37963341003 6067.66448203483 
6213.44039951537 6964.82344412933 6373.035348654 6083.14388029546 
6252.98560566299 6225.0337009539 6975.1689101673 6183.03280876979 
6550.64167073151 6395.21603989974 6884.80618387463 6407.33488425872 
7486.85155574761 5996.27889959503 6668.16321208529 7495.17623639972 
5965.81294430578 6485.09620407469 7065.9627251156 6205.69153028167 
6609.82358886981 6181.50573330534 5990.98740111282 6623.82849357242 
6344.24359878255 6822.90510642181 5894.4269335491 6741.21534671257 
6892.94613927098 7050.29250003808 7309.17508448547 8165.94731709318 
6094.13400339247 6256.36752653695 5779.30885263833 5905.97023996422 
6503.68842551972 6044.00842491243 6024.91049188891 6787.18945449031 
6096.63465098838 6097.07985191027 7266.98654175723 6186.38014869116 
6459.03150375598 6790.89830488008 6024.44383685714 6458.17443556577 
6853.06996790344 6225.73416012904 6520.89177722506 6455.63543219139 
6871.27624378388 7851.60942765815 6860.7959769919 6360.12976648494 
6913.96447655058 6280.73809773701 6446.82707217989 7228.65241245881 
6334.85808446453 6687.47934153069 6936.8437448422 7294.73159726232 
6328.84774270924 5730.33838023725 6389.18657837208 6013.28079748109 
6325.7781877517 5925.74725274512 6051.54258109971 5889.01684624099 
6402.6980157116 6448.7514685829 7229.67643620431 6894.06015312353 
6358.82909626952 7782.44886372952 6150.18790093447 5680.09075580865 
6279.35568750917 6374.1787607676 6946.8957297784 7047.00106402071 
6344.740054658 6134.61424203627 7175.14318997884 6308.40784105494 
6856.51221038563 6334.76047354742 7061.88399295188 6278.02686140223 
6675.66335751358 5686.76096630494 6313.14819572493 6579.68784442984 
6625.36988471492 5946.74176856125 6339.12246362494 6501.50020739147 
6651.91899502661 6844.1170999327 5661.24027594996 6633.2834320027 
6865.06390478924 6529.6099141164
##$RECO_map_min=( 171 )
-5.09999699162136 -5.09999699162136 -5.09999699162136 -5.09999699162136 
-5.09999699162136 -5.09999699162136 -5.09999699162136 -5.09999699162136 
-5.09999699162136 -5.09999699162136 -5.09999699162136 -5.09999699162136 
-5.09999699162136 -5.09999699162136 -5.09999699162136 -5.09999699162136 
-5.09999699162136 -5.09999699162136 -5.09999699162136 -5.09999699162136 
-5.09999699162136 -5.09999699162136 -5.09999699162136 -5.09999699162136 
-5.09999699162136 -5.09999699162136 -5.09999699162136 -5.09999699162136 
-5.09999699162136 -5.09999699162136 -5.09999699162136 -5.09999699162136 
-5.09999699162136 -5.09999699162136 -5.09999699162136 -5.09999699162136 
-5.09999699162136 -5.09999699162136 -5.09999699162136 -5.09999699162136 
-5.09999699162136 -5.09999699162136 -5.09999699162136 -5.09999699162136 
-5.09999699162136 -5.09999699162136 -5.09999699162136 -5.09999699162136 
-5.09999699162136 -5.09999699162136 -5.09999699162136 -5.09999699162136 
-5.09999699162136 -5.09999699162136 -5.09999699162136 -5.09999699162136 
-5.09999699162136 -5.09999699162136 -5.09999699162136 -5.09999699162136 
-5.09999699162136 -5.09999699162136 -5.09999699162136 -5.09999699162136 
-5.09999699162136 -5.09999699162136 -5.09999699162136 -5.09999699162136 
-5.09999699162136 -5.09999699162136 -5.09999699162136 -5.09999699162136 
-5.09999699162136 -5.09999699162136 -5.09999699162136 -5.09999699162136 
-5.09999699162136 -5.09999699162136 -5.09999699162136 -5.09999699162136 
-5.09999699162136 -5.09999699162136 -5.09999699162136 -5.09999699162136 
-5.09999699162136 -5.09999699162136 -5.09999699162136 -5.09999699162136 
-5.09999699162136 -5.09999699162136 -5.09999699162136 -5.09999699162136 
-5.09999699162136 -5.09999699162136 -5.09999699162136 -5.09999699162136 
-5.09999699162136 -5.09999699162136 -5.09999699162136 -5.09999699162136 
-5.09999699162136 -5.09999699162136 -5.09999699162136 -5.09999699162136 
-5.09999699162136 -5.09999699162136 -5.09999699162136 -5.09999699162136 
-5.09999699162136 -5.09999699162136 -5.09999699162136 -5.09999699162136 
-5.09999699162136 -5.09999699162136 -5.09999699162136 -5.09999699162136 
-5.09999699162136 -5.09999699162136 -5.09999699162136 -5.09999699162136 
-5.09999699162136 -5.09999699162136 -5.09999699162136 -5.09999699162136 
-5.09999699162136 -5.09999699162136 -5.09999699162136 -5.09999699162136 
-5.09999699162136 -5.09999699162136 -5.09999699162136 -5.09999699162136 
-5.09999699162136 -5.09999699162136 -5.09999699162136 -5.09999699162136 
-5.09999699162136 -5.09999699162136 -5.09999699162136 -5.09999699162136 
-5.09999699162136 -5.09999699162136 -5.09999699162136 -5.09999699162136 
-5.09999699162136 -5.09999699162136 -5.09999699162136 -5.09999699162136 
-5.09999699162136 -5.09999699162136 -5.09999699162136 -5.09999699162136 
-5.09999699162136 -5.09999699162136 -5.09999699162136 -5.09999699162136 
-5.09999699162136 -5.09999699162136 -5.09999699162136 -5.09999699162136 
-5.09999699162136 -5.09999699162136 -5.09999699162136 -5.09999699162136 
-5.09999699162136 -5.09999699162136 -5.09999699162136 -5.09999699162136 
-5.09999699162136 -5.09999699162136 -5.09999699162136
##$RECO_map_max=( 171 )
5.09999699162136 5.09999699162136 5.09999699162136 5.09999699162136 
5.09999699162136 5.09999699162136 5.09999699162136 5.09999699162136 
5.09999699162136 5.09999699162136 5.09999699162136 5.09999699162136 
5.09999699162136 5.09999699162136 5.09999699162136 5.09999699162136 
5.09999699162136 5.09999699162136 5.09999699162136 5.09999699162136 
5.09999699162136 5.09999699162136 5.09999699162136 5.09999699162136 
5.09999699162136 5.09999699162136 5.09999699162136 5.09999699162136 
5.09999699162136 5.09999699162136 5.09999699162136 5.09999699162136 
5.09999699162136 5.09999699162136 5.09999699162136 5.09999699162136 
5.09999699162136 5.09999699162136 5.09999699162136 5.09999699162136 
5.09999699162136 5.09999699162136 5.09999699162136 5.09999699162136 
5.09999699162136 5.09999699162136 5.09999699162136 5.09999699162136 
5.09999699162136 5.09999699162136 5.09999699162136 5.09999699162136 
5.09999699162136 5.09999699162136 5.09999699162136 5.09999699162136 
5.09999699162136 5.09999699162136 5.09999699162136 5.09999699162136 
5.09999699162136 5.09999699162136 5.09999699162136 5.09999699162136 
5.09999699162136 5.09999699162136 5.09999699162136 5.09999699162136 
5.09999699162136 5.09999699162136 5.09999699162136 5.09999699162136 
5.09999699162136 5.09999699162136 5.09999699162136 5.09999699162136 
5.09999699162136 5.09999699162136 5.09999699162136 5.09999699162136 
5.09999699162136 5.09999699162136 5.09999699162136 5.09999699162136 
5.09999699162136 5.09999699162136 5.09999699162136 5.09999699162136 
5.09999699162136 5.09999699162136 5.09999699162136 5.09999699162136 
5.09999699162136 5.09999699162136 5.09999699162136 5.09999699162136 
5.09999699162136 5.09999699162136 5.09999699162136 5.09999699162136 
5.09999699162136 5.09999699162136 5.09999699162136 5.09999699162136 
5.09999699162136 5.09999699162136 5.09999699162136 5.09999699162136 
5.09999699162136 5.09999699162136 5.09999699162136 5.09999699162136 
5.09999699162136 5.09999699162136 5.09999699162136 5.09999699162136 
5.09999699162136 5.09999699162136 5.09999699162136 5.09999699162136 
5.09999699162136 5.09999699162136 5.09999699162136 5.09999699162136 
5.09999699162136 5.09999699162136 5.09999699162136 5.09999699162136 
5.09999699162136 5.09999699162136 5.09999699162136 5.09999699162136 
5.09999699162136 5.09999699162136 5.09999699162136 5.09999699162136 
5.09999699162136 5.09999699162136 5.09999699162136 5.09999699162136 
5.09999699162136 5.09999699162136 5.09999699162136 5.09999699162136 
5.09999699162136 5.09999699162136 5.09999699162136 5.09999699162136 
5.09999699162136 5.09999699162136 5.09999699162136 5.09999699162136 
5.09999699162136 5.09999699162136 5.09999699162136 5.09999699162136 
5.09999699162136 5.09999699162136 5.09999699162136 5.09999699162136 
5.09999699162136 5.09999699162136 5.09999699162136 5.09999699162136 
5.09999699162136 5.09999699162136 5.09999699162136 5.09999699162136 
5.09999699162136 5.09999699162136 5.09999699162136
##$RECO_map_offset=( 171 )
0 0 0 0 0 0 0 0 0 0 0 0 0 0 0 0 0 0 0 0 0 0 0 0 0 0 0 0 0 0 0 0 0 0 0 0 0 0 0 
0 0 0 0 0 0 0 0 0 0 0 0 0 0 0 0 0 0 0 0 0 0 0 0 0 0 0 0 0 0 0 0 0 0 0 0 0 0 0 
0 0 0 0 0 0 0 0 0 0 0 0 0 0 0 0 0 0 0 0 0 0 0 0 0 0 0 0 0 0 0 0 0 0 0 0 0 0 0 
0 0 0 0 0 0 0 0 0 0 0 0 0 0 0 0 0 0 0 0 0 0 0 0 0 0 0 0 0 0 0 0 0 0 0 0 0 0 0 
0 0 0 0 0 0 0 0 0 0 0 0 0 0 0
##$RECO_map_slope=( 171 )
1606.2019278556 1606.2019278556 1606.2019278556 1606.2019278556 
1606.2019278556 1606.2019278556 1606.2019278556 1606.2019278556 
1606.2019278556 1606.2019278556 1606.2019278556 1606.2019278556 
1606.2019278556 1606.2019278556 1606.2019278556 1606.2019278556 
1606.2019278556 1606.2019278556 1606.2019278556 1606.2019278556 
1606.2019278556 1606.2019278556 1606.2019278556 1606.2019278556 
1606.2019278556 1606.2019278556 1606.2019278556 1606.2019278556 
1606.2019278556 1606.2019278556 1606.2019278556 1606.2019278556 
1606.2019278556 1606.2019278556 1606.2019278556 1606.2019278556 
1606.2019278556 1606.2019278556 1606.2019278556 1606.2019278556 
1606.2019278556 1606.2019278556 1606.2019278556 1606.2019278556 
1606.2019278556 1606.2019278556 1606.2019278556 1606.2019278556 
1606.2019278556 1606.2019278556 1606.2019278556 1606.2019278556 
1606.2019278556 1606.2019278556 1606.2019278556 1606.2019278556 
1606.2019278556 1606.2019278556 1606.2019278556 1606.2019278556 
1606.2019278556 1606.2019278556 1606.2019278556 1606.2019278556 
1606.2019278556 1606.2019278556 1606.2019278556 1606.2019278556 
1606.2019278556 1606.2019278556 1606.2019278556 1606.2019278556 
1606.2019278556 1606.2019278556 1606.2019278556 1606.2019278556 
1606.2019278556 1606.2019278556 1606.2019278556 1606.2019278556 
1606.2019278556 1606.2019278556 1606.2019278556 1606.2019278556 
1606.2019278556 1606.2019278556 1606.2019278556 1606.2019278556 
1606.2019278556 1606.2019278556 1606.2019278556 1606.2019278556 
1606.2019278556 1606.2019278556 1606.2019278556 1606.2019278556 
1606.2019278556 1606.2019278556 1606.2019278556 1606.2019278556 
1606.2019278556 1606.2019278556 1606.2019278556 1606.2019278556 
1606.2019278556 1606.2019278556 1606.2019278556 1606.2019278556 
1606.2019278556 1606.2019278556 1606.2019278556 1606.2019278556 
1606.2019278556 1606.2019278556 1606.2019278556 1606.2019278556 
1606.2019278556 1606.2019278556 1606.2019278556 1606.2019278556 
1606.2019278556 1606.2019278556 1606.2019278556 1606.2019278556 
1606.2019278556 1606.2019278556 1606.2019278556 1606.2019278556 
1606.2019278556 1606.2019278556 1606.2019278556 1606.2019278556 
1606.2019278556 1606.2019278556 1606.2019278556 1606.2019278556 
1606.2019278556 1606.2019278556 1606.2019278556 1606.2019278556 
1606.2019278556 1606.2019278556 1606.2019278556 1606.2019278556 
1606.2019278556 1606.2019278556 1606.2019278556 1606.2019278556 
1606.2019278556 1606.2019278556 1606.2019278556 1606.2019278556 
1606.2019278556 1606.2019278556 1606.2019278556 1606.2019278556 
1606.2019278556 1606.2019278556 1606.2019278556 1606.2019278556 
1606.2019278556 1606.2019278556 1606.2019278556 1606.2019278556 
1606.2019278556 1606.2019278556 1606.2019278556 1606.2019278556 
1606.2019278556 1606.2019278556 1606.2019278556
##$RECO_byte_order=littleEndian
$$ @vis= RECO_transposition RECO_image_type RECO_wordtype RECO_map_mode
##$RECO_time=<2016-07-18T14:10:46,980+0200>
##$RECO_abs_time=(1468843846, 980, 120)
##$RECO_base_image_uid=( 65 )
<2.16.756.5.5.100.1333920868.5890.1468843846.1>
##$RecoUserUpdate=Yes
##$RecoReverseSegment=25
##$RecoB0DemodOff=0
##$RecoB0DemodDelay=0
##$RecoFTOrder=( 2 )
0 1
##$RecoHalfFT=( 2 )
No Yes
$$ @vis= RECO_byte_order RecoUserUpdate RecoB0DemodOff RecoWindow RecoFTOrder
##$RecoHalfFTPos=( 2 )
81 20
##$RecoCorrPhase=RecoCorrPhaseOff
##$RecoCorrPhaseRef=-1
##$RECO_map_user_slope=1
##$RECO_map_user_offset=0
##$RecoNumInputChan=1
$$ @vis= RecoHalfFT RecoHalfFTPos RecoCorrPhase RecoCorrPhaseRef RecoMap
##$RecoScaleChan=( 1 )
1
##$RecoPhaseChan=( 1 )
0
##$RecoCombineMode=SumOfSquares
##$RecoSortDim=2
$$ @vis= RecoNumInputChan RecoScaleChan RecoPhaseChan RecoCombineMode
##$RecoSortSize=( 2 )
100 9
##$RecoSortRange=( 2 )
160 9
##$RecoSortSegment=( 2 )
25 0
##$RecoSortMaps=( 109 )
60 64 68 72 76 80 84 88 92 96 100 104 108 112 116 120 124 128 132 136 140 144 
148 152 156 61 65 69 73 77 81 85 89 93 97 101 105 109 113 117 121 125 129 133 
137 141 145 149 153 157 62 66 70 74 78 82 86 90 94 98 102 106 110 114 118 122 
126 130 134 138 142 146 150 154 158 63 67 71 75 79 83 87 91 95 99 103 107 111 
115 119 123 127 131 135 139 143 147 151 155 159 0 2 4 6 8 1 3 5 7
$$ @vis= RecoSortDim RecoSortSize RecoSortRange RecoSortSegment RecoSortMaps
##$RecoGrappaAccelFactor=1
##$RecoGrappaKernelRead=0
##$RecoGrappaKernelPhase=0
##$RecoGrappaNumRefRead=0
##$RecoGrappaNumRefPhase=0
##$RecoGrappaIncludeRefLines=No
##$RecoGrappaReadCenter=77
##$RecoGrappaPhaseCenter=0
##$RecoGrappaTruncThresh=0.05
##$RecoRegridN=Off
$$ @vis= RecoSortGroup RecoGrappaAccelFactor RecoGrappaGroup RecoRegridN
##$RecoStageNrPasses=4
##$RecoStagePasses=( 4 )
(<FIRSTPASS>, 0) (<FTPASS1>, 1) (<PREPPASS>, 2) (<MAPPASS>, 3)
##$RecoStageNrNodes=28
##$RecoStageNodes=( 28 )
(<input>, 0, <RecoFileSource 
Q{numChan=1;byteOrder=\<BYTORDA\>;contData=true;initFromACQP=true;}>) (<input>
, 0, <RecoQueueSink S{initQueue=true;initOnce=true;}>) (<compute>, 0, 
<RecoQueueSource Q0{initFromACQP=true;initOnce=true;}>) (<compute>, 0, 
<RecoBufferSink S0{procDim=1;frameDim=2;bufferId="FIRSTPASS0";memId="out0"}>) 
(<compute>, 0, <RecoCastFilter CAST0{dataRep=FLOAT; wordSize=8}>) (<compute>, 
0, <RecoReverseFilter REV0{segment=\<RecoReverseSegment\>}>) (<compute>, 0, 
<RecoZfillFilter Z0{fixedSize=\<RECO_ft_size[0]\>; dataPosition=15; 
fillingPosition=0.5}>) (<compute>, 0, <RecoFTShiftFilter FTS0{frameDim=2; 
winDirection=0; shift=\<RECO_rotate[0]\>; exponent=1}>) (<compute>, 0, 
<RecoFTFilter FT0{direction=0; exponent=1}>) (<compute>, 0, <RecoSortFilter 
REORD0{sortDim=\<RecoSortDim\>; sortSize=\<RecoSortSize\>; 
sortRange=\<RecoSortRange\>; sortSegment=\<RecoSortSegment\>; 
sortMaps=\<RecoSortMaps\>; frameDim = 2}>) (<compute>, 1, <RecoBufferSource 
Q0{procDim=1;frameDim=2;bufferId="FIRSTPASS0";memId="out0"}>) (<compute>, 1, 
<RecoBufferSink S0{procDim=1;frameDim=2;bufferId="FTPASS10";memId="in0"}>) 
(<compute>, 1, <RecoFTShiftFilter FTS0{frameDim=2; winDirection=1; 
shift=\<RECO_rotate[1]\>; exponent=1}>) (<compute>, 1, <RecoHalfFourierFilter 
FT0{echoPosition=20;direction=1;exponent=1;}>) (<compute>, 2, 
<RecoBufferSource Q0{procDim=2;frameDim=2;bufferId="FTPASS10";memId="in0"}>) 
(<compute>, 2, <RecoBufferSink 
S0{procDim=2;frameDim=2;bufferId="PREPPASS0";memId="out0"}>) (<compute>, 2, 
<RecoMagnitudeFilter G0>) (<compute>, 2, <RecoMinMaxFilter 
M0{map_min=\<RECO_map_min\>;map_max=\<RECO_map_max\>;}>) (<compute>, 3, 
<RecoBufferSource Q0{procDim=2;frameDim=2;bufferId="PREPPASS0";memId="out0"}>)
 (<compute>, 3, <RecoQueueSink S0>) (<compute>, 3, <RecoMapFilter 
MAP0{symmetricMode=true;minima=\<RECO_minima\>;maxima=\<RECO_maxima\>;slope=\<RECO_map_slope\>;offset=\<RECO_map_offset\>;map_min=\<RECO_map_min\>;map_max=\<RECO_map_max\>;rangeMin=-8191.625000;rangeMax=8191.625000;perRepetitionMode=true;perObjectMode=false;cutoffMode=false;}>) (<compute>, 3, <RecoCastFilter CAST0{dataRep=SIGNED;wordSize=2}>) (<output>, 3, <RecoQueueSource Q{procDim=2;initFromRECO=true;initOnce=true;}>) (<output>, 3, <RecoImageDisplayFilter DISP{showAll=true;}>) (<output>, 3, <RecoFileSink S{writePars=true;shuffle=false;filename="2dseq";numChans=1;}>) (<compute>, 0, <RecoStabCorrFilter NAV0{innerSegments=1;navSize=0;echoSize=162;nEchoes=25;junkSize=0;nSlices=\<NI\>;nSegments=\<PVM_EpiNShots\>;sliding=true;useNav=true;dc=false;select=0;drift=false;dyncor=0;junkSize0=0;navSize2=0;multiecho=1}>) (<compute>, 0, <RecoRegridFilter RGR0{rampForm=5;rampLength=0.197531;ktraject=\<PVM_EpiTrajAdjkx\>;b0traject=\<PVM_EpiTrajAdjb0\>;ksize=162;nechoes=\<PVM_EpiNEchoes\>}>) (<compute>, 0, <RecoEpiGhostFilter EG0{innerSegments=1;nechoes=25;phc=\<PVM_EpiPhaseCorrection[0]\>;nslices=\<NI\>;adjust=0;refecho=6;time=true;center=\<PVM_EpiReadCenter\>;channel=0;maxorder=4;doubleshotadj=0;dyncor=0;usedyn=1}>)
$$ @vis= RecoRegridNGroup RecoStageNrPasses RecoStagePasses RecoStageNrNodes
##$RecoStageNrEdges=22
##$RecoStageEdges=( 22 )
(<input>, 0, <Q-\>S>) (<compute>, 0, <Q0-\>CAST0>) (<compute>, 0, 
<RGR0-\>REV0>) (<compute>, 0, <REV0-\>Z0>) (<compute>, 0, <EG0-\>FTS0>) 
(<compute>, 0, <FTS0-\>FT0>) (<compute>, 0, <FT0-\>REORD0>) (<compute>, 0, 
<REORD0-\>S0>) (<compute>, 1, <Q0-\>FTS0>) (<compute>, 1, <FTS0-\>FT0>) 
(<compute>, 1, <FT0-\>S0>) (<compute>, 2, <Q0-\>G0>) (<compute>, 2, <G0-\>M0>)
 (<compute>, 2, <M0-\>S0>) (<compute>, 3, <Q0-\>MAP0>) (<compute>, 3, 
<MAP0-\>CAST0>) (<compute>, 3, <CAST0-\>S0>) (<output>, 3, <Q-\>DISP>) 
(<output>, 3, <DISP-\>S>) (<compute>, 0, <CAST0-\>NAV0>) (<compute>, 0, 
<NAV0-\>RGR0>) (<compute>, 0, <Z0-\>EG0>)
$$ @vis= RecoStageNodes RecoStageNrEdges RecoStageEdges RecoStageGroup
##$GS_reco_display=Yes
##$GO_reco_display=Yes
##$GO_reco_each_nr=Yes
##$GO_max_reco_mem=0
$$ @vis= RecoModeUser GS_reco_display RECO_GS GO_reco_display GO_reco_each_nr
##$RecoPrototype=No
$$ @vis= GO_max_reco_mem RECO_GO RecoPrototype RECO
##END=
$$ File finished by PARX at 2016-07-18 14:10:46.993 +0200
