##TITLE=Parameter List, ParaVision 6.0.1
##JCAMPDX=4.24
##DATATYPE=Parameter Values
##ORIGIN=Bruker BioSpin MRI GmbH
##OWNER=po
$$ 2016-07-18 14:10:46.983 +0200  po@var.u-strasbg.fr
$$ /opt/PV6.0.1/data/po/20160718_115906_plateforme_fantome_nouille_other_1_7/20/pdata/1/visu_pars
$$ process /opt/PV6.0.1/prog/bin/parxserver
##$VisuVersion=3
##$VisuUid=( 65 )
<2.16.756.5.5.100.1333920868.5890.1468843846.1>
##$VisuCreator=( 65 )
<ParaVision>
##$VisuCreatorVersion=( 65 )
<6.0.1>
##$VisuCreationDate=<2016-07-18T14:10:46,980+0200>
##$VisuInstanceModality=( 65 )
<MR>
$$ @vis= VisuVersion VisuUid VisuCreator VisuCreatorVersion VisuCreationDate
##$VisuCoreFrameCount=171
##$VisuCoreDim=2
##$VisuCoreSize=( 2 )
192 160
$$ @vis= VisuInstanceModality VisuInstance VisuCoreFrameCount VisuCoreDim
##$VisuCoreDimDesc=( 2 )
spatial spatial
##$VisuCoreExtent=( 2 )
40 35
##$VisuCoreFrameThickness=( 1 )
1
##$VisuCoreUnits=( 2, 65 )
<mm> <mm>
$$ @vis= VisuCoreSize VisuCoreDimDesc VisuCoreExtent VisuCoreFrameThickness
##$VisuCoreOrientation=( 9, 9 )
1 0 0 0 1 0 0 0 1 1 0 0 0 1 0 0 0 1 1 0 0 0 1 0 0 0 1 1 0 0 0 1 0 0 0 1 1 0 0 
0 1 0 0 0 1 1 0 0 0 1 0 0 0 1 1 0 0 0 1 0 0 0 1 1 0 0 0 1 0 0 0 1 1 0 0 0 1 0 
0 0 1
##$VisuCorePosition=( 9, 3 )
-20 -13.95161 -4.46083 -20 -13.95161 -3.46083 -20 -13.95161 -2.46083 -20 
-13.95161 -1.46083 -20 -13.95161 -0.46083 -20 -13.95161 0.53917 -20 -13.95161 
1.53917 -20 -13.95161 2.53917 -20 -13.95161 3.53917
##$VisuCoreDataMin=( 171 )
0.0298628107684578 0.122632317206966 0.169878955560021 0.00571497873077948 
0.0907230133859526 0.0177675122485465 0.0355916826210389 0.0467015690284767 
0.0939940315532134 0.0222350479177752 0.0689742154152874 0.046591974328176 
0.28994263697515 0.00458301277508106 0.0578822339318357 0.0361342971458176 
0.030922270800139 0.00286845600050814 0.285425502819173 0.104268094139366 
0.0293707172182011 0.0179135822659773 0.0506701268772994 0.103622872936728 
0.0257317304200311 0.0164479067596121 0.0824593608821203 0.0038635254457552 
0.00242685065651342 0.213350169520726 0.00532975313490551 0.0784114236904664 
0.0016149207769236 0.0836453392840963 0.0949310839218306 0.128367899088622 
0.0335740981728712 0.00180828998983464 0.166593358930169 0.21920755369824 
0.092045075955529 0.00341275434278194 0.00186429259577187 0.0419726256110441 
0.284969305208328 0.0834668952865597 0.0346049767968109 0.00202215627136092 
0.00734312072917851 0.0547371126271492 0.0298106303048586 0.121587632393738 
0.0117487650623124 0.1055434103952 0.033058267536381 0.00587301655716237 
0.0488930874742524 0.021417405519679 0.0570747475095037 0.0018740312515633 
0.338276380149434 0.0275236101153582 0.0258788225094683 0.0082988753961225 
0.0460392138868576 0.060236332454341 0.0967439443088146 0.044259069153141 
0.0302823194157805 0.0118145542705238 0.0313776635106552 0.0447604123968898 
0.113510022026836 0.00579405671385716 0.138332229000529 0.0216610589420187 
0.0167819042678462 0.01759353672913 0.0456182162769749 0.0281057666376465 
0.0377333596938364 0.0393440493137822 0.0132728921172205 0.0728097061936472 
0.000899184013179424 0.0155727053742124 0.0271260434857494 0.0169456209988856 
0.0473003348646466 0.262468662846575 0.00547317628923424 0.00124854212033245 
0.041228347822469 0.112046522342272 0.0955011480796838 0.0302855514936041 
0.0418647056318144 0.06164363652353 0.0342678621583475 0.0243296998119019 
0.0067541918826485 0.0124365355611927 0.0346415446451556 0.0228994498556025 
0.217236638676572 0.0764088175965871 0.0642259670815066 0.00892947002710371 
0.0930508251374441 0.0209215585308103 0.0447472788530141 0.157105400166111 
0.0129882981651434 0.031623918473644 0.0171567059951553 0.11430877503927 
0.0286490078631133 0.0212088404352199 0.0228793942253536 0.0117998808985005 
0.0863404020348178 0.0591401431142797 0.067475641295631 0.128713187001273 
0.134069689724259 0.0522235997899744 0.131858382670365 0.000365950500571349 
0.0166190655094324 0.0987136182041306 0.00555200543927086 0.0330943430118333 
0.0013040965329429 0.117472718634208 0.0492154882733865 4.46044159043421e-05 
0.0356965400970306 0.0130666767430102 0.0260956147529087 0.170804273042227 
0.0208312133928786 0.0824882911131394 0.166042958489967 0.0921059563044592 
0.040371091650169 0.0114725114025415 0.0842186766800773 0.0219814973359128 
0.0374211793586632 0.11200505694271 0.1008797286904 0.0193064531685513 
0.140079783923612 0.0324093966825737 0.0925432848297216 0.0130568340928738 
0.0766469708879696 0.0117746773600309 0.077059683376643 0.0722381146480476 
0.063101081332141 0.0293051570236025 0.020689111093251 0.255353553484084 
0.00579967904378597 0.0115515599977665 0.0304272082249495 0.0613768406118824 
0.00981840282498583 0.0253244998114739 0.0392977476406985
##$VisuCoreDataMax=( 171 )
8191.625 7218.60775744159 7151.21023969459 7812.55115976207 7646.73527556614 
7996.07387126652 7020.56415237854 7765.01942107211 7550.48403592036 
6212.7621061501 6580.38148625124 6478.08188337607 6895.80893014303 
6631.76360019485 6598.39160176917 5747.6565587042 7297.47932990062 
7079.20239993351 6212.93730394385 6365.07938893576 6527.4228855177 
7058.03219526274 7210.40060085597 6637.01704443024 6192.08443335011 
6223.33513445197 6584.75527081441 7372.81393013686 7913.45727568331 
7151.35611587695 5852.20380157933 6174.97375760175 7288.20680531183 
5933.35747720815 7112.56174082354 6796.56464166711 6239.44497317071 
6042.53335773049 7003.06353232749 8015.29167080668 6296.76979240982 
5981.17852337864 6285.03980856426 7734.55733358696 6715.35036496516 
6316.50103856298 6013.82575453411 7101.61912251698 6648.50089045268 
5870.657685543 6870.14888478236 5847.29221087096 6775.52666346626 
6908.46294301653 6007.00215285602 7309.31942901447 7021.10062058133 
7560.83029463445 6764.91043103522 7253.25254172068 7400.44295127069 
7238.280936034 6881.78065900262 5942.37963341003 6067.66448203483 
6213.44039951537 6964.82344412933 6373.035348654 6083.14388029546 
6252.98560566299 6225.0337009539 6975.1689101673 6183.03280876979 
6550.64167073151 6395.21603989974 6884.80618387463 6407.33488425872 
7486.85155574761 5996.27889959503 6668.16321208529 7495.17623639972 
5965.81294430578 6485.09620407469 7065.9627251156 6205.69153028167 
6609.82358886981 6181.50573330534 5990.98740111282 6623.82849357242 
6344.24359878255 6822.90510642181 5894.4269335491 6741.21534671257 
6892.94613927098 7050.29250003808 7309.17508448547 8165.94731709318 
6094.13400339247 6256.36752653695 5779.30885263833 5905.97023996422 
6503.68842551972 6044.00842491243 6024.91049188891 6787.18945449031 
6096.63465098838 6097.07985191027 7266.98654175723 6186.38014869116 
6459.03150375598 6790.89830488008 6024.44383685714 6458.17443556577 
6853.06996790344 6225.73416012904 6520.89177722506 6455.63543219139 
6871.27624378388 7851.60942765815 6860.7959769919 6360.12976648494 
6913.96447655058 6280.73809773701 6446.82707217989 7228.65241245881 
6334.85808446453 6687.47934153069 6936.8437448422 7294.73159726232 
6328.84774270924 5730.33838023725 6389.18657837208 6013.28079748109 
6325.7781877517 5925.74725274512 6051.54258109971 5889.01684624099 
6402.6980157116 6448.7514685829 7229.67643620431 6894.06015312353 
6358.82909626952 7782.44886372952 6150.18790093447 5680.09075580865 
6279.35568750917 6374.1787607676 6946.8957297784 7047.00106402071 
6344.740054658 6134.61424203627 7175.14318997884 6308.40784105494 
6856.51221038563 6334.76047354742 7061.88399295188 6278.02686140223 
6675.66335751358 5686.76096630494 6313.14819572493 6579.68784442984 
6625.36988471492 5946.74176856125 6339.12246362494 6501.50020739147 
6651.91899502661 6844.1170999327 5661.24027594996 6633.2834320027 
6865.06390478924 6529.6099141164
$$ @vis= VisuCoreUnits VisuCoreOrientation VisuCorePosition VisuCoreDataMin
##$VisuCoreDataOffs=( 171 )
0 0 0 0 0 0 0 0 0 0 0 0 0 0 0 0 0 0 0 0 0 0 0 0 0 0 0 0 0 0 0 0 0 0 0 0 0 0 0 
0 0 0 0 0 0 0 0 0 0 0 0 0 0 0 0 0 0 0 0 0 0 0 0 0 0 0 0 0 0 0 0 0 0 0 0 0 0 0 
0 0 0 0 0 0 0 0 0 0 0 0 0 0 0 0 0 0 0 0 0 0 0 0 0 0 0 0 0 0 0 0 0 0 0 0 0 0 0 
0 0 0 0 0 0 0 0 0 0 0 0 0 0 0 0 0 0 0 0 0 0 0 0 0 0 0 0 0 0 0 0 0 0 0 0 0 0 0 
0 0 0 0 0 0 0 0 0 0 0 0 0 0 0
##$VisuCoreDataSlope=( 171 )
0.000622586726274867 0.000622586726274867 0.000622586726274867 
0.000622586726274867 0.000622586726274867 0.000622586726274867 
0.000622586726274867 0.000622586726274867 0.000622586726274867 
0.000622586726274867 0.000622586726274867 0.000622586726274867 
0.000622586726274867 0.000622586726274867 0.000622586726274867 
0.000622586726274867 0.000622586726274867 0.000622586726274867 
0.000622586726274867 0.000622586726274867 0.000622586726274867 
0.000622586726274867 0.000622586726274867 0.000622586726274867 
0.000622586726274867 0.000622586726274867 0.000622586726274867 
0.000622586726274867 0.000622586726274867 0.000622586726274867 
0.000622586726274867 0.000622586726274867 0.000622586726274867 
0.000622586726274867 0.000622586726274867 0.000622586726274867 
0.000622586726274867 0.000622586726274867 0.000622586726274867 
0.000622586726274867 0.000622586726274867 0.000622586726274867 
0.000622586726274867 0.000622586726274867 0.000622586726274867 
0.000622586726274867 0.000622586726274867 0.000622586726274867 
0.000622586726274867 0.000622586726274867 0.000622586726274867 
0.000622586726274867 0.000622586726274867 0.000622586726274867 
0.000622586726274867 0.000622586726274867 0.000622586726274867 
0.000622586726274867 0.000622586726274867 0.000622586726274867 
0.000622586726274867 0.000622586726274867 0.000622586726274867 
0.000622586726274867 0.000622586726274867 0.000622586726274867 
0.000622586726274867 0.000622586726274867 0.000622586726274867 
0.000622586726274867 0.000622586726274867 0.000622586726274867 
0.000622586726274867 0.000622586726274867 0.000622586726274867 
0.000622586726274867 0.000622586726274867 0.000622586726274867 
0.000622586726274867 0.000622586726274867 0.000622586726274867 
0.000622586726274867 0.000622586726274867 0.000622586726274867 
0.000622586726274867 0.000622586726274867 0.000622586726274867 
0.000622586726274867 0.000622586726274867 0.000622586726274867 
0.000622586726274867 0.000622586726274867 0.000622586726274867 
0.000622586726274867 0.000622586726274867 0.000622586726274867 
0.000622586726274867 0.000622586726274867 0.000622586726274867 
0.000622586726274867 0.000622586726274867 0.000622586726274867 
0.000622586726274867 0.000622586726274867 0.000622586726274867 
0.000622586726274867 0.000622586726274867 0.000622586726274867 
0.000622586726274867 0.000622586726274867 0.000622586726274867 
0.000622586726274867 0.000622586726274867 0.000622586726274867 
0.000622586726274867 0.000622586726274867 0.000622586726274867 
0.000622586726274867 0.000622586726274867 0.000622586726274867 
0.000622586726274867 0.000622586726274867 0.000622586726274867 
0.000622586726274867 0.000622586726274867 0.000622586726274867 
0.000622586726274867 0.000622586726274867 0.000622586726274867 
0.000622586726274867 0.000622586726274867 0.000622586726274867 
0.000622586726274867 0.000622586726274867 0.000622586726274867 
0.000622586726274867 0.000622586726274867 0.000622586726274867 
0.000622586726274867 0.000622586726274867 0.000622586726274867 
0.000622586726274867 0.000622586726274867 0.000622586726274867 
0.000622586726274867 0.000622586726274867 0.000622586726274867 
0.000622586726274867 0.000622586726274867 0.000622586726274867 
0.000622586726274867 0.000622586726274867 0.000622586726274867 
0.000622586726274867 0.000622586726274867 0.000622586726274867 
0.000622586726274867 0.000622586726274867 0.000622586726274867 
0.000622586726274867 0.000622586726274867 0.000622586726274867 
0.000622586726274867 0.000622586726274867 0.000622586726274867 
0.000622586726274867 0.000622586726274867 0.000622586726274867 
0.000622586726274867 0.000622586726274867 0.000622586726274867
##$VisuCoreFrameType=( 1 )
MAGNITUDE_IMAGE
##$VisuFGElemComment=( 19, 65 )
<A0 1 B 25> <Dir 1 B 514> <Dir 1 B 1015> <Dir 1 B 1516> <Dir 2 B 507> <Dir 2 
B 1010> <Dir 2 B 1512> <Dir 3 B 505> <Dir 3 B 1007> <Dir 3 B 1509> <Dir 4 B 
512> <Dir 4 B 1008> <Dir 4 B 1507> <Dir 5 B 505> <Dir 5 B 1007> <Dir 5 B 1508>
 <Dir 6 B 515> <Dir 6 B 1008> <Dir 6 B 1501>
$$ @vis= VisuCoreDataMax VisuCoreDataOffs VisuCoreDataSlope VisuCoreFrameType
##$VisuCoreSlicePacksDef=(0, 1)
##$VisuCoreSlicePacksSlices=( 1 )
(0, 9)
##$VisuCoreSlicePacksSliceDist=( 1 )
1
$$ @vis= VisuFGElemComment VisuCoreSlicePacksDef VisuCoreSlicePacksSlices
##$VisuCoreWordType=_16BIT_SGN_INT
##$VisuCoreByteOrder=littleEndian
$$ @vis= VisuCoreSlicePacksSliceDist VisuCore VisuCoreWordType
##$VisuFGOrderDescDim=2
##$VisuFGOrderDesc=( 2 )
(9, <FG_SLICE>, <>, 0, 2) (19, <FG_DIFFUSION>, <diffusion>, 2, 2)
##$VisuGroupDepVals=( 4 )
(<VisuCoreOrientation>, 0) (<VisuCorePosition>, 0) (<VisuFGElemComment>, 0) 
(<VisuAcqDiffusionBMatrix>, 0)
$$ @vis= VisuCoreByteOrder VisuPixel VisuFGOrderDescDim VisuFGOrderDesc
##$VisuSubjectName=( 65 )
<fantome-nouille>
##$VisuSubjectId=( 65 )
<plateforme^fantome-nouille_other>
##$VisuSubjectUid=( 65 )
<2.16.756.5.5.100.1333920868.10258.1459253896.69>
$$ @vis= VisuGroupDepVals VisuFrameOrderDesc VisuSubjectName VisuSubjectId
##$VisuSubjectInstanceCreationDate=(1459253896, 790, 120)
##$VisuSubjectBirthDate=( 9 )
<20160329>
##$VisuSubjectSex=UNKNOWN
$$ @vis= VisuSubjectUid VisuSubjectInstanceCreationDate VisuSubjectBirthDate
##$VisuSubjectComment=( 2048 )
<pate alphabet coller au piston d'une seringue 50ml dans NaCl.\
V: ventral\
D: dorsal\
R: droite\
L: gauche\
H: tete>
##$VisuSubjectType=OtherAnimal
##$VisuStudyUid=( 65 )
<2.16.756.5.5.100.1333920868.10495.1468835946.106>
$$ @vis= VisuSubjectSex VisuSubjectComment VisuSubjectType VisuSubject
##$VisuStudyDate=<2016-07-18T11:59:06,071+0200>
##$VisuStudyId=( 65 )
<plateforme^18062016>
##$VisuStudyNumber=7
##$VisuSubjectWeight=0.001
$$ @vis= VisuStudyUid VisuStudyDate VisuStudyId VisuStudyNumber
##$VisuStudyReferringPhysician=( 65 )
<po>
##$VisuStudyDescription=( 2048 )
<\
>
$$ @vis= VisuSubjectWeight VisuStudyReferringPhysician VisuStudyDescription
##$VisuExperimentNumber=20
##$VisuProcessingNumber=1
##$VisuSeriesDate=<2016-07-18T14:10:46,980+0200>
##$VisuSubjectPosition=Head_Prone
$$ @vis= VisuStudy VisuExperimentNumber VisuProcessingNumber VisuSeriesDate
##$VisuSeriesTypeId=( 65 )
<ACQ_BRUKER_PVM>
##$VisuSeriesComment=( 65 )
<DTI_EPI_30dir_sat_7bvalues_100x100x500>
$$ @vis= VisuSubjectPosition VisuSeriesTypeId VisuSeriesComment VisuSeries
##$VisuManufacturer=( 65 )
<Bruker BioSpin MRI GmbH>
##$VisuAcqSoftwareVersion=( 65 )
<6.0.1>
$$ @vis= VisuCoilReceive VisuCoilTransmit VisuContrastAgent VisuManufacturer
##$VisuInstitution=( 65 )
<ICUBE Strasbourg>
##$VisuStation=( 65 )
<Biospec >
##$VisuSystemOrderNumber=( 65 )
<10112043>
$$ @vis= VisuAcqSoftwareVersion VisuInstitution VisuStation
##$VisuAcqDate=<2016-07-18T14:02:48,339+0200>
##$VisuAcqEchoTrainLength=25
$$ @vis= VisuSystemOrderNumber VisuEquipment VisuAcqDate
##$VisuAcqSequenceName=( 40 )
<Bruker:DtiEpi>
##$VisuAcqNumberOfAverages=2
##$VisuAcqImagingFrequency=300.333853795717
$$ @vis= VisuAcqEchoTrainLength VisuAcqSequenceName VisuAcqNumberOfAverages
##$VisuAcqImagedNucleus=( 8 )
<1H>
##$VisuAcqRepetitionTime=( 1 )
3000
##$VisuAcqPhaseEncSteps=100
$$ @vis= VisuAcqImagingFrequency VisuAcqImagedNucleus VisuAcqRepetitionTime
##$VisuAcqPixelBandwidth=2469.13580246914
##$VisuAcqFlipAngle=90
##$VisuAcqSize=( 2 )
162 100
$$ @vis= VisuAcqPhaseEncSteps VisuAcqPixelBandwidth VisuAcqFlipAngle
##$VisuAcqImageSizeAccellerated=Yes
##$VisuAcqGradEncoding=( 2 )
read_enc phase_enc
##$VisuAcqEchoTime=( 1 )
24.2
$$ @vis= VisuAcqSize VisuAcqImageSizeAccellerated VisuAcqGradEncoding
##$VisuAcquisitionProtocol=( 65 )
<DTI_EPI_30dir_sat>
##$VisuAcqScanTime=456000
##$VisuAcqAntiAlias=( 2 )
1 1
$$ @vis= VisuAcqEchoTime VisuAcquisitionProtocol VisuAcqScanTime
##$VisuAcqEchoSequenceType=Both
##$VisuAcqSpinsVelocityEncoded=No
##$VisuAcqHasTimeOfFlightContrast=No
$$ @vis= VisuAcqAntiAlias VisuAcqEchoSequenceType VisuAcqSpinsVelocityEncoded
##$VisuAcqIsEpiSequence=Yes
##$VisuAcqSpectralSuppression=FatSuppression
$$ @vis= VisuAcqHasTimeOfFlightContrast VisuAcqIsEpiSequence
##$VisuAcqKSpaceTraversal=RectilinearTraversal
##$VisuAcqEncodingOrder=( 2 )
LinearEncoding LinearEncoding
$$ @vis= VisuAcqSpectralSuppression VisuAcqKSpaceTraversal
##$VisuAcqKSpaceTrajectoryCnt=1
##$VisuAcqKSpaceFiltering=( 2 )
NO_WDW NO_WDW
$$ @vis= VisuAcqEncodingOrder VisuAcqKSpaceTrajectoryCnt
##$VisuAcqFlowCompensation=FlowNone
##$VisuAcqSpoiling=GradientSpoiled
##$VisuAcqPartialFourier=( 2 )
1 1.6
$$ @vis= VisuAcqKSpaceFiltering VisuAcqFlowCompensation VisuAcqSpoiling
##$VisuAcqParallelReductionFactor=( 2 )
1 1
##$VisuAcqMagnetizationTransfer=No
$$ @vis= VisuAcqPartialFourier VisuAcqParallelReductionFactor
##$VisuAcqBloodSignalNulling=No
##$VisuAcqDiffusionBMatrix=( 19, 9 )
7.69121823034986 7.69121823034986 -8.70292359630157 7.69121823034986 
7.69121823034986 -8.70292359630157 -8.70292359630157 -8.70292359630157 
9.95566179939529 44.439474272473 -24.6744706447296 -142.247899029571 
-24.6744706447296 14.288702481556 79.2113873711566 -142.247899029571 
79.2113873711566 455.52280361421 88.878948544946 -42.2385516951334 
-283.671057529005 -42.2385516951334 20.121029779012 134.876428178627 
-283.671057529005 134.876428178627 905.576950043969 133.318422817419 
-60.6690655175443 -424.958525869338 -60.6690655175443 27.6086037697347 
193.385400932281 -424.958525869338 193.385400932281 1354.77102333134 
191.07337625465 -100.793061729973 223.98140913188 -100.793061729973 
53.1693189916868 -118.152368684313 223.98140913188 -118.152368684313 
262.753527887086 382.1467525093 -201.586123459945 446.252673125296 
-201.586123459945 106.338637983374 -235.4026191987 446.252673125296 
-235.4026191987 521.30892407788 573.22012876395 -302.379185189918 
668.242576063391 -302.379185189918 159.50795697506 -352.504449023751 
668.242576063391 -352.504449023751 779.213279906086 117.229951479294 
169.336012012126 129.555840681693 169.336012012126 244.602037297915 
187.1404800316 129.555840681693 187.1404800316 143.37413626119 
234.459902958588 338.672024024252 257.772152197829 338.672024024252 
489.204074595829 372.346040496938 257.772152197829 372.346040496938 
283.598756012175 351.689854437882 508.008036036379 385.768078127283 
508.008036036379 733.806111893743 557.233258969612 385.768078127283 
557.233258969612 423.344858462357 479.651615934232 68.7378952703874 
-98.5191726925136 68.7378952703874 11.2046253145409 -14.879898701547 
-98.5191726925136 -14.879898701547 20.7702084031484 959.303231868464 
114.115841175495 -180.813583694243 114.115841175495 14.1818663533979 
-21.7426198193277 -180.813583694243 -21.7426198193277 34.276946497102 
1438.9548478027 155.650499246227 -269.419818259953 155.650499246227 
17.070894853477 -29.2880327928545 -269.419818259953 -29.2880327928545 
50.6407055369702 41.0141467677049 117.014245258279 -72.99459572112 
117.014245258279 333.844165305086 -208.255155827493 -72.99459572112 
-208.255155827493 130.107968348475 82.0282935354098 234.028490516558 
-145.196873078258 234.028490516558 667.688330610171 -414.249810275042 
-145.196873078258 -414.249810275042 257.206917910599 123.042440303115 
351.042735774837 -217.268794522305 351.042735774837 1001.53249591526 
-619.872556491228 -217.268794522305 -619.872556491228 383.850465512814 
126.591638842273 -211.890056144143 -62.9680132746424 -211.890056144143 
354.663201324915 105.396343629558 -62.9680132746424 105.396343629558 
33.3828567737396 253.183277684546 -423.780112288285 -106.739447354457 
-423.780112288285 709.326402649829 178.661305751088 -106.739447354457 
178.661305751088 45.4852967602603 379.774916526819 -635.670168432428 
-147.352570680791 -635.670168432428 1063.98960397474 246.639863106903 
-147.352570680791 246.639863106903 57.279508859181
$$ @vis= VisuAcqMagnetizationTransfer VisuAcqBloodSignalNulling
##$VisuCardiacSynchUsed=No
##$VisuRespSynchUsed=No
$$ @vis= VisuAcqDiffusionBMatrix VisuCardiacSynchUsed VisuRespSynchUsed
$$ @vis= VisuAcquisition VisuMpi VisuDepricated Visu
##END=
$$ File finished by PARX at 2016-07-18 14:10:46.988 +0200
