##TITLE=Parameter List, ParaVision 6.0.1
##JCAMPDX=4.24
##DATATYPE=Parameter Values
##ORIGIN=Bruker BioSpin MRI GmbH
##OWNER=po
$$ 2016-07-18 12:08:02.600 +0200  po@var.u-strasbg.fr
$$ /opt/PV6.0.1/data/po/20160718_115906_plateforme_fantome_nouille_other_1_7/2/method
$$ process /opt/PV6.0.1/prog/mod/acq_out
##$Method=<Bruker:RARE>
##$PVM_EchoTime=11.6666666666667
##$EffectiveTE=( 1 )
35.0000000000001
##$PVM_RareFactor=8
##$PVM_RepetitionTime=2500
##$PVM_NAverages=2
$$ @vis= Method PVM_EchoTime EffectiveTE PVM_RareFactor PVM_RepetitionTime
##$PVM_NRepetitions=1
##$PVM_NEchoImages=1
##$PVM_ScanTimeStr=( 16 )
<0h2m40s0ms>
##$PVM_ScanTime=160000
##$PVM_DeriveGains=Yes
$$ @vis= PVM_NAverages PVM_NRepetitions PVM_NEchoImages PVM_ScanTimeStr
##$ExcPulse1Enum=<Calculated>
##$ExcPulse1=(2.1, 2000, 90, Yes, 3, 4200, 0.236151639875348, 
0.200434548747244, 0, 50, 2.37346659455877, <$ExcPulse1Shape>)
##$ExcPulse1Ampl=(2.37346659455877, 10.8937289174983, -3.75383123604036)
##$RefPulse1Enum=<Calculated>
##$RefPulse1=(1.7, 2000, 180, Yes, 3, 3400, 0.160330341052975, 
0.14782164131072, 1, 0, 28.3974600319867, <$RefPulse1Shape>)
##$RefPulse1Ampl=(28.3974600319867, 37.6812022313425, -14.5327949696876)
$$ @vis= PVM_DeriveGains ExcPulse1Enum ExcPulse1 RefPulse1Enum RefPulse1
##$PVM_GradCalConst=18826.6
##$PVM_Nucleus1Enum=<1H>
##$PVM_Nucleus1=( 8 )
<1H>
##$PVM_RefPowMod1=AutoAdj
$$ @vis= RF_Pulses PVM_GradCalConst PVM_Nucleus1Enum PVM_Nucleus1
##$PVM_RefPowCh1=0.583718751019519
##$PVM_RefPowStat1=( 1024 )
<Study: Adj by AdjRefG (protocol ADJ_REFG)>
##$PVM_Nucleus2Enum=<1H>
##$PVM_Nucleus3Enum=<1H>
##$PVM_Nucleus4Enum=<1H>
##$PVM_Nucleus5Enum=<1H>
##$PVM_Nucleus6Enum=<1H>
##$PVM_Nucleus7Enum=<1H>
##$PVM_Nucleus8Enum=<1H>
##$PVM_FrqRef=( 8 )
300.332479961008 0 0 0 0 0 0 0
##$PVM_FrqWorkOffset=( 8 )
0 0 0 0 0 0 0 0
$$ @vis= PVM_RefPowMod1 PVM_RefPowCh1 PVM_RefPowStat1 PVM_FrqRef
##$PVM_FrqWork=( 8 )
300.332479961008 0 0 0 0 0 0 0
##$PVM_FrqRefPpm=( 8 )
4.7 0 0 0 0 0 0 0
##$PVM_FrqWorkOffsetPpm=( 8 )
0 0 0 0 0 0 0 0
##$PVM_FrqWorkPpm=( 8 )
4.7 0 0 0 0 0 0 0
$$ @vis= PVM_FrqWorkOffset PVM_FrqWork PVM_FrqRefPpm PVM_FrqWorkOffsetPpm
##$PVM_NucleiPpmWork=( 20 )
(<1H>, 4.7) (<none>, 0) (<none>, 0) (<none>, 0) (<none>, 0) (<none>, 0) 
(<none>, 0) (<none>, 0) (<none>, 0) (<none>, 0) (<none>, 0) (<none>, 0) 
(<none>, 0) (<none>, 0) (<none>, 0) (<none>, 0) (<none>, 0) (<none>, 0) 
(<none>, 0) (<none>, 0)
##$PVM_SpatDimEnum=<2D>
##$PVM_IsotropicFovRes=Isot_None
$$ @vis= PVM_FrqWorkPpm PVM_NucleiPpmWork Nuclei PVM_SpatDimEnum
##$PVM_Matrix=( 2 )
256 256
##$PVM_MinMatrix=( 2 )
32 32
##$PVM_MaxMatrix=( 2 )
2048 2048
##$PVM_DefMatrix=( 3 )
256 256 64
$$ @vis= PVM_IsotropicFovRes PVM_Matrix PVM_MinMatrix PVM_MaxMatrix
##$PVM_AntiAlias=( 2 )
1 1
##$PVM_MaxAntiAlias=( 2 )
2 8
##$PVM_EncSpectroscopy=No
##$PVM_EncUseMultiRec=No
$$ @vis= PVM_DefMatrix PVM_AntiAlias PVM_MaxAntiAlias PVM_EncSpectroscopy
##$PVM_EncActReceivers=( 1 )
On
##$PVM_EncZf=( 2 )
1 1
##$PVM_EncPft=( 2 )
1 1
##$PVM_EncPftOverscans=( 2 )
128 128
##$PVM_EncPpi=( 2 )
1 1
##$PVM_EncPpiRefLines=( 2 )
0 0
##$PVM_EncOrder=( 2 )
LINEAR_ENC LINEAR_ENC
$$ @vis= PVM_EncUseMultiRec PVM_EncZf PVM_EncPft PVM_EncPftOverscans
##$PVM_EncStart=( 2 )
0 -0.7
##$PVM_EncNReceivers=1
##$PVM_EncAvailReceivers=1
##$PVM_EncChanScaling=( 1 )
1
$$ @vis= PVM_EncOrder PVM_EncStart PVM_EncNReceivers PVM_EncAvailReceivers
##$PVM_EncMatrix=( 2 )
256 256
##$PVM_EncTotalAccel=1
##$PVM_EncSteps1=( 256 )
-80 -48 -16 16 48 80 112 -112 -79 -47 -15 17 49 81 113 -111 -78 -46 -14 18 50 
82 114 -110 -77 -45 -13 19 51 83 115 -109 -76 -44 -12 20 52 84 116 -108 -75 
-43 -11 21 53 85 117 -107 -74 -42 -10 22 54 86 118 -106 -73 -41 -9 23 55 87 
119 -105 -72 -40 -8 24 56 88 120 -104 -71 -39 -7 25 57 89 121 -103 -70 -38 -6 
26 58 90 122 -102 -69 -37 -5 27 59 91 123 -101 -68 -36 -4 28 60 92 124 -100 
-67 -35 -3 29 61 93 125 -99 -66 -34 -2 30 62 94 126 -98 -65 -33 -1 31 63 95 
127 -97 -64 -32 0 32 64 96 -128 -96 -63 -31 1 33 65 97 -127 -95 -62 -30 2 34 
66 98 -126 -94 -61 -29 3 35 67 99 -125 -93 -60 -28 4 36 68 100 -124 -92 -59 
-27 5 37 69 101 -123 -91 -58 -26 6 38 70 102 -122 -90 -57 -25 7 39 71 103 
-121 -89 -56 -24 8 40 72 104 -120 -88 -55 -23 9 41 73 105 -119 -87 -54 -22 10 
42 74 106 -118 -86 -53 -21 11 43 75 107 -117 -85 -52 -20 12 44 76 108 -116 
-84 -51 -19 13 45 77 109 -115 -83 -50 -18 14 46 78 110 -114 -82 -49 -17 15 47 
79 111 -113 -81
##$PVM_EncSteps2=( 1 )
0
##$PVM_EncCentralStep1=3
$$ @vis= PVM_EncChanScaling PVM_EncMatrix PVM_EncTotalAccel PVM_EncSteps1
##$PVM_EncValues1=( 256 )
-0.625 -0.375 -0.125 0.125 0.375 0.625 0.875 -0.875 -0.6171875 -0.3671875 
-0.1171875 0.1328125 0.3828125 0.6328125 0.8828125 -0.8671875 -0.609375 
-0.359375 -0.109375 0.140625 0.390625 0.640625 0.890625 -0.859375 -0.6015625 
-0.3515625 -0.1015625 0.1484375 0.3984375 0.6484375 0.8984375 -0.8515625 
-0.59375 -0.34375 -0.09375 0.15625 0.40625 0.65625 0.90625 -0.84375 
-0.5859375 -0.3359375 -0.0859375 0.1640625 0.4140625 0.6640625 0.9140625 
-0.8359375 -0.578125 -0.328125 -0.078125 0.171875 0.421875 0.671875 0.921875 
-0.828125 -0.5703125 -0.3203125 -0.0703125 0.1796875 0.4296875 0.6796875 
0.9296875 -0.8203125 -0.5625 -0.3125 -0.0625 0.1875 0.4375 0.6875 0.9375 
-0.8125 -0.5546875 -0.3046875 -0.0546875 0.1953125 0.4453125 0.6953125 
0.9453125 -0.8046875 -0.546875 -0.296875 -0.046875 0.203125 0.453125 0.703125 
0.953125 -0.796875 -0.5390625 -0.2890625 -0.0390625 0.2109375 0.4609375 
0.7109375 0.9609375 -0.7890625 -0.53125 -0.28125 -0.03125 0.21875 0.46875 
0.71875 0.96875 -0.78125 -0.5234375 -0.2734375 -0.0234375 0.2265625 0.4765625 
0.7265625 0.9765625 -0.7734375 -0.515625 -0.265625 -0.015625 0.234375 
0.484375 0.734375 0.984375 -0.765625 -0.5078125 -0.2578125 -0.0078125 
0.2421875 0.4921875 0.7421875 0.9921875 -0.7578125 -0.5 -0.25 0 0.25 0.5 0.75 
-1 -0.75 -0.4921875 -0.2421875 0.0078125 0.2578125 0.5078125 0.7578125 
-0.9921875 -0.7421875 -0.484375 -0.234375 0.015625 0.265625 0.515625 0.765625 
-0.984375 -0.734375 -0.4765625 -0.2265625 0.0234375 0.2734375 0.5234375 
0.7734375 -0.9765625 -0.7265625 -0.46875 -0.21875 0.03125 0.28125 0.53125 
0.78125 -0.96875 -0.71875 -0.4609375 -0.2109375 0.0390625 0.2890625 0.5390625 
0.7890625 -0.9609375 -0.7109375 -0.453125 -0.203125 0.046875 0.296875 
0.546875 0.796875 -0.953125 -0.703125 -0.4453125 -0.1953125 0.0546875 
0.3046875 0.5546875 0.8046875 -0.9453125 -0.6953125 -0.4375 -0.1875 0.0625 
0.3125 0.5625 0.8125 -0.9375 -0.6875 -0.4296875 -0.1796875 0.0703125 
0.3203125 0.5703125 0.8203125 -0.9296875 -0.6796875 -0.421875 -0.171875 
0.078125 0.328125 0.578125 0.828125 -0.921875 -0.671875 -0.4140625 -0.1640625 
0.0859375 0.3359375 0.5859375 0.8359375 -0.9140625 -0.6640625 -0.40625 
-0.15625 0.09375 0.34375 0.59375 0.84375 -0.90625 -0.65625 -0.3984375 
-0.1484375 0.1015625 0.3515625 0.6015625 0.8515625 -0.8984375 -0.6484375 
-0.390625 -0.140625 0.109375 0.359375 0.609375 0.859375 -0.890625 -0.640625 
-0.3828125 -0.1328125 0.1171875 0.3671875 0.6171875 0.8671875 -0.8828125 
-0.6328125
##$PVM_EffSWh=37878.7878787879
$$ @vis= PVM_EncCentralStep1 PVM_EncValues1 Encoding_Output Encoding
##$EncGradDur=1.33063333333335
##$PVM_AcquisitionTime=6.7584
##$ReadDephDur=3.65983333333335
##$PVM_MinEchoTime=9.68699307578114
$$ @vis= PVM_EffSWh EncGradDur PVM_AcquisitionTime ReadDephDur
##$RepetitionSpoiler=(Yes, 4, 0.7675, 27.6827806633424)
##$PVM_DigAutSet=Yes
##$PVM_DigQuad=Yes
##$PVM_DigFilter=<Digital_Sharp>
$$ @vis= PVM_MinEchoTime RepetitionSpoiler PVM_DigAutSet PVM_DigQuad
##$PVM_DigRes=21
##$PVM_DigDw=0.0264
##$PVM_DigSw=37878.7878787879
##$PVM_DigNp=256
##$PVM_DigShift=68
##$PVM_DigShiftDbl=68
$$ @vis= PVM_DigFilter PVM_DigRes PVM_DigDw PVM_DigSw PVM_DigNp PVM_DigShift
##$PVM_DigGroupDel=1.7952
##$PVM_DigDur=6.7584
##$PVM_DigEndDelMin=0
##$PVM_DigEndDelOpt=0.1088
$$ @vis= PVM_DigShiftDbl PVM_DigGroupDel PVM_DigDur PVM_DigEndDelMin
##$EchoSpoilingAuto=Yes
##$EchoSpoilingSlice=1
##$EchoSpoilingSliceEff=1
$$ @vis= PVM_DigEndDelOpt DigitizerPars EchoSpoilingAuto EchoSpoilingSlice
##$EchoSpoilingRead=0.25
##$EchoSpoilingReadEff=0.25
$$ @vis= EchoSpoilingSliceEff EchoSpoilingRead EchoSpoilingReadEff
##$PVM_Isotropic=Isotropic_None
##$PVM_Fov=( 2 )
35 35
##$PVM_FovCm=( 2 )
3.5 3.5
##$PVM_SpatResol=( 2 )
0.13671875 0.13671875
##$PVM_SliceThick=1
##$PVM_ObjOrderScheme=Interlaced
$$ @vis= Sequence_Details PVM_Isotropic PVM_Fov PVM_SpatResol PVM_SliceThick
##$PVM_ObjOrderList=( 9 )
0 2 4 6 8 1 3 5 7
##$PVM_NSPacks=1
##$PVM_SPackArrNSlices=( 1 )
9
##$PVM_MajSliceOri=No
$$ @vis= PVM_ObjOrderScheme PVM_ObjOrderList PVM_NSPacks PVM_SPackArrNSlices
##$PVM_SPackArrSliceOrient=( 1 )
axial
##$PVM_SPackArrReadOrient=( 1 )
L_R
##$PVM_SPackArrReadOffset=( 1 )
-0.645161
$$ @vis= PVM_MajSliceOri PVM_SPackArrSliceOrient PVM_SPackArrReadOrient
##$PVM_SPackArrPhase1Offset=( 1 )
-3.54839
##$PVM_SPackArrPhase2Offset=( 1 )
0
##$PVM_SPackArrSliceOffset=( 1 )
-0.46083
$$ @vis= PVM_SPackArrReadOffset PVM_SPackArrPhase1Offset
##$PVM_SPackArrSliceGapMode=( 1 )
contiguous
##$PVM_SPackArrSliceGap=( 1 )
0
$$ @vis= PVM_SPackArrSliceOffset PVM_SPackArrSliceGapMode
##$PVM_SPackArrSliceDistance=( 1 )
1
##$PVM_SPackArrGradOrient=( 1, 3, 3 )
1 0 0 0 1 0 0 0 1
##$PVM_SliceGeo=( 1 )
(((1 0 0 0 -1 0 0 0 -1, -0.645161 3.54839 0.46083), 35 35 9, <+R;read> 
<+P;phase> <+S;slice>, 0), 9, 1, 256, 1, 0, No)
##$PVM_SliceGeoObj=(<BRUKER_SLICEPACKAGE>, GeoCuboidPackId, Standard_GobjShape,
 <PVM_SliceGeo>, <PVM_ObjOrderList>, 0, <R;read> <P;phase> <S;slice>, Yes, 
4195848)
$$ @vis= PVM_SPackArrSliceGap PVM_SPackArrSliceDistance PVM_SliceGeo
##$PVM_EffPhase0Offset=( 9 )
-0.645161 -0.645161 -0.645161 -0.645161 -0.645161 -0.645161 -0.645161 
-0.645161 -0.645161
##$PVM_EffPhase1Offset=( 9 )
-3.54839 -3.54839 -3.54839 -3.54839 -3.54839 -3.54839 -3.54839 -3.54839 
-3.54839
##$PVM_EffPhase2Offset=( 9 )
0 0 0 0 0 0 0 0 0
##$PVM_EffSliceOffset=( 9 )
-4.46083 -3.46083 -2.46083 -1.46083 -0.46083 0.53917 1.53917 2.53917 3.53917
##$PVM_EffReadOffset=( 9 )
-0.645161 -0.645161 -0.645161 -0.645161 -0.645161 -0.645161 -0.645161 
-0.645161 -0.645161
##$PVM_Phase0Offset=( 9 )
-0.645161 -0.645161 -0.645161 -0.645161 -0.645161 -0.645161 -0.645161 
-0.645161 -0.645161
##$PVM_Phase1Offset=( 9 )
-3.54839 -3.54839 -3.54839 -3.54839 -3.54839 -3.54839 -3.54839 -3.54839 
-3.54839
##$PVM_Phase2Offset=( 9 )
0 0 0 0 0 0 0 0 0
##$PVM_SliceOffset=( 9 )
-4.46083 -3.46083 -2.46083 -1.46083 -0.46083 0.53917 1.53917 2.53917 3.53917
##$PVM_ReadOffset=( 9 )
-0.645161 -0.645161 -0.645161 -0.645161 -0.645161 -0.645161 -0.645161 
-0.645161 -0.645161
##$PVM_DummyScans=0
##$PVM_DummyScansDur=0
$$ @vis= PVM_SliceGeoObj SliceOffsetPars ImageGeometry PVM_DummyScans
##$PVM_FreqDriftYN=No
##$PVM_TriggerModule=Off
##$PVM_TriggerMode=per_PhaseStep
##$PVM_TriggerDelay=1
##$PVM_TriggerDur=0.01
##$PVM_TriggerModuleTime=0
##$PVM_EvolutionOnOff=Off
$$ @vis= PVM_DummyScansDur DummyScans_Parameters PVM_TriggerModule
##$PVM_NEvolutionCycles=2
##$PVM_EvolutionCycles=1
##$PVM_EvolutionMode=Constant_Delay
##$PVM_EvolutionTime=( 2 )
1 0
##$PVM_EvolutionDelay=1
##$PVM_EvolutionModuleTime=0
##$PVM_SelIrOnOff=Off
##$PVM_BlBloodOnOff=Off
##$PVM_FatSupOnOff=On
##$PVM_FatSupPulEnum=<gauss512>
$$ @vis= PVM_EvolutionOnOff PVM_SelIrOnOff PVM_BlBloodOnOff PVM_FatSupOnOff
##$PVM_FatSupPul=(2.60952380952381, 1050, 90, No, 4, 2740, 0.4150688, 
0.295357137487272, 0, 50, 0.497554820438375, <gauss512.exc>)
##$PVM_FatSupPulAmpl=(0.497554820438375, 4.98775911827333, 3.03159061848421)
##$PVM_FatSupBandWidth=1050
##$PVM_FatSupSpoil=(Yes, 3, 0.4605, 34.603475829178)
##$PVM_FatSupModuleTime=3.10502380952381
$$ @vis= PVM_FatSupPulEnum PVM_FatSupPul PVM_FatSupBandWidth PVM_FatSupSpoil
##$PVM_FatSupPerform=Yes
##$PVM_FatSupRampTime=0.11
##$PVM_FatSupAmpEnable=0.025
$$ @vis= PVM_FatSupModuleTime PVM_FatSupPerform PVM_FatSupRampTime
##$PVM_FatSupGradWait=0.01
##$PVM_FatSupFL=( 1 )
-1051.15873941745
##$PVM_FatSupRfLength=2609.52380952381
$$ @vis= PVM_FatSupAmpEnable PVM_FatSupGradWait PVM_FatSupFL
##$PVM_FatSupSpoilDur=0.307
##$PVM_FatSupSpoilAmp=34.603475829178
$$ @vis= PVM_FatSupRfLength PVM_FatSupSpoilDur PVM_FatSupSpoilAmp
##$PVM_MagTransOnOff=Off
##$PVM_MagTransPulse1Enum=<gauss>
##$PVM_MagTransPulse1=(1.82666666666667, 1500, 117.1, No, 4, 2740, 0.4181723, 
0.298723764675971, 0, 50, 1.69357051995197, <gauss.exc>)
##$PVM_MagTransPulse1Ampl=(1.69357051995197, 9.20209356600977, 
-2.28803285296183)
##$PVM_MagTransPower=10.0017644460368
##$PVM_MagTransOffset=1500
##$PVM_MagTransInterDelay=0.01
##$PVM_MagTransPulsNumb=1
##$PVM_MagTransSpoil=(Yes, 5, 2, 13.2790838494471)
##$PVM_MagTransSpoiler=13.2790838494471
##$PVM_MagTransModuleTime=0
##$PVM_MagTransFL=( 1 )
1500
##$PVM_MtD0=1e-06
##$PVM_MtD1=1e-06
##$PVM_MtD2=1e-06
##$PVM_MtD3=1e-06
##$PVM_MtP0=10
##$PVM_MtLp0=0
##$PVM_FovSatOnOff=Off
##$PVM_FovSatPulEnum=<Calculated>
##$PVM_FovSatPul=(1.2, 5000, 90, Yes, 4, 6000, 0.155352536733369, 
0.135449017488208, 0, 50, 16.7959453957562, <$PVM_FovSatPulShape>)
##$PVM_FovSatPulAmpl=(16.7959453957562, 28.9792558528995, -12.2520445406067)
##$PVM_FovSatNSlices=1
##$PVM_FovSatThick=( 1 )
4
##$PVM_FovSatOffset=( 1 )
0
##$PVM_FovSatSpoil=(Yes, 10, 0.8, 16.5988548118088)
##$PVM_FovSatSpoilDur=0.6465
##$PVM_FovSatSpoilAmp=16.5988548118088
##$PVM_FovSatModuleTime=0
##$PVM_FovSatGrad=( 1, 3 )
6.63954192472353 0 0
##$PVM_FovSatRampTime=0.11
##$PVM_FovSatAmpEnable=0.025
##$PVM_FovSatGradWait=0.01
##$PVM_FovSatSliceOri=( 1 )
sagittal
##$PVM_FovSatSliceOriMat=( 1, 9 )
0 -1 0 0 0 -1 1 0 0
##$PVM_FovSatSliceVec=( 1, 3 )
1 0 0
##$PVM_FovSatSlicePos=( 1, 2 )
0 0
##$PVM_FovSatFL=( 1 )
0
##$PVM_FovSatRfLength=1200
##$PVM_FovSatGeoObj=(<BRUKER_FOVSAT>, GeoPlanarId, Standard_GobjShape, 
<PVM_FovSatGeoCub>, <>, 0, <1;first> <2;second> <S;slice>, Yes, 524384)
##$PVM_FovSatGeoCub=( 1 )
(((0 -1 0 0 0 -1 1 0 0, 0 0 0), 58 58 4, <+1;first> <+2;second> <+S;slice>, 0)
, 1, 1, 1, 4, 0, No)
##$PVM_InFlowSatOnOff=Off
$$ @vis= Fat_Sup_Parameters PVM_MagTransOnOff PVM_FovSatOnOff
##$PVM_InFlowSatNSlices=1
##$PVM_InFlowSatThick=( 1 )
4
##$PVM_InFlowSatMinThick=0.265581676988941
##$PVM_InFlowSatSliceGap=1
##$PVM_FlowSatGeoObj=(<BRUKER_FLOWSAT>, GeoPlanarId, Standard_GobjShape, 
<PVM_FlowSatGeoCub>, <>, 0, <1;first> <2;second> <S;slice>, Yes, 553191)
##$PVM_FlowSatGeoCub=( 1 )
(((-1 0 0 0 1 0 0 0 -1, 0 0 -7.35), 42 42 4, <+1;first> <+2;second> <+S;slice>
, 0), 1, 1, 1, 4, 0, No)
##$PVM_FlowSatPulEnum=<Calculated>
##$PVM_FlowSatPul=(1.2, 5000, 90, Yes, 4, 6000, 0.155352536733369, 
0.135449017488208, 0, 50, 16.7959453957562, <$PVM_FlowSatPulShape>)
##$PVM_FlowSatPulAmpl=(16.7959453957562, 28.9792558528995, -12.2520445406067)
##$PVM_InFlowSatSpoil=(Yes, 5, 0.4605, 14.4181149288242)
##$PVM_InFlowSatPos=up
##$PVM_InFlowSatModuleTime=0
##$PVM_InFlowSatFL=( 9 )
-1201.0375 1298.9625 3798.9625 6298.9625 8798.9625 48.9624999999999 2548.9625 
5048.9625 7548.9625
##$PVM_SfD0=0.0001535
##$PVM_SfD1=2.5e-05
##$PVM_SfD2=0.0004605
##$PVM_SfP0=1200
##$PVM_SfLp0=1
##$PVM_TaggingOnOff=Off
##$PVM_TaggingPulEnum=<bp>
##$PVM_TaggingPul=(0.2, 6400, 90, No, 3, 1280, 1, 1, 0, 50, 14.592968775488, 
<bp.exc>)
##$PVM_TaggingPulAmpl=(14.592968775488, 27.0120054563596, -11.6414365321315)
##$PVM_TaggingMode=SPAMM
##$PVM_TaggingDir=Tagging_grid
##$PVM_TaggingDistance=1
##$PVM_TaggingMinDistance=0.001
##$PVM_TaggingThick=0.2
##$PVM_TaggingOffset1=0
##$PVM_TaggingOffset2=0
##$PVM_TaggingAngle=0
##$PVM_TaggingDelay=0.01
##$PVM_TaggingModuleTime=0
##$PVM_TaggingInterPulseDelay=1.25582670795576
##$PVM_TaggingPulseNumber=5
##$PVM_TaggingPulseElement=0.04
##$PVM_TaggingGradientStrength=5
##$PVM_TaggingGridDelay=0.01
##$PVM_TaggingFL=( 2 )
0 0
##$PVM_TaggingD0=1e-05
##$PVM_TaggingD1=1e-05
##$PVM_TaggingD2=0.00106232670795576
##$PVM_TaggingD3=0.000623516106390502
##$PVM_TaggingD4=0.0001535
##$PVM_TaggingD5=2.5e-05
##$PVM_TaggingP0=40
##$PVM_TaggingLp0=4
##$PVM_TaggingGradAmp1=5
##$PVM_TaggingGradAmp2=-0
##$PVM_TaggingGradAmp3=0
##$PVM_TaggingGradAmp4=5
##$PVM_TaggingSpoiler=(Yes, 1, 0.777016106390502, 50)
##$PVM_MotionSupOnOff=On
##$PVM_FlipBackOnOff=On
$$ @vis= PVM_InFlowSatOnOff PVM_TaggingOnOff PVM_MotionSupOnOff
##$PVM_MapShimReady=No
##$PVM_MapShimLocShim=No
##$PVM_MapShimStatus=( 128 )
<Mapshim disabled: No map acquired>
##$PVM_MapShimCalcStat=( 256 )
<Not Calculated.>
##$PVM_MapShimNSets=1
$$ @vis= PVM_FlipBackOnOff Preparation PVM_MapShimReady PVM_MapShimStatus
##$PVM_MapShimSets=( 1 )
(0, 0, 0, 0, 0, 0, 0, 0, 0, 0, 0, 0, 0, 0, 0, 0, 0, 0, 0, 0, 0, 0, 0, 0, 0, 0,
 0, 0, 0, 0, 0, 0, 0, 0, 0, 0, 0, 0, 0)
##$PVM_MapShimNVolumes=1
##$PVM_MapShimVolShape=Cuboid
##$PVM_ReqShimEnum=Current_Shim
##$PVM_MapShimUseShims=AllShims
##$PVM_MapShimVolDerive=No
##$PVM_MapShimVolMargin=( 3 )
0 0 0
$$ @vis= PVM_MapShimNSets PVM_MapShimSets PVM_MapShimNVolumes PVM_ReqShimEnum
##$PVM_GeoObj=( 1, 65 )
<PVM_SliceGeoObj>
##$PVM_ExportHandler=( 3 )
(<BRUKER_PARIMPORT_SLICEGEO>, <>, <Slice Geometry>) (<BRUKER_PARIMPORT_FOVSAT>
, <>, <FOV Saturation>) (<BRUKER_PARIMPORT_SLICEORIENT>, <>, <Slice 
Orientation>)
$$ @vis= MapShim MethodClass PVM_GeoObj PVM_ExportHandler StandardMethodGroup
##END=
$$ File finished by PARX at 2016-07-18 12:08:02.602 +0200
