##TITLE=Parameter List
##JCAMPDX=4.24
##DATATYPE=Parameter Values
##ORIGIN=Bruker BioSpin MRI GmbH
##OWNER=simoesbl
$$ Wed May 11 13:46:58 2016 CEST (UT+2h)  simoesbl
$$ /gin5-Warhol_Data/data/simoesbl/nmr/lb_140721.Bx1/1/pdata/1/visu_pars
##$VisuVersion=1
##$VisuUid=( 65 )
<2.16.756.5.5.100.3611280983.30721.1462967218.3>
##$VisuCreator=( 65 )
<ParaVision>
##$VisuCreatorVersion=( 65 )
<5.1>
##$VisuCreationDate=( 21 )
<13:46:33 11 May 2016>
$$ @vis= VisuVersion VisuUid VisuCreator VisuCreatorVersion VisuCreationDate
##$VisuCoreFrameCount=31
##$VisuCoreDim=2
##$VisuCoreSize=( 2 )
128 128
##$VisuCoreDimDesc=( 2 )
spatial spatial
$$ @vis= VisuInstance VisuCoreFrameCount VisuCoreDim VisuCoreSize
##$VisuCoreExtent=( 2 )
30 30
##$VisuCoreFrameThickness=( 1 )
1
##$VisuCoreUnits=( 2, 65 )
<mm> <mm>
##$VisuCoreOrientation=( 31, 9 )
0.999999995380672 9.6117930526e-05 0 -9.6117930526e-05 0.999999995380672 0 0 
0 1 0.999999995380672 9.6117930526e-05 0 -9.6117930526e-05 0.999999995380672 
0 0 0 1 0.999999995380672 9.6117930526e-05 0 -9.6117930526e-05 
0.999999995380672 0 0 0 1 0.999999995380672 9.6117930526e-05 0 
-9.6117930526e-05 0.999999995380672 0 0 0 1 0.999999995380672 
9.6117930526e-05 0 -9.6117930526e-05 0.999999995380672 0 0 0 1 
0.999999995380672 9.6117930526e-05 0 -9.6117930526e-05 0.999999995380672 0 0 
0 1 0.999999995380672 9.6117930526e-05 0 -9.6117930526e-05 0.999999995380672 
0 0 0 1 0.999999995380672 9.6117930526e-05 0 -9.6117930526e-05 
0.999999995380672 0 0 0 1 0.999999995380672 9.6117930526e-05 0 
-9.6117930526e-05 0.999999995380672 0 0 0 1 0.999999995380672 
9.6117930526e-05 0 -9.6117930526e-05 0.999999995380672 0 0 0 1 
0.999999995380672 9.6117930526e-05 0 -9.6117930526e-05 0.999999995380672 0 0 
0 1 0.999999995380672 9.6117930526e-05 0 -9.6117930526e-05 0.999999995380672 
0 0 0 1 0.999999995380672 9.6117930526e-05 0 -9.6117930526e-05 
0.999999995380672 0 0 0 1 0.999999995380672 9.6117930526e-05 0 
-9.6117930526e-05 0.999999995380672 0 0 0 1 0.999999995380672 
9.6117930526e-05 0 -9.6117930526e-05 0.999999995380672 0 0 0 1 
0.999999995380672 9.6117930526e-05 0 -9.6117930526e-05 0.999999995380672 0 0 
0 1 0.999999995380672 9.6117930526e-05 0 -9.6117930526e-05 0.999999995380672 
0 0 0 1 0.999999995380672 9.6117930526e-05 0 -9.6117930526e-05 
0.999999995380672 0 0 0 1 0.999999995380672 9.6117930526e-05 0 
-9.6117930526e-05 0.999999995380672 0 0 0 1 0.999999995380672 
9.6117930526e-05 0 -9.6117930526e-05 0.999999995380672 0 0 0 1 
0.999999995380672 9.6117930526e-05 0 -9.6117930526e-05 0.999999995380672 0 0 
0 1 0.999999995380672 9.6117930526e-05 0 -9.6117930526e-05 0.999999995380672 
0 0 0 1 0.999999995380672 9.6117930526e-05 0 -9.6117930526e-05 
0.999999995380672 0 0 0 1 0.999999995380672 9.6117930526e-05 0 
-9.6117930526e-05 0.999999995380672 0 0 0 1 0.999999995380672 
9.6117930526e-05 0 -9.6117930526e-05 0.999999995380672 0 0 0 1 
0.999999995380672 9.6117930526e-05 0 -9.6117930526e-05 0.999999995380672 0 0 
0 1 0.999999995380672 9.6117930526e-05 0 -9.6117930526e-05 0.999999995380672 
0 0 0 1 0.999999995380672 9.6117930526e-05 0 -9.6117930526e-05 
0.999999995380672 0 0 0 1 0.999999995380672 9.6117930526e-05 0 
-9.6117930526e-05 0.999999995380672 0 0 0 1 0.999999995380672 
9.6117930526e-05 0 -9.6117930526e-05 0.999999995380672 0 0 0 1 
0.999999995380672 9.6117930526e-05 0 -9.6117930526e-05 0.999999995380672 0 0 
0 1
$$ @vis= VisuCoreDimDesc VisuCoreExtent VisuCoreFrameThickness VisuCoreUnits
##$VisuCorePosition=( 31, 3 )
-14.9985581617522 -15.001441699668 -15 -14.9985581617522 -15.001441699668 -14 
-14.9985581617522 -15.001441699668 -13 -14.9985581617522 -15.001441699668 -12 
-14.9985581617522 -15.001441699668 -11 -14.9985581617522 -15.001441699668 -10 
-14.9985581617522 -15.001441699668 -9 -14.9985581617522 -15.001441699668 -8 
-14.9985581617522 -15.001441699668 -7 -14.9985581617522 -15.001441699668 -6 
-14.9985581617522 -15.001441699668 -5 -14.9985581617522 -15.001441699668 -4 
-14.9985581617522 -15.001441699668 -3 -14.9985581617522 -15.001441699668 -2 
-14.9985581617522 -15.001441699668 -1 -14.9985581617522 -15.001441699668 0 
-14.9985581617522 -15.001441699668 1 -14.9985581617522 -15.001441699668 2 
-14.9985581617522 -15.001441699668 3 -14.9985581617522 -15.001441699668 4 
-14.9985581617522 -15.001441699668 5 -14.9985581617522 -15.001441699668 6 
-14.9985581617522 -15.001441699668 7 -14.9985581617522 -15.001441699668 8 
-14.9985581617522 -15.001441699668 9 -14.9985581617522 -15.001441699668 10 
-14.9985581617522 -15.001441699668 11 -14.9985581617522 -15.001441699668 12 
-14.9985581617522 -15.001441699668 13 -14.9985581617522 -15.001441699668 14 
-14.9985581617522 -15.001441699668 15
##$VisuCoreDataMin=( 31 )
0 0 0 0 0 0 0 0 0 0 0 0 0 0 0 0 0 0 0 0 0 0 0 0 0 0 0 0 0 0 0
##$VisuCoreDataMax=( 31 )
29553 29513 29091 29039 28752 28703 28248 27787 27914 28550 27920 27602 32767 
32352 27823 27108 27922 27783 28164 26744 26067 26202 26571 26516 25725 24712 
22186 17552 11744 6480 4683
##$VisuCoreDataOffs=( 31 )
0 0 0 0 0 0 0 0 0 0 0 0 0 0 0 0 0 0 0 0 0 0 0 0 0 0 0 0 0 0 0
$$ @vis= VisuCoreOrientation VisuCorePosition VisuCoreDataMin VisuCoreDataMax
##$VisuCoreDataSlope=( 31 )
34.997588171126 34.997588171126 34.997588171126 34.997588171126 
34.997588171126 34.997588171126 34.997588171126 34.997588171126 
34.997588171126 34.997588171126 34.997588171126 34.997588171126 
34.997588171126 34.997588171126 34.997588171126 34.997588171126 
34.997588171126 34.997588171126 34.997588171126 34.997588171126 
34.997588171126 34.997588171126 34.997588171126 34.997588171126 
34.997588171126 34.997588171126 34.997588171126 34.997588171126 
34.997588171126 34.997588171126 34.997588171126
##$VisuCoreFrameType=MAGNITUDE_IMAGE
##$VisuCoreWordType=_16BIT_SGN_INT
$$ @vis= VisuCoreDataOffs VisuCoreDataSlope VisuCoreFrameType VisuCore
##$VisuCoreByteOrder=littleEndian
##$VisuFGOrderDescDim=1
##$VisuFGOrderDesc=( 1 )
(31, <FG_SLICE>, <>, 0, 2)
$$ @vis= VisuCoreWordType VisuCoreByteOrder VisuPixel VisuFGOrderDescDim
##$VisuGroupDepVals=( 2 )
(<VisuCoreOrientation>, 0) (<VisuCorePosition>, 0)
##$VisuSubjectName=( 65 )
<test_irm>
##$VisuSubjectId=( 65 )
<lb_140721>
$$ @vis= VisuFGOrderDesc VisuGroupDepVals VisuFrameOrderDesc VisuSubjectName
##$VisuSubjectBirthDate=( 9 )
<>
##$VisuSubjectSex=FEMALE
##$VisuSubjectComment=( 2048 )
<>
$$ @vis= VisuSubjectId VisuSubjectBirthDate VisuSubjectSex VisuSubjectComment
##$VisuStudyUid=( 65 )
<2.16.756.5.5.100.3611280983.32229.1462966980.3533>
##$VisuStudyDate=( 21 )
<14:43:00 11 May 2016>
##$VisuStudyId=( 65 )
<dataset_orient_H-S>
##$VisuStudyNumber=1
##$VisuSubjectWeight=5
$$ @vis= VisuSubject VisuStudyUid VisuStudyDate VisuStudyId VisuStudyNumber
##$VisuStudyReferringPhysician=( 65 )
<>
##$VisuStudyDescription=( 65 )
<>
$$ @vis= VisuSubjectWeight VisuStudyReferringPhysician VisuStudyDescription
##$VisuSeriesNumber=65537
##$VisuSubjectPosition=Head_Supine
##$VisuSeriesTypeId=( 65 )
<ACQ_BRUKER_PVM>
$$ @vis= VisuStudy VisuSeriesNumber VisuSubjectPosition VisuSeriesTypeId
##$VisuInstitution=( 65 )
<PIRMG-GIN>
##$VisuStation=( 65 )
<BioSpec 47/40>
##$VisuAcqDate=( 21 )
<13:46:33 11 May 2016>
##$VisuAcqEchoTrainLength=4
$$ @vis= VisuSeries VisuInstitution VisuStation VisuEquipment VisuAcqDate
##$VisuAcqSequenceName=( 40 )
<RARE (pvm)>
##$VisuAcqNumberOfAverages=1
##$VisuAcqImagingFrequency=200.3350757471
$$ @vis= VisuAcqEchoTrainLength VisuAcqSequenceName VisuAcqNumberOfAverages
##$VisuAcqImagedNucleus=( 8 )
<1H>
##$VisuAcqRepetitionTime=( 1 )
1032.517
##$VisuAcqPhaseEncSteps=76
$$ @vis= VisuAcqImagingFrequency VisuAcqImagedNucleus VisuAcqRepetitionTime
##$VisuAcqPixelBandwidth=390.625
##$VisuAcqFlipAngle=180
##$VisuAcqSize=( 2 )
76 128
$$ @vis= VisuAcqPhaseEncSteps VisuAcqPixelBandwidth VisuAcqFlipAngle
##$VisuAcqImageSizeAccellerated=Yes
##$VisuAcqImagePhaseEncDir=( 31 )
row_dir row_dir row_dir row_dir row_dir row_dir row_dir row_dir row_dir 
row_dir row_dir row_dir row_dir row_dir row_dir row_dir row_dir row_dir 
row_dir row_dir row_dir row_dir row_dir row_dir row_dir row_dir row_dir 
row_dir row_dir row_dir row_dir
##$VisuAcqEchoTime=( 1 )
5.39
$$ @vis= VisuAcqSize VisuAcqImageSizeAccellerated VisuAcqImagePhaseEncDir
##$VisuAcquisitionProtocol=( 65 )
<12_DCE_test_benj_orientation>
##$VisuAcqScanTime=19617
$$ @vis= VisuAcqEchoTime VisuAcquisitionProtocol VisuAcqScanTime
$$ @vis= VisuAcquisition Visu
##END=
