##TITLE=Parameter List, ParaVision 6.0.1
##JCAMPDX=4.24
##DATATYPE=Parameter Values
##ORIGIN=Bruker BioSpin MRI GmbH
##OWNER=po
$$ 2016-07-18 16:09:45.745 +0200  po@var.u-strasbg.fr
$$ /opt/PV6.0.1/data/po/20160718_115906_plateforme_fantome_nouille_other_1_7/2/pdata/3/reco
$$ process /opt/PV6.0.1/prog/bin/parxserver
##$RECO_mode=USER_MODE
##$RecoAutoDerive=No
##$RecoDim=2
##$RecoObjectsPerRepetition=9
##$RecoObjectsPerSetupStep=72
$$ @vis= RECO_mode RecoAutoDerive RecoDim RecoObjectsPerRepetition
##$RecoNumRepetitions=1
##$RECO_inp_order=NO_REORDERING
##$RECO_inp_size=( 2 )
256 256
$$ @vis= RecoObjectsPerSetupStep RecoNumRepetitions RECO_inp_order
##$RECO_ft_size=( 2 )
256 256
##$RECO_fov=( 2 )
3.5 3.5
##$RECO_size=( 2 )
256 256
##$RECO_offset=( 2, 9 )
0 0 0 0 0 0 0 0 0 0 0 0 0 0 0 0 0 0
##$RECO_regrid_mode=NO_REGRID
##$RECO_regrid_offset=0
##$RECO_ramp_gap=0
##$RECO_ramp_time=0
##$RECO_ne_mode=NO_NAV_DATA
##$RECO_ne_dist=NeNoInterleave
##$RECO_ne_dens=NeCorrPerScan
##$RECO_ne_type=NAV_PHASE
##$RECO_bc_mode=( 2 )
NO_BC NO_BC
##$RECO_bc_start=( 2 )
192 192
##$RECO_bc_len=( 2 )
64 64
##$RECO_dc_offset=( 2 )
0 0
##$RECO_dc_divisor=1
##$RECO_bc_coroff=( 2 )
0 0
##$RECO_qopts=( 2 )
COMPLEX_CONJUGATE NO_QOPTS
##$RECO_wdw_mode=( 2 )
NO_WDW NO_WDW
$$ @vis= RECO_inp_size RECO_ft_size RECO_fov RECO_size RECO_ne_mode
##$RECO_lb=( 2 )
-0.5 -0.5
##$RECO_sw=( 2 )
37878.7878787879 1
##$RECO_gb=( 2 )
0.5 0.5
##$RECO_sbs=( 2 )
1 1
##$RECO_tm1=( 2 )
0.25 0.25
##$RECO_tm2=( 2 )
0.75 0.75
##$RECO_ft_mode=( 2 )
COMPLEX_FT COMPLEX_FT
##$RECO_pc_mode=( 2 )
FIRST_ORDER_PC FIRST_ORDER_PC
##$RECO_pc_lin=( 2 )
(0, 180) (0, 180)
##$RECO_rotate=( 2, 9 )
0.5 0.5 0.5 0.5 0.5 0.5 0.5 0.5 0.5 0.398617428571429 0.398617428571429 
0.398617428571429 0.398617428571429 0.398617428571429 0.398617428571429 
0.398617428571429 0.398617428571429 0.398617428571429
##$RECO_ppc_mode=NO_PPC
##$RECO_ref_image=0
##$RECO_nr_supports=0.4
##$RECO_sig_threshold=0.15
##$RECO_ppc_degree=1
##$RECO_ppc_coeffs=( 9, 2, 2 )
0 0 0 0 0 0 0 0 0 0 0 0 0 0 0 0 0 0 0 0 0 0 0 0 0 0 0 0 0 0 0 0 0 0 0 0
##$RECO_dc_elim=Yes
##$RECO_transposition=( 9 )
0 0 0 0 0 0 0 0 0
$$ @vis= RECO_wdw_mode RECO_ft_mode RECO_pc_mode RECO_pc_lin RECO_rotate
##$RECO_image_type=MAGNITUDE_IMAGE
##$RECO_image_threshold=0.15
##$RECO_ir_scale=10
##$RECO_wordtype=_32BIT_FLOAT
##$RECO_map_mode=ABSOLUTE_MAPPING
##$RECO_map_range=( 2 )
-2147483647 2147483647
##$RECO_map_percentile=( 2 )
1 99.999
##$RECO_map_error=0.00025
##$RECO_globex=( 9 )
0 0 0 0 0 0 0 0 0
$$ @vis= RECO_transposition RECO_image_type RECO_wordtype RECO_map_mode
##$RECO_minima=( 9 )
0.00155447914114585 0.00432048040329244 0.00121587298947338 
0.0020097473181581 0.00727270383287224 0.00267268873996597 
0.00404602183587416 0.00213428040861435 0.00348442375240247
##$RECO_maxima=( 9 )
22.2045048990923 22.0067092886224 22.7399453171239 30.920464729282 
30.7014762505948 24.3570194362623 22.3125850359634 20.8158397517424 
21.832319393414
##$RECO_map_min=( 9 )
-0 -0 -0 -0 -0 -0 -0 -0 -0
##$RECO_map_max=( 9 )
0 0 0 0 0 0 0 0 0
##$RECO_map_offset=( 9 )
0 0 0 0 0 0 0 0 0
$$ @vis= RECO_globex RECO_minima RECO_maxima RECO_map_min RECO_map_max
##$RECO_map_slope=( 9 )
1 1 1 1 1 1 1 1 1
##$RECO_byte_order=littleEndian
##$RECO_time=<2016-07-18T16:09:45,742+0200>
##$RECO_abs_time=(1468850985, 742, 120)
$$ @vis= RECO_map_offset RECO_map_slope RECO_byte_order RECO_time
##$RECO_base_image_uid=( 65 )
<2.16.756.5.5.100.1333920868.4686.1468850985.1>
##$RecoUserUpdate=Yes
##$RecoReverseSegment=0
##$RecoB0DemodOff=0
##$RecoB0DemodDelay=0
$$ @vis= RECO_abs_time RECO_base_image_uid RecoUserUpdate RecoB0DemodOff
##$RecoFTOrder=( 2 )
0 1
##$RecoHalfFT=( 2 )
No No
##$RecoHalfFTPos=( 2 )
128 128
##$RecoCorrPhase=RecoCorrPhaseOff
##$RecoCorrPhaseRef=-1
$$ @vis= RecoWindow RecoFTOrder RecoHalfFT RecoHalfFTPos RecoCorrPhase
##$RECO_map_user_slope=1
##$RECO_map_user_offset=0
##$RecoNumInputChan=1
##$RecoScaleChan=( 1 )
1
##$RecoPhaseChan=( 1 )
0
$$ @vis= RecoCorrPhaseRef RecoMap RecoNumInputChan RecoScaleChan
##$RecoCombineMode=SumOfSquares
##$RecoSortDim=2
##$RecoSortSize=( 2 )
256 9
##$RecoSortRange=( 2 )
256 9
##$RecoSortSegment=( 2 )
8 0
$$ @vis= RecoPhaseChan RecoCombineMode RecoSortDim RecoSortSize RecoSortRange
##$RecoSortMaps=( 265 )
48 80 112 144 176 208 240 16 49 81 113 145 177 209 241 17 50 82 114 146 178 
210 242 18 51 83 115 147 179 211 243 19 52 84 116 148 180 212 244 20 53 85 
117 149 181 213 245 21 54 86 118 150 182 214 246 22 55 87 119 151 183 215 247 
23 56 88 120 152 184 216 248 24 57 89 121 153 185 217 249 25 58 90 122 154 
186 218 250 26 59 91 123 155 187 219 251 27 60 92 124 156 188 220 252 28 61 
93 125 157 189 221 253 29 62 94 126 158 190 222 254 30 63 95 127 159 191 223 
255 31 64 96 128 160 192 224 0 32 65 97 129 161 193 225 1 33 66 98 130 162 
194 226 2 34 67 99 131 163 195 227 3 35 68 100 132 164 196 228 4 36 69 101 
133 165 197 229 5 37 70 102 134 166 198 230 6 38 71 103 135 167 199 231 7 39 
72 104 136 168 200 232 8 40 73 105 137 169 201 233 9 41 74 106 138 170 202 
234 10 42 75 107 139 171 203 235 11 43 76 108 140 172 204 236 12 44 77 109 
141 173 205 237 13 45 78 110 142 174 206 238 14 46 79 111 143 175 207 239 15 
47 0 2 4 6 8 1 3 5 7
##$RecoGrappaAccelFactor=1
##$RecoGrappaKernelRead=0
##$RecoGrappaKernelPhase=0
##$RecoGrappaNumRefRead=0
##$RecoGrappaNumRefPhase=0
##$RecoGrappaIncludeRefLines=Yes
##$RecoGrappaReadCenter=0
##$RecoGrappaPhaseCenter=0
##$RecoGrappaTruncThresh=-1
$$ @vis= RecoSortSegment RecoSortMaps RecoSortGroup RecoGrappaAccelFactor
##$RecoRegridN=Off
##$RecoStageNrPasses=4
##$RecoStagePasses=( 4 )
(<FIRSTPASS>, 0) (<FTPASS1>, 1) (<PREPPASS>, 2) (<MAPPASS>, 3)
$$ @vis= RecoGrappaGroup RecoRegridN RecoRegridNGroup RecoStageNrPasses
##$RecoStageNrNodes=23
##$RecoStageNodes=( 23 )
(<input>, 0, <RecoFileSource 
Q{numChan=1;byteOrder=\<BYTORDA\>;contData=false;initFromACQP=true;}>) 
(<input>, 0, <RecoQueueSink S{initQueue=true;initOnce=true;}>) (<compute>, 0, 
<RecoQueueSource Q0{initFromACQP=true;initOnce=true;}>) (<compute>, 0, 
<RecoBufferSink S0{procDim=1;frameDim=2;bufferId="FIRSTPASS0";memId="out0"}>) 
(<compute>, 0, <RecoCastFilter CAST0{dataRep=FLOAT; wordSize=8}>) (<compute>, 
0, <RecoFTShiftFilter FTS0{frameDim=2; winDirection=0; 
shift=\<RECO_rotate[0]\>; exponent=1}>) (<compute>, 0, <RecoFTFilter 
FT0{direction=0; exponent=1}>) (<compute>, 0, <RecoSortFilter 
REORD0{sortDim=\<RecoSortDim\>; sortSize=\<RecoSortSize\>; 
sortRange=\<RecoSortRange\>; sortSegment=\<RecoSortSegment\>; 
sortMaps=\<RecoSortMaps\>; frameDim = 2}>) (<compute>, 1, <RecoBufferSource 
Q0{procDim=1;frameDim=2;bufferId="FIRSTPASS0";memId="out0"}>) (<compute>, 1, 
<RecoBufferSink S0{procDim=1;frameDim=2;bufferId="FTPASS10";memId="in0"}>) 
(<compute>, 1, <RecoFTShiftFilter FTS0{frameDim=2; winDirection=1; 
shift=\<RECO_rotate[1]\>; exponent=1}>) (<compute>, 1, <RecoFTFilter 
FT0{direction=1;exponent=1;}>) (<compute>, 2, <RecoBufferSource 
Q0{procDim=2;frameDim=2;bufferId="FTPASS10";memId="in0"}>) (<compute>, 2, 
<RecoBufferSink S0{procDim=2;frameDim=2;bufferId="PREPPASS0";memId="out0"}>) 
(<compute>, 2, <RecoMagnitudeFilter G0>) (<compute>, 2, <RecoMinMaxFilter 
M0{map_min=\<RECO_map_min\>;map_max=\<RECO_map_max\>;}>) (<compute>, 3, 
<RecoBufferSource Q0{procDim=2;frameDim=2;bufferId="PREPPASS0";memId="out0"}>)
 (<compute>, 3, <RecoQueueSink S0>) (<compute>, 3, <RecoMapFilter 
MAP0{symmetricMode=true;minima=\<RECO_minima\>;maxima=\<RECO_maxima\>;slope=\<RECO_map_slope\>;offset=\<RECO_map_offset\>;map_min=\<RECO_map_min\>;map_max=\<RECO_map_max\>;rangeMin=0.000000;rangeMax=0.000000;perRepetitionMode=false;initOnce=false;perObjectMode=false;cutoffMode=false;defaultSlope=1.0;defaultOffset=0.0;}>) (<compute>, 3, <RecoCastFilter CAST0{dataRep=FLOAT;wordSize=4}>) (<output>, 3, <RecoQueueSource Q{procDim=2;initFromRECO=true;initOnce=true;}>) (<output>, 3, <RecoImageDisplayFilter DISP{showAll=true;}>) (<output>, 3, <RecoFileSink S{writePars=true;shuffle=false;filename="2dseq";numChans=1;}>)
##$RecoStageNrEdges=17
##$RecoStageEdges=( 17 )
(<input>, 0, <Q-\>S>) (<compute>, 0, <Q0-\>CAST0>) (<compute>, 0, 
<CAST0-\>FTS0>) (<compute>, 0, <FTS0-\>FT0>) (<compute>, 0, <FT0-\>REORD0>) 
(<compute>, 0, <REORD0-\>S0>) (<compute>, 1, <Q0-\>FTS0>) (<compute>, 1, 
<FTS0-\>FT0>) (<compute>, 1, <FT0-\>S0>) (<compute>, 2, <Q0-\>G0>) (<compute>,
 2, <G0-\>M0>) (<compute>, 2, <M0-\>S0>) (<compute>, 3, <Q0-\>MAP0>) 
(<compute>, 3, <MAP0-\>CAST0>) (<compute>, 3, <CAST0-\>S0>) (<output>, 3, 
<Q-\>DISP>) (<output>, 3, <DISP-\>S>)
$$ @vis= RecoStagePasses RecoStageNrNodes RecoStageNodes RecoStageNrEdges
##$GS_reco_display=Yes
##$GO_reco_display=Yes
$$ @vis= RecoStageEdges RecoStageGroup RecoModeUser GS_reco_display RECO_GS
##$GO_reco_each_nr=No
##$GO_max_reco_mem=0
##$RecoPrototype=Yes
$$ @vis= GO_reco_display GO_reco_each_nr GO_max_reco_mem RECO_GO
$$ @vis= RecoPrototype RECO
##END=
$$ File finished by PARX at 2016-07-18 16:09:45.746 +0200
