##TITLE=Parameter List
##JCAMPDX=4.24
##DATATYPE=Parameter Values
##ORIGIN=Bruker BioSpin MRI GmbH
##OWNER=simoesbl
$$ Wed May  4 16:23:44 2016 CEST (UT+2h)  simoesbl
$$ /gin5-Warhol_Data/data/simoesbl/nmr/lb_140721.Bq1/7/pdata/1/visu_pars
##$VisuVersion=1
##$VisuUid=( 65 )
<2.16.756.5.5.100.3611280983.32002.1462371823.13>
##$VisuCreator=( 65 )
<ParaVision>
##$VisuCreatorVersion=( 65 )
<5.1>
##$VisuCreationDate=( 21 )
<16:23:19  4 May 2016>
$$ @vis= VisuVersion VisuUid VisuCreator VisuCreatorVersion VisuCreationDate
##$VisuCoreFrameCount=31
##$VisuCoreDim=2
##$VisuCoreSize=( 2 )
128 128
##$VisuCoreDimDesc=( 2 )
spatial spatial
$$ @vis= VisuInstance VisuCoreFrameCount VisuCoreDim VisuCoreSize
##$VisuCoreExtent=( 2 )
30 30
##$VisuCoreFrameThickness=( 1 )
1
##$VisuCoreUnits=( 2, 65 )
<mm> <mm>
##$VisuCoreOrientation=( 31, 9 )
0.999999995380672 9.6117930526e-05 0 -9.6117930526e-05 0.999999995380672 0 0 
0 1 0.999999995380672 9.6117930526e-05 0 -9.6117930526e-05 0.999999995380672 
0 0 0 1 0.999999995380672 9.6117930526e-05 0 -9.6117930526e-05 
0.999999995380672 0 0 0 1 0.999999995380672 9.6117930526e-05 0 
-9.6117930526e-05 0.999999995380672 0 0 0 1 0.999999995380672 
9.6117930526e-05 0 -9.6117930526e-05 0.999999995380672 0 0 0 1 
0.999999995380672 9.6117930526e-05 0 -9.6117930526e-05 0.999999995380672 0 0 
0 1 0.999999995380672 9.6117930526e-05 0 -9.6117930526e-05 0.999999995380672 
0 0 0 1 0.999999995380672 9.6117930526e-05 0 -9.6117930526e-05 
0.999999995380672 0 0 0 1 0.999999995380672 9.6117930526e-05 0 
-9.6117930526e-05 0.999999995380672 0 0 0 1 0.999999995380672 
9.6117930526e-05 0 -9.6117930526e-05 0.999999995380672 0 0 0 1 
0.999999995380672 9.6117930526e-05 0 -9.6117930526e-05 0.999999995380672 0 0 
0 1 0.999999995380672 9.6117930526e-05 0 -9.6117930526e-05 0.999999995380672 
0 0 0 1 0.999999995380672 9.6117930526e-05 0 -9.6117930526e-05 
0.999999995380672 0 0 0 1 0.999999995380672 9.6117930526e-05 0 
-9.6117930526e-05 0.999999995380672 0 0 0 1 0.999999995380672 
9.6117930526e-05 0 -9.6117930526e-05 0.999999995380672 0 0 0 1 
0.999999995380672 9.6117930526e-05 0 -9.6117930526e-05 0.999999995380672 0 0 
0 1 0.999999995380672 9.6117930526e-05 0 -9.6117930526e-05 0.999999995380672 
0 0 0 1 0.999999995380672 9.6117930526e-05 0 -9.6117930526e-05 
0.999999995380672 0 0 0 1 0.999999995380672 9.6117930526e-05 0 
-9.6117930526e-05 0.999999995380672 0 0 0 1 0.999999995380672 
9.6117930526e-05 0 -9.6117930526e-05 0.999999995380672 0 0 0 1 
0.999999995380672 9.6117930526e-05 0 -9.6117930526e-05 0.999999995380672 0 0 
0 1 0.999999995380672 9.6117930526e-05 0 -9.6117930526e-05 0.999999995380672 
0 0 0 1 0.999999995380672 9.6117930526e-05 0 -9.6117930526e-05 
0.999999995380672 0 0 0 1 0.999999995380672 9.6117930526e-05 0 
-9.6117930526e-05 0.999999995380672 0 0 0 1 0.999999995380672 
9.6117930526e-05 0 -9.6117930526e-05 0.999999995380672 0 0 0 1 
0.999999995380672 9.6117930526e-05 0 -9.6117930526e-05 0.999999995380672 0 0 
0 1 0.999999995380672 9.6117930526e-05 0 -9.6117930526e-05 0.999999995380672 
0 0 0 1 0.999999995380672 9.6117930526e-05 0 -9.6117930526e-05 
0.999999995380672 0 0 0 1 0.999999995380672 9.6117930526e-05 0 
-9.6117930526e-05 0.999999995380672 0 0 0 1 0.999999995380672 
9.6117930526e-05 0 -9.6117930526e-05 0.999999995380672 0 0 0 1 
0.999999995380672 9.6117930526e-05 0 -9.6117930526e-05 0.999999995380672 0 0 
0 1
$$ @vis= VisuCoreDimDesc VisuCoreExtent VisuCoreFrameThickness VisuCoreUnits
##$VisuCorePosition=( 31, 3 )
-12.9982698171993 -18.0012494499489 -15 -12.9982698171993 -18.0012494499489 
-14 -12.9982698171993 -18.0012494499489 -13 -12.9982698171993 
-18.0012494499489 -12 -12.9982698171993 -18.0012494499489 -11 
-12.9982698171993 -18.0012494499489 -10 -12.9982698171993 -18.0012494499489 
-9 -12.9982698171993 -18.0012494499489 -8 -12.9982698171993 -18.0012494499489 
-7 -12.9982698171993 -18.0012494499489 -6 -12.9982698171993 -18.0012494499489 
-5 -12.9982698171993 -18.0012494499489 -4 -12.9982698171993 -18.0012494499489 
-3 -12.9982698171993 -18.0012494499489 -2 -12.9982698171993 -18.0012494499489 
-1 -12.9982698171993 -18.0012494499489 0 -12.9982698171993 -18.0012494499489 
1 -12.9982698171993 -18.0012494499489 2 -12.9982698171993 -18.0012494499489 3 
-12.9982698171993 -18.0012494499489 4 -12.9982698171993 -18.0012494499489 5 
-12.9982698171993 -18.0012494499489 6 -12.9982698171993 -18.0012494499489 7 
-12.9982698171993 -18.0012494499489 8 -12.9982698171993 -18.0012494499489 9 
-12.9982698171993 -18.0012494499489 10 -12.9982698171993 -18.0012494499489 11 
-12.9982698171993 -18.0012494499489 12 -12.9982698171993 -18.0012494499489 13 
-12.9982698171993 -18.0012494499489 14 -12.9982698171993 -18.0012494499489 15
##$VisuCoreDataMin=( 31 )
0 0 0 0 0 0 0 0 0 0 0 0 0 0 0 0 0 0 0 0 0 0 0 0 0 0 0 0 0 0 0
##$VisuCoreDataMax=( 31 )
15031 17535 21573 19374 28692 27234 21300 21947 22427 22611 26033 25377 27856 
29533 32767 30595 31958 30391 32149 28337 26698 25210 25974 25845 28328 28664 
28106 25373 23626 19224 16832
##$VisuCoreDataOffs=( 31 )
0 0 0 0 0 0 0 0 0 0 0 0 0 0 0 0 0 0 0 0 0 0 0 0 0 0 0 0 0 0 0
$$ @vis= VisuCoreOrientation VisuCorePosition VisuCoreDataMin VisuCoreDataMax
##$VisuCoreDataSlope=( 31 )
6.18106640351635 6.18106640351635 6.18106640351635 6.18106640351635 
6.18106640351635 6.18106640351635 6.18106640351635 6.18106640351635 
6.18106640351635 6.18106640351635 6.18106640351635 6.18106640351635 
6.18106640351635 6.18106640351635 6.18106640351635 6.18106640351635 
6.18106640351635 6.18106640351635 6.18106640351635 6.18106640351635 
6.18106640351635 6.18106640351635 6.18106640351635 6.18106640351635 
6.18106640351635 6.18106640351635 6.18106640351635 6.18106640351635 
6.18106640351635 6.18106640351635 6.18106640351635
##$VisuCoreFrameType=MAGNITUDE_IMAGE
##$VisuCoreWordType=_16BIT_SGN_INT
$$ @vis= VisuCoreDataOffs VisuCoreDataSlope VisuCoreFrameType VisuCore
##$VisuCoreByteOrder=littleEndian
##$VisuFGOrderDescDim=1
##$VisuFGOrderDesc=( 1 )
(31, <FG_SLICE>, <>, 0, 2)
$$ @vis= VisuCoreWordType VisuCoreByteOrder VisuPixel VisuFGOrderDescDim
##$VisuGroupDepVals=( 2 )
(<VisuCoreOrientation>, 0) (<VisuCorePosition>, 0)
##$VisuSubjectName=( 65 )
<test_irm>
##$VisuSubjectId=( 65 )
<lb_140721>
$$ @vis= VisuFGOrderDesc VisuGroupDepVals VisuFrameOrderDesc VisuSubjectName
##$VisuSubjectBirthDate=( 9 )
<>
##$VisuSubjectSex=FEMALE
##$VisuSubjectComment=( 2048 )
<>
$$ @vis= VisuSubjectId VisuSubjectBirthDate VisuSubjectSex VisuSubjectComment
##$VisuStudyUid=( 65 )
<2.16.756.5.5.100.3611280983.1579.1462370367.6262>
##$VisuStudyDate=( 21 )
<16:59:27  4 May 2016>
##$VisuStudyId=( 65 )
<dataset_orientation_spin_Head>
##$VisuStudyNumber=1
##$VisuSubjectWeight=5
$$ @vis= VisuSubject VisuStudyUid VisuStudyDate VisuStudyId VisuStudyNumber
##$VisuStudyReferringPhysician=( 65 )
<>
##$VisuStudyDescription=( 65 )
<>
$$ @vis= VisuSubjectWeight VisuStudyReferringPhysician VisuStudyDescription
##$VisuSeriesNumber=458753
##$VisuSubjectPosition=Head_Supine
##$VisuSeriesTypeId=( 65 )
<ACQ_BRUKER_PVM>
$$ @vis= VisuStudy VisuSeriesNumber VisuSubjectPosition VisuSeriesTypeId
##$VisuAcqSoftwareVersion=( 65 )
<5.1>
##$VisuInstitution=( 65 )
<PIRMG-GIN>
##$VisuStation=( 65 )
<BioSpec 47/40>
$$ @vis= VisuSeries VisuAcqSoftwareVersion VisuInstitution VisuStation
##$VisuAcqDate=( 21 )
<16:23:19  4 May 2016>
##$VisuAcqEchoTrainLength=4
##$VisuAcqSequenceName=( 40 )
<RARE (pvm)>
##$VisuAcqNumberOfAverages=1
$$ @vis= VisuEquipment VisuAcqDate VisuAcqEchoTrainLength VisuAcqSequenceName
##$VisuAcqImagingFrequency=200.335119165167
##$VisuAcqImagedNucleus=( 8 )
<1H>
##$VisuAcqRepetitionTime=( 1 )
1032.517
$$ @vis= VisuAcqNumberOfAverages VisuAcqImagingFrequency VisuAcqImagedNucleus
##$VisuAcqPhaseEncSteps=76
##$VisuAcqPixelBandwidth=390.625
##$VisuAcqFlipAngle=180
$$ @vis= VisuAcqRepetitionTime VisuAcqPhaseEncSteps VisuAcqPixelBandwidth
##$VisuAcqSize=( 2 )
76 128
##$VisuAcqImageSizeAccellerated=Yes
##$VisuAcqImagePhaseEncDir=( 31 )
row_dir row_dir row_dir row_dir row_dir row_dir row_dir row_dir row_dir 
row_dir row_dir row_dir row_dir row_dir row_dir row_dir row_dir row_dir 
row_dir row_dir row_dir row_dir row_dir row_dir row_dir row_dir row_dir 
row_dir row_dir row_dir row_dir
$$ @vis= VisuAcqFlipAngle VisuAcqSize VisuAcqImageSizeAccellerated
##$VisuAcqEchoTime=( 1 )
5.39
##$VisuAcquisitionProtocol=( 65 )
<12_DCE>
##$VisuAcqScanTime=19617
$$ @vis= VisuAcqImagePhaseEncDir VisuAcqEchoTime VisuAcquisitionProtocol
$$ @vis= VisuAcqScanTime VisuAcquisition Visu
##END=
