##TITLE=Parameter List
##JCAMPDX=4.24
##DATATYPE=Parameter Values
##ORIGIN=Bruker BioSpin MRI GmbH
##OWNER=simoesbl
$$ Wed May  4 16:25:24 2016 CEST (UT+2h)  simoesbl
$$ /gin5-Warhol_Data/data/simoesbl/nmr/lb_140721.Bq1/9/pdata/1/visu_pars
##$VisuVersion=1
##$VisuUid=( 65 )
<2.16.756.5.5.100.3611280983.32002.1462371924.15>
##$VisuCreator=( 65 )
<ParaVision>
##$VisuCreatorVersion=( 65 )
<5.1>
##$VisuCreationDate=( 21 )
<16:24:59  4 May 2016>
$$ @vis= VisuVersion VisuUid VisuCreator VisuCreatorVersion VisuCreationDate
##$VisuCoreFrameCount=31
##$VisuCoreDim=2
##$VisuCoreSize=( 2 )
128 128
##$VisuCoreDimDesc=( 2 )
spatial spatial
$$ @vis= VisuInstance VisuCoreFrameCount VisuCoreDim VisuCoreSize
##$VisuCoreExtent=( 2 )
59.0877524927325 24.4591096087533
##$VisuCoreFrameThickness=( 1 )
1.14068384644811
##$VisuCoreUnits=( 2, 65 )
<mm> <mm>
##$VisuCoreOrientation=( 31, 9 )
0.992546151641322 -5.9660988615516e-17 0.121869343405147 0.0274146372911825 
0.974370064785235 -0.223274303296661 -0.118745840029008 0.224951054343865 
0.967107258077091 0.992546151641322 -5.9660988615516e-17 0.121869343405147 
0.0274146372911825 0.974370064785235 -0.223274303296661 -0.118745840029008 
0.224951054343865 0.967107258077091 0.992546151641322 -5.9660988615516e-17 
0.121869343405147 0.0274146372911825 0.974370064785235 -0.223274303296661 
-0.118745840029008 0.224951054343865 0.967107258077091 0.992546151641322 
-5.9660988615516e-17 0.121869343405147 0.0274146372911825 0.974370064785235 
-0.223274303296661 -0.118745840029008 0.224951054343865 0.967107258077091 
0.992546151641322 -5.9660988615516e-17 0.121869343405147 0.0274146372911825 
0.974370064785235 -0.223274303296661 -0.118745840029008 0.224951054343865 
0.967107258077091 0.992546151641322 -5.9660988615516e-17 0.121869343405147 
0.0274146372911825 0.974370064785235 -0.223274303296661 -0.118745840029008 
0.224951054343865 0.967107258077091 0.992546151641322 -5.9660988615516e-17 
0.121869343405147 0.0274146372911825 0.974370064785235 -0.223274303296661 
-0.118745840029008 0.224951054343865 0.967107258077091 0.992546151641322 
-5.9660988615516e-17 0.121869343405147 0.0274146372911825 0.974370064785235 
-0.223274303296661 -0.118745840029008 0.224951054343865 0.967107258077091 
0.992546151641322 -5.9660988615516e-17 0.121869343405147 0.0274146372911825 
0.974370064785235 -0.223274303296661 -0.118745840029008 0.224951054343865 
0.967107258077091 0.992546151641322 -5.9660988615516e-17 0.121869343405147 
0.0274146372911825 0.974370064785235 -0.223274303296661 -0.118745840029008 
0.224951054343865 0.967107258077091 0.992546151641322 -5.9660988615516e-17 
0.121869343405147 0.0274146372911825 0.974370064785235 -0.223274303296661 
-0.118745840029008 0.224951054343865 0.967107258077091 0.992546151641322 
-5.9660988615516e-17 0.121869343405147 0.0274146372911825 0.974370064785235 
-0.223274303296661 -0.118745840029008 0.224951054343865 0.967107258077091 
0.992546151641322 -5.9660988615516e-17 0.121869343405147 0.0274146372911825 
0.974370064785235 -0.223274303296661 -0.118745840029008 0.224951054343865 
0.967107258077091 0.992546151641322 -5.9660988615516e-17 0.121869343405147 
0.0274146372911825 0.974370064785235 -0.223274303296661 -0.118745840029008 
0.224951054343865 0.967107258077091 0.992546151641322 -5.9660988615516e-17 
0.121869343405147 0.0274146372911825 0.974370064785235 -0.223274303296661 
-0.118745840029008 0.224951054343865 0.967107258077091 0.992546151641322 
-5.9660988615516e-17 0.121869343405147 0.0274146372911825 0.974370064785235 
-0.223274303296661 -0.118745840029008 0.224951054343865 0.967107258077091 
0.992546151641322 -5.9660988615516e-17 0.121869343405147 0.0274146372911825 
0.974370064785235 -0.223274303296661 -0.118745840029008 0.224951054343865 
0.967107258077091 0.992546151641322 -5.9660988615516e-17 0.121869343405147 
0.0274146372911825 0.974370064785235 -0.223274303296661 -0.118745840029008 
0.224951054343865 0.967107258077091 0.992546151641322 -5.9660988615516e-17 
0.121869343405147 0.0274146372911825 0.974370064785235 -0.223274303296661 
-0.118745840029008 0.224951054343865 0.967107258077091 0.992546151641322 
-5.9660988615516e-17 0.121869343405147 0.0274146372911825 0.974370064785235 
-0.223274303296661 -0.118745840029008 0.224951054343865 0.967107258077091 
0.992546151641322 -5.9660988615516e-17 0.121869343405147 0.0274146372911825 
0.974370064785235 -0.223274303296661 -0.118745840029008 0.224951054343865 
0.967107258077091 0.992546151641322 -5.9660988615516e-17 0.121869343405147 
0.0274146372911825 0.974370064785235 -0.223274303296661 -0.118745840029008 
0.224951054343865 0.967107258077091 0.992546151641322 -5.9660988615516e-17 
0.121869343405147 0.0274146372911825 0.974370064785235 -0.223274303296661 
-0.118745840029008 0.224951054343865 0.967107258077091 0.992546151641322 
-5.9660988615516e-17 0.121869343405147 0.0274146372911825 0.974370064785235 
-0.223274303296661 -0.118745840029008 0.224951054343865 0.967107258077091 
0.992546151641322 -5.9660988615516e-17 0.121869343405147 0.0274146372911825 
0.974370064785235 -0.223274303296661 -0.118745840029008 0.224951054343865 
0.967107258077091 0.992546151641322 -5.9660988615516e-17 0.121869343405147 
0.0274146372911825 0.974370064785235 -0.223274303296661 -0.118745840029008 
0.224951054343865 0.967107258077091 0.992546151641322 -5.9660988615516e-17 
0.121869343405147 0.0274146372911825 0.974370064785235 -0.223274303296661 
-0.118745840029008 0.224951054343865 0.967107258077091 0.992546151641322 
-5.9660988615516e-17 0.121869343405147 0.0274146372911825 0.974370064785235 
-0.223274303296661 -0.118745840029008 0.224951054343865 0.967107258077091 
0.992546151641322 -5.9660988615516e-17 0.121869343405147 0.0274146372911825 
0.974370064785235 -0.223274303296661 -0.118745840029008 0.224951054343865 
0.967107258077091 0.992546151641322 -5.9660988615516e-17 0.121869343405147 
0.0274146372911825 0.974370064785235 -0.223274303296661 -0.118745840029008 
0.224951054343865 0.967107258077091 0.992546151641322 -5.9660988615516e-17 
0.121869343405147 0.0274146372911825 0.974370064785235 -0.223274303296661 
-0.118745840029008 0.224951054343865 0.967107258077091
$$ @vis= VisuCoreDimDesc VisuCoreExtent VisuCoreFrameThickness VisuCoreUnits
##$VisuCorePosition=( 31, 3 )
-30.6389585993798 -18.6429518970719 -14.2225743556506 -30.7744100609338 
-18.3863538631403 -13.1194107285793 -30.9098615224878 -18.1297558292088 
-12.0162471015081 -31.0453129840418 -17.8731577952773 -10.9130834744368 
-31.1807644455958 -17.6165597613458 -9.80991984736552 -31.3162159071498 
-17.3599617274143 -8.70675622029426 -31.4516673687038 -17.1033636934827 
-7.60359259322299 -31.5871188302578 -16.8467656595512 -6.50042896615173 
-31.7225702918118 -16.5901676256197 -5.39726533908046 -31.8580217533658 
-16.3335695916882 -4.2941017120092 -31.9934732149198 -16.0769715577567 
-3.19093808493793 -32.1289246764739 -15.8203735238252 -2.08777445786667 
-32.2643761380278 -15.5637754898936 -0.984610830795405 -32.3998275995818 
-15.3071774559621 0.11855279627586 -32.5352790611359 -15.0505794220306 
1.22171642334712 -32.6707305226899 -14.7939813880991 2.32488005041839 
-32.8061819842438 -14.5373833541676 3.42804367748965 -32.9416334457979 
-14.280785320236 4.53120730456092 -33.0770849073519 -14.0241872863045 
5.63437093163218 -33.2125363689059 -13.767589252373 6.73753455870345 
-33.3479878304599 -13.5109912184415 7.84069818577471 -33.4834392920139 
-13.25439318451 8.94386181284598 -33.6188907535679 -12.9977951505784 
10.0470254399172 -33.7543422151219 -12.7411971166469 11.1501890669885 
-33.8897936766759 -12.4845990827154 12.2533526940598 -34.0252451382299 
-12.2280010487839 13.356516321131 -34.1606965997839 -11.9714030148524 
14.4596799482023 -34.2961480613379 -11.7148049809209 15.5628435752736 
-34.4315995228919 -11.4582069469893 16.6660072023448 -34.5670509844459 
-11.2016089130578 17.7691708294161 -34.7025024459999 -10.9450108791263 
18.8723344564874
##$VisuCoreDataMin=( 31 )
0 0 0 0 0 0 0 0 0 0 0 0 0 0 0 0 0 0 0 0 0 0 0 0 0 0 0 0 0 0 0
##$VisuCoreDataMax=( 31 )
31731 30276 30306 26316 27332 27621 30093 30345 31541 30595 30305 30124 31902 
30087 31168 28751 31127 32489 32767 32017 32316 31292 29595 23510 17458 12644 
10111 5998 7228 4317 4189
##$VisuCoreDataOffs=( 31 )
0 0 0 0 0 0 0 0 0 0 0 0 0 0 0 0 0 0 0 0 0 0 0 0 0 0 0 0 0 0 0
$$ @vis= VisuCoreOrientation VisuCorePosition VisuCoreDataMin VisuCoreDataMax
##$VisuCoreDataSlope=( 31 )
9.09329518357494 9.09329518357494 9.09329518357494 9.09329518357494 
9.09329518357494 9.09329518357494 9.09329518357494 9.09329518357494 
9.09329518357494 9.09329518357494 9.09329518357494 9.09329518357494 
9.09329518357494 9.09329518357494 9.09329518357494 9.09329518357494 
9.09329518357494 9.09329518357494 9.09329518357494 9.09329518357494 
9.09329518357494 9.09329518357494 9.09329518357494 9.09329518357494 
9.09329518357494 9.09329518357494 9.09329518357494 9.09329518357494 
9.09329518357494 9.09329518357494 9.09329518357494
##$VisuCoreFrameType=MAGNITUDE_IMAGE
##$VisuCoreWordType=_16BIT_SGN_INT
$$ @vis= VisuCoreDataOffs VisuCoreDataSlope VisuCoreFrameType VisuCore
##$VisuCoreByteOrder=littleEndian
##$VisuFGOrderDescDim=1
##$VisuFGOrderDesc=( 1 )
(31, <FG_SLICE>, <>, 0, 2)
$$ @vis= VisuCoreWordType VisuCoreByteOrder VisuPixel VisuFGOrderDescDim
##$VisuGroupDepVals=( 2 )
(<VisuCoreOrientation>, 0) (<VisuCorePosition>, 0)
##$VisuSubjectName=( 65 )
<test_irm>
##$VisuSubjectId=( 65 )
<lb_140721>
$$ @vis= VisuFGOrderDesc VisuGroupDepVals VisuFrameOrderDesc VisuSubjectName
##$VisuSubjectBirthDate=( 9 )
<>
##$VisuSubjectSex=FEMALE
##$VisuSubjectComment=( 2048 )
<>
$$ @vis= VisuSubjectId VisuSubjectBirthDate VisuSubjectSex VisuSubjectComment
##$VisuStudyUid=( 65 )
<2.16.756.5.5.100.3611280983.1579.1462370367.6262>
##$VisuStudyDate=( 21 )
<16:59:27  4 May 2016>
##$VisuStudyId=( 65 )
<dataset_orientation_spin_Head>
##$VisuStudyNumber=1
##$VisuSubjectWeight=5
$$ @vis= VisuSubject VisuStudyUid VisuStudyDate VisuStudyId VisuStudyNumber
##$VisuStudyReferringPhysician=( 65 )
<>
##$VisuStudyDescription=( 65 )
<>
$$ @vis= VisuSubjectWeight VisuStudyReferringPhysician VisuStudyDescription
##$VisuSeriesNumber=589825
##$VisuSubjectPosition=Head_Supine
##$VisuSeriesTypeId=( 65 )
<ACQ_BRUKER_PVM>
$$ @vis= VisuStudy VisuSeriesNumber VisuSubjectPosition VisuSeriesTypeId
##$VisuAcqSoftwareVersion=( 65 )
<5.1>
##$VisuInstitution=( 65 )
<PIRMG-GIN>
##$VisuStation=( 65 )
<BioSpec 47/40>
$$ @vis= VisuSeries VisuAcqSoftwareVersion VisuInstitution VisuStation
##$VisuAcqDate=( 21 )
<16:24:59  4 May 2016>
##$VisuAcqEchoTrainLength=4
##$VisuAcqSequenceName=( 40 )
<RARE (pvm)>
##$VisuAcqNumberOfAverages=1
$$ @vis= VisuEquipment VisuAcqDate VisuAcqEchoTrainLength VisuAcqSequenceName
##$VisuAcqImagingFrequency=200.335119165167
##$VisuAcqImagedNucleus=( 8 )
<1H>
##$VisuAcqRepetitionTime=( 1 )
1032.517
$$ @vis= VisuAcqNumberOfAverages VisuAcqImagingFrequency VisuAcqImagedNucleus
##$VisuAcqPhaseEncSteps=76
##$VisuAcqPixelBandwidth=390.625
##$VisuAcqFlipAngle=180
$$ @vis= VisuAcqRepetitionTime VisuAcqPhaseEncSteps VisuAcqPixelBandwidth
##$VisuAcqSize=( 2 )
76 128
##$VisuAcqImageSizeAccellerated=Yes
##$VisuAcqImagePhaseEncDir=( 31 )
row_dir row_dir row_dir row_dir row_dir row_dir row_dir row_dir row_dir 
row_dir row_dir row_dir row_dir row_dir row_dir row_dir row_dir row_dir 
row_dir row_dir row_dir row_dir row_dir row_dir row_dir row_dir row_dir 
row_dir row_dir row_dir row_dir
$$ @vis= VisuAcqFlipAngle VisuAcqSize VisuAcqImageSizeAccellerated
##$VisuAcqEchoTime=( 1 )
5.39
##$VisuAcquisitionProtocol=( 65 )
<12_DCE>
##$VisuAcqScanTime=19617
$$ @vis= VisuAcqImagePhaseEncDir VisuAcqEchoTime VisuAcquisitionProtocol
$$ @vis= VisuAcqScanTime VisuAcquisition Visu
##END=
