##TITLE=Parameter List
##JCAMPDX=4.24
##DATATYPE=Parameter Values
##ORIGIN=Bruker BioSpin MRI GmbH
##OWNER=simoesbl
$$ Wed May 11 14:10:17 2016 CEST (UT+2h)  simoesbl
$$ /gin5-Warhol_Data/data/simoesbl/nmr/lb_140721.Bx1/10/pdata/1/visu_pars
##$VisuVersion=1
##$VisuUid=( 65 )
<2.16.756.5.5.100.3611280983.30721.1462968617.13>
##$VisuCreator=( 65 )
<ParaVision>
##$VisuCreatorVersion=( 65 )
<5.1>
##$VisuCreationDate=( 21 )
<14:09:33 11 May 2016>
$$ @vis= VisuVersion VisuUid VisuCreator VisuCreatorVersion VisuCreationDate
##$VisuCoreFrameCount=61
##$VisuCoreDim=2
##$VisuCoreSize=( 2 )
128 128
##$VisuCoreDimDesc=( 2 )
spatial spatial
$$ @vis= VisuInstance VisuCoreFrameCount VisuCoreDim VisuCoreSize
##$VisuCoreExtent=( 2 )
30 30
##$VisuCoreFrameThickness=( 1 )
1
##$VisuCoreUnits=( 2, 65 )
<mm> <mm>
##$VisuCoreOrientation=( 61, 9 )
1 0 0 0 1 0 0 0 1 1 0 0 0 1 0 0 0 1 1 0 0 0 1 0 0 0 1 1 0 0 0 1 0 0 0 1 1 0 0 
0 1 0 0 0 1 1 0 0 0 1 0 0 0 1 1 0 0 0 1 0 0 0 1 1 0 0 0 1 0 0 0 1 1 0 0 0 1 0 
0 0 1 1 0 0 0 1 0 0 0 1 1 0 0 0 1 0 0 0 1 1 0 0 0 1 0 0 0 1 1 0 0 0 1 0 0 0 1 
1 0 0 0 1 0 0 0 1 1 0 0 0 1 0 0 0 1 1 0 0 0 1 0 0 0 1 1 0 0 0 1 0 0 0 1 1 0 0 
0 1 0 0 0 1 1 0 0 0 1 0 0 0 1 1 0 0 0 1 0 0 0 1 1 0 0 0 1 0 0 0 1 1 0 0 0 1 0 
0 0 1 1 0 0 0 1 0 0 0 1 1 0 0 0 1 0 0 0 1 1 0 0 0 1 0 0 0 1 1 0 0 0 1 0 0 0 1 
1 0 0 0 1 0 0 0 1 1 0 0 0 1 0 0 0 1 1 0 0 0 1 0 0 0 1 1 0 0 0 1 0 0 0 1 1 0 0 
0 1 0 0 0 1 1 0 0 0 1 0 0 0 1 1 0 0 0 1 0 0 0 1 1 0 0 0 1 0 0 0 1 1 0 0 0 1 0 
0 0 1 1 0 0 0 1 0 0 0 1 1 0 0 0 1 0 0 0 1 1 0 0 0 1 0 0 0 1 1 0 0 0 1 0 0 0 1 
1 0 0 0 1 0 0 0 1 1 0 0 0 1 0 0 0 1 1 0 0 0 1 0 0 0 1 1 0 0 0 1 0 0 0 1 1 0 0 
0 1 0 0 0 1 1 0 0 0 1 0 0 0 1 1 0 0 0 1 0 0 0 1 1 0 0 0 1 0 0 0 1 1 0 0 0 1 0 
0 0 1 1 0 0 0 1 0 0 0 1 1 0 0 0 1 0 0 0 1 1 0 0 0 1 0 0 0 1 1 0 0 0 1 0 0 0 1 
1 0 0 0 1 0 0 0 1 1 0 0 0 1 0 0 0 1 1 0 0 0 1 0 0 0 1 1 0 0 0 1 0 0 0 1 1 0 0 
0 1 0 0 0 1 1 0 0 0 1 0 0 0 1 1 0 0 0 1 0 0 0 1 1 0 0 0 1 0 0 0 1 1 0 0 0 1 0 
0 0 1
$$ @vis= VisuCoreDimDesc VisuCoreExtent VisuCoreFrameThickness VisuCoreUnits
##$VisuCorePosition=( 61, 3 )
-15 -15 -15 -15 -15 -14.5 -15 -15 -14 -15 -15 -13.5 -15 -15 -13 -15 -15 -12.5 
-15 -15 -12 -15 -15 -11.5 -15 -15 -11 -15 -15 -10.5 -15 -15 -10 -15 -15 -9.5 
-15 -15 -9 -15 -15 -8.5 -15 -15 -8 -15 -15 -7.5 -15 -15 -7 -15 -15 -6.5 -15 
-15 -6 -15 -15 -5.5 -15 -15 -5 -15 -15 -4.5 -15 -15 -4 -15 -15 -3.5 -15 -15 
-3 -15 -15 -2.5 -15 -15 -2 -15 -15 -1.5 -15 -15 -1 -15 -15 -0.5 -15 -15 0 -15 
-15 0.5 -15 -15 1 -15 -15 1.5 -15 -15 2 -15 -15 2.5 -15 -15 3 -15 -15 3.5 -15 
-15 4 -15 -15 4.5 -15 -15 5 -15 -15 5.5 -15 -15 6 -15 -15 6.5 -15 -15 7 -15 
-15 7.5 -15 -15 8 -15 -15 8.5 -15 -15 9 -15 -15 9.5 -15 -15 10 -15 -15 10.5 
-15 -15 11 -15 -15 11.5 -15 -15 12 -15 -15 12.5 -15 -15 13 -15 -15 13.5 -15 
-15 14 -15 -15 14.5 -15 -15 15
##$VisuCoreDataMin=( 61 )
0 0 0 0 0 0 0 0 0 0 0 0 0 0 0 0 0 0 0 0 0 0 0 0 0 0 0 0 0 0 0 0 0 0 0 0 0 0 0 
0 0 0 0 0 0 0 0 0 0 0 0 0 0 0 0 0 0 0 0 0 0
##$VisuCoreDataMax=( 61 )
32697 32767 26264 26682 26262 26421 25976 26468 25943 25996 25767 26045 25360 
25813 25043 25303 24414 25395 24932 24503 24972 24439 24542 24817 29116 28658 
29135 25112 24948 24124 24080 23852 24144 24018 24098 24554 24826 24775 23897 
23596 22616 23099 22917 23399 23057 23410 22880 23052 22163 21654 21345 19947 
18619 16596 14415 12006 9285 6676 5317 4556 3993
##$VisuCoreDataOffs=( 61 )
0 0 0 0 0 0 0 0 0 0 0 0 0 0 0 0 0 0 0 0 0 0 0 0 0 0 0 0 0 0 0 0 0 0 0 0 0 0 0 
0 0 0 0 0 0 0 0 0 0 0 0 0 0 0 0 0 0 0 0 0 0
$$ @vis= VisuCoreOrientation VisuCorePosition VisuCoreDataMin VisuCoreDataMax
##$VisuCoreDataSlope=( 61 )
31.9695114979763 31.9695114979763 31.9695114979763 31.9695114979763 
31.9695114979763 31.9695114979763 31.9695114979763 31.9695114979763 
31.9695114979763 31.9695114979763 31.9695114979763 31.9695114979763 
31.9695114979763 31.9695114979763 31.9695114979763 31.9695114979763 
31.9695114979763 31.9695114979763 31.9695114979763 31.9695114979763 
31.9695114979763 31.9695114979763 31.9695114979763 31.9695114979763 
31.9695114979763 31.9695114979763 31.9695114979763 31.9695114979763 
31.9695114979763 31.9695114979763 31.9695114979763 31.9695114979763 
31.9695114979763 31.9695114979763 31.9695114979763 31.9695114979763 
31.9695114979763 31.9695114979763 31.9695114979763 31.9695114979763 
31.9695114979763 31.9695114979763 31.9695114979763 31.9695114979763 
31.9695114979763 31.9695114979763 31.9695114979763 31.9695114979763 
31.9695114979763 31.9695114979763 31.9695114979763 31.9695114979763 
31.9695114979763 31.9695114979763 31.9695114979763 31.9695114979763 
31.9695114979763 31.9695114979763 31.9695114979763 31.9695114979763 
31.9695114979763
##$VisuCoreFrameType=MAGNITUDE_IMAGE
##$VisuCoreWordType=_16BIT_SGN_INT
$$ @vis= VisuCoreDataOffs VisuCoreDataSlope VisuCoreFrameType VisuCore
##$VisuCoreByteOrder=littleEndian
##$VisuFGOrderDescDim=1
##$VisuFGOrderDesc=( 1 )
(61, <FG_SLICE>, <>, 0, 2)
$$ @vis= VisuCoreWordType VisuCoreByteOrder VisuPixel VisuFGOrderDescDim
##$VisuGroupDepVals=( 2 )
(<VisuCoreOrientation>, 0) (<VisuCorePosition>, 0)
##$VisuSubjectName=( 65 )
<test_irm>
##$VisuSubjectId=( 65 )
<lb_140721>
$$ @vis= VisuFGOrderDesc VisuGroupDepVals VisuFrameOrderDesc VisuSubjectName
##$VisuSubjectBirthDate=( 9 )
<>
##$VisuSubjectSex=FEMALE
##$VisuSubjectComment=( 2048 )
<>
$$ @vis= VisuSubjectId VisuSubjectBirthDate VisuSubjectSex VisuSubjectComment
##$VisuStudyUid=( 65 )
<2.16.756.5.5.100.3611280983.32229.1462966980.3533>
##$VisuStudyDate=( 21 )
<14:43:00 11 May 2016>
##$VisuStudyId=( 65 )
<dataset_orient_H-S>
##$VisuStudyNumber=1
##$VisuSubjectWeight=5
$$ @vis= VisuSubject VisuStudyUid VisuStudyDate VisuStudyId VisuStudyNumber
##$VisuStudyReferringPhysician=( 65 )
<>
##$VisuStudyDescription=( 65 )
<>
$$ @vis= VisuSubjectWeight VisuStudyReferringPhysician VisuStudyDescription
##$VisuSeriesNumber=655361
##$VisuSubjectPosition=Head_Supine
##$VisuSeriesTypeId=( 65 )
<ACQ_BRUKER_PVM>
$$ @vis= VisuStudy VisuSeriesNumber VisuSubjectPosition VisuSeriesTypeId
##$VisuAcqSoftwareVersion=( 65 )
<5.1>
##$VisuInstitution=( 65 )
<PIRMG-GIN>
##$VisuStation=( 65 )
<BioSpec 47/40>
$$ @vis= VisuSeries VisuAcqSoftwareVersion VisuInstitution VisuStation
##$VisuAcqDate=( 21 )
<14:09:33 11 May 2016>
##$VisuAcqEchoTrainLength=4
##$VisuAcqSequenceName=( 40 )
<RARE (pvm)>
##$VisuAcqNumberOfAverages=1
$$ @vis= VisuEquipment VisuAcqDate VisuAcqEchoTrainLength VisuAcqSequenceName
##$VisuAcqImagingFrequency=200.3350757471
##$VisuAcqImagedNucleus=( 8 )
<1H>
##$VisuAcqRepetitionTime=( 1 )
2065.034
$$ @vis= VisuAcqNumberOfAverages VisuAcqImagingFrequency VisuAcqImagedNucleus
##$VisuAcqPhaseEncSteps=76
##$VisuAcqPixelBandwidth=390.625
##$VisuAcqFlipAngle=180
$$ @vis= VisuAcqRepetitionTime VisuAcqPhaseEncSteps VisuAcqPixelBandwidth
##$VisuAcqSize=( 2 )
76 128
##$VisuAcqImageSizeAccellerated=Yes
##$VisuAcqImagePhaseEncDir=( 61 )
row_dir row_dir row_dir row_dir row_dir row_dir row_dir row_dir row_dir 
row_dir row_dir row_dir row_dir row_dir row_dir row_dir row_dir row_dir 
row_dir row_dir row_dir row_dir row_dir row_dir row_dir row_dir row_dir 
row_dir row_dir row_dir row_dir row_dir row_dir row_dir row_dir row_dir 
row_dir row_dir row_dir row_dir row_dir row_dir row_dir row_dir row_dir 
row_dir row_dir row_dir row_dir row_dir row_dir row_dir row_dir row_dir 
row_dir row_dir row_dir row_dir row_dir row_dir row_dir
$$ @vis= VisuAcqFlipAngle VisuAcqSize VisuAcqImageSizeAccellerated
##$VisuAcqEchoTime=( 1 )
5.39
##$VisuAcquisitionProtocol=( 65 )
<12_DCE_test_benj_orientation>
##$VisuAcqScanTime=39235
$$ @vis= VisuAcqImagePhaseEncDir VisuAcqEchoTime VisuAcquisitionProtocol
$$ @vis= VisuAcqScanTime VisuAcquisition Visu
##END=
