##TITLE=Parameter List, ParaVision 6.0.1
##JCAMPDX=4.24
##DATATYPE=Parameter Values
##ORIGIN=Bruker BioSpin MRI GmbH
##OWNER=po
$$ 2016-07-18 14:10:48.105 +0200  po@var.u-strasbg.fr
$$ /opt/PV6.0.1/data/po/20160718_115906_plateforme_fantome_nouille_other_1_7/20/method
$$ process /opt/PV6.0.1/prog/mod/acq_out
##$Method=<Bruker:DtiEpi>
##$PVM_EffSWh=400000
##$EchoTime=24.2
##$PVM_EchoTime=0.48
##$PVM_MinEchoTime=24.1032644536792
##$NSegments=4
##$PVM_RepetitionTime=3000
$$ @vis= Method PVM_EffSWh EchoTime PVM_EchoTime PVM_MinEchoTime NSegments
##$PackDel=0.001
##$PVM_NEchoImages=1
##$PVM_NAverages=2
##$PVM_NRepetitions=1
$$ @vis= PVM_RepetitionTime PackDel PVM_NEchoImages PVM_NAverages
##$PVM_ScanTimeStr=( 16 )
<0h7m36s0ms>
##$PVM_ScanTime=456000
##$PVM_DeriveGains=Yes
##$PVM_DiffPrepMode=<SpinEcho>
##$PVM_DwUsedSliceThick=1
$$ @vis= PVM_NRepetitions PVM_ScanTimeStr PVM_DeriveGains PVM_DiffPrepMode
##$PVM_DwVisiblePars=Yes
##$PVM_DwRfcAdiab=No
##$PVM_DwRfcPulse1Enum=<Calculated>
##$PVM_DwRfcPulse1=(2.31818181818182, 2200, 180, Yes, 4, 5100, 
0.0981992064004009, 0.0914234269262882, 1, 0, 183.198791328659, 
<$PVM_DwRfcPulse1Shape>)
$$ @vis= PVM_DwUsedSliceThick PVM_DwVisiblePars PVM_DwRfcPulse1Enum
##$PVM_DwRfcPulse1Ampl=(183.198791328659, 95.7075731926838, -22.6292260404239)
##$PVM_DwSliceGradDur=2.627182
##$PVM_DwSliceGrad=11.6855937875134
##$PVM_DwSliceGradLim=90
$$ @vis= PVM_DwRfcPulse1 PVM_DwSliceGradDur PVM_DwSliceGrad
##$PVM_TeDwSliceSpoilGradDur=1.5
##$PVM_TeDwSliceSpoilGrad=30
##$PVM_TeDwSliceSpoilGradLim=50
$$ @vis= PVM_DwSliceGradLim PVM_TeDwSliceSpoilGradDur PVM_TeDwSliceSpoilGrad
##$PVM_DwGradDur=( 1 )
6
##$PVM_DwGradSep=( 1 )
12
$$ @vis= PVM_TeDwSliceSpoilGradLim DW_SliceSelection PVM_DwGradDur
##$PVM_DwDirectScale=No
##$PVM_DwMeasMode=<DW_Tensor>
##$PVM_DwNDiffDir=6
##$PVM_DwNDiffExpEach=3
$$ @vis= PVM_DwGradSep PVM_DwDirectScale PVM_DwMeasMode PVM_DwNDiffDir
##$PVM_DwAoImages=1
##$PVM_DwDir=( 6, 3 )
0.298125726070304 -0.135667740625728 0.944836131616781 -0.618180194206592 
0.326096056375071 0.715202495456585 -0.484210597734692 -0.699431250800126 
0.525676728080655 0.979440264573835 0.0950660326801968 0.177930372792233 
0.286405819660512 0.817121980251523 0.500283295598023 -0.503173208432788 
0.842215175979292 -0.193624171181247
##$PVM_DwDgSwitch=<MonopolarDw>
##$PVM_DwMaxBval=4807.09869612065
$$ @vis= PVM_DwNDiffExpEach PVM_DwAoImages PVM_DwDir PVM_DwDgSwitch
##$PVM_DwBvalEach=( 3 )
500 1000 1500
##$PVM_DwGradAmp=( 3 )
32.2510220909677 45.6098328414408 55.8604088575822
##$PVM_DwNDiffExp=19
##$PVM_DwBMat=( 19, 3, 3 )
7.69121823034986 7.69121823034986 8.70292359630157 7.69121823034986 
7.69121823034986 8.70292359630157 8.70292359630157 8.70292359630157 
9.95566179939529 44.439474272473 -24.6744706447296 142.247899029571 
-24.6744706447296 14.288702481556 -79.2113873711566 142.247899029571 
-79.2113873711566 455.52280361421 88.878948544946 -42.2385516951334 
283.671057529005 -42.2385516951334 20.121029779012 -134.876428178627 
283.671057529005 -134.876428178627 905.576950043969 133.318422817419 
-60.6690655175443 424.958525869338 -60.6690655175443 27.6086037697347 
-193.385400932281 424.958525869338 -193.385400932281 1354.77102333134 
191.07337625465 -100.793061729973 -223.98140913188 -100.793061729973 
53.1693189916868 118.152368684313 -223.98140913188 118.152368684313 
262.753527887086 382.1467525093 -201.586123459945 -446.252673125296 
-201.586123459945 106.338637983374 235.4026191987 -446.252673125296 
235.4026191987 521.30892407788 573.22012876395 -302.379185189918 
-668.242576063391 -302.379185189918 159.50795697506 352.504449023751 
-668.242576063391 352.504449023751 779.213279906086 117.229951479294 
169.336012012126 -129.555840681693 169.336012012126 244.602037297915 
-187.1404800316 -129.555840681693 -187.1404800316 143.37413626119 
234.459902958588 338.672024024252 -257.772152197829 338.672024024252 
489.204074595829 -372.346040496938 -257.772152197829 -372.346040496938 
283.598756012175 351.689854437882 508.008036036379 -385.768078127283 
508.008036036379 733.806111893743 -557.233258969612 -385.768078127283 
-557.233258969612 423.344858462357 479.651615934232 68.7378952703874 
98.5191726925136 68.7378952703874 11.2046253145409 14.879898701547 
98.5191726925136 14.879898701547 20.7702084031484 959.303231868464 
114.115841175495 180.813583694243 114.115841175495 14.1818663533979 
21.7426198193277 180.813583694243 21.7426198193277 34.276946497102 
1438.9548478027 155.650499246227 269.419818259953 155.650499246227 
17.070894853477 29.2880327928545 269.419818259953 29.2880327928545 
50.6407055369702 41.0141467677049 117.014245258279 72.99459572112 
117.014245258279 333.844165305086 208.255155827493 72.99459572112 
208.255155827493 130.107968348475 82.0282935354098 234.028490516558 
145.196873078258 234.028490516558 667.688330610171 414.249810275042 
145.196873078258 414.249810275042 257.206917910599 123.042440303115 
351.042735774837 217.268794522305 351.042735774837 1001.53249591526 
619.872556491228 217.268794522305 619.872556491228 383.850465512814 
126.591638842273 -211.890056144143 62.9680132746424 -211.890056144143 
354.663201324915 -105.396343629558 62.9680132746424 -105.396343629558 
33.3828567737396 253.183277684546 -423.780112288285 106.739447354457 
-423.780112288285 709.326402649829 -178.661305751088 106.739447354457 
-178.661305751088 45.4852967602603 379.774916526819 -635.670168432428 
147.352570680791 -635.670168432428 1063.98960397474 -246.639863106903 
147.352570680791 -246.639863106903 57.279508859181
##$PVM_DwBMatImag=( 19, 3, 3 )
7.69121823034986 7.69121823034986 -8.70292359630157 7.69121823034986 
7.69121823034986 -8.70292359630157 -8.70292359630157 -8.70292359630157 
9.95566179939529 44.439474272473 -24.6744706447296 -142.247899029571 
-24.6744706447296 14.288702481556 79.2113873711566 -142.247899029571 
79.2113873711566 455.52280361421 88.878948544946 -42.2385516951334 
-283.671057529005 -42.2385516951334 20.121029779012 134.876428178627 
-283.671057529005 134.876428178627 905.576950043969 133.318422817419 
-60.6690655175443 -424.958525869338 -60.6690655175443 27.6086037697347 
193.385400932281 -424.958525869338 193.385400932281 1354.77102333134 
191.07337625465 -100.793061729973 223.98140913188 -100.793061729973 
53.1693189916868 -118.152368684313 223.98140913188 -118.152368684313 
262.753527887086 382.1467525093 -201.586123459945 446.252673125296 
-201.586123459945 106.338637983374 -235.4026191987 446.252673125296 
-235.4026191987 521.30892407788 573.22012876395 -302.379185189918 
668.242576063391 -302.379185189918 159.50795697506 -352.504449023751 
668.242576063391 -352.504449023751 779.213279906086 117.229951479294 
169.336012012126 129.555840681693 169.336012012126 244.602037297915 
187.1404800316 129.555840681693 187.1404800316 143.37413626119 
234.459902958588 338.672024024252 257.772152197829 338.672024024252 
489.204074595829 372.346040496938 257.772152197829 372.346040496938 
283.598756012175 351.689854437882 508.008036036379 385.768078127283 
508.008036036379 733.806111893743 557.233258969612 385.768078127283 
557.233258969612 423.344858462357 479.651615934232 68.7378952703874 
-98.5191726925136 68.7378952703874 11.2046253145409 -14.879898701547 
-98.5191726925136 -14.879898701547 20.7702084031484 959.303231868464 
114.115841175495 -180.813583694243 114.115841175495 14.1818663533979 
-21.7426198193277 -180.813583694243 -21.7426198193277 34.276946497102 
1438.9548478027 155.650499246227 -269.419818259953 155.650499246227 
17.070894853477 -29.2880327928545 -269.419818259953 -29.2880327928545 
50.6407055369702 41.0141467677049 117.014245258279 -72.99459572112 
117.014245258279 333.844165305086 -208.255155827493 -72.99459572112 
-208.255155827493 130.107968348475 82.0282935354098 234.028490516558 
-145.196873078258 234.028490516558 667.688330610171 -414.249810275042 
-145.196873078258 -414.249810275042 257.206917910599 123.042440303115 
351.042735774837 -217.268794522305 351.042735774837 1001.53249591526 
-619.872556491228 -217.268794522305 -619.872556491228 383.850465512814 
126.591638842273 -211.890056144143 -62.9680132746424 -211.890056144143 
354.663201324915 105.396343629558 -62.9680132746424 105.396343629558 
33.3828567737396 253.183277684546 -423.780112288285 -106.739447354457 
-423.780112288285 709.326402649829 178.661305751088 -106.739447354457 
178.661305751088 45.4852967602603 379.774916526819 -635.670168432428 
-147.352570680791 -635.670168432428 1063.98960397474 246.639863106903 
-147.352570680791 246.639863106903 57.279508859181
$$ @vis= PVM_DwMaxBval PVM_DwBvalEach PVM_DwGradAmp PVM_DwNDiffExp PVM_DwBMat
##$PVM_DwBMatMag=( 19, 3, 3 )
7.69121823034986 -7.69121823034986 -8.70292359630157 -7.69121823034986 
7.69121823034986 8.70292359630157 -8.70292359630157 8.70292359630157 
9.95566179939529 44.439474272473 24.6744706447296 -142.247899029571 
24.6744706447296 14.288702481556 -79.2113873711566 -142.247899029571 
-79.2113873711566 455.52280361421 88.878948544946 42.2385516951334 
-283.671057529005 42.2385516951334 20.121029779012 -134.876428178627 
-283.671057529005 -134.876428178627 905.576950043969 133.318422817419 
60.6690655175443 -424.958525869338 60.6690655175443 27.6086037697347 
-193.385400932281 -424.958525869338 -193.385400932281 1354.77102333134 
191.07337625465 100.793061729973 223.98140913188 100.793061729973 
53.1693189916868 118.152368684313 223.98140913188 118.152368684313 
262.753527887086 382.1467525093 201.586123459945 446.252673125296 
201.586123459945 106.338637983374 235.4026191987 446.252673125296 
235.4026191987 521.30892407788 573.22012876395 302.379185189918 
668.242576063391 302.379185189918 159.50795697506 352.504449023751 
668.242576063391 352.504449023751 779.213279906086 117.229951479294 
-169.336012012126 129.555840681693 -169.336012012126 244.602037297915 
-187.1404800316 129.555840681693 -187.1404800316 143.37413626119 
234.459902958588 -338.672024024252 257.772152197829 -338.672024024252 
489.204074595829 -372.346040496938 257.772152197829 -372.346040496938 
283.598756012175 351.689854437882 -508.008036036379 385.768078127283 
-508.008036036379 733.806111893743 -557.233258969612 385.768078127283 
-557.233258969612 423.344858462357 479.651615934232 -68.7378952703874 
-98.5191726925136 -68.7378952703874 11.2046253145409 14.879898701547 
-98.5191726925136 14.879898701547 20.7702084031484 959.303231868464 
-114.115841175495 -180.813583694243 -114.115841175495 14.1818663533979 
21.7426198193277 -180.813583694243 21.7426198193277 34.276946497102 
1438.9548478027 -155.650499246227 -269.419818259953 -155.650499246227 
17.070894853477 29.2880327928545 -269.419818259953 29.2880327928545 
50.6407055369702 41.0141467677049 -117.014245258279 -72.99459572112 
-117.014245258279 333.844165305086 208.255155827493 -72.99459572112 
208.255155827493 130.107968348475 82.0282935354098 -234.028490516558 
-145.196873078258 -234.028490516558 667.688330610171 414.249810275042 
-145.196873078258 414.249810275042 257.206917910599 123.042440303115 
-351.042735774837 -217.268794522305 -351.042735774837 1001.53249591526 
619.872556491228 -217.268794522305 619.872556491228 383.850465512814 
126.591638842273 211.890056144143 -62.9680132746424 211.890056144143 
354.663201324915 -105.396343629558 -62.9680132746424 -105.396343629558 
33.3828567737396 253.183277684546 423.780112288285 -106.739447354457 
423.780112288285 709.326402649829 -178.661305751088 -106.739447354457 
-178.661305751088 45.4852967602603 379.774916526819 635.670168432428 
-147.352570680791 635.670168432428 1063.98960397474 -246.639863106903 
-147.352570680791 -246.639863106903 57.279508859181
##$PVM_DwBMatPat=( 19, 3, 3 )
7.69121823034986 7.69121823034986 -8.70292359630157 7.69121823034986 
7.69121823034986 -8.70292359630157 -8.70292359630157 -8.70292359630157 
9.95566179939529 44.439474272473 -24.6744706447296 -142.247899029571 
-24.6744706447296 14.288702481556 79.2113873711566 -142.247899029571 
79.2113873711566 455.52280361421 88.878948544946 -42.2385516951334 
-283.671057529005 -42.2385516951334 20.121029779012 134.876428178627 
-283.671057529005 134.876428178627 905.576950043969 133.318422817419 
-60.6690655175443 -424.958525869338 -60.6690655175443 27.6086037697347 
193.385400932281 -424.958525869338 193.385400932281 1354.77102333134 
191.07337625465 -100.793061729973 223.98140913188 -100.793061729973 
53.1693189916868 -118.152368684313 223.98140913188 -118.152368684313 
262.753527887086 382.1467525093 -201.586123459945 446.252673125296 
-201.586123459945 106.338637983374 -235.4026191987 446.252673125296 
-235.4026191987 521.30892407788 573.22012876395 -302.379185189918 
668.242576063391 -302.379185189918 159.50795697506 -352.504449023751 
668.242576063391 -352.504449023751 779.213279906086 117.229951479294 
169.336012012126 129.555840681693 169.336012012126 244.602037297915 
187.1404800316 129.555840681693 187.1404800316 143.37413626119 
234.459902958588 338.672024024252 257.772152197829 338.672024024252 
489.204074595829 372.346040496938 257.772152197829 372.346040496938 
283.598756012175 351.689854437882 508.008036036379 385.768078127283 
508.008036036379 733.806111893743 557.233258969612 385.768078127283 
557.233258969612 423.344858462357 479.651615934232 68.7378952703874 
-98.5191726925136 68.7378952703874 11.2046253145409 -14.879898701547 
-98.5191726925136 -14.879898701547 20.7702084031484 959.303231868464 
114.115841175495 -180.813583694243 114.115841175495 14.1818663533979 
-21.7426198193277 -180.813583694243 -21.7426198193277 34.276946497102 
1438.9548478027 155.650499246227 -269.419818259953 155.650499246227 
17.070894853477 -29.2880327928545 -269.419818259953 -29.2880327928545 
50.6407055369702 41.0141467677049 117.014245258279 -72.99459572112 
117.014245258279 333.844165305086 -208.255155827493 -72.99459572112 
-208.255155827493 130.107968348475 82.0282935354098 234.028490516558 
-145.196873078258 234.028490516558 667.688330610171 -414.249810275042 
-145.196873078258 -414.249810275042 257.206917910599 123.042440303115 
351.042735774837 -217.268794522305 351.042735774837 1001.53249591526 
-619.872556491228 -217.268794522305 -619.872556491228 383.850465512814 
126.591638842273 -211.890056144143 -62.9680132746424 -211.890056144143 
354.663201324915 105.396343629558 -62.9680132746424 105.396343629558 
33.3828567737396 253.183277684546 -423.780112288285 -106.739447354457 
-423.780112288285 709.326402649829 178.661305751088 -106.739447354457 
178.661305751088 45.4852967602603 379.774916526819 -635.670168432428 
-147.352570680791 -635.670168432428 1063.98960397474 246.639863106903 
-147.352570680791 246.639863106903 57.279508859181
##$PVM_DwEffBval=( 19 )
25.338098260095 514.250980368239 1014.57692836793 1515.69804991849 
506.996223133423 1009.79431457055 1511.9413656451 505.206125038399 
1007.26273356659 1508.84082479398 511.626449651922 1007.76204471896 
1506.66644819314 504.966280421265 1006.92354205618 1508.42540173118 
514.637696940927 1007.99497709464 1501.04402936074
##$PVM_DwGradVec=( 19, 3 )
0 0 0 0.0961485937737915 -0.0437542329995203 0.304719309531173 
0.135974645317997 -0.061877829719154 0.430938180255949 0.166534249492508 
-0.0757845546013759 0.527789326155298 -0.199369430995555 0.105169311179299 
0.230660114804855 -0.281950953236521 0.1487318662152 0.326202662655561 
-0.345317983960398 0.182158590359567 0.399515038121679 -0.156162866842222 
-0.22557372720668 0.169536117700368 -0.220847644227334 -0.319009424330736 
0.239760276963942 -0.270482019626342 -0.390705156374652 0.293645169575015 
0.31587949609554 0.0306597672006968 0.0573843638357642 0.446721067453891 
0.0433594585944272 0.0811537456046899 0.54711933630673 0.0531042745398407 
0.0993926337235617 0.0923688041685288 0.263530190361071 0.16134647618074 
0.130629215595318 0.37268796930339 0.228178374855909 0.159987461854272 
0.456447679033673 0.279460294367243 -0.162278502607489 0.271623002458564 
-0.062445774221117 -0.229496459269109 0.384132933929401 -0.0883116608163918 
-0.28107461149237 0.470464840762638 -0.108159253668949
$$ @vis= PVM_DwBMatImag PVM_DwBMatMag PVM_DwBMatPat PVM_DwEffBval
##$PVM_DwGradRead=( 19 )
0 0.0961485937737915 0.135974645317997 0.166534249492508 -0.199369430995555 
-0.281950953236521 -0.345317983960398 -0.156162866842222 -0.220847644227334 
-0.270482019626342 0.31587949609554 0.446721067453891 0.54711933630673 
0.0923688041685288 0.130629215595318 0.159987461854272 -0.162278502607489 
-0.229496459269109 -0.28107461149237
##$PVM_DwGradPhase=( 19 )
0 -0.0437542329995203 -0.061877829719154 -0.0757845546013759 
0.105169311179299 0.1487318662152 0.182158590359567 -0.22557372720668 
-0.319009424330736 -0.390705156374652 0.0306597672006968 0.0433594585944272 
0.0531042745398407 0.263530190361071 0.37268796930339 0.456447679033673 
0.271623002458564 0.384132933929401 0.470464840762638
##$PVM_DwGradSlice=( 19 )
0 0.304719309531173 0.430938180255949 0.527789326155298 0.230660114804855 
0.326202662655561 0.399515038121679 0.169536117700368 0.239760276963942 
0.293645169575015 0.0573843638357642 0.0811537456046899 0.0993926337235617 
0.16134647618074 0.228178374855909 0.279460294367243 -0.062445774221117 
-0.0883116608163918 -0.108159253668949
##$PVM_DwSpDir=( 19, 3 )
0.3 0.3 0.3 0 -0.110019217800449 0 0 -0.0313266012231461 0 0 0 0 0 0 0 0 0 0 
0 0 0 0 0 0 0 0 0 0 0 0 0 0.16687535912449 0.0508372200773892 0 
0.111733327387806 0 0 0.0694213582642565 0 0 0 0 0 0 0 0 0 0 0 0 
-0.243538961107372 0 0 -0.131229339139846 0 0 -0.0450511351944481
$$ @vis= PVM_DwGradVec PVM_DwGradRead PVM_DwGradPhase PVM_DwGradSlice
##$PVM_DwPerSep=( 1 )
5.647182
##$PVM_DwMinPerSep=( 1 )
5.647182
##$PVM_DwModDur=18.2702355463208
##$PVM_DwModEchDel=18.2702355463208
$$ @vis= PVM_DwSpDir PVM_DwPerSep PVM_DwMinPerSep PVM_DwModDur
##$PVM_DwEffGradTraj=( 6 )
(0.211867773160412, 0.1535, 0.1535, 6, 55.8604088575822, RPS_KS, 0 0 1) 
(6.47952263636364, 0.1535, 0.1535, 1.5, 30, RPS_KS, 0 0 1) (7.82602263636364, 
0.1535, 0, 1.313591, 11.6855937875134, RPS_KS, 0 0 1) (9.13961363636364, 0, 
0.1535, 1.313591, -11.6855937875134, RPS_KS, 0 0 1) (10.2997046363636, 0.1535,
 0.1535, 1.5, -30, RPS_KS, 0 0 1) (12.2118677731604, 0.1535, 0.1535, 6, 
-55.8604088575822, RPS_KS, 0 0 1)
##$PVM_SpatDimEnum=<2D>
##$PVM_IsotropicFovRes=Isot_None
$$ @vis= PVM_DwModEchDel DiffOutput Diffusion PVM_SpatDimEnum
##$PVM_Matrix=( 2 )
192 160
##$PVM_MinMatrix=( 2 )
16 16
##$PVM_MaxMatrix=( 2 )
512 512
##$PVM_DefMatrix=( 3 )
96 64 32
$$ @vis= PVM_IsotropicFovRes PVM_Matrix PVM_MinMatrix PVM_MaxMatrix
##$PVM_AntiAlias=( 2 )
1 1
##$PVM_MaxAntiAlias=( 2 )
2 8
##$PVM_EncSpectroscopy=No
##$PVM_EncUseMultiRec=No
$$ @vis= PVM_DefMatrix PVM_AntiAlias PVM_MaxAntiAlias PVM_EncSpectroscopy
##$PVM_EncActReceivers=( 1 )
On
##$PVM_EncZf=( 2 )
1.2 1
##$PVM_EncPft=( 2 )
1 1.6
##$PVM_EncPftOverscans=( 2 )
81 20
##$PVM_EncPpi=( 2 )
1 1
##$PVM_EncPpiRefLines=( 2 )
0 0
##$PVM_EncOrder=( 2 )
LINEAR_ENC LINEAR_ENC
$$ @vis= PVM_EncUseMultiRec PVM_EncZf PVM_EncPft PVM_EncPftOverscans
##$PVM_EncStart=( 2 )
0 -1
##$PVM_EncNReceivers=1
##$PVM_EncAvailReceivers=1
##$PVM_EncChanScaling=( 1 )
1
$$ @vis= PVM_EncOrder PVM_EncStart PVM_EncNReceivers PVM_EncAvailReceivers
##$PVM_EncMatrix=( 2 )
162 100
##$PVM_EncTotalAccel=1.6
##$PVM_EncSteps1=( 100 )
-20 -16 -12 -8 -4 0 4 8 12 16 20 24 28 32 36 40 44 48 52 56 60 64 68 72 76 
-19 -15 -11 -7 -3 1 5 9 13 17 21 25 29 33 37 41 45 49 53 57 61 65 69 73 77 
-18 -14 -10 -6 -2 2 6 10 14 18 22 26 30 34 38 42 46 50 54 58 62 66 70 74 78 
-17 -13 -9 -5 -1 3 7 11 15 19 23 27 31 35 39 43 47 51 55 59 63 67 71 75 79
##$PVM_EncSteps2=( 1 )
0
##$PVM_EncCentralStep1=6
$$ @vis= PVM_EncChanScaling PVM_EncMatrix PVM_EncTotalAccel PVM_EncSteps1
##$PVM_EncValues1=( 100 )
-0.25 -0.2 -0.15 -0.1 -0.05 0 0.05 0.1 0.15 0.2 0.25 0.3 0.35 0.4 0.45 0.5 
0.55 0.6 0.65 0.7 0.75 0.8 0.85 0.9 0.95 -0.2375 -0.1875 -0.1375 -0.0875 
-0.0375 0.0125 0.0625 0.1125 0.1625 0.2125 0.2625 0.3125 0.3625 0.4125 0.4625 
0.5125 0.5625 0.6125 0.6625 0.7125 0.7625 0.8125 0.8625 0.9125 0.9625 -0.225 
-0.175 -0.125 -0.075 -0.025 0.025 0.075 0.125 0.175 0.225 0.275 0.325 0.375 
0.425 0.475 0.525 0.575 0.625 0.675 0.725 0.775 0.825 0.875 0.925 0.975 
-0.2125 -0.1625 -0.1125 -0.0625 -0.0125 0.0375 0.0875 0.1375 0.1875 0.2375 
0.2875 0.3375 0.3875 0.4375 0.4875 0.5375 0.5875 0.6375 0.6875 0.7375 0.7875 
0.8375 0.8875 0.9375 0.9875
##$PVM_EpiPrefixNavYes=No
$$ @vis= PVM_EncCentralStep1 PVM_EncValues1 Encoding_Output Encoding
##$PVM_EpiSingleNav=No
##$PVM_EpiCombine=No
##$PVM_EpiGradSync=No
##$PVM_EpiRampMode=UserSlope
$$ @vis= PVM_EpiPrefixNavYes PVM_EpiSingleNav PVM_EpiCombine PVM_EpiGradSync
##$PVM_EpiRampForm=Line
##$PVM_EpiRampComp=No
##$PVM_EpiNShots=4
##$PVM_EpiEchoPosition=20
$$ @vis= PVM_EpiRampMode PVM_EpiRampForm PVM_EpiRampComp PVM_EpiNShots
##$PVM_EpiRampTime=0.08
##$PVM_EpiSlope=80
##$PVM_EpiEffSlope=73.0349611719588
##$PVM_EpiBlipTime=0.1
$$ @vis= PVM_EpiEchoPosition PVM_EpiRampTime PVM_EpiSlope PVM_EpiEffSlope
##$PVM_EpiEchoDelay=2.89262809004281
##$PVM_EpiModuleTime=11.2852561800856
##$PVM_EpiGradDwellTime=10
$$ @vis= PVM_EpiBlipTime PVM_EpiEchoDelay PVM_EpiModuleTime
##$PVM_EpiAutoGhost=Yes
##$PVM_EpiMaxOrder=4
##$PVM_EpiDynCorr=No
##$PVM_EpiDoubleShotAdj=In_Multishot
$$ @vis= PVM_EpiGradDwellTime PVM_EpiAutoGhost PVM_EpiMaxOrder PVM_EpiDynCorr
##$PVM_EpiAcqDelayTrim=21.75
##$PVM_EpiBlipsOff=No
##$PVM_EpiBlipAsym=0
$$ @vis= PVM_EpiDoubleShotAdj PVM_EpiAcqDelayTrim PVM_EpiBlipsOff
##$PVM_EpiReadAsym=0
##$PVM_EpiReadDephTrim=100
##$PVM_EpiEchoTimeShifting=Yes
$$ @vis= PVM_EpiBlipAsym PVM_EpiReadAsym PVM_EpiReadDephTrim
##$PVM_EpiEchoShiftA=( 4 )
0.001 0.10225 0.2035 0.30475
##$PVM_EpiEchoShiftB=( 4 )
0.404 0.30275 0.2015 0.10025
##$PVM_EpiDriftCorr=No
$$ @vis= PVM_EpiEchoTimeShifting PVM_EpiEchoShiftA PVM_EpiEchoShiftB
##$PVM_EpiGrappaSegAdj=Yes
##$PVM_EpiGrappaThresh=0.05
##$PVM_EpiUseNav=Yes
##$PVM_EpiUseDyn=Yes
$$ @vis= PVM_EpiDriftCorr PVM_EpiGrappaSegAdj PVM_EpiGrappaThresh
##$PVM_EpiMatrix=( 4 )
162 100 0 0
##$PVM_EpiEchoSpacing=0.405
##$PVM_EpiEffBandwidth=9876.54320987654
##$PVM_EpiDephaseTime=0.282628090042812
$$ @vis= EPI_Corrections PVM_EpiMatrix PVM_EpiEchoSpacing PVM_EpiEffBandwidth
##$PVM_EpiRefDephaseTime=0.282628090042812
##$PVM_EpiDephaseRampTime=0.11
##$PVM_EpiPlateau=0.245
##$PVM_EpiAcqDelay=0.362628090042812
$$ @vis= PVM_EpiDephaseTime PVM_EpiDephaseRampTime PVM_EpiPlateau
##$PVM_EpiInterTime=0.08
##$PVM_EpiSwitchTime=0.16
##$PVM_EpiReadDephGrad=-0.5
$$ @vis= PVM_EpiAcqDelay PVM_EpiInterTime PVM_EpiSwitchTime
##$PVM_EpiReadRefDephGrad=-0.5
##$PVM_EpiReadOddGrad=-0.531163353977882
##$PVM_EpiReadEvenGrad=0.531163353977882
$$ @vis= PVM_EpiReadDephGrad PVM_EpiReadRefDephGrad PVM_EpiReadOddGrad
##$PVM_EpiPhaseDephGrad=-0.168791208791209
##$PVM_EpiPhaseRephGrad=-0.675164835164835
##$PVM_EpiBlipOddGrad=0.121408766623516
$$ @vis= PVM_EpiReadEvenGrad PVM_EpiPhaseDephGrad PVM_EpiPhaseRephGrad
##$PVM_EpiBlipEvenGrad=0.121408766623516
##$PVM_EpiPhaseEncGrad=0.121408766623516
##$PVM_EpiPhaseRewGrad=-0.121408766623516
$$ @vis= PVM_EpiBlipOddGrad PVM_EpiBlipEvenGrad PVM_EpiPhaseEncGrad
##$PVM_EpiPhase3DGrad=0
##$PVM_EpiNEchoes=25
##$PVM_EpiEchoCounter=12
$$ @vis= PVM_EpiPhaseRewGrad PVM_EpiPhase3DGrad PVM_EpiNEchoes
##$PVM_EpiRampUpIntegral=0.5
##$PVM_EpiRampDownIntegral=0.5
##$PVM_EpiBlipIntegral=0.5
$$ @vis= PVM_EpiEchoCounter PVM_EpiRampUpIntegral PVM_EpiRampDownIntegral
##$PVM_EpiSlopeFactor=1
##$PVM_EpiSlewRate=2934.27230046948
##$PVM_EpiNSamplesPerScan=4050
$$ @vis= PVM_EpiBlipIntegral PVM_EpiSlopeFactor PVM_EpiSlewRate
##$PVM_EpiPrefixNavDur=0
##$PVM_EpiPrefixNavSize=0
##$PVM_EpiAdjustMode=0
$$ @vis= PVM_EpiNSamplesPerScan PVM_EpiPrefixNavDur PVM_EpiPrefixNavSize
##$PVM_EpiReadCenter=77
##$PVM_EpiPhaseCorrection=( 1, 45 )
-1.57915204419844 -2.89851919542452 -0.0534468430136063 -0.00126451296682335 
-1.01777006506463e-05 -0.402087459537813 -0.00123539095441857 
-0.000697106121007857 5.53785087251482e-07 4.33192072192211e-08 
0.710245221112924 0.0696658025615637 0.00121352856174185 2.29371718443329e-05 
1.42787740535256e-07 0.676171728899805 0.0768290671051094 0.00182711071283385 
3.51402928263039e-05 2.15832270911583e-07 0.375787649570431 
0.0456333017212536 0.000101204244784847 -3.73676583766673e-08 
-2.39524023531592e-09 -0.127001636672425 -0.326355814550547 
-0.0113413274370862 -0.000143551909760518 -6.43163960803451e-07 
0.362924889218245 0.0830745851313246 0.00163024601194595 2.75760092792138e-05 
1.56582786593868e-07 2.43990298276552 0.185336928639402 0.00553012907187294 
8.36064571092488e-05 4.42327533616599e-07 0.493999810529348 
0.0510605633874548 0.000523100418488932 1.13239287043168e-05 
7.92989186290671e-08
##$PVM_EpiGrappaCoefficients=( 1 )
0
$$ @vis= PVM_EpiAdjustMode PVM_EpiReadCenter PVM_EpiPhaseCorrection
##$PVM_EpiTrajAdjYesNo=Yes
##$PVM_EpiTrajAdjAutomatic=Yes
$$ @vis= PVM_EpiGrappaCoefficients EPI_Details PVM_EpiTrajAdjYesNo
##$PVM_EpiTrajAdjMeasured=Yes
##$PVM_EpiTrajAdjkx=( 162 )
0 0.251969592134342 0.47635537164241 0.741267987663916 1.12208262022361 
1.40551359817697 1.78916259254107 2.20227362948617 2.65725728970258 
3.15572563532167 3.59580767563559 4.12088131909497 4.72521737830018 
5.3480516365812 5.89585918890866 6.62491133980661 7.21159781612893 
7.8828604316639 8.63052704334408 9.41749398752656 10.1458212645114 
11.0165821613836 11.81088422183 12.6457906546549 13.4626256251958 
14.4064862579096 15.2145402904857 16.0818191183125 16.9969840677356 
17.9547958367275 18.8655006646965 19.7416137460282 20.7203393535898 
21.6564869612298 22.6646906478746 23.5729195037733 24.5510293186624 
25.4628196740499 26.4716231356468 27.4062030528452 28.3820328934179 
29.3041486848598 30.2373097809079 31.229287551613 32.2048769823405 
33.2189062767248 34.0698405469037 34.9892685776349 36.0299028331923 
37.0652717577694 38.0264049942944 38.9412836790708 39.9566124950269 
40.9458724531887 41.8812664368257 42.9177444608398 43.8929519427292 
44.7537700377887 45.8055422291228 46.6800779834178 47.8113317612007 
48.6256860836391 49.7270525005428 50.6163697883424 51.7799044824468 
52.2303643874817 52.8819581863828 53.8299104801293 54.9369613813421 
56.0422734450579 56.8622220936737 57.9891062333978 58.9055484668426 
59.9648067596565 60.9389629461055 61.845859146373 62.8740696458393 
63.7818390898751 64.8416061522434 65.8222482145025 66.6892872308545 
67.6264684323828 68.6512444999538 69.7707686604622 70.7926337537745 
71.7603318459486 72.700015543394 73.737938094692 74.6955114111257 
75.6132040054138 76.577910752312 77.6846510370891 78.6215122186365 
79.6601606725092 80.6302407246168 81.613538282372 82.541234898667 
83.5893382574726 84.6191900636691 85.6271242079603 86.6524941592455 
87.6071079870661 88.6791444502069 89.6883160680118 90.6327267189681 
91.5930732331521 92.6492896700096 93.558949184565 94.7292107539877 
95.5957258298528 96.5955459685904 97.7189897191446 98.7260846323928 
99.5651323153086 100.588309993059 101.659393567708 102.701758415397 
103.606498757517 104.627913814633 105.603495229445 106.502569822396 
107.453673344164 108.380578119283 109.374878995786 110.051383194189 
111.026191885791 111.92986882646 112.688681596383 113.437154152303 
114.199128073293 114.958108565856 115.72678864436 116.39191141801 
117.091618847326 117.704561533456 118.355478945601 118.857621143638 
119.482153699305 119.975728252107 120.497013898469 120.911234120327 
121.415543594191 121.774175886586 122.139038956665 122.445794394131 
122.784679907075 123.078147529235 123.357883032847 123.617367179919 
123.828939085164 123.938990011125 124.102092211413 124.208861914118 
124.329641794988 124.41757499734 124.444302023286 124.47092019186 
124.416454057602 124.403024333777 124.240066354359 124.150051361648 
123.901957170362
##$PVM_EpiTrajAdjb0=( 162 )
0 0.0133989899725336 -0.00463242663647259 -0.0424153784110309 
-0.0207702454545374 -0.0385714091542938 -0.0149398449162578 
-0.0717510417891675 -0.0712522466366992 -0.0751174313458971 
-0.0711007646045468 -0.0942576516686788 -0.104447181487298 
-0.0721990187090848 -0.105597349863102 -0.112751682835123 -0.155053755030007 
-0.152343266821354 -0.175957403058674 -0.189962909724748 -0.181716176458308 
-0.199228667755072 -0.289682475485806 -0.19775296059238 -0.280424865123458 
-0.245210193660381 -0.259811032957353 -0.295786170653435 -0.345615327602653 
-0.317415103037826 -0.351859844973086 -0.397858350163079 -0.354709456798383 
-0.328458202336753 -0.327159924540641 -0.453612016818088 -0.42024608605208 
-0.408554884144285 -0.446158349053265 -0.514772393926708 -0.505916778092912 
-0.493195300553886 -0.510438291665657 -0.518317052074401 -0.51497190130522 
-0.527047175434818 -0.551862642619944 -0.579357082838033 -0.573471282003375 
-0.609472891411597 -0.625004762565999 -0.669342059584893 -0.550754023337022 
-0.677808363766418 -0.640599577069614 -0.773960451738665 -0.747010852063922 
-0.614909062668387 -0.732658556625977 -0.602028932604457 -0.759641311783726 
-0.7757865219347 -0.842604541046369 -0.698385575734171 -0.860009881297038 
-0.515952101112669 -0.305104300325594 -0.162623434788363 -0.243280569113092 
-0.380831805968527 -0.317475607830941 -0.40290265457556 -0.449426218589279 
-0.395089143920708 -0.378127630168224 -0.362411733563234 -0.376482396461624 
-0.450784927362479 -0.448699735612213 -0.454695438906989 -0.469226948626464 
-0.416057554202593 -0.450321709344059 -0.477251986457652 -0.374810137908198 
-0.425571431395586 -0.441866732082773 -0.399476912831983 -0.369063179960282 
-0.365694289303699 -0.404286471989533 -0.385573882013055 -0.363831590062197 
-0.371722455892338 -0.442378006121148 -0.337173940201596 -0.345739613683665 
-0.389228706635876 -0.400743875437072 -0.309108839186366 -0.37273196591461 
-0.267114894505112 -0.34333669697563 -0.324170733999368 -0.337328045562573 
-0.202059336008599 -0.284003121447125 -0.199344292584981 -0.30919851592601 
-0.268749069420966 -0.24293990086646 -0.227168688881457 -0.204175906529829 
-0.174626569917421 -0.151956249398974 -0.166872606813538 -0.190307217046295 
-0.164549770038959 -0.0973228004246826 -0.171138017801676 -0.0201627243499772 
-0.0813984636718525 -0.0760218442166683 -0.0502695860096037 
0.0391749623085039 0.00252407678717032 -0.0259711806841775 0.0271631151673239 
0.0511929516164538 0.0573574741656998 0.0925730087645348 0.0572309279743871 
0.0679578962391391 0.0606546274727666 0.0719057322165808 0.0974457002798861 
0.136297598194097 0.135422690418655 0.137257192182491 0.16412176145245 
0.175185734124039 0.123720815689898 0.176092407562057 0.162831491454242 
0.178780673651224 0.180144023036911 0.167908623815006 0.230457439686058 
0.233090969478414 0.217733950383373 0.215005940279107 0.252137990995557 
0.271111017561962 0.306115008184475 0.283410286838098 0.279151816963808 
0.276034650809472 0.307532350714727 0.280714591723044 0.309532923415596 
0.312630958663765 0.352764784120732
$$ @vis= PVM_EpiTrajAdjAutomatic PVM_EpiTrajAdjMeasured PVM_EpiTrajAdjkx
##$PVM_EpiTrajAdjReadvec=( 3 )
1 0 0
##$PVM_EpiTrajAdjFov0=40
##$PVM_EpiTrajAdjMatrix0=162
##$PVM_EpiTrajAdjBw=400000
##$PVM_EpiTrajAdjComp=No
##$PVM_EpiTrajAdjRampform=Line
##$PVM_EpiTrajAdjRampmode=UserSlope
##$PVM_EpiTrajAdjRamptime=0.08
##$PVM_EpiTrajAdjDistRatio=0.25
##$ExcPulseEnum=<Calculated>
##$ExcPul=(2.72727272727273, 2200, 90, Yes, 4, 6000, 0.155352536733369, 
0.135449017488208, 0, 50, 13.369568914916, <$ExcPulseShape>)
##$ExcPulseAmpl=(13.369568914916, 25.854950120737, -11.2611740420353)
##$ExcPulseShape=( 600 )
1.82467897002061e-15 -76.7546787178307 0.0455653047685457 
-2.1881279622722e-12 0.092439981523046 -1.05344897888079e-12 
0.140814261694285 -6.73146609561973e-13 0.190876486685382 
-4.81534484507448e-13 0.242808844858739 -3.65496142859527e-13 
0.296783013078414 -2.87326926122773e-13 0.352955742065575 
-2.30868519228521e-13 0.411464426120184 -1.88040762376553e-13 
0.472422698770469 -1.54352298261575e-13 0.535916096621623 
-1.27102554677487e-13 0.601997834077529 -1.04572995923789e-13 
0.670684731696906 -8.56123725837073e-14 0.741953340713126 
-6.94180176710177e-14 0.815736305691954 -5.54112514494704e-14 
0.891919006423328 -4.31636972101088e-14 0.970336518943008 
-3.23503269545347e-14 1.05077093406162 -2.27172887737467e-14 1.13294906994789 
-1.40628688477999e-14 1.21654061317819 -6.22447825692566e-15 1.30115672023553 
9.3301328879789e-16 1.38634910873084 7.52205196236781e-15 1.47160966464142 
1.36384227600147e-14 1.55637058863285 1.93658108567895e-14 1.6400051010685 
2.47776878669131e-14 1.72182872163647 2.99381089648871e-14 1.80110113565723 
3.4908698501308e-14 1.87702865510111 3.97459756073789e-14 1.9487672781667 
4.45034366157868e-14 2.01542634697599 4.92351420903534e-14 2.07607279855597 
5.39950437712591e-14 2.12973599982934 5.88388792178326e-14 2.17541315285648 
6.38271880222384e-14 2.21207525208886 6.90271213715919e-14 2.23867357094012 
7.45145495438816e-14 2.25414665058753 8.03783114302667e-14 2.25742775961453 
8.67245249523476e-14 2.24745278892642 9.36828336718109e-14 2.22316854234754 
1.01418133324051e-13 2.18354137947093 1.10142824490748e-13 2.1275661637097 
1.20137508972277e-13 2.05427546512386 1.31784867747881e-13 1.96274896449369 
1.45622197332148e-13 1.85212300230743 1.62431627586277e-13 1.72160021385084 
1.83399525908072e-13 1.5704591894509 2.10420747105529e-13 1.39806409715291 
2.46724669280215e-13 1.20387420371699 2.98303235511716e-13 0.987453228816748 
3.77682694894559e-13 0.748478466720232 5.16177007581134e-13 0.486749609534806 
8.20264809589624e-13 0.202197206306994 2.03576616357763e-12 0.105109307118024 
179.999999999996 0.434954071558048 179.999999999999 0.786967823950536 
179.999999999999 1.16062153368895 180 1.55522071456406 180 1.96990046851969 
180 2.40362131457428 180 2.85516585307443 180 3.32313631194746 180 
3.80595301782095 180 4.30185383078826 180 4.80889457723255 180 
5.32495051048039 180 5.84771882415112 180 6.37472223789806 180 
6.90331366980674 180 7.43068200402635 180 7.95385895626205 180 
8.46972703355491 180 8.97502857832725 180 9.46637587998644 180 
9.94026233047773 180 10.3930745930817 180 10.8211057465016 180 
11.2205693589252 180 11.5876144393382 180 11.9183412059782 180 
12.2088176045454 180 12.455096501718 180 12.6532334727782 180 
12.7993050958543 180 12.8894276595613 180 12.9197761858093 180 
12.8866036653858 180 12.7862604007346 180 12.6152133482789 180 
12.3700653517764 180 12.0475741586462 180 11.644671113032 180 
11.1584794226028 180 10.5863319007435 180 9.9257880918104 180 
9.17465069444947 180 8.33098120646703 180 7.39311472424459 180 
6.3596738399881 180 5.22958159095048 180 4.00207342588208 180 
2.67670816503153 180 1.25337794070518 180.000000000001 0.267682884652204 
-3.24698224124343e-12 1.88588981702493 -4.93502753897041e-13 3.60030133277512 
-2.75613996196641e-13 5.40961296503527 -1.94805920933201e-13 7.31215235200203 
-1.52505166997635e-13 9.30587522331685 -1.26382131626996e-13 11.3883623019914 
-1.08579541076529e-13 13.5568171033098 -9.56235310169873e-14 15.808064618897 
-8.5737875958747e-14 18.138550883689 -7.7921857207062e-14 20.5443434357996 
-7.15681366129024e-14 23.0211326940642 -6.62865011872502e-14 25.5642342950951 
-6.18148940542077e-14 28.1685924506152 -5.79706937322739e-14 30.8287844061783 
-5.46226239491036e-14 33.5390261035473 -5.16739542224104e-14 36.2931791702964 
-4.90517862444271e-14 39.0847593808634 -4.67000917288605e-14 41.9069467524287 
-4.4575098267557e-14 44.7525974556994 -4.26421465648634e-14 47.614257733955 
-4.08733366350122e-14 50.4841800325227 -3.92459982393555e-14 53.3543415441941 
-3.77415286140555e-14 56.216465372956 -3.63444443411251e-14 59.0620445078857 
-3.504181050104e-14 61.8823687803391 -3.38227242394942e-14 64.6685549499965 
-3.26778865067087e-14 67.4115800285026 -3.15993543548606e-14 70.1023179031916 
-3.05802816351448e-14 72.7315792678616 -2.96147317861514e-14 75.2901548032826 
-2.86975207420024e-14 77.7688614780011 -2.78241049075807e-14 80.1585917613482 
-2.69905143834313e-14 82.4503654571205 -2.61932079354747e-14 84.6353837803303 
-2.54290542080942e-14 86.7050852132312 -2.46952378447596e-14 88.651202593319 
-2.39892380887992e-14 90.465820808239 -2.33087885865254e-14 92.1414344036272 
-2.26518439180148e-14 93.6710043529708 -2.20165437858897e-14 95.0480131965528 
-2.14011908106275e-14 96.2665177320198 -2.08042429072828e-14 97.321198434236 
-2.02242607382193e-14 98.2074047983382 -1.96599039452262e-14 98.921195838056 
-1.91099773352641e-14 99.4593750313485 -1.85733423814548e-14 99.8195190862819 
-1.8048937690588e-14 100 -1.75357580097208e-14 100 -1.7032856637095e-14 
99.819519086282 -1.65393141194796e-14 99.4593750313486 -1.60542819772336e-14 
98.9211958380559 -1.55769297538195e-14 98.2074047983382 -1.51064486111443e-14 
97.321198434236 -1.46420503259359e-14 96.2665177320197 -1.41829536539008e-14 
95.048013196553 -1.37283848810696e-14 93.671004352971 -1.32775644935543e-14 
92.141434403627 -1.28297040039234e-14 90.465820808239 -1.23840093392574e-14 
88.651202593319 -1.19396618188553e-14 86.7050852132313 -1.1495805249264e-14 
84.6353837803304 -1.1051544317271e-14 82.4503654571205 -1.06059394843064e-14 
80.1585917613483 -1.01579840655719e-14 77.768861478001 -9.70659706318024e-15 
75.2901548032826 -9.25059811609493e-15 72.7315792678617 -8.78868231413904e-15 
70.1023179031916 -8.31941729450599e-15 67.4115800285025 -7.84120339748698e-15 
64.6685549499966 -7.35223974741872e-15 61.8823687803392 -6.85051179569347e-15 
59.0620445078857 -6.33367101628235e-15 56.216465372956 -5.79899918608737e-15 
53.3543415441943 -5.24337822104865e-15 50.4841800325227 -4.66310383439021e-15 
47.614257733955 -4.05378979881518e-15 44.7525974556994 -3.41021344815834e-15 
41.9069467524287 -2.7259510628616e-15 39.0847593808634 -1.99318132150367e-15 
36.2931791702964 -1.20216210924146e-15 33.5390261035474 -3.40693542839902e-16 
30.8287844061783 6.06870261183035e-16 28.1685924506152 1.66080972480002e-15 
25.5642342950951 2.84808896290164e-15 23.0211326940642 4.20531788936455e-15 
20.5443434357996 5.78331757694713e-15 18.1385508836891 7.6550922203431e-15 
15.808064618897 9.9292859248111e-15 13.5568171033099 1.27749777316265e-14 
11.3883623019914 1.64708764817118e-14 9.30587522331685 2.15111807945207e-14 
7.31215235200203 2.88638345237789e-14 5.40961296503528 4.0716954632278e-14 
3.60030133277513 6.32895514533909e-14 1.88588981702494 1.24035338719795e-13 
0.267682884652213 8.90965958740957e-13 1.25337794070517 180 2.67670816503152 
180 4.00207342588208 180 5.22958159095047 180 6.35967383998809 180 
7.39311472424458 180 8.33098120646701 180 9.17465069444946 180 
9.92578809181039 180 10.5863319007435 180 11.1584794226028 180 
11.644671113032 180 12.0475741586462 180 12.3700653517764 180 
12.6152133482789 180 12.7862604007346 180 12.8866036653857 180 
12.9197761858093 180 12.8894276595613 180 12.7993050958543 180 
12.6532334727782 180 12.455096501718 180 12.2088176045454 180 
11.9183412059782 180 11.5876144393382 180 11.2205693589252 180 
10.8211057465016 180 10.3930745930817 180 9.94026233047773 180 
9.46637587998643 180 8.97502857832723 180 8.4697270335549 180 
7.95385895626203 180 7.43068200402634 180 6.90331366980673 180 
6.37472223789805 180 5.84771882415113 180 5.32495051048038 180 
4.80889457723255 180 4.30185383078825 180 3.80595301782094 180 
3.32313631194748 180 2.85516585307443 180 2.40362131457428 180 
1.9699004685197 180 1.55522071456407 180 1.16062153368895 180 
0.786967823950541 180 0.434954071558051 180 0.105109307118027 180 
0.20219720630699 -2.12420296873483e-13 0.486749609534801 
-8.90971491594243e-14 0.748478466720229 -5.81724239657967e-14 
0.987453228816743 -4.4038068718911e-14 1.20387420371698 -3.59020996379714e-14 
1.39806409715291 -3.05919396062227e-14 1.5704591894509 -2.68331463226171e-14 
1.72160021385084 -2.40190951319864e-14 1.85212300230742 -2.18235238491034e-14 
1.96274896449369 -2.00543625677158e-14 2.05427546512385 -1.85921555065704e-14 
2.1275661637097 -1.73576606659547e-14 2.18354137947093 -1.62973118664407e-14 
2.22316854234753 -1.53732192712541e-14 2.24745278892641 -1.45580233059203e-14 
2.25742775961453 -1.38301148927118e-14 2.25414665058752 -1.31749180287499e-14 
2.23867357094012 -1.25789279388167e-14 2.21207525208886 -1.20305833555579e-14 
2.17541315285647 -1.15239258561856e-14 2.12973599982934 -1.10513558373293e-14 
2.07607279855597 -1.06075931861145e-14 2.01542634697599 -1.01888641161633e-14 
1.9487672781667 -9.7900972258785e-15 1.8770286551011 -9.41016200291294e-15 
1.80110113565723 -9.0470827284743e-15 1.72182872163647 -8.69629324029564e-15 
1.6400051010685 -8.35550054627458e-15 1.55637058863285 -8.02413260303032e-15 
1.47160966464142 -7.70034308976441e-15 1.38634910873083 -7.3807897551515e-15 
1.30115672023552 -7.06710056078048e-15 1.21654061317818 -6.75402798893704e-15 
1.13294906994788 -6.43863667600632e-15 1.05077093406162 -6.12644779407929e-15 
0.970336518943009 -5.81271021314652e-15 0.891919006423326 
-5.49998565161941e-15 0.815736305691953 -5.19290830751905e-15 
0.741953340713126 -4.88080335784946e-15 0.670684731696905 
-4.57545653412806e-15 0.601997834077527 -4.27977609341912e-15 
0.535916096621623 -3.9747312700438e-15 0.472422698770469 
-3.65626017162163e-15 0.411464426120183 -3.32968253440515e-15 
0.352955742065575 -2.99513764670915e-15 0.296783013078414 
-2.64114252578761e-15 0.242808844858739 -2.28442376470387e-15 
0.190876486685382 -1.91411971573789e-15 0.140814261694285 
-1.5266331693161e-15 0.0924399815230457 -1.17803266423815e-15 
0.0455653047685455 -8.08918345596338e-16 2.63599195472869e-16 
-8.08918345596334e-16
$$ @vis= PVM_EpiTrajAdjb0 EPI_Trajectory EPI_Parameters ExcPulseEnum ExcPul
##$PVM_GradCalConst=18826.6
##$PVM_Nucleus1Enum=<1H>
##$PVM_Nucleus1=( 8 )
<1H>
$$ @vis= ExcPulseShape RF_Pulses PVM_GradCalConst PVM_Nucleus1Enum
##$PVM_RefPowMod1=UserAdj
##$PVM_RefPowCh1=2.4
##$PVM_RefPowStat1=( 1024 )
<manually adjusted>
##$PVM_Nucleus2Enum=<1H>
##$PVM_Nucleus3Enum=<1H>
##$PVM_Nucleus4Enum=<1H>
##$PVM_Nucleus5Enum=<1H>
##$PVM_Nucleus6Enum=<1H>
##$PVM_Nucleus7Enum=<1H>
##$PVM_Nucleus8Enum=<1H>
##$PVM_FrqRef=( 8 )
300.333853795717 0 0 0 0 0 0 0
##$PVM_FrqWorkOffset=( 8 )
0 0 0 0 0 0 0 0
$$ @vis= PVM_Nucleus1 PVM_RefPowMod1 PVM_RefPowCh1 PVM_RefPowStat1 PVM_FrqRef
##$PVM_FrqWork=( 8 )
300.333853795717 0 0 0 0 0 0 0
##$PVM_FrqRefPpm=( 8 )
4.7 0 0 0 0 0 0 0
##$PVM_FrqWorkOffsetPpm=( 8 )
0 0 0 0 0 0 0 0
##$PVM_FrqWorkPpm=( 8 )
4.7 0 0 0 0 0 0 0
$$ @vis= PVM_FrqWorkOffset PVM_FrqWork PVM_FrqRefPpm PVM_FrqWorkOffsetPpm
##$PVM_NucleiPpmWork=( 20 )
(<1H>, 4.7) (<none>, 0) (<none>, 0) (<none>, 0) (<none>, 0) (<none>, 0) 
(<none>, 0) (<none>, 0) (<none>, 0) (<none>, 0) (<none>, 0) (<none>, 0) 
(<none>, 0) (<none>, 0) (<none>, 0) (<none>, 0) (<none>, 0) (<none>, 0) 
(<none>, 0) (<none>, 0)
##$ShowAllPars=No
##$GradStabTime=0
##$Phase3DGradDur=1.5
##$ExcSliceRephTime=1.5
$$ @vis= PVM_FrqWorkPpm PVM_NucleiPpmWork Nuclei ShowAllPars GradStabTime
##$PVM_DigAutSet=Yes
##$PVM_DigQuad=Yes
##$PVM_DigFilter=<Digital_Sharp>
$$ @vis= ExcSliceRephTime SliceSelection PVM_DigAutSet PVM_DigQuad
##$PVM_DigRes=19
##$PVM_DigDw=0.0025
##$PVM_DigSw=400000
##$PVM_DigNp=4050
##$PVM_DigShift=68
##$PVM_DigShiftDbl=68
$$ @vis= PVM_DigFilter PVM_DigRes PVM_DigDw PVM_DigSw PVM_DigNp PVM_DigShift
##$PVM_DigGroupDel=0.17
##$PVM_DigDur=10.125
##$PVM_DigEndDelMin=0
##$PVM_DigEndDelOpt=0.108799999999999
$$ @vis= PVM_DigShiftDbl PVM_DigGroupDel PVM_DigDur PVM_DigEndDelMin
##$PVM_Isotropic=Isotropic_None
##$PVM_Fov=( 2 )
40 35
##$PVM_FovCm=( 2 )
4 3.5
##$PVM_SpatResol=( 2 )
0.208333333333333 0.21875
$$ @vis= PVM_DigEndDelOpt DigitizerPars SequenceDetails PVM_Isotropic PVM_Fov
##$PVM_SliceThick=1
##$PVM_ObjOrderScheme=Interlaced
##$PVM_ObjOrderList=( 9 )
0 2 4 6 8 1 3 5 7
##$PVM_NSPacks=1
$$ @vis= PVM_SpatResol PVM_SliceThick PVM_ObjOrderScheme PVM_ObjOrderList
##$PVM_SPackArrNSlices=( 1 )
9
##$PVM_MajSliceOri=No
##$PVM_SPackArrSliceOrient=( 1 )
axial
$$ @vis= PVM_NSPacks PVM_SPackArrNSlices PVM_MajSliceOri
##$PVM_SPackArrReadOrient=( 1 )
L_R
##$PVM_SPackArrReadOffset=( 1 )
0
$$ @vis= PVM_SPackArrSliceOrient PVM_SPackArrReadOrient
##$PVM_SPackArrPhase1Offset=( 1 )
-3.54839
##$PVM_SPackArrPhase2Offset=( 1 )
0
##$PVM_SPackArrSliceOffset=( 1 )
-0.46083
$$ @vis= PVM_SPackArrReadOffset PVM_SPackArrPhase1Offset
##$PVM_SPackArrSliceGapMode=( 1 )
contiguous
##$PVM_SPackArrSliceGap=( 1 )
0
$$ @vis= PVM_SPackArrSliceOffset PVM_SPackArrSliceGapMode
##$PVM_SPackArrSliceDistance=( 1 )
1
##$PVM_SPackArrGradOrient=( 1, 3, 3 )
1 0 0 0 1 0 0 0 1
##$PVM_SliceGeo=( 1 )
(((1 0 0 0 -1 0 0 0 -1, 0 3.54839 0.46083), 40 35 9, <+R;read> <+P;phase> 
<+S;slice>, 0), 9, 1, 256, 1, 1, No)
##$PVM_SliceGeoObj=(<BRUKER_SLICEPACKAGE>, GeoCuboidPackId, Standard_GobjShape,
 <PVM_SliceGeo>, <PVM_ObjOrderList>, 0, <R;read> <P;phase> <S;slice>, Yes, 
4195848)
$$ @vis= PVM_SPackArrSliceGap PVM_SPackArrSliceDistance PVM_SliceGeo
##$PVM_EffPhase0Offset=( 9 )
0 0 0 0 0 0 0 0 0
##$PVM_EffPhase1Offset=( 9 )
-3.54839 -3.54839 -3.54839 -3.54839 -3.54839 -3.54839 -3.54839 -3.54839 
-3.54839
##$PVM_EffPhase2Offset=( 9 )
0 0 0 0 0 0 0 0 0
##$PVM_EffSliceOffset=( 9 )
-4.46083 -3.46083 -2.46083 -1.46083 -0.46083 0.53917 1.53917 2.53917 3.53917
##$PVM_EffReadOffset=( 9 )
0 0 0 0 0 0 0 0 0
##$PVM_Phase0Offset=( 9 )
0 0 0 0 0 0 0 0 0
##$PVM_Phase1Offset=( 9 )
-3.54839 -3.54839 -3.54839 -3.54839 -3.54839 -3.54839 -3.54839 -3.54839 
-3.54839
##$PVM_Phase2Offset=( 9 )
0 0 0 0 0 0 0 0 0
##$PVM_SliceOffset=( 9 )
-4.46083 -3.46083 -2.46083 -1.46083 -0.46083 0.53917 1.53917 2.53917 3.53917
##$PVM_ReadOffset=( 9 )
0 0 0 0 0 0 0 0 0
##$PVM_DummyScans=5
##$PVM_DummyScansDur=15000
$$ @vis= PVM_SliceGeoObj SliceOffsetPars ImageGeometry PVM_DummyScans
##$PVM_TriggerModule=Off
##$PVM_TriggerMode=per_PhaseStep
##$PVM_TriggerDelay=1
##$PVM_TriggerDur=0.01
##$PVM_TriggerModuleTime=0
##$PVM_FatSupOnOff=On
$$ @vis= PVM_DummyScansDur DummyScans_Parameters PVM_TriggerModule
##$PVM_FatSupPulEnum=<gauss512>
##$PVM_FatSupPul=(2.60952380952381, 1050, 90, No, 3, 2740, 0.4150688, 
0.295357137487272, 0, 50, 2.04573104250367, <gauss512.exc>)
##$PVM_FatSupPulAmpl=(2.04573104250367, 10.1136814328504, -3.10848535322071)
##$PVM_FatSupBandWidth=1050
##$PVM_FatSupSpoil=(Yes, 3, 0.4605, 34.603475829178)
$$ @vis= PVM_FatSupOnOff PVM_FatSupPulEnum PVM_FatSupPul PVM_FatSupBandWidth
##$PVM_FatSupModuleTime=3.10502380952381
##$PVM_FatSupPerform=Yes
##$PVM_FatSupRampTime=0.11
$$ @vis= PVM_FatSupSpoil PVM_FatSupModuleTime PVM_FatSupPerform
##$PVM_FatSupAmpEnable=0.025
##$PVM_FatSupGradWait=0.01
##$PVM_FatSupFL=( 1 )
-1051.16354781634
$$ @vis= PVM_FatSupRampTime PVM_FatSupAmpEnable PVM_FatSupGradWait
##$PVM_FatSupRfLength=2609.52380952381
##$PVM_FatSupSpoilDur=0.307
##$PVM_FatSupSpoilAmp=34.603475829178
$$ @vis= PVM_FatSupFL PVM_FatSupRfLength PVM_FatSupSpoilDur
##$PVM_FovSatOnOff=Off
##$PVM_FovSatPulEnum=<Calculated>
##$PVM_FovSatPul=(1.2, 5000, 90, Yes, 4, 6000, 0.155352536733369, 
0.135449017488208, 0, 50, 69.057690676219, <$PVM_FovSatPulShape>)
##$PVM_FovSatPulAmpl=(69.057690676219, 58.7612502744024, -18.3921205123116)
##$PVM_FovSatNSlices=1
##$PVM_FovSatThick=( 1 )
6
##$PVM_FovSatOffset=( 1 )
-3.14548733371728
##$PVM_FovSatSpoil=(Yes, 10, 0.8, 11.0659032078725)
##$PVM_FovSatSpoilDur=0.6465
##$PVM_FovSatSpoilAmp=11.0659032078725
##$PVM_FovSatModuleTime=0
##$PVM_FovSatGrad=( 1, 3 )
-0.679439487152894 -4.34918308393754 -0.464373443092584
##$PVM_FovSatRampTime=0.11
##$PVM_FovSatAmpEnable=0.025
##$PVM_FovSatGradWait=0.01
##$PVM_FovSatSliceOri=( 1 )
coronal
##$PVM_FovSatSliceOriMat=( 1, 9 )
0 0.10616909817895 -0.994348089248362 -0.988148892325454 -0.152630865985193 
-0.0162967893951196 -0.153498425385992 0.982563962976701 0.104910876764722
##$PVM_FovSatSliceVec=( 1, 3 )
-0.153498425385992 -0.982563962976701 -0.104910876764722
##$PVM_FovSatSlicePos=( 1, 2 )
-0.318778025737192 -0.798900503086179
##$PVM_FovSatFL=( 1 )
-2621.2394447644
##$PVM_FovSatRfLength=1200
##$PVM_FovSatGeoObj=(<BRUKER_FOVSAT>, GeoPlanarId, Standard_GobjShape, 
<PVM_FovSatGeoCub>, <>, 0, <1;first> <2;second> <S;slice>, Yes, 524384)
##$PVM_FovSatGeoCub=( 1 )
(((0 0.10616909817895 -0.994348089248362 -0.988148892325454 
-0.152630865985193 -0.0162967893951196 -0.153498425385992 0.982563962976701 
0.104910876764722, 1.27226000000004 -3.00255 -1.49537500437891e-14), 58 58 6, 
<+1;first> <+2;second> <+S;slice>, 0), 1, 1, 1, 6, 0, No)
##$PVM_MapShimReady=Yes
$$ @vis= PVM_FatSupSpoilAmp Fat_Sup_Parameters PVM_FovSatOnOff Preparation
##$PVM_MapShimLocShim=No
##$PVM_MapShimStatus=( 128 )
<Mapshim ready.>
##$PVM_MapShimCalcStat=( 256 )
<Succeded>
$$ @vis= PVM_MapShimReady PVM_MapShimLocShim PVM_MapShimStatus
##$PVM_MapShimNSets=1
##$PVM_MapShimSets=( 1 )
(0, -10571, 6360, 0, 0, 1374, -2435, 24, 366, -4, 163, 0, 0, 0, 0, 0, 0, 0, 0,
 0, 0, 0, 0, 0, 0, 0, 0, 0, 0, 0, 0, 0, 0, 0, 0, 0, 0, 0, 0)
##$PVM_MapShimNVolumes=1
$$ @vis= PVM_MapShimCalcStat PVM_MapShimNSets PVM_MapShimSets
##$PVM_MapShimVolDescr=(<BRUKER_SHIMVOL>, GeoCuboidPackId, 
Ellipsoid_In_GobjShape, <PVM_MapShimVolumes>, <>, 0, <+1; 1st dir> <+2; 2nd 
dir> <+3; 3rd dir>, Yes, 524288)
##$PVM_MapShimVolumes=( 1 )
(((0.974193990633731 0.225698759829966 0.00247758437618386 -0.22571165655767 
0.974159639553325 0.00820029019760796 -0.000562767375020399 
-0.0085478931057719 0.999963307735006, -0.0684732 3.56004 -0.254072), 27.344 
26.8524 9.70451, <+1; 1st dir> <+2; 2nd dir> <+3; 3rd dir>, 0), 1, 1, 1, 
9.70451, 0, No)
##$PVM_MapShimVolShape=Ellipsoid
$$ @vis= PVM_MapShimNVolumes PVM_MapShimVolDescr PVM_MapShimVolumes
##$PVM_StudyB0Map=(</opt/PV6.0.1/data/po>, 
<20160718_115906_plateforme_fantome_nouille_other_1_7>, 19, 1)
##$PVM_StudyB0MapShimset=(0, 1216, 0, 0, 0, 1450, -511, 0, 0, 0, 0, 0, 0, 0, 0,
 0, 0, 0, 0, 0, 0, 0, 0, 0, 0, 0, 0, 0, 0, 0, 0, 0, 0, 0, 0, 0, 0, 0, 0)
##$PVM_ReqShimEnum=Map_Shim
$$ @vis= PVM_MapShimVolShape PVM_StudyB0Map PVM_StudyB0MapShimset
##$PVM_MapShimUseShims=AllShims
##$PVM_MapShimVolDerive=No
##$PVM_MapShimVolMargin=( 3 )
0 0 0
##$PVM_MapShimVolMaster=( 65 )
<PVM_SliceGeoObj>
$$ @vis= PVM_ReqShimEnum PVM_MapShimUseShims PVM_MapShimVolDerive
##$PVM_PreemphasisSpecial=No
##$PVM_PreemphasisFileEnum=<default>
$$ @vis= PVM_MapShimVolMaster MapShim PVM_PreemphasisSpecial Preemphasis
##$PVM_GeoObj=( 2, 65 )
<PVM_SliceGeoObj> <PVM_MapShimVolDescr>
##$PVM_ExportHandler=( 5 )
(<BRUKER_PARIMPORT_SLICEGEO>, <>, <Slice Geometry>) 
(<BRUKER_PARIMPORT_DIFFUSION>, <>, <Diffusion>) (<BRUKER_PARIMPORT_FOVSAT>, <>
, <FOV Saturation>) (<BRUKER_PARIMPORT_SLICEORIENT>, <>, <Slice Orientation>) 
(<BRUKER_PARIMPORT_MAPSHIM>, <>, <Shim Volume>)
$$ @vis= MethodClass PVM_GeoObj PVM_ExportHandler StandardMethodGroup
##END=
$$ File finished by PARX at 2016-07-18 14:10:48.108 +0200
