##TITLE=Parameter List, ParaVision 6.0.1
##JCAMPDX=4.24
##DATATYPE=Parameter Values
##ORIGIN=Bruker BioSpin MRI GmbH
##OWNER=po
$$ 2016-07-19 09:57:02.760 +0200  po@var.u-strasbg.fr
$$ /opt/PV6.0.1/data/po/20160718_115906_plateforme_fantome_nouille_other_1_7/31/visu_pars
$$ process /opt/PV6.0.1/prog/mod/acq_out
##$VisuVersion=3
##$VisuUid=( 65 )
<2.16.756.5.5.100.1333920868.5284.1468915022.1>
##$VisuCreator=( 65 )
<ParaVision>
##$VisuCreatorVersion=( 65 )
<6.0.1>
##$VisuCreationDate=<2016-07-19T09:57:02,697+0200>
##$VisuInstanceModality=( 65 )
<MR>
##$VisuCoreFrameCount=6
##$VisuCoreDim=2
##$VisuCoreSize=( 2 )
192 160
##$VisuCoreDimDesc=( 2 )
spatial spatial
##$VisuCoreExtent=( 2 )
40 35
##$VisuCoreFrameThickness=( 1 )
1
##$VisuCoreUnits=( 2, 65 )
<mm> <mm>
##$VisuCoreOrientation=( 1, 9 )
1 0 0 0 1 0 0 0 1
##$VisuCorePosition=( 1, 3 )
-19.354839 -13.95161 -0.46083
##$VisuCoreDataMin=( 6 )
1.63255613999696 0.149161223658295 0.805587622163224 1.32016725555569 
0.384920565029857 0.229769035514593
##$VisuCoreDataMax=( 6 )
8191.625 6214.62606640367 2760.84131511208 8132.94698496865 6423.64213056199 
2687.99488693755
##$VisuCoreDataOffs=( 6 )
0 0 0 0 0 0
##$VisuCoreDataSlope=( 6 )
0.00428981683323176 0.00428981683323176 0.00428981683323176 
0.00428981683323176 0.00428981683323176 0.00428981683323176
##$VisuCoreFrameType=( 1 )
MAGNITUDE_IMAGE
##$VisuFGElemComment=( 2, 65 )
<Selective Inversion> <Non-selective Inversion>
##$VisuCoreWordType=_16BIT_SGN_INT
##$VisuCoreByteOrder=littleEndian
##$VisuFGOrderDescDim=2
##$VisuFGOrderDesc=( 2 )
(3, <FG_MOVIE>, <Inversion>, 0, 1) (2, <FG_IRMODE>, <Inversion Mode>, 1, 1)
##$VisuGroupDepVals=( 2 )
(<VisuAcqInversionTime>, 0) (<VisuFGElemComment>, 0)
##$VisuSubjectName=( 65 )
<fantome-nouille>
##$VisuSubjectId=( 65 )
<plateforme^fantome-nouille_other>
##$VisuSubjectUid=( 65 )
<2.16.756.5.5.100.1333920868.10258.1459253896.69>
##$VisuSubjectInstanceCreationDate=(1459253896, 790, 120)
##$VisuSubjectBirthDate=( 9 )
<20160329>
##$VisuSubjectSex=UNKNOWN
##$VisuSubjectComment=( 2048 )
<pate alphabet coller au piston d'une seringue 50ml dans NaCl.\
V: ventral\
D: dorsal\
R: droite\
L: gauche\
H: tete>
##$VisuSubjectType=OtherAnimal
##$VisuStudyUid=( 65 )
<2.16.756.5.5.100.1333920868.10495.1468835946.106>
##$VisuStudyDate=<2016-07-18T11:59:06,071+0200>
##$VisuStudyId=( 65 )
<plateforme^18062016>
##$VisuStudyNumber=7
##$VisuSubjectWeight=0.001
##$VisuStudyReferringPhysician=( 65 )
<po>
##$VisuStudyDescription=( 2048 )
<\
>
##$VisuExperimentNumber=31
##$VisuProcessingNumber=1
##$VisuSeriesDate=<2016-07-19T09:57:02,697+0200>
##$VisuSubjectPosition=Head_Prone
##$VisuSeriesTypeId=( 65 )
<ACQ_BRUKER_PVM>
##$VisuSeriesComment=( 65 )
<IR_RARE>
##$VisuManufacturer=( 65 )
<Bruker BioSpin MRI GmbH>
##$VisuAcqSoftwareVersion=( 65 )
<6.0.1>
##$VisuInstitution=( 65 )
<ICUBE Strasbourg>
##$VisuStation=( 65 )
<Biospec >
##$VisuSystemOrderNumber=( 65 )
<10112043>
##$VisuAcqDate=<2016-07-19T09:51:28,068+0200>
##$VisuAcqEchoTrainLength=11
##$VisuAcqSequenceName=( 40 )
<Bruker:FAIR_RARE>
##$VisuAcqNumberOfAverages=1
##$VisuAcqImagingFrequency=300.332440377798
##$VisuAcqImagedNucleus=( 8 )
<1H>
##$VisuAcqRepetitionTime=( 6 )
5085.26127466763 5370.46127466763 6070.46127466763 5085.26127466763 
5370.46127466763 6070.46127466763
##$VisuAcqInversionTime=( 3 )
14.8 300 1000
##$VisuAcqPhaseEncSteps=110
##$VisuAcqPixelBandwidth=310.019841269841
##$VisuAcqFlipAngle=90
##$VisuAcqSize=( 2 )
192 110
##$VisuAcqImageSizeAccellerated=Yes
##$VisuAcqGradEncoding=( 2 )
read_enc phase_enc
##$VisuAcqEchoTime=( 1 )
20.7
##$VisuAcquisitionProtocol=( 65 )
<Perfusion_FAIR_RARE>
##$VisuAcqScanTime=330523.676480058
##$VisuAcqAntiAlias=( 2 )
1 1
##$VisuAcqEchoSequenceType=Both
##$VisuAcqSpinsVelocityEncoded=No
##$VisuAcqHasTimeOfFlightContrast=No
##$VisuAcqIsEpiSequence=No
##$VisuAcqSpectralSuppression=NoSuppression
##$VisuAcqKSpaceTraversal=RectilinearTraversal
##$VisuAcqEncodingOrder=( 2 )
LinearEncoding LinearEncoding
##$VisuAcqKSpaceTrajectoryCnt=1
##$VisuAcqKSpaceFiltering=( 2 )
NO_WDW NO_WDW
##$VisuAcqFlowCompensation=FlowNone
##$VisuAcqSpoiling=GradientSpoiled
##$VisuAcqPartialFourier=( 2 )
1 1.4
##$VisuAcqParallelReductionFactor=( 2 )
1 1
##$VisuAcqMagnetizationTransfer=No
##$VisuAcqBloodSignalNulling=No
##$VisuCardiacSynchUsed=No
##$VisuRespSynchUsed=No
##END=
$$ File finished by PARX at 2016-07-19 09:57:02.761 +0200
