##TITLE=Parameter List, ParaVision 6.0.1
##JCAMPDX=4.24
##DATATYPE=Parameter Values
##ORIGIN=Bruker BioSpin MRI GmbH
##OWNER=po
$$ 2016-07-18 13:50:37.017 +0200  po@var.u-strasbg.fr
$$ /opt/PV6.0.1/data/po/20160718_115906_plateforme_fantome_nouille_other_1_7/15/pdata/1/reco
$$ process /opt/PV6.0.1/prog/bin/parxserver
##$RECO_mode=USER_MODE
##$RecoAutoDerive=No
##$RecoDim=2
##$RecoObjectsPerRepetition=9
##$RecoObjectsPerSetupStep=225
$$ @vis= RECO_mode RecoAutoDerive RecoDim RecoObjectsPerRepetition
##$RecoNumRepetitions=19
##$RECO_inp_order=REV_ALT_ROWS
##$RECO_inp_size=( 2 )
0 100
$$ @vis= RecoObjectsPerSetupStep RecoNumRepetitions RECO_inp_order
##$RECO_ft_size=( 2 )
192 160
##$RECO_fov=( 2 )
4 3.5
##$RECO_size=( 2 )
192 160
##$RECO_offset=( 2, 9 )
0 0 0 0 0 0 0 0 0 0 0 0 0 0 0 0 0 0
##$RECO_regrid_mode=NO_REGRID
##$RECO_regrid_offset=0
##$RECO_ramp_gap=0
##$RECO_ramp_time=0
##$RECO_ne_mode=NO_NAV_DATA
##$RECO_ne_dist=NeNoInterleave
##$RECO_ne_dens=NeCorrPerScan
##$RECO_ne_type=NAV_PHASE
##$RECO_bc_mode=( 2 )
NO_BC NO_BC
##$RECO_bc_start=( 2 )
3038 3
##$RECO_bc_len=( 2 )
1012 1
##$RECO_dc_offset=( 2 )
0 0
##$RECO_dc_divisor=1
##$RECO_bc_coroff=( 2 )
0 0
##$RECO_qopts=( 2 )
COMPLEX_CONJUGATE NO_QOPTS
##$RECO_wdw_mode=( 2 )
NO_WDW NO_WDW
$$ @vis= RECO_inp_size RECO_ft_size RECO_fov RECO_size RECO_ne_mode
##$RECO_lb=( 2 )
-0.5 -0.5
##$RECO_sw=( 2 )
400000 1
##$RECO_gb=( 2 )
0.5 0.5
##$RECO_sbs=( 2 )
1 1
##$RECO_tm1=( 2 )
0.25 0.25
##$RECO_tm2=( 2 )
0.75 0.75
##$RECO_ft_mode=( 2 )
COMPLEX_FT COMPLEX_FT
##$RECO_pc_mode=( 2 )
FIRST_ORDER_PC FIRST_ORDER_PC
##$RECO_pc_lin=( 2 )
(0, 180) (0, 180)
##$RECO_rotate=( 2, 9 )
0.5 0.5 0.5 0.5 0.5 0.5 0.5 0.5 0.5 0.398617428571429 0.398617428571429 
0.398617428571429 0.398617428571429 0.398617428571429 0.398617428571429 
0.398617428571429 0.398617428571429 0.398617428571429
##$RECO_ppc_mode=NO_PPC
##$RECO_ref_image=0
##$RECO_nr_supports=0.4
##$RECO_sig_threshold=0.15
##$RECO_ppc_degree=1
##$RECO_ppc_coeffs=( 9, 2, 2 )
0 0 0 0 0 0 0 0 0 0 0 0 0 0 0 0 0 0 0 0 0 0 0 0 0 0 0 0 0 0 0 0 0 0 0 0
##$RECO_dc_elim=Yes
##$RECO_transposition=( 9 )
0 0 0 0 0 0 0 0 0
$$ @vis= RECO_wdw_mode RECO_ft_mode RECO_pc_mode RECO_pc_lin RECO_rotate
##$RECO_image_type=MAGNITUDE_IMAGE
##$RECO_image_threshold=0.15
##$RECO_ir_scale=10
##$RECO_wordtype=_16BIT_SGN_INT
##$RECO_map_mode=ABSOLUTE_MAPPING
##$RECO_map_range=( 2 )
-2147483647 2147483647
##$RECO_map_percentile=( 2 )
1 99.99
##$RECO_map_error=0.0025
##$RECO_globex=( 171 )
0 0 0 0 0 0 0 0 0 0 0 0 0 0 0 0 0 0 0 0 0 0 0 0 0 0 0 0 0 0 0 0 0 0 0 0 0 0 0 
0 0 0 0 0 0 0 0 0 0 0 0 0 0 0 0 0 0 0 0 0 0 0 0 0 0 0 0 0 0 0 0 0 0 0 0 0 0 0 
0 0 0 0 0 0 0 0 0 0 0 0 0 0 0 0 0 0 0 0 0 0 0 0 0 0 0 0 0 0 0 0 0 0 0 0 0 0 0 
0 0 0 0 0 0 0 0 0 0 0 0 0 0 0 0 0 0 0 0 0 0 0 0 0 0 0 0 0 0 0 0 0 0 0 0 0 0 0 
0 0 0 0 0 0 0 0 0 0 0 0 0 0 0
##$RECO_minima=( 171 )
0.13334835188027 0.051202091525955 0.17082753203324 0.00501603104755091 
0.0412062458642886 0.133407430234456 0.0206881966512743 0.00440537112249398 
0.0586439839765819 0.117081824788358 0.0840779393187736 0.0749366645593033 
0.00175990526435265 0.00285009597949296 0.0154141812746326 0.146272347052798 
0.00266269492930168 0.0106925614719381 0.00129648113879491 0.0403644688444088 
0.0529265319972522 0.0127039575868929 0.163415664925402 0.319969200365851 
0.0734540311656973 0.0431204109469 0.0110366536769504 0.0100617057243186 
0.145398128043765 0.112244978859188 0.0719437398162879 0.00205474176510244 
0.0116371985014397 0.00953135921128094 0.0061842221220888 0.0475093463066852 
0.0278891163515783 0.155988236478048 0.100397144248298 0.036644716841294 
0.0338450773857559 0.0149749666121898 0.000486822351553752 
0.00977511751242289 0.0681396827457773 0.0253868503675166 0.0268930596460479 
0.003609018297908 0.0276627013854991 0.0171863212478715 0.00830139593802921 
0.131990163902783 0.0120494978648017 0.0096799704233736 0.00774315169788576 
0.042855019307643 0.00675090033862309 0.00933731969912975 0.0201503045472262 
0.0323689883154415 0.0351257889099221 0.0495431488884907 0.0788747636487615 
0.00398244310283068 0.119984757798161 0.0146871304173866 0.00401303299992555 
0.0968209369328351 0.00347173311102388 0.0369273414399751 0.0387745969194589 
0.0286996833656521 0.0332418426587711 0.0103713959332945 0.0980527393750801 
0.0239237225123472 0.0177296153372529 0.165938377936284 0.114076180966248 
0.0564355120188334 0.016026362306453 0.0505851426335225 0.0119315188309129 
0.00927128364903105 0.192885374876203 0.0110938505903482 0.115303553309884 
0.0932610389186732 0.192040285882619 0.011941088438969 0.0484062651904324 
0.030385036952445 0.0868788977780826 0.00849405013000803 0.00360399053643988 
0.0104915017462268 0.0114128931287594 6.33117493931928e-05 0.0429587824440512 
0.0245129455514196 0.0173879037878662 0.0151925367325363 0.0208850018355293 
0.0424027495845572 0.0335578097070673 0.164618885648493 0.0100814543333314 
0.0184050706974322 0.0806887159134703 0.0782082738544531 0.0154706452950561 
0.123912010651621 0.0923654630193052 0.0656378394513996 0.0477743308018854 
0.00870339747034975 0.0274594721244137 0.0310750157384141 0.00124926458341048 
0.0738468519070922 0.0815945016382211 0.0140327168779688 0.0261130900278012 
0.0210102292954575 0.00659402527912293 0.0526993305055836 0.0565220357302522 
0.0131220697464871 0.00729893726168217 0.0263610789323999 0.0470452404875695 
0.0458725463864259 0.0738674494351375 0.0357113751016237 0.0540498470295446 
0.00911455940326631 0.108204183086835 0.0235865236657875 0.116263122926127 
0.00683456122529783 0.0299643509857646 0.137273757830285 0.018504729425837 
0.0857490747219777 0.135247981836542 0.025124787372057 0.0997378487423791 
0.0628853252549532 0.00298652187557867 0.00329237547542699 0.0378711216783527 
0.154492974204451 0.000265597972637553 0.248578275897906 0.0291228730600191 
0.0138424603125219 0.244408530449237 0.00300610569872478 0.0123152703566134 
0.0124039736009397 0.0486554279062875 0.0594026740908709 0.022932484193356 
0.00881322314847902 0.00661276382314199 0.130129984428517 0.144088082464599 
0.0455963180432233 0.0714431778794869 0.124444613171063 0.0730006784986098
##$RECO_maxima=( 171 )
7128.58314653408 6829.62857530519 7624.76895084613 8191.625 7904.73508498523 
7447.32994385304 7610.11332984145 7515.67859555704 7311.16089858564 
6700.71918564284 6223.07102916989 7384.77453716022 6318.21364982804 
6969.35203051631 6867.3950430046 6246.15492060639 7155.62954640931 
7092.23852873499 6595.39288270459 7103.85975953461 7298.38605019823 
6469.40696308167 6570.90389245252 6248.30410241214 6537.9587683525 
7183.67108221653 6394.75578853425 6450.10287609567 6804.78134279798 
6449.49446210381 6482.34467290262 6624.3623088122 6593.57518563972 
6833.73614011041 6390.70293500038 6736.94245050306 6372.68545065266 
5900.97445792142 6725.48701905347 6323.60367475305 6933.37697799196 
6704.99369048949 6564.39470559188 6617.93345977478 8275.01158460956 
6373.18505978247 6762.92652919459 6352.27334171845 6504.71368439139 
5928.74568095435 6601.91042479183 6886.49514043836 7019.01601118175 
6905.91405353077 7322.71154963968 6182.61797070342 6273.04813154985 
7356.34805386502 6309.08438713479 5989.51928555721 6307.37694316003 
6090.36534675496 7445.60495686339 6551.32707897749 6217.31692298348 
6723.98691036026 6632.73171365289 6315.58669970304 7085.32157172125 
6252.46009407636 6350.54772754318 7197.87544776376 5921.60709990382 
6272.90627386057 6829.50861491778 6081.75919815 6521.54015250701 
6436.44319650149 7255.48545517637 5947.90366969025 7575.79339518593 
6820.37268508459 6106.43344449131 6898.11697351365 6403.73021259434 
6224.64678892403 6614.96078943164 6748.68966432667 6471.31065551865 
6294.07267496282 7309.24391425722 6887.53569507014 5892.41417498781 
6809.03335092758 6682.79073346377 6263.56771709211 6646.70509511608 
6866.03261040091 6336.05682386494 6211.59908055916 6274.15492833441 
6504.17045912105 6654.62588775925 7000.0294425 6000.99002342217 
7206.19361202736 6962.00230384036 6675.89799626663 6543.89805299267 
6648.61390861983 6165.44622300593 6284.45504444605 6450.76311239439 
6338.07747739223 5872.74201758871 6552.98210712366 6978.02353240083 
6192.98345538429 6664.11826639409 7293.20129256822 7069.93904129035 
6656.90192809444 7491.47812822134 6030.53701557738 6521.94198898958 
6998.28517881997 6110.7962992027 6408.09398667114 6754.17233451921 
6906.52524438402 6740.09284849116 6598.82023707974 6357.76850720546 
6747.48383775706 5984.10432463931 6651.090008274 6513.23383495518 
6612.45077202568 5952.33575863826 6953.08927722985 6092.11270968584 
6262.8428657348 7279.26922872326 6451.56405229968 6350.45321520281 
6526.20566845897 6557.50495116006 7302.37951874571 7619.40332918317 
6447.85704759633 6498.15703413788 7529.65361380509 6217.76838628455 
6497.90163877717 6419.10679386735 6437.91616405127 6221.90934521528 
6481.12307065831 6097.51110960551 6892.27847302373 6066.54466955977 
6541.00841976677 5842.05509516555 6232.8396326404 7175.53125190972 
6671.52313800518 6756.71626627393 6575.84637882425 6468.72400761571 
6510.19285400473 6324.11612223239
##$RECO_map_min=( 171 )
-5.07611057205426 -5.07611057205426 -5.07611057205426 -5.07611057205426 
-5.07611057205426 -5.07611057205426 -5.07611057205426 -5.07611057205426 
-5.07611057205426 -5.07611057205426 -5.07611057205426 -5.07611057205426 
-5.07611057205426 -5.07611057205426 -5.07611057205426 -5.07611057205426 
-5.07611057205426 -5.07611057205426 -5.07611057205426 -5.07611057205426 
-5.07611057205426 -5.07611057205426 -5.07611057205426 -5.07611057205426 
-5.07611057205426 -5.07611057205426 -5.07611057205426 -5.07611057205426 
-5.07611057205426 -5.07611057205426 -5.07611057205426 -5.07611057205426 
-5.07611057205426 -5.07611057205426 -5.07611057205426 -5.07611057205426 
-5.07611057205426 -5.07611057205426 -5.07611057205426 -5.07611057205426 
-5.07611057205426 -5.07611057205426 -5.07611057205426 -5.07611057205426 
-5.07611057205426 -5.07611057205426 -5.07611057205426 -5.07611057205426 
-5.07611057205426 -5.07611057205426 -5.07611057205426 -5.07611057205426 
-5.07611057205426 -5.07611057205426 -5.07611057205426 -5.07611057205426 
-5.07611057205426 -5.07611057205426 -5.07611057205426 -5.07611057205426 
-5.07611057205426 -5.07611057205426 -5.07611057205426 -5.07611057205426 
-5.07611057205426 -5.07611057205426 -5.07611057205426 -5.07611057205426 
-5.07611057205426 -5.07611057205426 -5.07611057205426 -5.07611057205426 
-5.07611057205426 -5.07611057205426 -5.07611057205426 -5.07611057205426 
-5.07611057205426 -5.07611057205426 -5.07611057205426 -5.07611057205426 
-5.07611057205426 -5.07611057205426 -5.07611057205426 -5.07611057205426 
-5.07611057205426 -5.07611057205426 -5.07611057205426 -5.07611057205426 
-5.07611057205426 -5.07611057205426 -5.07611057205426 -5.07611057205426 
-5.07611057205426 -5.07611057205426 -5.07611057205426 -5.07611057205426 
-5.07611057205426 -5.07611057205426 -5.07611057205426 -5.07611057205426 
-5.07611057205426 -5.07611057205426 -5.07611057205426 -5.07611057205426 
-5.07611057205426 -5.07611057205426 -5.07611057205426 -5.07611057205426 
-5.07611057205426 -5.07611057205426 -5.07611057205426 -5.07611057205426 
-5.07611057205426 -5.07611057205426 -5.07611057205426 -5.07611057205426 
-5.07611057205426 -5.07611057205426 -5.07611057205426 -5.07611057205426 
-5.07611057205426 -5.07611057205426 -5.07611057205426 -5.07611057205426 
-5.07611057205426 -5.07611057205426 -5.07611057205426 -5.07611057205426 
-5.07611057205426 -5.07611057205426 -5.07611057205426 -5.07611057205426 
-5.07611057205426 -5.07611057205426 -5.07611057205426 -5.07611057205426 
-5.07611057205426 -5.07611057205426 -5.07611057205426 -5.07611057205426 
-5.07611057205426 -5.07611057205426 -5.07611057205426 -5.07611057205426 
-5.07611057205426 -5.07611057205426 -5.07611057205426 -5.07611057205426 
-5.07611057205426 -5.07611057205426 -5.07611057205426 -5.07611057205426 
-5.07611057205426 -5.07611057205426 -5.07611057205426 -5.07611057205426 
-5.07611057205426 -5.07611057205426 -5.07611057205426 -5.07611057205426 
-5.07611057205426 -5.07611057205426 -5.07611057205426 -5.07611057205426 
-5.07611057205426 -5.07611057205426 -5.07611057205426 -5.07611057205426 
-5.07611057205426 -5.07611057205426 -5.07611057205426
##$RECO_map_max=( 171 )
5.07611057205426 5.07611057205426 5.07611057205426 5.07611057205426 
5.07611057205426 5.07611057205426 5.07611057205426 5.07611057205426 
5.07611057205426 5.07611057205426 5.07611057205426 5.07611057205426 
5.07611057205426 5.07611057205426 5.07611057205426 5.07611057205426 
5.07611057205426 5.07611057205426 5.07611057205426 5.07611057205426 
5.07611057205426 5.07611057205426 5.07611057205426 5.07611057205426 
5.07611057205426 5.07611057205426 5.07611057205426 5.07611057205426 
5.07611057205426 5.07611057205426 5.07611057205426 5.07611057205426 
5.07611057205426 5.07611057205426 5.07611057205426 5.07611057205426 
5.07611057205426 5.07611057205426 5.07611057205426 5.07611057205426 
5.07611057205426 5.07611057205426 5.07611057205426 5.07611057205426 
5.07611057205426 5.07611057205426 5.07611057205426 5.07611057205426 
5.07611057205426 5.07611057205426 5.07611057205426 5.07611057205426 
5.07611057205426 5.07611057205426 5.07611057205426 5.07611057205426 
5.07611057205426 5.07611057205426 5.07611057205426 5.07611057205426 
5.07611057205426 5.07611057205426 5.07611057205426 5.07611057205426 
5.07611057205426 5.07611057205426 5.07611057205426 5.07611057205426 
5.07611057205426 5.07611057205426 5.07611057205426 5.07611057205426 
5.07611057205426 5.07611057205426 5.07611057205426 5.07611057205426 
5.07611057205426 5.07611057205426 5.07611057205426 5.07611057205426 
5.07611057205426 5.07611057205426 5.07611057205426 5.07611057205426 
5.07611057205426 5.07611057205426 5.07611057205426 5.07611057205426 
5.07611057205426 5.07611057205426 5.07611057205426 5.07611057205426 
5.07611057205426 5.07611057205426 5.07611057205426 5.07611057205426 
5.07611057205426 5.07611057205426 5.07611057205426 5.07611057205426 
5.07611057205426 5.07611057205426 5.07611057205426 5.07611057205426 
5.07611057205426 5.07611057205426 5.07611057205426 5.07611057205426 
5.07611057205426 5.07611057205426 5.07611057205426 5.07611057205426 
5.07611057205426 5.07611057205426 5.07611057205426 5.07611057205426 
5.07611057205426 5.07611057205426 5.07611057205426 5.07611057205426 
5.07611057205426 5.07611057205426 5.07611057205426 5.07611057205426 
5.07611057205426 5.07611057205426 5.07611057205426 5.07611057205426 
5.07611057205426 5.07611057205426 5.07611057205426 5.07611057205426 
5.07611057205426 5.07611057205426 5.07611057205426 5.07611057205426 
5.07611057205426 5.07611057205426 5.07611057205426 5.07611057205426 
5.07611057205426 5.07611057205426 5.07611057205426 5.07611057205426 
5.07611057205426 5.07611057205426 5.07611057205426 5.07611057205426 
5.07611057205426 5.07611057205426 5.07611057205426 5.07611057205426 
5.07611057205426 5.07611057205426 5.07611057205426 5.07611057205426 
5.07611057205426 5.07611057205426 5.07611057205426 5.07611057205426 
5.07611057205426 5.07611057205426 5.07611057205426 5.07611057205426 
5.07611057205426 5.07611057205426 5.07611057205426 5.07611057205426 
5.07611057205426 5.07611057205426 5.07611057205426
##$RECO_map_offset=( 171 )
0 0 0 0 0 0 0 0 0 0 0 0 0 0 0 0 0 0 0 0 0 0 0 0 0 0 0 0 0 0 0 0 0 0 0 0 0 0 0 
0 0 0 0 0 0 0 0 0 0 0 0 0 0 0 0 0 0 0 0 0 0 0 0 0 0 0 0 0 0 0 0 0 0 0 0 0 0 0 
0 0 0 0 0 0 0 0 0 0 0 0 0 0 0 0 0 0 0 0 0 0 0 0 0 0 0 0 0 0 0 0 0 0 0 0 0 0 0 
0 0 0 0 0 0 0 0 0 0 0 0 0 0 0 0 0 0 0 0 0 0 0 0 0 0 0 0 0 0 0 0 0 0 0 0 0 0 0 
0 0 0 0 0 0 0 0 0 0 0 0 0 0 0
##$RECO_map_slope=( 171 )
1613.7601582396 1613.7601582396 1613.7601582396 1613.7601582396 
1613.7601582396 1613.7601582396 1613.7601582396 1613.7601582396 
1613.7601582396 1613.7601582396 1613.7601582396 1613.7601582396 
1613.7601582396 1613.7601582396 1613.7601582396 1613.7601582396 
1613.7601582396 1613.7601582396 1613.7601582396 1613.7601582396 
1613.7601582396 1613.7601582396 1613.7601582396 1613.7601582396 
1613.7601582396 1613.7601582396 1613.7601582396 1613.7601582396 
1613.7601582396 1613.7601582396 1613.7601582396 1613.7601582396 
1613.7601582396 1613.7601582396 1613.7601582396 1613.7601582396 
1613.7601582396 1613.7601582396 1613.7601582396 1613.7601582396 
1613.7601582396 1613.7601582396 1613.7601582396 1613.7601582396 
1613.7601582396 1613.7601582396 1613.7601582396 1613.7601582396 
1613.7601582396 1613.7601582396 1613.7601582396 1613.7601582396 
1613.7601582396 1613.7601582396 1613.7601582396 1613.7601582396 
1613.7601582396 1613.7601582396 1613.7601582396 1613.7601582396 
1613.7601582396 1613.7601582396 1613.7601582396 1613.7601582396 
1613.7601582396 1613.7601582396 1613.7601582396 1613.7601582396 
1613.7601582396 1613.7601582396 1613.7601582396 1613.7601582396 
1613.7601582396 1613.7601582396 1613.7601582396 1613.7601582396 
1613.7601582396 1613.7601582396 1613.7601582396 1613.7601582396 
1613.7601582396 1613.7601582396 1613.7601582396 1613.7601582396 
1613.7601582396 1613.7601582396 1613.7601582396 1613.7601582396 
1613.7601582396 1613.7601582396 1613.7601582396 1613.7601582396 
1613.7601582396 1613.7601582396 1613.7601582396 1613.7601582396 
1613.7601582396 1613.7601582396 1613.7601582396 1613.7601582396 
1613.7601582396 1613.7601582396 1613.7601582396 1613.7601582396 
1613.7601582396 1613.7601582396 1613.7601582396 1613.7601582396 
1613.7601582396 1613.7601582396 1613.7601582396 1613.7601582396 
1613.7601582396 1613.7601582396 1613.7601582396 1613.7601582396 
1613.7601582396 1613.7601582396 1613.7601582396 1613.7601582396 
1613.7601582396 1613.7601582396 1613.7601582396 1613.7601582396 
1613.7601582396 1613.7601582396 1613.7601582396 1613.7601582396 
1613.7601582396 1613.7601582396 1613.7601582396 1613.7601582396 
1613.7601582396 1613.7601582396 1613.7601582396 1613.7601582396 
1613.7601582396 1613.7601582396 1613.7601582396 1613.7601582396 
1613.7601582396 1613.7601582396 1613.7601582396 1613.7601582396 
1613.7601582396 1613.7601582396 1613.7601582396 1613.7601582396 
1613.7601582396 1613.7601582396 1613.7601582396 1613.7601582396 
1613.7601582396 1613.7601582396 1613.7601582396 1613.7601582396 
1613.7601582396 1613.7601582396 1613.7601582396 1613.7601582396 
1613.7601582396 1613.7601582396 1613.7601582396 1613.7601582396 
1613.7601582396 1613.7601582396 1613.7601582396 1613.7601582396 
1613.7601582396 1613.7601582396 1613.7601582396
##$RECO_byte_order=littleEndian
$$ @vis= RECO_transposition RECO_image_type RECO_wordtype RECO_map_mode
##$RECO_time=<2016-07-18T13:50:37,009+0200>
##$RECO_abs_time=(1468842637, 9, 120)
##$RECO_base_image_uid=( 65 )
<2.16.756.5.5.100.1333920868.19653.1468842637.1>
##$RecoUserUpdate=Yes
##$RecoReverseSegment=25
##$RecoB0DemodOff=0
##$RecoB0DemodDelay=0
##$RecoFTOrder=( 2 )
0 1
##$RecoHalfFT=( 2 )
No Yes
$$ @vis= RECO_byte_order RecoUserUpdate RecoB0DemodOff RecoWindow RecoFTOrder
##$RecoHalfFTPos=( 2 )
81 20
##$RecoCorrPhase=RecoCorrPhaseOff
##$RecoCorrPhaseRef=-1
##$RECO_map_user_slope=1
##$RECO_map_user_offset=0
##$RecoNumInputChan=1
$$ @vis= RecoHalfFT RecoHalfFTPos RecoCorrPhase RecoCorrPhaseRef RecoMap
##$RecoScaleChan=( 1 )
1
##$RecoPhaseChan=( 1 )
0
##$RecoCombineMode=SumOfSquares
##$RecoSortDim=2
$$ @vis= RecoNumInputChan RecoScaleChan RecoPhaseChan RecoCombineMode
##$RecoSortSize=( 2 )
100 9
##$RecoSortRange=( 2 )
160 9
##$RecoSortSegment=( 2 )
25 0
##$RecoSortMaps=( 109 )
60 64 68 72 76 80 84 88 92 96 100 104 108 112 116 120 124 128 132 136 140 144 
148 152 156 61 65 69 73 77 81 85 89 93 97 101 105 109 113 117 121 125 129 133 
137 141 145 149 153 157 62 66 70 74 78 82 86 90 94 98 102 106 110 114 118 122 
126 130 134 138 142 146 150 154 158 63 67 71 75 79 83 87 91 95 99 103 107 111 
115 119 123 127 131 135 139 143 147 151 155 159 0 2 4 6 8 1 3 5 7
$$ @vis= RecoSortDim RecoSortSize RecoSortRange RecoSortSegment RecoSortMaps
##$RecoGrappaAccelFactor=1
##$RecoGrappaKernelRead=0
##$RecoGrappaKernelPhase=0
##$RecoGrappaNumRefRead=0
##$RecoGrappaNumRefPhase=0
##$RecoGrappaIncludeRefLines=No
##$RecoGrappaReadCenter=76
##$RecoGrappaPhaseCenter=0
##$RecoGrappaTruncThresh=0.05
##$RecoRegridN=Off
$$ @vis= RecoSortGroup RecoGrappaAccelFactor RecoGrappaGroup RecoRegridN
##$RecoStageNrPasses=4
##$RecoStagePasses=( 4 )
(<FIRSTPASS>, 0) (<FTPASS1>, 1) (<PREPPASS>, 2) (<MAPPASS>, 3)
##$RecoStageNrNodes=28
##$RecoStageNodes=( 28 )
(<input>, 0, <RecoFileSource 
Q{numChan=1;byteOrder=\<BYTORDA\>;contData=true;initFromACQP=true;}>) (<input>
, 0, <RecoQueueSink S{initQueue=true;initOnce=true;}>) (<compute>, 0, 
<RecoQueueSource Q0{initFromACQP=true;initOnce=true;}>) (<compute>, 0, 
<RecoBufferSink S0{procDim=1;frameDim=2;bufferId="FIRSTPASS0";memId="out0"}>) 
(<compute>, 0, <RecoCastFilter CAST0{dataRep=FLOAT; wordSize=8}>) (<compute>, 
0, <RecoReverseFilter REV0{segment=\<RecoReverseSegment\>}>) (<compute>, 0, 
<RecoZfillFilter Z0{fixedSize=\<RECO_ft_size[0]\>; dataPosition=15; 
fillingPosition=0.5}>) (<compute>, 0, <RecoFTShiftFilter FTS0{frameDim=2; 
winDirection=0; shift=\<RECO_rotate[0]\>; exponent=1}>) (<compute>, 0, 
<RecoFTFilter FT0{direction=0; exponent=1}>) (<compute>, 0, <RecoSortFilter 
REORD0{sortDim=\<RecoSortDim\>; sortSize=\<RecoSortSize\>; 
sortRange=\<RecoSortRange\>; sortSegment=\<RecoSortSegment\>; 
sortMaps=\<RecoSortMaps\>; frameDim = 2}>) (<compute>, 1, <RecoBufferSource 
Q0{procDim=1;frameDim=2;bufferId="FIRSTPASS0";memId="out0"}>) (<compute>, 1, 
<RecoBufferSink S0{procDim=1;frameDim=2;bufferId="FTPASS10";memId="in0"}>) 
(<compute>, 1, <RecoFTShiftFilter FTS0{frameDim=2; winDirection=1; 
shift=\<RECO_rotate[1]\>; exponent=1}>) (<compute>, 1, <RecoHalfFourierFilter 
FT0{echoPosition=20;direction=1;exponent=1;}>) (<compute>, 2, 
<RecoBufferSource Q0{procDim=2;frameDim=2;bufferId="FTPASS10";memId="in0"}>) 
(<compute>, 2, <RecoBufferSink 
S0{procDim=2;frameDim=2;bufferId="PREPPASS0";memId="out0"}>) (<compute>, 2, 
<RecoMagnitudeFilter G0>) (<compute>, 2, <RecoMinMaxFilter 
M0{map_min=\<RECO_map_min\>;map_max=\<RECO_map_max\>;}>) (<compute>, 3, 
<RecoBufferSource Q0{procDim=2;frameDim=2;bufferId="PREPPASS0";memId="out0"}>)
 (<compute>, 3, <RecoQueueSink S0>) (<compute>, 3, <RecoMapFilter 
MAP0{symmetricMode=true;minima=\<RECO_minima\>;maxima=\<RECO_maxima\>;slope=\<RECO_map_slope\>;offset=\<RECO_map_offset\>;map_min=\<RECO_map_min\>;map_max=\<RECO_map_max\>;rangeMin=-8191.625000;rangeMax=8191.625000;perRepetitionMode=true;perObjectMode=false;cutoffMode=false;}>) (<compute>, 3, <RecoCastFilter CAST0{dataRep=SIGNED;wordSize=2}>) (<output>, 3, <RecoQueueSource Q{procDim=2;initFromRECO=true;initOnce=true;}>) (<output>, 3, <RecoImageDisplayFilter DISP{showAll=true;}>) (<output>, 3, <RecoFileSink S{writePars=true;shuffle=false;filename="2dseq";numChans=1;}>) (<compute>, 0, <RecoStabCorrFilter NAV0{innerSegments=1;navSize=0;echoSize=162;nEchoes=25;junkSize=0;nSlices=\<NI\>;nSegments=\<PVM_EpiNShots\>;sliding=true;useNav=true;dc=false;select=0;drift=false;dyncor=0;junkSize0=0;navSize2=0;multiecho=1}>) (<compute>, 0, <RecoRegridFilter RGR0{rampForm=5;rampLength=0.197531;ktraject=\<PVM_EpiTrajAdjkx\>;b0traject=\<PVM_EpiTrajAdjb0\>;ksize=162;nechoes=\<PVM_EpiNEchoes\>}>) (<compute>, 0, <RecoEpiGhostFilter EG0{innerSegments=1;nechoes=25;phc=\<PVM_EpiPhaseCorrection[0]\>;nslices=\<NI\>;adjust=0;refecho=6;time=true;center=\<PVM_EpiReadCenter\>;channel=0;maxorder=4;doubleshotadj=0;dyncor=0;usedyn=1}>)
$$ @vis= RecoRegridNGroup RecoStageNrPasses RecoStagePasses RecoStageNrNodes
##$RecoStageNrEdges=22
##$RecoStageEdges=( 22 )
(<input>, 0, <Q-\>S>) (<compute>, 0, <Q0-\>CAST0>) (<compute>, 0, 
<RGR0-\>REV0>) (<compute>, 0, <REV0-\>Z0>) (<compute>, 0, <EG0-\>FTS0>) 
(<compute>, 0, <FTS0-\>FT0>) (<compute>, 0, <FT0-\>REORD0>) (<compute>, 0, 
<REORD0-\>S0>) (<compute>, 1, <Q0-\>FTS0>) (<compute>, 1, <FTS0-\>FT0>) 
(<compute>, 1, <FT0-\>S0>) (<compute>, 2, <Q0-\>G0>) (<compute>, 2, <G0-\>M0>)
 (<compute>, 2, <M0-\>S0>) (<compute>, 3, <Q0-\>MAP0>) (<compute>, 3, 
<MAP0-\>CAST0>) (<compute>, 3, <CAST0-\>S0>) (<output>, 3, <Q-\>DISP>) 
(<output>, 3, <DISP-\>S>) (<compute>, 0, <CAST0-\>NAV0>) (<compute>, 0, 
<NAV0-\>RGR0>) (<compute>, 0, <Z0-\>EG0>)
$$ @vis= RecoStageNodes RecoStageNrEdges RecoStageEdges RecoStageGroup
##$GS_reco_display=Yes
##$GO_reco_display=Yes
##$GO_reco_each_nr=Yes
##$GO_max_reco_mem=0
$$ @vis= RecoModeUser GS_reco_display RECO_GS GO_reco_display GO_reco_each_nr
##$RecoPrototype=No
$$ @vis= GO_max_reco_mem RECO_GO RecoPrototype RECO
##END=
$$ File finished by PARX at 2016-07-18 13:50:37.021 +0200
